{
  "aor": 0.001072079646017699,
  "aqi": 0.004872318362831858,
  "bids_meta": {
    "BandwidthPerPixelPhaseEncode": 31.25,
    "DerivedVendorReportedEchoSpacing": 0.0005,
    "EchoTime": 0.025,
    "EffectiveEchoSpacing": 0.0005,
    "FlipAngle": 75,
    "ImageType": [
      "ORIGINAL",
      "PRIMARY",
      "M",
      "ND",
      "MOSAIC"
    ],
    "ImagingFrequency": 123.26,
    "MagneticFieldStrength": 3,
    "Manufacturer": "Siemens",
    "ManufacturersModelName": "TrioTim",
    "Modality": "MR",
    "PhaseEncodingDirection": "j-",
    "PixelBandwidth": 3005,
    "RepetitionTime": 2.5,
    "ScanOptions": "FS",
    "ScanningSequence": "EP",
    "SequenceName": "*epfid2d1_64",
    "SequenceVariant": "SK",
    "SliceThickness": 3,
    "SliceTiming": [
      1.245,
      0,
      1.3025,
      0.0575,
      1.3575,
      0.115,
      1.415,
      0.17,
      1.4725,
      0.2275,
      1.5275,
      0.2825,
      1.585,
      0.34,
      1.6425,
      0.3975,
      1.6975,
      0.4525,
      1.755,
      0.51,
      1.81,
      0.5675,
      1.8675,
      0.6225,
      1.925,
      0.68,
      1.98,
      0.735,
      2.0375,
      0.7925,
      2.095,
      0.85,
      2.15,
      0.905,
      2.2075,
      0.9625,
      2.265,
      1.02,
      2.32,
      1.075,
      2.3775,
      1.1325,
      2.4325,
      1.19
    ],
    "SpacingBetweenSlices": 3,
    "TaskName": "change-point helicopter fmri",
    "TotalReadoutTime": 0.0315,
    "dataset": "ds003772",
    "modality": "bold",
    "run_id": 3,
    "subject_id": "ns968",
    "task_id": "changepoint"
  },
  "dummy_trs": 0,
  "dvars_nstd": 28.565352079511122,
  "dvars_std": 1.1619319832444444,
  "dvars_vstd": 0.973215025733333,
  "efc": 0.6463128985794959,
  "fber": 194.6385498046875,
  "fd_mean": 0.20246305441568435,
  "fd_num": 89,
  "fd_perc": 39.38053097345133,
  "fwhm_avg": 2.8954888888888886,
  "fwhm_x": 2.67864,
  "fwhm_y": 2.78153,
  "fwhm_z": 3.226296666666667,
  "gcor": 0.0639436,
  "gsr_x": -0.02730274386703968,
  "gsr_y": 0.1139584332704544,
  "provenance": {
    "md5sum": "622d11d6eed6e21321a5b13fefb7ba12",
    "settings": {
      "fd_thres": 0.2,
      "testing": false
    },
    "software": "mriqc",
    "version": "22.0.6",
    "webapi_port": null,
    "webapi_url": "https://mriqc.nimh.nih.gov/api/v1"
  },
  "size_t": 226,
  "size_x": 64,
  "size_y": 64,
  "size_z": 44,
  "snr": 2.509830456015334,
  "spacing_tr": 2.5,
  "spacing_x": 3.0,
  "spacing_y": 3.0,
  "spacing_z": 3.0,
  "summary_bg_k": 11.174694291325954,
  "summary_bg_mad": 20.238172947915245,
  "summary_bg_mean": 111.16156768798828,
  "summary_bg_median": 44.6592903137207,
  "summary_bg_n": 88855.0,
  "summary_bg_p05": 29.38495635986328,
  "summary_bg_p95": 469.7508697509767,
  "summary_bg_stdv": 159.94163513183594,
  "summary_fg_k": 3.1006016181790743,
  "summary_fg_mad": 204.86152964215603,
  "summary_fg_mean": 722.849365234375,
  "summary_fg_median": 663.349609375,
  "summary_fg_n": 46594.0,
  "summary_fg_p05": 409.5205764770508,
  "summary_fg_p95": 1256.5223571777344,
  "summary_fg_stdv": 264.2977294921875,
  "tsnr": 57.69510268908925
}