{
  "aor": 0.0012737610619469027,
  "aqi": 0.003267220619469026,
  "bids_meta": {
    "BandwidthPerPixelPhaseEncode": 31.25,
    "DerivedVendorReportedEchoSpacing": 0.0005,
    "EchoTime": 0.025,
    "EffectiveEchoSpacing": 0.0005,
    "FlipAngle": 75,
    "ImageType": [
      "ORIGINAL",
      "PRIMARY",
      "M",
      "ND",
      "MOSAIC"
    ],
    "ImagingFrequency": 123.26,
    "MagneticFieldStrength": 3,
    "Manufacturer": "Siemens",
    "ManufacturersModelName": "TrioTim",
    "Modality": "MR",
    "PhaseEncodingDirection": "j-",
    "PixelBandwidth": 3005,
    "RepetitionTime": 2.5,
    "ScanOptions": "FS",
    "ScanningSequence": "EP",
    "SequenceName": "*epfid2d1_64",
    "SequenceVariant": "SK",
    "SliceThickness": 3,
    "SliceTiming": [
      1.245,
      0,
      1.3025,
      0.0575,
      1.3575,
      0.115,
      1.415,
      0.17,
      1.4725,
      0.2275,
      1.5275,
      0.2825,
      1.585,
      0.34,
      1.6425,
      0.3975,
      1.6975,
      0.4525,
      1.755,
      0.51,
      1.81,
      0.5675,
      1.8675,
      0.6225,
      1.925,
      0.68,
      1.98,
      0.735,
      2.0375,
      0.7925,
      2.095,
      0.85,
      2.15,
      0.905,
      2.2075,
      0.9625,
      2.265,
      1.02,
      2.32,
      1.075,
      2.3775,
      1.1325,
      2.4325,
      1.19
    ],
    "SpacingBetweenSlices": 3,
    "TaskName": "change-point helicopter fmri",
    "TotalReadoutTime": 0.0315,
    "dataset": "ds003772",
    "modality": "bold",
    "run_id": 2,
    "subject_id": "ns968",
    "task_id": "changepoint"
  },
  "dummy_trs": 0,
  "dvars_nstd": 27.05391453186668,
  "dvars_std": 1.2231352569333334,
  "dvars_vstd": 1.0061442648000003,
  "efc": 0.6459723688909451,
  "fber": 200.57936096191406,
  "fd_mean": 0.18028410083415577,
  "fd_num": 79,
  "fd_perc": 34.95575221238938,
  "fwhm_avg": 2.843,
  "fwhm_x": 2.61775,
  "fwhm_y": 2.725906666666667,
  "fwhm_z": 3.1853433333333334,
  "gcor": 0.0613698,
  "gsr_x": -0.026485363021492958,
  "gsr_y": 0.11049149185419083,
  "provenance": {
    "md5sum": "449277a84a6aa1c53451775615d5551c",
    "settings": {
      "fd_thres": 0.2,
      "testing": false
    },
    "software": "mriqc",
    "version": "22.0.6",
    "webapi_port": null,
    "webapi_url": "https://mriqc.nimh.nih.gov/api/v1"
  },
  "size_t": 226,
  "size_x": 64,
  "size_y": 64,
  "size_z": 44,
  "snr": 2.5600850787934464,
  "spacing_tr": 2.5,
  "spacing_x": 3.0,
  "spacing_y": 3.0,
  "spacing_z": 3.0,
  "summary_bg_k": 10.953041219639829,
  "summary_bg_mad": 19.674002037642307,
  "summary_bg_mean": 108.76364135742188,
  "summary_bg_median": 44.070796966552734,
  "summary_bg_n": 89156.0,
  "summary_bg_p05": 29.234512329101562,
  "summary_bg_p95": 459.9745559692383,
  "summary_bg_stdv": 154.96640014648438,
  "summary_fg_k": 3.0872871976806007,
  "summary_fg_mad": 199.89873951340218,
  "summary_fg_mean": 718.076416015625,
  "summary_fg_median": 660.71240234375,
  "summary_fg_n": 46622.0,
  "summary_fg_p05": 410.6548767089844,
  "summary_fg_p95": 1237.6046508789052,
  "summary_fg_stdv": 258.0794372558594,
  "tsnr": 68.98077070037834
}