{
  "aor": 0.0008252654867256637,
  "aqi": 0.003032420973451328,
  "bids_meta": {
    "BandwidthPerPixelPhaseEncode": 31.25,
    "DerivedVendorReportedEchoSpacing": 0.0005,
    "EchoTime": 0.025,
    "EffectiveEchoSpacing": 0.0005,
    "FlipAngle": 75,
    "ImageType": [
      "ORIGINAL",
      "PRIMARY",
      "M",
      "ND",
      "MOSAIC"
    ],
    "ImagingFrequency": 123.26,
    "MagneticFieldStrength": 3,
    "Manufacturer": "Siemens",
    "ManufacturersModelName": "TrioTim",
    "Modality": "MR",
    "PhaseEncodingDirection": "j-",
    "PixelBandwidth": 3005,
    "RepetitionTime": 2.5,
    "ScanOptions": "FS",
    "ScanningSequence": "EP",
    "SequenceName": "*epfid2d1_64",
    "SequenceVariant": "SK",
    "SliceThickness": 3,
    "SliceTiming": [
      1.245,
      0,
      1.3025,
      0.0575,
      1.3575,
      0.115,
      1.415,
      0.17,
      1.4725,
      0.2275,
      1.5275,
      0.2825,
      1.585,
      0.34,
      1.6425,
      0.3975,
      1.6975,
      0.4525,
      1.755,
      0.51,
      1.81,
      0.5675,
      1.8675,
      0.6225,
      1.925,
      0.68,
      1.98,
      0.735,
      2.0375,
      0.7925,
      2.095,
      0.85,
      2.15,
      0.905,
      2.2075,
      0.9625,
      2.265,
      1.02,
      2.32,
      1.075,
      2.3775,
      1.1325,
      2.4325,
      1.19
    ],
    "SpacingBetweenSlices": 3,
    "TaskName": "change-point helicopter fmri",
    "TotalReadoutTime": 0.0315,
    "dataset": "ds003772",
    "modality": "bold",
    "run_id": 1,
    "subject_id": "ns968",
    "task_id": "changepoint"
  },
  "dummy_trs": 0,
  "dvars_nstd": 25.054837188577785,
  "dvars_std": 1.2056764008444443,
  "dvars_vstd": 1.0041947916,
  "efc": 0.6443662339560678,
  "fber": 202.35714721679688,
  "fd_mean": 0.1462171277768575,
  "fd_num": 58,
  "fd_perc": 25.663716814159294,
  "fwhm_avg": 2.8810444444444445,
  "fwhm_x": 2.6463033333333335,
  "fwhm_y": 2.75001,
  "fwhm_z": 3.24682,
  "gcor": 0.0566088,
  "gsr_x": -0.023793606087565422,
  "gsr_y": 0.10872046649456024,
  "provenance": {
    "md5sum": "d1cbab589af02441b53ff829b711fa68",
    "settings": {
      "fd_thres": 0.2,
      "testing": false
    },
    "software": "mriqc",
    "version": "22.0.6",
    "webapi_port": null,
    "webapi_url": "https://mriqc.nimh.nih.gov/api/v1"
  },
  "size_t": 226,
  "size_x": 64,
  "size_y": 64,
  "size_z": 44,
  "snr": 2.5414760155549305,
  "spacing_tr": 2.5,
  "spacing_x": 3.0,
  "spacing_y": 3.0,
  "spacing_z": 3.0,
  "summary_bg_k": 10.676449347126674,
  "summary_bg_mad": 19.746165669108304,
  "summary_bg_mean": 108.23318481445312,
  "summary_bg_median": 43.964603424072266,
  "summary_bg_n": 89486.0,
  "summary_bg_p05": 28.995574951171875,
  "summary_bg_p95": 458.4513244628906,
  "summary_bg_stdv": 153.48519897460938,
  "summary_fg_k": 3.1784807747556423,
  "summary_fg_mad": 201.3911147445786,
  "summary_fg_mean": 719.9220581054688,
  "summary_fg_median": 661.747802734375,
  "summary_fg_n": 46555.0,
  "summary_fg_p05": 411.2796325683594,
  "summary_fg_p95": 1244.6460571289058,
  "summary_fg_stdv": 260.37652587890625,
  "tsnr": 70.96187910391018
}