{
  "aor": 0.004847079646017698,
  "aqi": 0.009607184070796458,
  "bids_meta": {
    "BandwidthPerPixelPhaseEncode": 31.25,
    "DerivedVendorReportedEchoSpacing": 0.0005,
    "EchoTime": 0.025,
    "EffectiveEchoSpacing": 0.0005,
    "FlipAngle": 75,
    "ImageType": [
      "ORIGINAL",
      "PRIMARY",
      "M",
      "ND",
      "MOSAIC"
    ],
    "ImagingFrequency": 123.26,
    "MagneticFieldStrength": 3,
    "Manufacturer": "Siemens",
    "ManufacturersModelName": "TrioTim",
    "Modality": "MR",
    "PhaseEncodingDirection": "j-",
    "PixelBandwidth": 3005,
    "RepetitionTime": 2.5,
    "ScanOptions": "FS",
    "ScanningSequence": "EP",
    "SequenceName": "*epfid2d1_64",
    "SequenceVariant": "SK",
    "SliceThickness": 3,
    "SliceTiming": [
      1.245,
      0,
      1.3025,
      0.0575,
      1.3575,
      0.115,
      1.415,
      0.17,
      1.4725,
      0.2275,
      1.5275,
      0.2825,
      1.585,
      0.34,
      1.6425,
      0.3975,
      1.6975,
      0.4525,
      1.755,
      0.51,
      1.81,
      0.5675,
      1.8675,
      0.6225,
      1.925,
      0.68,
      1.98,
      0.735,
      2.0375,
      0.7925,
      2.095,
      0.85,
      2.15,
      0.905,
      2.2075,
      0.9625,
      2.265,
      1.02,
      2.32,
      1.075,
      2.3775,
      1.1325,
      2.4325,
      1.19
    ],
    "SpacingBetweenSlices": 3,
    "TaskName": "change-point helicopter fmri",
    "TotalReadoutTime": 0.0315,
    "dataset": "ds003772",
    "modality": "bold",
    "run_id": 1,
    "subject_id": "tq315",
    "task_id": "changepoint"
  },
  "dummy_trs": 0,
  "dvars_nstd": 26.951498934444444,
  "dvars_std": 1.020297829644445,
  "dvars_vstd": 0.9403774295111116,
  "efc": 0.6085688939305485,
  "fber": 300.4923400878906,
  "fd_mean": 0.3327673306381468,
  "fd_num": 119,
  "fd_perc": 52.65486725663717,
  "fwhm_avg": 2.6441100710306404,
  "fwhm_x": 2.4538866666666665,
  "fwhm_y": 2.681316879758587,
  "fwhm_z": 2.7971266666666668,
  "gcor": 0.0281523,
  "gsr_x": -0.001558894058689475,
  "gsr_y": 0.061954379081726074,
  "provenance": {
    "md5sum": "f90cec04c073d31588dfdf26ecc16c45",
    "settings": {
      "fd_thres": 0.2,
      "testing": false
    },
    "software": "mriqc",
    "version": "22.0.6",
    "webapi_port": null,
    "webapi_url": "https://mriqc.nimh.nih.gov/api/v1"
  },
  "size_t": 226,
  "size_x": 64,
  "size_y": 64,
  "size_z": 44,
  "snr": 3.3746856772844493,
  "spacing_tr": 2.5,
  "spacing_x": 3.0,
  "spacing_y": 2.999999761581421,
  "spacing_z": 3.0,
  "summary_bg_k": 12.924016419641273,
  "summary_bg_mad": 11.723051072322397,
  "summary_bg_mean": 65.05950164794922,
  "summary_bg_median": 33.03982162475586,
  "summary_bg_n": 98657.0,
  "summary_bg_p05": 23.340707778930664,
  "summary_bg_p95": 228.6849517822265,
  "summary_bg_stdv": 78.63066864013672,
  "summary_fg_k": 1.0714444407698256,
  "summary_fg_mad": 154.89256831057796,
  "summary_fg_mean": 611.7405395507812,
  "summary_fg_median": 579.5663452148438,
  "summary_fg_n": 42173.0,
  "summary_fg_p05": 385.90972900390625,
  "summary_fg_p95": 943.4876098632814,
  "summary_fg_stdv": 171.73731994628906,
  "tsnr": 39.86791874282062
}