{
  "aor": 0.004587522123893805,
  "aqi": 0.011939567433628319,
  "bids_meta": {
    "BandwidthPerPixelPhaseEncode": 31.25,
    "DerivedVendorReportedEchoSpacing": 0.0005,
    "EchoTime": 0.025,
    "EffectiveEchoSpacing": 0.0005,
    "FlipAngle": 75,
    "ImageType": [
      "ORIGINAL",
      "PRIMARY",
      "M",
      "ND",
      "MOSAIC"
    ],
    "ImagingFrequency": 123.26,
    "MagneticFieldStrength": 3,
    "Manufacturer": "Siemens",
    "ManufacturersModelName": "TrioTim",
    "Modality": "MR",
    "PhaseEncodingDirection": "j-",
    "PixelBandwidth": 3005,
    "RepetitionTime": 2.5,
    "ScanOptions": "FS",
    "ScanningSequence": "EP",
    "SequenceName": "*epfid2d1_64",
    "SequenceVariant": "SK",
    "SliceThickness": 3,
    "SliceTiming": [
      1.245,
      0,
      1.3025,
      0.0575,
      1.3575,
      0.115,
      1.415,
      0.17,
      1.4725,
      0.2275,
      1.5275,
      0.2825,
      1.585,
      0.34,
      1.6425,
      0.3975,
      1.6975,
      0.4525,
      1.755,
      0.51,
      1.81,
      0.5675,
      1.8675,
      0.6225,
      1.925,
      0.68,
      1.98,
      0.735,
      2.0375,
      0.7925,
      2.095,
      0.85,
      2.15,
      0.905,
      2.2075,
      0.9625,
      2.265,
      1.02,
      2.32,
      1.075,
      2.3775,
      1.1325,
      2.4325,
      1.19
    ],
    "SpacingBetweenSlices": 3,
    "TaskName": "change-point helicopter fmri",
    "TotalReadoutTime": 0.0315,
    "dataset": "ds003772",
    "modality": "bold",
    "run_id": 3,
    "subject_id": "tq315",
    "task_id": "changepoint"
  },
  "dummy_trs": 0,
  "dvars_nstd": 24.973205862933327,
  "dvars_std": 0.9802177824000002,
  "dvars_vstd": 0.9119597041777773,
  "efc": 0.6133729951576958,
  "fber": 286.8890380859375,
  "fd_mean": 0.2684560999027864,
  "fd_num": 83,
  "fd_perc": 36.72566371681416,
  "fwhm_avg": 2.602628958098188,
  "fwhm_x": 2.4098866666666665,
  "fwhm_y": 2.6125635409612293,
  "fwhm_z": 2.785436666666667,
  "gcor": 0.0246606,
  "gsr_x": -0.0015439508715644479,
  "gsr_y": 0.06790810823440552,
  "provenance": {
    "md5sum": "d8cc9c3b0b522a1e935755e730d4e098",
    "settings": {
      "fd_thres": 0.2,
      "testing": false
    },
    "software": "mriqc",
    "version": "22.0.6",
    "webapi_port": null,
    "webapi_url": "https://mriqc.nimh.nih.gov/api/v1"
  },
  "size_t": 226,
  "size_x": 64,
  "size_y": 64,
  "size_z": 44,
  "snr": 3.4706623607302194,
  "spacing_tr": 2.5,
  "spacing_x": 3.0,
  "spacing_y": 2.999999761581421,
  "spacing_z": 3.0,
  "summary_bg_k": 11.622488675327784,
  "summary_bg_mad": 13.979754508289354,
  "summary_bg_mean": 68.22293853759766,
  "summary_bg_median": 34.15486526489258,
  "summary_bg_n": 98972.0,
  "summary_bg_p05": 21.849557876586914,
  "summary_bg_p95": 242.8028793334961,
  "summary_bg_stdv": 82.93757629394531,
  "summary_fg_k": 0.8486748646697144,
  "summary_fg_mad": 155.02378005476945,
  "summary_fg_mean": 615.90869140625,
  "summary_fg_median": 585.7035522460938,
  "summary_fg_n": 41935.0,
  "summary_fg_p05": 390.64381408691406,
  "summary_fg_p95": 940.6743164062491,
  "summary_fg_stdv": 168.7564239501953,
  "tsnr": 38.975503368652426
}