{
  "aor": 0.007443141592920354,
  "aqi": 0.009794516769911504,
  "bids_meta": {
    "BandwidthPerPixelPhaseEncode": 31.25,
    "DerivedVendorReportedEchoSpacing": 0.0005,
    "EchoTime": 0.025,
    "EffectiveEchoSpacing": 0.0005,
    "FlipAngle": 75,
    "ImageType": [
      "ORIGINAL",
      "PRIMARY",
      "M",
      "ND",
      "MOSAIC"
    ],
    "ImagingFrequency": 123.26,
    "MagneticFieldStrength": 3,
    "Manufacturer": "Siemens",
    "ManufacturersModelName": "TrioTim",
    "Modality": "MR",
    "PhaseEncodingDirection": "j-",
    "PixelBandwidth": 3005,
    "RepetitionTime": 2.5,
    "ScanOptions": "FS",
    "ScanningSequence": "EP",
    "SequenceName": "*epfid2d1_64",
    "SequenceVariant": "SK",
    "SliceThickness": 3,
    "SliceTiming": [
      1.245,
      0,
      1.3025,
      0.0575,
      1.3575,
      0.115,
      1.415,
      0.17,
      1.4725,
      0.2275,
      1.5275,
      0.2825,
      1.585,
      0.34,
      1.6425,
      0.3975,
      1.6975,
      0.4525,
      1.755,
      0.51,
      1.81,
      0.5675,
      1.8675,
      0.6225,
      1.925,
      0.68,
      1.98,
      0.735,
      2.0375,
      0.7925,
      2.095,
      0.85,
      2.15,
      0.905,
      2.2075,
      0.9625,
      2.265,
      1.02,
      2.32,
      1.075,
      2.3775,
      1.1325,
      2.4325,
      1.19
    ],
    "SpacingBetweenSlices": 3,
    "TaskName": "change-point helicopter fmri",
    "TotalReadoutTime": 0.0315,
    "dataset": "ds003772",
    "modality": "bold",
    "run_id": 2,
    "subject_id": "tq315",
    "task_id": "changepoint"
  },
  "dummy_trs": 0,
  "dvars_nstd": 25.895449464222228,
  "dvars_std": 1.0334233310222218,
  "dvars_vstd": 0.9430111862222225,
  "efc": 0.6123969779551914,
  "fber": 292.9647521972656,
  "fd_mean": 0.26434909030060105,
  "fd_num": 64,
  "fd_perc": 28.31858407079646,
  "fwhm_avg": 2.649813403505137,
  "fwhm_x": 2.4682333333333335,
  "fwhm_y": 2.6488968771820764,
  "fwhm_z": 2.83231,
  "gcor": 0.0346156,
  "gsr_x": -0.001441431581042707,
  "gsr_y": 0.07101265341043472,
  "provenance": {
    "md5sum": "a7ccf3b3caab5cefdf2404263dd9f6ef",
    "settings": {
      "fd_thres": 0.2,
      "testing": false
    },
    "software": "mriqc",
    "version": "22.0.6",
    "webapi_port": null,
    "webapi_url": "https://mriqc.nimh.nih.gov/api/v1"
  },
  "size_t": 226,
  "size_x": 64,
  "size_y": 64,
  "size_z": 44,
  "snr": 3.404470603926161,
  "spacing_tr": 2.5,
  "spacing_x": 3.0,
  "spacing_y": 2.999999761581421,
  "spacing_z": 3.0,
  "summary_bg_k": 12.813056671815618,
  "summary_bg_mad": 12.011702770347068,
  "summary_bg_mean": 67.60868072509766,
  "summary_bg_median": 33.36725616455078,
  "summary_bg_n": 99103.0,
  "summary_bg_p05": 24.070796966552734,
  "summary_bg_p95": 240.44955444335926,
  "summary_bg_stdv": 83.13873291015625,
  "summary_fg_k": 0.9898518819069744,
  "summary_fg_mad": 155.21729475473734,
  "summary_fg_mean": 610.5006713867188,
  "summary_fg_median": 579.856201171875,
  "summary_fg_n": 42026.0,
  "summary_fg_p05": 385.1449203491211,
  "summary_fg_p95": 937.4059448242188,
  "summary_fg_stdv": 170.31996154785156,
  "tsnr": 43.64901467366144
}