{
  "bids_meta": {
    "EchoTime": 0.00311,
    "FlipAngle": 15,
    "ImageType": [
      "ORIGINAL",
      "PRIMARY",
      "M",
      "ND",
      "NORM"
    ],
    "ImagingFrequency": 123.26,
    "InversionTime": 1.1,
    "MagneticFieldStrength": 3,
    "Manufacturer": "Siemens",
    "ManufacturersModelName": "TrioTim",
    "Modality": "MR",
    "RepetitionTime": 1.63,
    "ScanningSequence": "GR\\IR",
    "SequenceVariant": "SP\\MP",
    "SliceThickness": 1,
    "dataset": "ds003772",
    "modality": "T1w",
    "subject_id": "bi933"
  },
  "cjv": 0.41420367854979334,
  "cnr": 3.266014019439621,
  "efc": 0.6273568410158803,
  "fber": 47825.713719008265,
  "fwhm_avg": 3.6221480000000006,
  "fwhm_x": 3.3932373333333334,
  "fwhm_y": 4.131146666666667,
  "fwhm_z": 3.34206,
  "icvs_csf": 0.14759078113433904,
  "icvs_gm": 0.4569894417917003,
  "icvs_wm": 0.3954197770739606,
  "inu_med": 0.32931292057037354,
  "inu_range": 0.06052681356668471,
  "provenance": {
    "md5sum": "20dd9a378393a897550c153b5ba6a75e",
    "settings": {
      "testing": false
    },
    "software": "mriqc",
    "version": "22.0.6",
    "warnings": {
      "large_rot_frame": true,
      "small_air_mask": false
    },
    "webapi_port": null,
    "webapi_url": "https://mriqc.nimh.nih.gov/api/v1"
  },
  "qi_1": 0.004949583803918413,
  "qi_2": 0.005775081812356335,
  "rpve_csf": 19.432593769406694,
  "rpve_gm": 6.96451679911902,
  "rpve_wm": 8.816253130393921,
  "size_x": 192,
  "size_y": 256,
  "size_z": 160,
  "snr_csf": 2.0926923758040736,
  "snr_gm": 16.25298045023277,
  "snr_total": 13.722968545169683,
  "snr_wm": 22.823232809472206,
  "snrd_csf": 21.99977094673887,
  "snrd_gm": 52.09964947792242,
  "snrd_total": 46.8327391065881,
  "snrd_wm": 66.39879689510302,
  "spacing_x": 0.9375,
  "spacing_y": 0.9375,
  "spacing_z": 1.0,
  "summary_bg_k": 12.553559930967127,
  "summary_bg_mad": 0.0,
  "summary_bg_mean": 5.4324615011200414,
  "summary_bg_median": 0.0,
  "summary_bg_n": 1929297.0,
  "summary_bg_p05": 0.0,
  "summary_bg_p95": 25.013043720275164,
  "summary_bg_stdv": 9.867334007048477,
  "summary_csf_k": 8.04864279133445,
  "summary_csf_mad": 136.41931940666655,
  "summary_csf_mean": 328.5498798520179,
  "summary_csf_median": 331.3494533505291,
  "summary_csf_n": 26502.0,
  "summary_csf_p05": 84.69377469848843,
  "summary_csf_p95": 569.8489882810038,
  "summary_csf_stdv": 158.3334491576054,
  "summary_gm_k": 0.12292824145440662,
  "summary_gm_mad": 47.9631277162549,
  "summary_gm_mean": 784.6634511491704,
  "summary_gm_median": 784.6986414566636,
  "summary_gm_n": 60322.0,
  "summary_gm_p05": 704.9634499363601,
  "summary_gm_p95": 863.0625181289389,
  "summary_gm_stdv": 48.27989177635791,
  "summary_wm_k": 0.7541457997417873,
  "summary_wm_mad": 41.24248784472322,
  "summary_wm_mean": 1005.0628504256877,
  "summary_wm_median": 1000.0651873871684,
  "summary_wm_n": 240617.0,
  "summary_wm_p05": 942.342778801918,
  "summary_wm_p95": 1083.8442086614668,
  "summary_wm_stdv": 43.817767518164,
  "tpm_overlap_csf": 0.1409478985302988,
  "tpm_overlap_gm": 0.47309120695499574,
  "tpm_overlap_wm": 0.49471055761588356,
  "wm2max": 0.5435514675539475
}