{
  "bids_meta": {
    "EchoTime": 0.00311,
    "FlipAngle": 15,
    "ImageType": [
      "ORIGINAL",
      "PRIMARY",
      "M",
      "ND",
      "NORM"
    ],
    "ImagingFrequency": 123.26,
    "InversionTime": 1.1,
    "MagneticFieldStrength": 3,
    "Manufacturer": "Siemens",
    "ManufacturersModelName": "TrioTim",
    "Modality": "MR",
    "RepetitionTime": 1.63,
    "ScanningSequence": "GR\\IR",
    "SequenceVariant": "SP\\MP",
    "SliceThickness": 1,
    "dataset": "ds003772",
    "modality": "T1w",
    "subject_id": "ee924"
  },
  "cjv": 0.45933140350518387,
  "cnr": 2.9530604131927602,
  "efc": 0.608659377326193,
  "fber": 36568.21985496149,
  "fwhm_avg": 3.8145144444444448,
  "fwhm_x": 3.5481706666666666,
  "fwhm_y": 4.237642666666667,
  "fwhm_z": 3.65773,
  "icvs_csf": 0.21120796415574733,
  "icvs_gm": 0.39042395192607904,
  "icvs_wm": 0.3983680839181736,
  "inu_med": 0.32320019602775574,
  "inu_range": 0.06647840738296507,
  "provenance": {
    "md5sum": "92f3ff277dfb45a034e6c47b15bcff9b",
    "settings": {
      "testing": false
    },
    "software": "mriqc",
    "version": "22.0.6",
    "warnings": {
      "large_rot_frame": true,
      "small_air_mask": false
    },
    "webapi_port": null,
    "webapi_url": "https://mriqc.nimh.nih.gov/api/v1"
  },
  "qi_1": 0.002407347519565358,
  "qi_2": 0.0031803710515432328,
  "rpve_csf": 14.329015958915456,
  "rpve_gm": 7.425968101619321,
  "rpve_wm": 8.473986166066277,
  "size_x": 192,
  "size_y": 256,
  "size_z": 160,
  "snr_csf": 3.138149995696354,
  "snr_gm": 16.145482754038362,
  "snr_total": 13.198377638486557,
  "snr_wm": 20.311500165724954,
  "snrd_csf": 48.30034494179375,
  "snrd_gm": 105.58442257350227,
  "snrd_total": 95.66823199192426,
  "snrd_wm": 133.11992846047679,
  "spacing_x": 0.9375,
  "spacing_y": 0.9375,
  "spacing_z": 1.0,
  "summary_bg_k": 23.51361134548583,
  "summary_bg_mad": 4.92166998982379,
  "summary_bg_mean": 5.168071423690573,
  "summary_bg_median": 3.3196159619838,
  "summary_bg_n": 2092966.0,
  "summary_bg_p05": 0.0,
  "summary_bg_p95": 19.094650492072105,
  "summary_bg_stdv": 8.319237793566408,
  "summary_csf_k": 17.880749454639847,
  "summary_csf_mad": 67.88650589269344,
  "summary_csf_mean": 366.0216082126505,
  "summary_csf_median": 362.85322903469205,
  "summary_csf_n": 71101.0,
  "summary_csf_p05": 163.81344552896917,
  "summary_csf_p95": 547.5445898286998,
  "summary_csf_stdv": 115.62566411699537,
  "summary_gm_k": 0.10274541894817846,
  "summary_gm_mad": 48.769275353708466,
  "summary_gm_mean": 794.3344769532854,
  "summary_gm_median": 793.196171015501,
  "summary_gm_n": 27774.0,
  "summary_gm_p05": 714.5857445967383,
  "summary_gm_p95": 875.4279966655187,
  "summary_gm_stdv": 49.1271709553241,
  "summary_wm_k": 0.722500049821035,
  "summary_wm_mad": 46.24742792090619,
  "summary_wm_mean": 1006.6029328233774,
  "summary_wm_median": 1000.0548846796155,
  "summary_wm_n": 247713.0,
  "summary_wm_p05": 937.3662691991776,
  "summary_wm_p95": 1097.1193580143154,
  "summary_wm_stdv": 49.23579538400801,
  "tpm_overlap_csf": 0.15252877226624512,
  "tpm_overlap_gm": 0.43058211992220474,
  "tpm_overlap_wm": 0.46733638431519764,
  "wm2max": 0.625574044244363
}