{
  "bids_meta": {
    "EchoTime": 0.00311,
    "FlipAngle": 15,
    "ImageType": [
      "ORIGINAL",
      "PRIMARY",
      "M",
      "ND",
      "NORM"
    ],
    "ImagingFrequency": 123.26,
    "InversionTime": 1.1,
    "MagneticFieldStrength": 3,
    "Manufacturer": "Siemens",
    "ManufacturersModelName": "TrioTim",
    "Modality": "MR",
    "RepetitionTime": 1.63,
    "ScanningSequence": "GR\\IR",
    "SequenceVariant": "SP\\MP",
    "SliceThickness": 1,
    "dataset": "ds003772",
    "modality": "T1w",
    "subject_id": "fp878"
  },
  "cjv": 0.4515016707121782,
  "cnr": 3.0868798272830396,
  "efc": 0.595330292360215,
  "fber": 23557.864489795917,
  "fwhm_avg": 3.6565215555555555,
  "fwhm_x": 3.4267946666666664,
  "fwhm_y": 4.02864,
  "fwhm_z": 3.51413,
  "icvs_csf": 0.15087819732161506,
  "icvs_gm": 0.42060164285712737,
  "icvs_wm": 0.4285201598212576,
  "inu_med": 0.343962699174881,
  "inu_range": 0.0882324174046516,
  "provenance": {
    "md5sum": "c057f4417d7a5c7bb011186e9ca36d5a",
    "settings": {
      "testing": false
    },
    "software": "mriqc",
    "version": "22.0.6",
    "warnings": {
      "large_rot_frame": true,
      "small_air_mask": false
    },
    "webapi_port": null,
    "webapi_url": "https://mriqc.nimh.nih.gov/api/v1"
  },
  "qi_1": 0.0,
  "qi_2": 0.004558401516512772,
  "rpve_csf": 22.86169471579582,
  "rpve_gm": 8.29925455367656,
  "rpve_wm": 9.03565888577508,
  "size_x": 192,
  "size_y": 256,
  "size_z": 160,
  "snr_csf": 2.0820431210291788,
  "snr_gm": 16.37230201357178,
  "snr_total": 12.257581741870263,
  "snr_wm": 18.31840009100983,
  "snrd_csf": 18.276701604440667,
  "snrd_gm": 41.26683828973897,
  "snrd_total": 37.622416633280565,
  "snrd_wm": 53.32371000566206,
  "spacing_x": 0.9375,
  "spacing_y": 0.9375,
  "spacing_z": 1.0,
  "summary_bg_k": 10.910376692079703,
  "summary_bg_mad": 0.0,
  "summary_bg_mean": 7.503963445239647,
  "summary_bg_median": 0.0,
  "summary_bg_n": 1979768.0,
  "summary_bg_p05": 0.0,
  "summary_bg_p95": 32.430886551737785,
  "summary_bg_stdv": 12.28690147547263,
  "summary_csf_k": 28.219108990042606,
  "summary_csf_mad": 115.33350580800466,
  "summary_csf_mean": 347.59505355314315,
  "summary_csf_median": 342.7744694240391,
  "summary_csf_n": 26803.0,
  "summary_csf_p05": 98.68561623618007,
  "summary_csf_p95": 559.2792106252161,
  "summary_csf_stdv": 164.6306320806044,
  "summary_gm_k": 0.18875567693390183,
  "summary_gm_mad": 46.281673129566606,
  "summary_gm_mean": 774.3001842169399,
  "summary_gm_median": 773.9481064863503,
  "summary_gm_n": 41143.0,
  "summary_gm_p05": 697.049759849906,
  "summary_gm_p95": 851.8465245142579,
  "summary_gm_stdv": 47.271220638426534,
  "summary_wm_k": -0.014231509012151644,
  "summary_wm_mad": 55.81336782444303,
  "summary_wm_mean": 1005.0957427274742,
  "summary_wm_median": 1000.0713914632797,
  "summary_wm_n": 192354.0,
  "summary_wm_p05": 925.2089044451714,
  "summary_wm_p95": 1102.3411921327936,
  "summary_wm_stdv": 54.59367559020963,
  "tpm_overlap_csf": 0.1325354722837234,
  "tpm_overlap_gm": 0.45631753601985503,
  "tpm_overlap_wm": 0.47598196988298985,
  "wm2max": 0.5197470272418759
}