{
  "aor": 0.003924823008849557,
  "aqi": 0.009616138451327434,
  "bids_meta": {
    "BandwidthPerPixelPhaseEncode": 31.25,
    "DerivedVendorReportedEchoSpacing": 0.0005,
    "EchoTime": 0.025,
    "EffectiveEchoSpacing": 0.0005,
    "FlipAngle": 75,
    "ImageType": [
      "ORIGINAL",
      "PRIMARY",
      "M",
      "ND",
      "MOSAIC"
    ],
    "ImagingFrequency": 123.26,
    "MagneticFieldStrength": 3,
    "Manufacturer": "Siemens",
    "ManufacturersModelName": "TrioTim",
    "Modality": "MR",
    "PhaseEncodingDirection": "j-",
    "PixelBandwidth": 3005,
    "RepetitionTime": 2.5,
    "ScanOptions": "FS",
    "ScanningSequence": "EP",
    "SequenceName": "*epfid2d1_64",
    "SequenceVariant": "SK",
    "SliceThickness": 3,
    "SliceTiming": [
      1.245,
      0,
      1.3025,
      0.0575,
      1.3575,
      0.115,
      1.415,
      0.17,
      1.4725,
      0.2275,
      1.5275,
      0.2825,
      1.585,
      0.34,
      1.6425,
      0.3975,
      1.6975,
      0.4525,
      1.755,
      0.51,
      1.81,
      0.5675,
      1.8675,
      0.6225,
      1.925,
      0.68,
      1.98,
      0.735,
      2.0375,
      0.7925,
      2.095,
      0.85,
      2.15,
      0.905,
      2.2075,
      0.9625,
      2.265,
      1.02,
      2.32,
      1.075,
      2.3775,
      1.1325,
      2.4325,
      1.19
    ],
    "SpacingBetweenSlices": 3,
    "TaskName": "change-point helicopter fmri",
    "TotalReadoutTime": 0.0315,
    "dataset": "ds003772",
    "modality": "bold",
    "run_id": 4,
    "subject_id": "tq315",
    "task_id": "changepoint"
  },
  "dummy_trs": 0,
  "dvars_nstd": 21.616539794177775,
  "dvars_std": 1.0211444737777782,
  "dvars_vstd": 0.9502951575999997,
  "efc": 0.6140522012473494,
  "fber": 289.8992614746094,
  "fd_mean": 0.14789961428976153,
  "fd_num": 37,
  "fd_perc": 16.371681415929203,
  "fwhm_avg": 2.6401734037316342,
  "fwhm_x": 2.4390733333333334,
  "fwhm_y": 2.6574468778615694,
  "fwhm_z": 2.824,
  "gcor": 0.00834889,
  "gsr_x": -0.002720613032579422,
  "gsr_y": 0.07347233593463898,
  "provenance": {
    "md5sum": "96677cb15fe35a340b416df020fc6cc1",
    "settings": {
      "fd_thres": 0.2,
      "testing": false
    },
    "software": "mriqc",
    "version": "22.0.6",
    "webapi_port": null,
    "webapi_url": "https://mriqc.nimh.nih.gov/api/v1"
  },
  "size_t": 226,
  "size_x": 64,
  "size_y": 64,
  "size_z": 44,
  "snr": 3.449599842096366,
  "spacing_tr": 2.5,
  "spacing_x": 3.0,
  "spacing_y": 2.999999761581421,
  "spacing_z": 3.0,
  "summary_bg_k": 13.397382239829415,
  "summary_bg_mad": 12.379070203529368,
  "summary_bg_mean": 68.84953308105469,
  "summary_bg_median": 33.73451232910156,
  "summary_bg_n": 99000.0,
  "summary_bg_p05": 24.23008918762207,
  "summary_bg_p95": 245.84602279663065,
  "summary_bg_stdv": 85.06279754638672,
  "summary_fg_k": 0.914206838714692,
  "summary_fg_mad": 154.92865154023062,
  "summary_fg_mean": 613.2353515625,
  "summary_fg_median": 583.3739013671875,
  "summary_fg_n": 41884.0,
  "summary_fg_p05": 388.78958892822266,
  "summary_fg_p95": 939.6130554199218,
  "summary_fg_stdv": 169.11148071289062,
  "tsnr": 46.4905721754767
}