{
  "aor": 0.0034807522123893805,
  "aqi": 0.0032206416814159295,
  "bids_meta": {
    "BandwidthPerPixelPhaseEncode": 31.25,
    "DerivedVendorReportedEchoSpacing": 0.0005,
    "EchoTime": 0.025,
    "EffectiveEchoSpacing": 0.0005,
    "FlipAngle": 75,
    "ImageType": [
      "ORIGINAL",
      "PRIMARY",
      "M",
      "ND",
      "MOSAIC"
    ],
    "ImagingFrequency": 123.26,
    "MagneticFieldStrength": 3,
    "Manufacturer": "Siemens",
    "ManufacturersModelName": "TrioTim",
    "Modality": "MR",
    "PhaseEncodingDirection": "j-",
    "PixelBandwidth": 3005,
    "RepetitionTime": 2.5,
    "ScanOptions": "FS",
    "ScanningSequence": "EP",
    "SequenceName": "*epfid2d1_64",
    "SequenceVariant": "SK",
    "SliceThickness": 3,
    "SliceTiming": [
      1.245,
      0,
      1.3025,
      0.0575,
      1.3575,
      0.115,
      1.415,
      0.17,
      1.4725,
      0.2275,
      1.5275,
      0.2825,
      1.585,
      0.34,
      1.6425,
      0.3975,
      1.6975,
      0.4525,
      1.755,
      0.51,
      1.81,
      0.5675,
      1.8675,
      0.6225,
      1.925,
      0.68,
      1.98,
      0.735,
      2.0375,
      0.7925,
      2.095,
      0.85,
      2.15,
      0.905,
      2.2075,
      0.9625,
      2.265,
      1.02,
      2.32,
      1.075,
      2.3775,
      1.1325,
      2.4325,
      1.19
    ],
    "SpacingBetweenSlices": 3,
    "TaskName": "change-point helicopter fmri",
    "TotalReadoutTime": 0.0315,
    "dataset": "ds003772",
    "modality": "bold",
    "run_id": 4,
    "subject_id": "pv536",
    "task_id": "changepoint"
  },
  "dummy_trs": 0,
  "dvars_nstd": 28.624395158533368,
  "dvars_std": 1.290245132577777,
  "dvars_vstd": 1.0307485760444437,
  "efc": 0.628548853267778,
  "fber": 192.84364318847656,
  "fd_mean": 0.15078872308780203,
  "fd_num": 45,
  "fd_perc": 19.911504424778762,
  "fwhm_avg": 2.6296977777777784,
  "fwhm_x": 2.2167600000000003,
  "fwhm_y": 2.62129,
  "fwhm_z": 3.0510433333333338,
  "gcor": 0.0450043,
  "gsr_x": 0.00010356454004067928,
  "gsr_y": 0.02297394722700119,
  "provenance": {
    "md5sum": "2027c67cb50e529cf76eee1c95f899a8",
    "settings": {
      "fd_thres": 0.2,
      "testing": false
    },
    "software": "mriqc",
    "version": "22.0.6",
    "webapi_port": null,
    "webapi_url": "https://mriqc.nimh.nih.gov/api/v1"
  },
  "size_t": 226,
  "size_x": 64,
  "size_y": 64,
  "size_z": 44,
  "snr": 3.172986377591106,
  "spacing_tr": 2.5,
  "spacing_x": 3.0,
  "spacing_y": 3.0,
  "spacing_z": 3.0,
  "summary_bg_k": 17.49334433807617,
  "summary_bg_mad": 23.11153764751036,
  "summary_bg_mean": 75.31639099121094,
  "summary_bg_median": 43.1946907043457,
  "summary_bg_n": 95273.0,
  "summary_bg_p05": 26.185840606689453,
  "summary_bg_p95": 230.79469299316395,
  "summary_bg_stdv": 79.52304077148438,
  "summary_fg_k": 1.2139805804218913,
  "summary_fg_mad": 175.3275532191018,
  "summary_fg_mean": 659.1746826171875,
  "summary_fg_median": 625.7677001953125,
  "summary_fg_n": 43730.0,
  "summary_fg_p05": 392.2409133911133,
  "summary_fg_p95": 1028.460205078125,
  "summary_fg_stdv": 197.2150115966797,
  "tsnr": 70.86398217594251
}