{
  "aor": 0.0022506637168141596,
  "aqi": 0.002652443053097345,
  "bids_meta": {
    "BandwidthPerPixelPhaseEncode": 31.25,
    "DerivedVendorReportedEchoSpacing": 0.0005,
    "EchoTime": 0.025,
    "EffectiveEchoSpacing": 0.0005,
    "FlipAngle": 75,
    "ImageType": [
      "ORIGINAL",
      "PRIMARY",
      "M",
      "ND",
      "MOSAIC"
    ],
    "ImagingFrequency": 123.26,
    "MagneticFieldStrength": 3,
    "Manufacturer": "Siemens",
    "ManufacturersModelName": "TrioTim",
    "Modality": "MR",
    "PhaseEncodingDirection": "j-",
    "PixelBandwidth": 3005,
    "RepetitionTime": 2.5,
    "ScanOptions": "FS",
    "ScanningSequence": "EP",
    "SequenceName": "*epfid2d1_64",
    "SequenceVariant": "SK",
    "SliceThickness": 3,
    "SliceTiming": [
      1.245,
      0,
      1.3025,
      0.0575,
      1.3575,
      0.115,
      1.415,
      0.17,
      1.4725,
      0.2275,
      1.5275,
      0.2825,
      1.585,
      0.34,
      1.6425,
      0.3975,
      1.6975,
      0.4525,
      1.755,
      0.51,
      1.81,
      0.5675,
      1.8675,
      0.6225,
      1.925,
      0.68,
      1.98,
      0.735,
      2.0375,
      0.7925,
      2.095,
      0.85,
      2.15,
      0.905,
      2.2075,
      0.9625,
      2.265,
      1.02,
      2.32,
      1.075,
      2.3775,
      1.1325,
      2.4325,
      1.19
    ],
    "SpacingBetweenSlices": 3,
    "TaskName": "change-point helicopter fmri",
    "TotalReadoutTime": 0.0315,
    "dataset": "ds003772",
    "modality": "bold",
    "run_id": 3,
    "subject_id": "pv536",
    "task_id": "changepoint"
  },
  "dummy_trs": 0,
  "dvars_nstd": 27.700371551511108,
  "dvars_std": 1.3030250343111112,
  "dvars_vstd": 1.0284983363111109,
  "efc": 0.6270214117691608,
  "fber": 200.0037078857422,
  "fd_mean": 0.13782637419429405,
  "fd_num": 44,
  "fd_perc": 19.469026548672566,
  "fwhm_avg": 2.63856,
  "fwhm_x": 2.2286533333333334,
  "fwhm_y": 2.62989,
  "fwhm_z": 3.0571366666666666,
  "gcor": 0.0372521,
  "gsr_x": 0.0023501983378082514,
  "gsr_y": 0.022680973634123802,
  "provenance": {
    "md5sum": "1aee1d75c5a817ba1d8a5ad04f1affd8",
    "settings": {
      "fd_thres": 0.2,
      "testing": false
    },
    "software": "mriqc",
    "version": "22.0.6",
    "webapi_port": null,
    "webapi_url": "https://mriqc.nimh.nih.gov/api/v1"
  },
  "size_t": 226,
  "size_x": 64,
  "size_y": 64,
  "size_z": 44,
  "snr": 3.184411582847979,
  "spacing_tr": 2.5,
  "spacing_x": 3.0,
  "spacing_y": 3.0,
  "spacing_z": 3.0,
  "summary_bg_k": 18.95888677206764,
  "summary_bg_mad": 22.199675410005216,
  "summary_bg_mean": 74.6844711303711,
  "summary_bg_median": 42.486724853515625,
  "summary_bg_n": 95390.0,
  "summary_bg_p05": 26.59734535217285,
  "summary_bg_p95": 230.11106033325197,
  "summary_bg_stdv": 80.56855010986328,
  "summary_fg_k": 1.1976353724659932,
  "summary_fg_mad": 175.4521817533692,
  "summary_fg_mean": 660.0454711914062,
  "summary_fg_median": 626.3406982421875,
  "summary_fg_n": 43603.0,
  "summary_fg_p05": 395.01637268066406,
  "summary_fg_p95": 1028.9106689453126,
  "summary_fg_stdv": 196.68736267089844,
  "tsnr": 76.3780444925651
}