{
  "aor": 0.0022916,
  "aqi": 0.002575046088888889,
  "bids_meta": {
    "BandwidthPerPixelPhaseEncode": 31.25,
    "DerivedVendorReportedEchoSpacing": 0.0005,
    "EchoTime": 0.025,
    "EffectiveEchoSpacing": 0.0005,
    "FlipAngle": 75,
    "ImageType": [
      "ORIGINAL",
      "PRIMARY",
      "M",
      "ND",
      "MOSAIC"
    ],
    "ImagingFrequency": 123.26,
    "MagneticFieldStrength": 3,
    "Manufacturer": "Siemens",
    "ManufacturersModelName": "TrioTim",
    "Modality": "MR",
    "PhaseEncodingDirection": "j-",
    "PixelBandwidth": 3005,
    "RepetitionTime": 2.5,
    "ScanOptions": "FS",
    "ScanningSequence": "EP",
    "SequenceName": "*epfid2d1_64",
    "SequenceVariant": "SK",
    "SliceThickness": 3,
    "SliceTiming": [
      1.245,
      0,
      1.3025,
      0.0575,
      1.3575,
      0.115,
      1.415,
      0.17,
      1.4725,
      0.2275,
      1.5275,
      0.2825,
      1.585,
      0.34,
      1.6425,
      0.3975,
      1.6975,
      0.4525,
      1.755,
      0.51,
      1.81,
      0.5675,
      1.8675,
      0.6225,
      1.925,
      0.68,
      1.98,
      0.735,
      2.0375,
      0.7925,
      2.095,
      0.85,
      2.15,
      0.905,
      2.2075,
      0.9625,
      2.265,
      1.02,
      2.32,
      1.075,
      2.3775,
      1.1325,
      2.4325,
      1.19
    ],
    "SpacingBetweenSlices": 3,
    "TaskName": "change-point helicopter fmri",
    "TotalReadoutTime": 0.0315,
    "dataset": "ds003772",
    "modality": "bold",
    "run_id": 3,
    "subject_id": "kd918",
    "task_id": "changepoint"
  },
  "dummy_trs": 1,
  "dvars_nstd": 21.931158321339293,
  "dvars_std": 1.193501950357142,
  "dvars_vstd": 0.9963826341517859,
  "efc": 0.5894883492479663,
  "fber": 364.9117431640625,
  "fd_mean": 0.09987333076649121,
  "fd_num": 8,
  "fd_perc": 3.5555555555555554,
  "fwhm_avg": 2.534211111111111,
  "fwhm_x": 2.3828400000000003,
  "fwhm_y": 2.55749,
  "fwhm_z": 2.6623033333333335,
  "gcor": 0.0275278,
  "gsr_x": -0.01298166997730732,
  "gsr_y": 0.07670615613460541,
  "provenance": {
    "md5sum": "52cac4c028877c8c728d2a560760754a",
    "settings": {
      "fd_thres": 0.2,
      "testing": false
    },
    "software": "mriqc",
    "version": "22.0.6",
    "webapi_port": null,
    "webapi_url": "https://mriqc.nimh.nih.gov/api/v1"
  },
  "size_t": 225,
  "size_x": 64,
  "size_y": 64,
  "size_z": 44,
  "snr": 3.2239428050476824,
  "spacing_tr": 2.5,
  "spacing_x": 3.0,
  "spacing_y": 3.0,
  "spacing_z": 3.0,
  "summary_bg_k": 17.26647528929687,
  "summary_bg_mad": 11.412740952988187,
  "summary_bg_mean": 68.79273986816406,
  "summary_bg_median": 35.0533332824707,
  "summary_bg_n": 101667.0,
  "summary_bg_p05": 26.337778091430664,
  "summary_bg_p95": 244.61778259277344,
  "summary_bg_stdv": 83.65422821044922,
  "summary_fg_k": 1.096553594502006,
  "summary_fg_mad": 200.06895281741885,
  "summary_fg_mean": 731.18408203125,
  "summary_fg_median": 697.784423828125,
  "summary_fg_n": 38584.0,
  "summary_fg_p05": 439.0937759399414,
  "summary_fg_p95": 1134.961376953125,
  "summary_fg_stdv": 216.43540954589844,
  "tsnr": 73.74240022269078
}