{
  "aor": 0.0014751327433628319,
  "aqi": 0.002314388761061947,
  "bids_meta": {
    "BandwidthPerPixelPhaseEncode": 31.25,
    "DerivedVendorReportedEchoSpacing": 0.0005,
    "EchoTime": 0.025,
    "EffectiveEchoSpacing": 0.0005,
    "FlipAngle": 75,
    "ImageType": [
      "ORIGINAL",
      "PRIMARY",
      "M",
      "ND",
      "MOSAIC"
    ],
    "ImagingFrequency": 123.26,
    "MagneticFieldStrength": 3,
    "Manufacturer": "Siemens",
    "ManufacturersModelName": "TrioTim",
    "Modality": "MR",
    "PhaseEncodingDirection": "j-",
    "PixelBandwidth": 3005,
    "RepetitionTime": 2.5,
    "ScanOptions": "FS",
    "ScanningSequence": "EP",
    "SequenceName": "*epfid2d1_64",
    "SequenceVariant": "SK",
    "SliceThickness": 3,
    "SliceTiming": [
      1.245,
      0,
      1.3025,
      0.0575,
      1.3575,
      0.115,
      1.415,
      0.17,
      1.4725,
      0.2275,
      1.5275,
      0.2825,
      1.585,
      0.34,
      1.6425,
      0.3975,
      1.6975,
      0.4525,
      1.755,
      0.51,
      1.81,
      0.5675,
      1.8675,
      0.6225,
      1.925,
      0.68,
      1.98,
      0.735,
      2.0375,
      0.7925,
      2.095,
      0.85,
      2.15,
      0.905,
      2.2075,
      0.9625,
      2.265,
      1.02,
      2.32,
      1.075,
      2.3775,
      1.1325,
      2.4325,
      1.19
    ],
    "SpacingBetweenSlices": 3,
    "TaskName": "change-point helicopter fmri",
    "TotalReadoutTime": 0.0315,
    "dataset": "ds003772",
    "modality": "bold",
    "run_id": 4,
    "subject_id": "kd918",
    "task_id": "changepoint"
  },
  "dummy_trs": 0,
  "dvars_nstd": 21.400010808355542,
  "dvars_std": 1.2028221751111114,
  "dvars_vstd": 1.0075324970222221,
  "efc": 0.5902438252441401,
  "fber": 359.0208435058594,
  "fd_mean": 0.08541447705676716,
  "fd_num": 5,
  "fd_perc": 2.2123893805309733,
  "fwhm_avg": 2.5367655555555557,
  "fwhm_x": 2.36836,
  "fwhm_y": 2.5741533333333333,
  "fwhm_z": 2.667783333333333,
  "gcor": 0.0308976,
  "gsr_x": -0.013782807625830173,
  "gsr_y": 0.07807137072086334,
  "provenance": {
    "md5sum": "9596aca7cf9c217a890db00b836ee474",
    "settings": {
      "fd_thres": 0.2,
      "testing": false
    },
    "software": "mriqc",
    "version": "22.0.6",
    "webapi_port": null,
    "webapi_url": "https://mriqc.nimh.nih.gov/api/v1"
  },
  "size_t": 226,
  "size_x": 64,
  "size_y": 64,
  "size_z": 44,
  "snr": 3.1922329328680887,
  "spacing_tr": 2.5,
  "spacing_x": 3.0,
  "spacing_y": 3.0,
  "spacing_z": 3.0,
  "summary_bg_k": 17.934135499891468,
  "summary_bg_mad": 12.044502878555623,
  "summary_bg_mean": 70.20126342773438,
  "summary_bg_median": 35.44247817993164,
  "summary_bg_n": 101719.0,
  "summary_bg_p05": 25.982301712036133,
  "summary_bg_p95": 252.4022064208981,
  "summary_bg_stdv": 86.09078979492188,
  "summary_fg_k": 1.158318879332537,
  "summary_fg_mad": 201.24687231682606,
  "summary_fg_mean": 731.8179321289062,
  "summary_fg_median": 697.8141479492188,
  "summary_fg_n": 38729.0,
  "summary_fg_p05": 438.55487060546875,
  "summary_fg_p95": 1140.9194580078124,
  "summary_fg_stdv": 218.5946807861328,
  "tsnr": 77.76314533338882
}