{
  "aor": 0.0016144343891402715,
  "aqi": 0.007625778506787331,
  "bids_meta": {
    "BandwidthPerPixelPhaseEncode": 31.25,
    "DerivedVendorReportedEchoSpacing": 0.0005,
    "EchoTime": 0.025,
    "EffectiveEchoSpacing": 0.0005,
    "FlipAngle": 75,
    "ImageType": [
      "ORIGINAL",
      "PRIMARY",
      "M",
      "ND",
      "MOSAIC"
    ],
    "ImagingFrequency": 123.26,
    "MagneticFieldStrength": 3,
    "Manufacturer": "Siemens",
    "ManufacturersModelName": "TrioTim",
    "Modality": "MR",
    "PhaseEncodingDirection": "j-",
    "PixelBandwidth": 3005,
    "RepetitionTime": 2.5,
    "ScanOptions": "FS",
    "ScanningSequence": "EP",
    "SequenceName": "*epfid2d1_64",
    "SequenceVariant": "SK",
    "SliceThickness": 3,
    "SliceTiming": [
      1.245,
      0,
      1.3025,
      0.0575,
      1.3575,
      0.115,
      1.415,
      0.17,
      1.4725,
      0.2275,
      1.5275,
      0.2825,
      1.585,
      0.34,
      1.6425,
      0.3975,
      1.6975,
      0.4525,
      1.755,
      0.51,
      1.81,
      0.5675,
      1.8675,
      0.6225,
      1.925,
      0.68,
      1.98,
      0.735,
      2.0375,
      0.7925,
      2.095,
      0.85,
      2.15,
      0.905,
      2.2075,
      0.9625,
      2.265,
      1.02,
      2.32,
      1.075,
      2.3775,
      1.1325,
      2.4325,
      1.19
    ],
    "SpacingBetweenSlices": 3,
    "TaskName": "change-point helicopter fmri",
    "TotalReadoutTime": 0.0315,
    "dataset": "ds003772",
    "modality": "bold",
    "run_id": 1,
    "subject_id": "kd918",
    "task_id": "changepoint"
  },
  "dummy_trs": 5,
  "dvars_nstd": 20.603674004318194,
  "dvars_std": 1.0329429396818177,
  "dvars_vstd": 0.8944812519545451,
  "efc": 0.584620713525481,
  "fber": 364.19757080078125,
  "fd_mean": 0.10162924327830275,
  "fd_num": 7,
  "fd_perc": 3.167420814479638,
  "fwhm_avg": 2.5559988888888885,
  "fwhm_x": 2.40634,
  "fwhm_y": 2.5774399999999997,
  "fwhm_z": 2.6842166666666665,
  "gcor": 0.0101884,
  "gsr_x": -0.011495216749608517,
  "gsr_y": 0.06889327615499496,
  "provenance": {
    "md5sum": "d7f5daf3ac6e171bf003cc13bee4903a",
    "settings": {
      "fd_thres": 0.2,
      "testing": false
    },
    "software": "mriqc",
    "version": "22.0.6",
    "webapi_port": null,
    "webapi_url": "https://mriqc.nimh.nih.gov/api/v1"
  },
  "size_t": 221,
  "size_x": 64,
  "size_y": 64,
  "size_z": 44,
  "snr": 3.206289247472321,
  "spacing_tr": 2.5,
  "spacing_x": 3.0,
  "spacing_y": 3.0,
  "spacing_z": 3.0,
  "summary_bg_k": 17.35946512535114,
  "summary_bg_mad": 13.182414107341671,
  "summary_bg_mean": 66.50519561767578,
  "summary_bg_median": 35.56108856201172,
  "summary_bg_n": 101710.0,
  "summary_bg_p05": 23.040725708007812,
  "summary_bg_p95": 230.38893051147414,
  "summary_bg_stdv": 79.13594818115234,
  "summary_fg_k": 1.231666708793452,
  "summary_fg_mad": 199.91982388333088,
  "summary_fg_mean": 735.1909790039062,
  "summary_fg_median": 701.0882568359375,
  "summary_fg_n": 38684.0,
  "summary_fg_p05": 440.63622894287107,
  "summary_fg_p95": 1142.4549987792968,
  "summary_fg_stdv": 218.65750122070312,
  "tsnr": 40.45276828063652
}