{
  "aor": 0.0023671681415929203,
  "aqi": 0.0030065163716814156,
  "bids_meta": {
    "BandwidthPerPixelPhaseEncode": 31.25,
    "DerivedVendorReportedEchoSpacing": 0.0005,
    "EchoTime": 0.025,
    "EffectiveEchoSpacing": 0.0005,
    "FlipAngle": 75,
    "ImageType": [
      "ORIGINAL",
      "PRIMARY",
      "M",
      "ND",
      "MOSAIC"
    ],
    "ImagingFrequency": 123.26,
    "MagneticFieldStrength": 3,
    "Manufacturer": "Siemens",
    "ManufacturersModelName": "TrioTim",
    "Modality": "MR",
    "PhaseEncodingDirection": "j-",
    "PixelBandwidth": 3005,
    "RepetitionTime": 2.5,
    "ScanOptions": "FS",
    "ScanningSequence": "EP",
    "SequenceName": "*epfid2d1_64",
    "SequenceVariant": "SK",
    "SliceThickness": 3,
    "SliceTiming": [
      1.245,
      0,
      1.3025,
      0.0575,
      1.3575,
      0.115,
      1.415,
      0.17,
      1.4725,
      0.2275,
      1.5275,
      0.2825,
      1.585,
      0.34,
      1.6425,
      0.3975,
      1.6975,
      0.4525,
      1.755,
      0.51,
      1.81,
      0.5675,
      1.8675,
      0.6225,
      1.925,
      0.68,
      1.98,
      0.735,
      2.0375,
      0.7925,
      2.095,
      0.85,
      2.15,
      0.905,
      2.2075,
      0.9625,
      2.265,
      1.02,
      2.32,
      1.075,
      2.3775,
      1.1325,
      2.4325,
      1.19
    ],
    "SpacingBetweenSlices": 3,
    "TaskName": "change-point helicopter fmri",
    "TotalReadoutTime": 0.0315,
    "dataset": "ds003772",
    "modality": "bold",
    "run_id": 3,
    "subject_id": "bi933",
    "task_id": "changepoint"
  },
  "dummy_trs": 0,
  "dvars_nstd": 20.966511896000004,
  "dvars_std": 1.184772326444444,
  "dvars_vstd": 1.0085339393777786,
  "efc": 0.6337058394331305,
  "fber": 267.5951843261719,
  "fd_mean": 0.0753896214421747,
  "fd_num": 6,
  "fd_perc": 2.6548672566371683,
  "fwhm_avg": 2.5590421478604446,
  "fwhm_x": 2.237276666666667,
  "fwhm_y": 2.6327866666666666,
  "fwhm_z": 2.8070631102480004,
  "gcor": 0.0257963,
  "gsr_x": 0.009462758898735046,
  "gsr_y": 0.07642810046672821,
  "provenance": {
    "md5sum": "b346829cad8099dd8aef8858007b3749",
    "settings": {
      "fd_thres": 0.2,
      "testing": false
    },
    "software": "mriqc",
    "version": "22.0.6",
    "webapi_port": null,
    "webapi_url": "https://mriqc.nimh.nih.gov/api/v1"
  },
  "size_t": 226,
  "size_x": 64,
  "size_y": 64,
  "size_z": 44,
  "snr": 3.3011421878568354,
  "spacing_tr": 2.5,
  "spacing_x": 3.0,
  "spacing_y": 3.0,
  "spacing_z": 3.000000238418579,
  "summary_bg_k": 16.090712777857103,
  "summary_bg_mad": 13.094134619622503,
  "summary_bg_mean": 70.63861846923828,
  "summary_bg_median": 35.628318786621094,
  "summary_bg_n": 91220.0,
  "summary_bg_p05": 26.1061954498291,
  "summary_bg_p95": 248.332748413086,
  "summary_bg_stdv": 86.31116485595703,
  "summary_fg_k": 1.0373285634764393,
  "summary_fg_mad": 164.60495210648898,
  "summary_fg_mean": 644.6305541992188,
  "summary_fg_median": 615.81640625,
  "summary_fg_n": 45232.0,
  "summary_fg_p05": 394.90242767333984,
  "summary_fg_p95": 997.8471282958982,
  "summary_fg_stdv": 186.54440307617188,
  "tsnr": 75.59148762375116
}