{
  "aor": 0.0006966371681415928,
  "aqi": 0.0035299179203539823,
  "bids_meta": {
    "BandwidthPerPixelPhaseEncode": 31.25,
    "DerivedVendorReportedEchoSpacing": 0.0005,
    "EchoTime": 0.025,
    "EffectiveEchoSpacing": 0.0005,
    "FlipAngle": 75,
    "ImageType": [
      "ORIGINAL",
      "PRIMARY",
      "M",
      "ND",
      "MOSAIC"
    ],
    "ImagingFrequency": 123.26,
    "MagneticFieldStrength": 3,
    "Manufacturer": "Siemens",
    "ManufacturersModelName": "TrioTim",
    "Modality": "MR",
    "PhaseEncodingDirection": "j-",
    "PixelBandwidth": 3005,
    "RepetitionTime": 2.5,
    "ScanOptions": "FS",
    "ScanningSequence": "EP",
    "SequenceName": "*epfid2d1_64",
    "SequenceVariant": "SK",
    "SliceThickness": 3,
    "SliceTiming": [
      1.245,
      0,
      1.3025,
      0.0575,
      1.3575,
      0.115,
      1.415,
      0.17,
      1.4725,
      0.2275,
      1.5275,
      0.2825,
      1.585,
      0.34,
      1.6425,
      0.3975,
      1.6975,
      0.4525,
      1.755,
      0.51,
      1.81,
      0.5675,
      1.8675,
      0.6225,
      1.925,
      0.68,
      1.98,
      0.735,
      2.0375,
      0.7925,
      2.095,
      0.85,
      2.15,
      0.905,
      2.2075,
      0.9625,
      2.265,
      1.02,
      2.32,
      1.075,
      2.3775,
      1.1325,
      2.4325,
      1.19
    ],
    "SpacingBetweenSlices": 3,
    "TaskName": "change-point helicopter fmri",
    "TotalReadoutTime": 0.0315,
    "dataset": "ds003772",
    "modality": "bold",
    "run_id": 2,
    "subject_id": "bi933",
    "task_id": "changepoint"
  },
  "dummy_trs": 0,
  "dvars_nstd": 21.736636666133332,
  "dvars_std": 1.1469634726666669,
  "dvars_vstd": 0.9767454960444438,
  "efc": 0.6323668630119336,
  "fber": 275.0113220214844,
  "fd_mean": 0.0947452643293499,
  "fd_num": 12,
  "fd_perc": 5.3097345132743365,
  "fwhm_avg": 2.540667704053814,
  "fwhm_x": 2.227473333333333,
  "fwhm_y": 2.611543333333333,
  "fwhm_z": 2.7829864454947755,
  "gcor": 0.0133275,
  "gsr_x": 0.010833951644599438,
  "gsr_y": 0.07392726838588715,
  "provenance": {
    "md5sum": "e8619289a541618e380a4a90b6ff9354",
    "settings": {
      "fd_thres": 0.2,
      "testing": false
    },
    "software": "mriqc",
    "version": "22.0.6",
    "webapi_port": null,
    "webapi_url": "https://mriqc.nimh.nih.gov/api/v1"
  },
  "size_t": 226,
  "size_x": 64,
  "size_y": 64,
  "size_z": 44,
  "snr": 3.3198136064372767,
  "spacing_tr": 2.5,
  "spacing_x": 3.0,
  "spacing_y": 3.0,
  "spacing_z": 3.000000238418579,
  "summary_bg_k": 15.291012286049227,
  "summary_bg_mad": 12.79892516222757,
  "summary_bg_mean": 69.83201599121094,
  "summary_bg_median": 35.25221252441406,
  "summary_bg_n": 91248.0,
  "summary_bg_p05": 25.747787475585938,
  "summary_bg_p95": 244.57212829589838,
  "summary_bg_stdv": 85.60540008544922,
  "summary_fg_k": 1.0246142768914934,
  "summary_fg_mad": 164.765663870409,
  "summary_fg_mean": 646.2992553710938,
  "summary_fg_median": 617.7301025390625,
  "summary_fg_n": 45163.0,
  "summary_fg_p05": 396.62522888183594,
  "summary_fg_p95": 997.5274047851562,
  "summary_fg_stdv": 186.07167053222656,
  "tsnr": 71.50871537975036
}