{
  "aor": 0.0013489777777777778,
  "aqi": 0.004199354488888889,
  "bids_meta": {
    "BandwidthPerPixelPhaseEncode": 31.25,
    "DerivedVendorReportedEchoSpacing": 0.0005,
    "EchoTime": 0.025,
    "EffectiveEchoSpacing": 0.0005,
    "FlipAngle": 75,
    "ImageType": [
      "ORIGINAL",
      "PRIMARY",
      "M",
      "ND",
      "MOSAIC"
    ],
    "ImagingFrequency": 123.26,
    "MagneticFieldStrength": 3,
    "Manufacturer": "Siemens",
    "ManufacturersModelName": "TrioTim",
    "Modality": "MR",
    "PhaseEncodingDirection": "j-",
    "PixelBandwidth": 3005,
    "RepetitionTime": 2.5,
    "ScanOptions": "FS",
    "ScanningSequence": "EP",
    "SequenceName": "*epfid2d1_64",
    "SequenceVariant": "SK",
    "SliceThickness": 3,
    "SliceTiming": [
      1.245,
      0,
      1.3025,
      0.0575,
      1.3575,
      0.115,
      1.415,
      0.17,
      1.4725,
      0.2275,
      1.5275,
      0.2825,
      1.585,
      0.34,
      1.6425,
      0.3975,
      1.6975,
      0.4525,
      1.755,
      0.51,
      1.81,
      0.5675,
      1.8675,
      0.6225,
      1.925,
      0.68,
      1.98,
      0.735,
      2.0375,
      0.7925,
      2.095,
      0.85,
      2.15,
      0.905,
      2.2075,
      0.9625,
      2.265,
      1.02,
      2.32,
      1.075,
      2.3775,
      1.1325,
      2.4325,
      1.19
    ],
    "SpacingBetweenSlices": 3,
    "TaskName": "change-point helicopter fmri",
    "TotalReadoutTime": 0.0315,
    "dataset": "ds003772",
    "modality": "bold",
    "run_id": 1,
    "subject_id": "bi933",
    "task_id": "changepoint"
  },
  "dummy_trs": 1,
  "dvars_nstd": 20.289726929866067,
  "dvars_std": 1.0991499829464284,
  "dvars_vstd": 0.9619559939732144,
  "efc": 0.6310678510713493,
  "fber": 275.9407653808594,
  "fd_mean": 0.07364700007668455,
  "fd_num": 5,
  "fd_perc": 2.2222222222222223,
  "fwhm_avg": 2.5413988146142663,
  "fwhm_x": 2.219613333333333,
  "fwhm_y": 2.60081,
  "fwhm_z": 2.803773110509466,
  "gcor": 0.0102036,
  "gsr_x": 0.010289251804351807,
  "gsr_y": 0.07390804588794708,
  "provenance": {
    "md5sum": "80f33cf4f53312e3721188a9c9b5983e",
    "settings": {
      "fd_thres": 0.2,
      "testing": false
    },
    "software": "mriqc",
    "version": "22.0.6",
    "webapi_port": null,
    "webapi_url": "https://mriqc.nimh.nih.gov/api/v1"
  },
  "size_t": 225,
  "size_x": 64,
  "size_y": 64,
  "size_z": 44,
  "snr": 3.3099319228415887,
  "spacing_tr": 2.5,
  "spacing_x": 3.0,
  "spacing_y": 3.0,
  "spacing_z": 3.000000238418579,
  "summary_bg_k": 18.192188563511248,
  "summary_bg_mad": 13.251173020273045,
  "summary_bg_mean": 68.52902221679688,
  "summary_bg_median": 35.28000259399414,
  "summary_bg_n": 91239.0,
  "summary_bg_p05": 24.88888931274414,
  "summary_bg_p95": 237.30267486572262,
  "summary_bg_stdv": 84.15847778320312,
  "summary_fg_k": 1.078949295504903,
  "summary_fg_mad": 164.7236987349823,
  "summary_fg_mean": 646.655029296875,
  "summary_fg_median": 617.822265625,
  "summary_fg_n": 45258.0,
  "summary_fg_p05": 396.02755584716795,
  "summary_fg_p95": 999.0135803222656,
  "summary_fg_stdv": 186.655029296875,
  "tsnr": 68.16261727851816
}