{
  "aor": 0.0018353982300884956,
  "aqi": 0.0032612867699115047,
  "bids_meta": {
    "BandwidthPerPixelPhaseEncode": 31.25,
    "DerivedVendorReportedEchoSpacing": 0.0005,
    "EchoTime": 0.025,
    "EffectiveEchoSpacing": 0.0005,
    "FlipAngle": 75,
    "ImageType": [
      "ORIGINAL",
      "PRIMARY",
      "M",
      "ND",
      "MOSAIC"
    ],
    "ImagingFrequency": 123.26,
    "MagneticFieldStrength": 3,
    "Manufacturer": "Siemens",
    "ManufacturersModelName": "TrioTim",
    "Modality": "MR",
    "PhaseEncodingDirection": "j-",
    "PixelBandwidth": 3005,
    "RepetitionTime": 2.5,
    "ScanOptions": "FS",
    "ScanningSequence": "EP",
    "SequenceName": "*epfid2d1_64",
    "SequenceVariant": "SK",
    "SliceThickness": 3,
    "SliceTiming": [
      1.245,
      0,
      1.3025,
      0.0575,
      1.3575,
      0.115,
      1.415,
      0.17,
      1.4725,
      0.2275,
      1.5275,
      0.2825,
      1.585,
      0.34,
      1.6425,
      0.3975,
      1.6975,
      0.4525,
      1.755,
      0.51,
      1.81,
      0.5675,
      1.8675,
      0.6225,
      1.925,
      0.68,
      1.98,
      0.735,
      2.0375,
      0.7925,
      2.095,
      0.85,
      2.15,
      0.905,
      2.2075,
      0.9625,
      2.265,
      1.02,
      2.32,
      1.075,
      2.3775,
      1.1325,
      2.4325,
      1.19
    ],
    "SpacingBetweenSlices": 3,
    "TaskName": "change-point helicopter fmri",
    "TotalReadoutTime": 0.0315,
    "dataset": "ds003772",
    "modality": "bold",
    "run_id": 4,
    "subject_id": "bi933",
    "task_id": "changepoint"
  },
  "dummy_trs": 0,
  "dvars_nstd": 23.510542780888898,
  "dvars_std": 1.2091929662222218,
  "dvars_vstd": 1.010192010844444,
  "efc": 0.6347625934401071,
  "fber": 262.8290710449219,
  "fd_mean": 0.0927214179785558,
  "fd_num": 12,
  "fd_perc": 5.3097345132743365,
  "fwhm_avg": 2.556682148012856,
  "fwhm_x": 2.2420733333333334,
  "fwhm_y": 2.6266633333333336,
  "fwhm_z": 2.8013097773719013,
  "gcor": 0.0242128,
  "gsr_x": 0.008778429590165615,
  "gsr_y": 0.07458259165287018,
  "provenance": {
    "md5sum": "47d8c23a83b353e02b6431091be3a23f",
    "settings": {
      "fd_thres": 0.2,
      "testing": false
    },
    "software": "mriqc",
    "version": "22.0.6",
    "webapi_port": null,
    "webapi_url": "https://mriqc.nimh.nih.gov/api/v1"
  },
  "size_t": 226,
  "size_x": 64,
  "size_y": 64,
  "size_z": 44,
  "snr": 3.300220627277373,
  "spacing_tr": 2.5,
  "spacing_x": 3.0,
  "spacing_y": 3.0,
  "spacing_z": 3.000000238418579,
  "summary_bg_k": 18.249660275090598,
  "summary_bg_mad": 13.448383706224968,
  "summary_bg_mean": 72.4201431274414,
  "summary_bg_median": 35.93362808227539,
  "summary_bg_n": 91348.0,
  "summary_bg_p05": 26.172565460205078,
  "summary_bg_p95": 256.5719070434569,
  "summary_bg_stdv": 89.97899627685547,
  "summary_fg_k": 1.0794046513330988,
  "summary_fg_mad": 165.11989033429697,
  "summary_fg_mean": 645.4985961914062,
  "summary_fg_median": 616.0088500976562,
  "summary_fg_n": 45112.0,
  "summary_fg_p05": 394.90685272216797,
  "summary_fg_p95": 999.7464447021483,
  "summary_fg_stdv": 186.65480041503906,
  "tsnr": 75.35225942730904
}