{
  "aor": 0.013196106194690266,
  "aqi": 0.009274479955752212,
  "bids_meta": {
    "BandwidthPerPixelPhaseEncode": 31.25,
    "DerivedVendorReportedEchoSpacing": 0.0005,
    "EchoTime": 0.025,
    "EffectiveEchoSpacing": 0.0005,
    "FlipAngle": 75,
    "ImageType": [
      "ORIGINAL",
      "PRIMARY",
      "M",
      "ND",
      "MOSAIC"
    ],
    "ImagingFrequency": 123.26,
    "MagneticFieldStrength": 3,
    "Manufacturer": "Siemens",
    "ManufacturersModelName": "TrioTim",
    "Modality": "MR",
    "PhaseEncodingDirection": "j-",
    "PixelBandwidth": 3005,
    "RepetitionTime": 2.5,
    "ScanOptions": "FS",
    "ScanningSequence": "EP",
    "SequenceName": "*epfid2d1_64",
    "SequenceVariant": "SK",
    "SliceThickness": 3,
    "SliceTiming": [
      1.245,
      0,
      1.3025,
      0.0575,
      1.3575,
      0.115,
      1.415,
      0.17,
      1.4725,
      0.2275,
      1.5275,
      0.2825,
      1.585,
      0.34,
      1.6425,
      0.3975,
      1.6975,
      0.4525,
      1.755,
      0.51,
      1.81,
      0.5675,
      1.8675,
      0.6225,
      1.925,
      0.68,
      1.98,
      0.735,
      2.0375,
      0.7925,
      2.095,
      0.85,
      2.15,
      0.905,
      2.2075,
      0.9625,
      2.265,
      1.02,
      2.32,
      1.075,
      2.3775,
      1.1325,
      2.4325,
      1.19
    ],
    "SpacingBetweenSlices": 3,
    "TaskName": "change-point helicopter fmri",
    "TotalReadoutTime": 0.0315,
    "dataset": "ds003772",
    "modality": "bold",
    "run_id": 4,
    "subject_id": "us2142",
    "task_id": "changepoint"
  },
  "dummy_trs": 0,
  "dvars_nstd": 25.99436031760002,
  "dvars_std": 1.1227839453777786,
  "dvars_vstd": 0.9935947040888887,
  "efc": 0.6554168642873193,
  "fber": 136.8582763671875,
  "fd_mean": 0.14136008896201935,
  "fd_num": 36,
  "fd_perc": 15.929203539823009,
  "fwhm_avg": 3.0820899999999996,
  "fwhm_x": 2.950946666666667,
  "fwhm_y": 2.87459,
  "fwhm_z": 3.420733333333333,
  "gcor": 0.0224544,
  "gsr_x": -0.008607943542301655,
  "gsr_y": 0.09761431068181992,
  "provenance": {
    "md5sum": "9aa56b5396a8e94b9f47a655f4447489",
    "settings": {
      "fd_thres": 0.2,
      "testing": false
    },
    "software": "mriqc",
    "version": "22.0.6",
    "webapi_port": null,
    "webapi_url": "https://mriqc.nimh.nih.gov/api/v1"
  },
  "size_t": 226,
  "size_x": 64,
  "size_y": 64,
  "size_z": 44,
  "snr": 2.278270495996132,
  "spacing_tr": 2.5,
  "spacing_x": 3.0,
  "spacing_y": 3.0,
  "spacing_z": 3.0,
  "summary_bg_k": 8.949539912909781,
  "summary_bg_mad": 30.032532977713487,
  "summary_bg_mean": 110.45752716064453,
  "summary_bg_median": 51.7876091003418,
  "summary_bg_n": 87162.0,
  "summary_bg_p05": 29.07522201538086,
  "summary_bg_p95": 413.92012786865234,
  "summary_bg_stdv": 137.32949829101562,
  "summary_fg_k": 4.291139249093678,
  "summary_fg_mad": 214.70829236229073,
  "summary_fg_mean": 710.2772216796875,
  "summary_fg_median": 649.7389526367188,
  "summary_fg_n": 48983.0,
  "summary_fg_p05": 377.87742614746094,
  "summary_fg_p95": 1278.6610473632813,
  "summary_fg_stdv": 285.1866455078125,
  "tsnr": 51.578781008021906
}