{
  "aor": 0.0006121428571428571,
  "aqi": 0.003486902767857143,
  "bids_meta": {
    "BandwidthPerPixelPhaseEncode": 31.25,
    "DerivedVendorReportedEchoSpacing": 0.0005,
    "EchoTime": 0.025,
    "EffectiveEchoSpacing": 0.0005,
    "FlipAngle": 75,
    "ImageType": [
      "ORIGINAL",
      "PRIMARY",
      "M",
      "ND",
      "MOSAIC"
    ],
    "ImagingFrequency": 123.26,
    "MagneticFieldStrength": 3,
    "Manufacturer": "Siemens",
    "ManufacturersModelName": "TrioTim",
    "Modality": "MR",
    "PhaseEncodingDirection": "j-",
    "PixelBandwidth": 3005,
    "RepetitionTime": 2.5,
    "ScanOptions": "FS",
    "ScanningSequence": "EP",
    "SequenceName": "*epfid2d1_64",
    "SequenceVariant": "SK",
    "SliceThickness": 3,
    "SliceTiming": [
      1.245,
      0,
      1.3025,
      0.0575,
      1.3575,
      0.115,
      1.415,
      0.17,
      1.4725,
      0.2275,
      1.5275,
      0.2825,
      1.585,
      0.34,
      1.6425,
      0.3975,
      1.6975,
      0.4525,
      1.755,
      0.51,
      1.81,
      0.5675,
      1.8675,
      0.6225,
      1.925,
      0.68,
      1.98,
      0.735,
      2.0375,
      0.7925,
      2.095,
      0.85,
      2.15,
      0.905,
      2.2075,
      0.9625,
      2.265,
      1.02,
      2.32,
      1.075,
      2.3775,
      1.1325,
      2.4325,
      1.19
    ],
    "SpacingBetweenSlices": 3,
    "TaskName": "change-point helicopter fmri",
    "TotalReadoutTime": 0.0315,
    "dataset": "ds003772",
    "modality": "bold",
    "run_id": 3,
    "subject_id": "bb914",
    "task_id": "changepoint"
  },
  "dummy_trs": 2,
  "dvars_nstd": 18.159059302242156,
  "dvars_std": 1.0856775626905835,
  "dvars_vstd": 0.9798393151569506,
  "efc": 0.5774800920281191,
  "fber": 282.28839111328125,
  "fd_mean": 0.08333233463467542,
  "fd_num": 8,
  "fd_perc": 3.5714285714285716,
  "fwhm_avg": 2.4375133333333334,
  "fwhm_x": 2.3199866666666664,
  "fwhm_y": 2.3318766666666666,
  "fwhm_z": 2.660676666666667,
  "gcor": 0.0279487,
  "gsr_x": -0.012529846280813217,
  "gsr_y": 0.04988807812333107,
  "provenance": {
    "md5sum": "8f5ca33b15b3b97f7a34bfbe0469a7e6",
    "settings": {
      "fd_thres": 0.2,
      "testing": false
    },
    "software": "mriqc",
    "version": "22.0.6",
    "webapi_port": null,
    "webapi_url": "https://mriqc.nimh.nih.gov/api/v1"
  },
  "size_t": 224,
  "size_x": 64,
  "size_y": 64,
  "size_z": 44,
  "snr": 3.5240836683623344,
  "spacing_tr": 2.5,
  "spacing_x": 3.0,
  "spacing_y": 3.0,
  "spacing_z": 3.0,
  "summary_bg_k": 30.98154917426163,
  "summary_bg_mad": 12.22484833083604,
  "summary_bg_mean": 59.6123046875,
  "summary_bg_median": 33.20089340209961,
  "summary_bg_n": 109080.0,
  "summary_bg_p05": 24.23214340209961,
  "summary_bg_p95": 184.92434082031244,
  "summary_bg_stdv": 70.57112884521484,
  "summary_fg_k": 2.1016900375044854,
  "summary_fg_mad": 133.8644384501651,
  "summary_fg_mean": 597.843994140625,
  "summary_fg_median": 565.966552734375,
  "summary_fg_n": 34236.0,
  "summary_fg_p05": 391.48885345458984,
  "summary_fg_p95": 905.1228332519531,
  "summary_fg_stdv": 160.5972900390625,
  "tsnr": 78.95362671813928
}