{
  "aor": 0.0019762389380530974,
  "aqi": 0.0035021080088495577,
  "bids_meta": {
    "BandwidthPerPixelPhaseEncode": 31.25,
    "DerivedVendorReportedEchoSpacing": 0.0005,
    "EchoTime": 0.025,
    "EffectiveEchoSpacing": 0.0005,
    "FlipAngle": 75,
    "ImageType": [
      "ORIGINAL",
      "PRIMARY",
      "M",
      "ND",
      "MOSAIC"
    ],
    "ImagingFrequency": 123.26,
    "MagneticFieldStrength": 3,
    "Manufacturer": "Siemens",
    "ManufacturersModelName": "TrioTim",
    "Modality": "MR",
    "PhaseEncodingDirection": "j-",
    "PixelBandwidth": 3005,
    "RepetitionTime": 2.5,
    "ScanOptions": "FS",
    "ScanningSequence": "EP",
    "SequenceName": "*epfid2d1_64",
    "SequenceVariant": "SK",
    "SliceThickness": 3,
    "SliceTiming": [
      1.245,
      0,
      1.3025,
      0.0575,
      1.3575,
      0.115,
      1.415,
      0.17,
      1.4725,
      0.2275,
      1.5275,
      0.2825,
      1.585,
      0.34,
      1.6425,
      0.3975,
      1.6975,
      0.4525,
      1.755,
      0.51,
      1.81,
      0.5675,
      1.8675,
      0.6225,
      1.925,
      0.68,
      1.98,
      0.735,
      2.0375,
      0.7925,
      2.095,
      0.85,
      2.15,
      0.905,
      2.2075,
      0.9625,
      2.265,
      1.02,
      2.32,
      1.075,
      2.3775,
      1.1325,
      2.4325,
      1.19
    ],
    "SpacingBetweenSlices": 3,
    "TaskName": "change-point helicopter fmri",
    "TotalReadoutTime": 0.0315,
    "dataset": "ds003772",
    "modality": "bold",
    "run_id": 1,
    "subject_id": "bb914",
    "task_id": "changepoint"
  },
  "dummy_trs": 0,
  "dvars_nstd": 20.374980977511125,
  "dvars_std": 1.124058456088889,
  "dvars_vstd": 0.997552554755556,
  "efc": 0.575291787233566,
  "fber": 285.1363525390625,
  "fd_mean": 0.1389702716273671,
  "fd_num": 39,
  "fd_perc": 17.256637168141594,
  "fwhm_avg": 2.4502566666666667,
  "fwhm_x": 2.3189966666666666,
  "fwhm_y": 2.38143,
  "fwhm_z": 2.6503433333333333,
  "gcor": 0.00837834,
  "gsr_x": -0.011173873208463192,
  "gsr_y": 0.04910149797797203,
  "provenance": {
    "md5sum": "ff74e0e8a6ffd8c08ec13a15a6fb8b86",
    "settings": {
      "fd_thres": 0.2,
      "testing": false
    },
    "software": "mriqc",
    "version": "22.0.6",
    "webapi_port": null,
    "webapi_url": "https://mriqc.nimh.nih.gov/api/v1"
  },
  "size_t": 226,
  "size_x": 64,
  "size_y": 64,
  "size_z": 44,
  "snr": 3.495998665942288,
  "spacing_tr": 2.5,
  "spacing_x": 3.0,
  "spacing_y": 3.0,
  "spacing_z": 3.0,
  "summary_bg_k": 29.41727655861309,
  "summary_bg_mad": 12.45123100715605,
  "summary_bg_mean": 58.18154525756836,
  "summary_bg_median": 33.03097152709961,
  "summary_bg_n": 108869.0,
  "summary_bg_p05": 23.495574951171875,
  "summary_bg_p95": 177.25752258300773,
  "summary_bg_stdv": 67.65681457519531,
  "summary_fg_k": 2.2171225079767183,
  "summary_fg_mad": 134.54284841306406,
  "summary_fg_mean": 595.4922485351562,
  "summary_fg_median": 564.1725463867188,
  "summary_fg_n": 34336.0,
  "summary_fg_p05": 387.68917083740234,
  "summary_fg_p95": 906.5586090087891,
  "summary_fg_stdv": 161.37429809570312,
  "tsnr": 72.79372092336416
}