{
  "aor": 0.001222654867256637,
  "aqi": 0.0034893883185840714,
  "bids_meta": {
    "BandwidthPerPixelPhaseEncode": 31.25,
    "DerivedVendorReportedEchoSpacing": 0.0005,
    "EchoTime": 0.025,
    "EffectiveEchoSpacing": 0.0005,
    "FlipAngle": 75,
    "ImageType": [
      "ORIGINAL",
      "PRIMARY",
      "M",
      "ND",
      "MOSAIC"
    ],
    "ImagingFrequency": 123.26,
    "MagneticFieldStrength": 3,
    "Manufacturer": "Siemens",
    "ManufacturersModelName": "TrioTim",
    "Modality": "MR",
    "PhaseEncodingDirection": "j-",
    "PixelBandwidth": 3005,
    "RepetitionTime": 2.5,
    "ScanOptions": "FS",
    "ScanningSequence": "EP",
    "SequenceName": "*epfid2d1_64",
    "SequenceVariant": "SK",
    "SliceThickness": 3,
    "SliceTiming": [
      1.245,
      0,
      1.3025,
      0.0575,
      1.3575,
      0.115,
      1.415,
      0.17,
      1.4725,
      0.2275,
      1.5275,
      0.2825,
      1.585,
      0.34,
      1.6425,
      0.3975,
      1.6975,
      0.4525,
      1.755,
      0.51,
      1.81,
      0.5675,
      1.8675,
      0.6225,
      1.925,
      0.68,
      1.98,
      0.735,
      2.0375,
      0.7925,
      2.095,
      0.85,
      2.15,
      0.905,
      2.2075,
      0.9625,
      2.265,
      1.02,
      2.32,
      1.075,
      2.3775,
      1.1325,
      2.4325,
      1.19
    ],
    "SpacingBetweenSlices": 3,
    "TaskName": "change-point helicopter fmri",
    "TotalReadoutTime": 0.0315,
    "dataset": "ds003772",
    "modality": "bold",
    "run_id": 2,
    "subject_id": "bb914",
    "task_id": "changepoint"
  },
  "dummy_trs": 0,
  "dvars_nstd": 18.687069015422217,
  "dvars_std": 1.1220427835555558,
  "dvars_vstd": 0.9975117539999998,
  "efc": 0.576406896035064,
  "fber": 285.2454833984375,
  "fd_mean": 0.08936922155507424,
  "fd_num": 15,
  "fd_perc": 6.6371681415929205,
  "fwhm_avg": 2.434318888888889,
  "fwhm_x": 2.322783333333333,
  "fwhm_y": 2.3325,
  "fwhm_z": 2.647673333333333,
  "gcor": 0.0312348,
  "gsr_x": -0.011764825321733952,
  "gsr_y": 0.05024728924036026,
  "provenance": {
    "md5sum": "5b7a7562a518bb218ea70cb314ab8456",
    "settings": {
      "fd_thres": 0.2,
      "testing": false
    },
    "software": "mriqc",
    "version": "22.0.6",
    "webapi_port": null,
    "webapi_url": "https://mriqc.nimh.nih.gov/api/v1"
  },
  "size_t": 226,
  "size_x": 64,
  "size_y": 64,
  "size_z": 44,
  "snr": 3.5259852817555153,
  "spacing_tr": 2.5,
  "spacing_x": 3.0,
  "spacing_y": 3.0,
  "spacing_z": 3.0,
  "summary_bg_k": 31.453780148324725,
  "summary_bg_mad": 11.94609689825133,
  "summary_bg_mean": 58.92926788330078,
  "summary_bg_median": 33.03097152709961,
  "summary_bg_n": 109031.0,
  "summary_bg_p05": 24.40265464782715,
  "summary_bg_p95": 182.1681365966797,
  "summary_bg_stdv": 69.5781478881836,
  "summary_fg_k": 2.116347954758692,
  "summary_fg_mad": 134.38534907460527,
  "summary_fg_mean": 597.7223510742188,
  "summary_fg_median": 566.3363037109375,
  "summary_fg_n": 34219.0,
  "summary_fg_p05": 391.4783172607422,
  "summary_fg_p95": 907.3814392089844,
  "summary_fg_stdv": 160.61553955078125,
  "tsnr": 76.37381234625354
}