{
  "aor": 0.0010568141592920352,
  "aqi": 0.0020730052654867256,
  "bids_meta": {
    "BandwidthPerPixelPhaseEncode": 31.25,
    "DerivedVendorReportedEchoSpacing": 0.0005,
    "EchoTime": 0.025,
    "EffectiveEchoSpacing": 0.0005,
    "FlipAngle": 75,
    "ImageType": [
      "ORIGINAL",
      "PRIMARY",
      "M",
      "ND",
      "MOSAIC"
    ],
    "ImagingFrequency": 123.26,
    "MagneticFieldStrength": 3,
    "Manufacturer": "Siemens",
    "ManufacturersModelName": "TrioTim",
    "Modality": "MR",
    "PhaseEncodingDirection": "j-",
    "PixelBandwidth": 3005,
    "RepetitionTime": 2.5,
    "ScanOptions": "FS",
    "ScanningSequence": "EP",
    "SequenceName": "*epfid2d1_64",
    "SequenceVariant": "SK",
    "SliceThickness": 3,
    "SliceTiming": [
      1.245,
      0,
      1.3025,
      0.0575,
      1.3575,
      0.115,
      1.415,
      0.17,
      1.4725,
      0.2275,
      1.5275,
      0.2825,
      1.585,
      0.34,
      1.6425,
      0.3975,
      1.6975,
      0.4525,
      1.755,
      0.51,
      1.81,
      0.5675,
      1.8675,
      0.6225,
      1.925,
      0.68,
      1.98,
      0.735,
      2.0375,
      0.7925,
      2.095,
      0.85,
      2.15,
      0.905,
      2.2075,
      0.9625,
      2.265,
      1.02,
      2.32,
      1.075,
      2.3775,
      1.1325,
      2.4325,
      1.19
    ],
    "SpacingBetweenSlices": 3,
    "TaskName": "change-point helicopter fmri",
    "TotalReadoutTime": 0.0315,
    "dataset": "ds003772",
    "modality": "bold",
    "run_id": 3,
    "subject_id": "ff2134",
    "task_id": "changepoint"
  },
  "dummy_trs": 0,
  "dvars_nstd": 19.256400908933344,
  "dvars_std": 1.1912150252888887,
  "dvars_vstd": 0.9909109627999999,
  "efc": 0.5620702920178505,
  "fber": 413.5715026855469,
  "fd_mean": 0.07667040841331388,
  "fd_num": 8,
  "fd_perc": 3.5398230088495577,
  "fwhm_avg": 3.191464444444444,
  "fwhm_x": 3.08254,
  "fwhm_y": 3.1151199999999997,
  "fwhm_z": 3.3767333333333336,
  "gcor": 0.037726,
  "gsr_x": -0.013565043918788433,
  "gsr_y": 0.06031543016433716,
  "provenance": {
    "md5sum": "b1a8165ec580fae9eec6433ad8a0a03f",
    "settings": {
      "fd_thres": 0.2,
      "testing": false
    },
    "software": "mriqc",
    "version": "22.0.6",
    "webapi_port": null,
    "webapi_url": "https://mriqc.nimh.nih.gov/api/v1"
  },
  "size_t": 226,
  "size_x": 64,
  "size_y": 64,
  "size_z": 44,
  "snr": 2.207027656257415,
  "spacing_tr": 2.5,
  "spacing_x": 3.0,
  "spacing_y": 3.0,
  "spacing_z": 3.0,
  "summary_bg_k": 17.736462538676793,
  "summary_bg_mad": 12.3528335103697,
  "summary_bg_mean": 70.57880401611328,
  "summary_bg_median": 35.89380645751953,
  "summary_bg_n": 100222.0,
  "summary_bg_p05": 26.159292221069336,
  "summary_bg_p95": 254.00862884521484,
  "summary_bg_stdv": 91.04378509521484,
  "summary_fg_k": 2.358276077207008,
  "summary_fg_mad": 270.6372078330488,
  "summary_fg_mean": 840.5685424804688,
  "summary_fg_median": 753.2965087890625,
  "summary_fg_n": 39904.0,
  "summary_fg_p05": 457.8977813720703,
  "summary_fg_p95": 1532.6314025878905,
  "summary_fg_stdv": 341.31292724609375,
  "tsnr": 82.2671240188647
}