{
  "aor": 0.002559733333333333,
  "aqi": 0.0032182926222222227,
  "bids_meta": {
    "BandwidthPerPixelPhaseEncode": 31.25,
    "DerivedVendorReportedEchoSpacing": 0.0005,
    "EchoTime": 0.025,
    "EffectiveEchoSpacing": 0.0005,
    "FlipAngle": 75,
    "ImageType": [
      "ORIGINAL",
      "PRIMARY",
      "M",
      "ND",
      "MOSAIC"
    ],
    "ImagingFrequency": 123.26,
    "MagneticFieldStrength": 3,
    "Manufacturer": "Siemens",
    "ManufacturersModelName": "TrioTim",
    "Modality": "MR",
    "PhaseEncodingDirection": "j-",
    "PixelBandwidth": 3005,
    "RepetitionTime": 2.5,
    "ScanOptions": "FS",
    "ScanningSequence": "EP",
    "SequenceName": "*epfid2d1_64",
    "SequenceVariant": "SK",
    "SliceThickness": 3,
    "SliceTiming": [
      1.245,
      0,
      1.3025,
      0.0575,
      1.3575,
      0.115,
      1.415,
      0.17,
      1.4725,
      0.2275,
      1.5275,
      0.2825,
      1.585,
      0.34,
      1.6425,
      0.3975,
      1.6975,
      0.4525,
      1.755,
      0.51,
      1.81,
      0.5675,
      1.8675,
      0.6225,
      1.925,
      0.68,
      1.98,
      0.735,
      2.0375,
      0.7925,
      2.095,
      0.85,
      2.15,
      0.905,
      2.2075,
      0.9625,
      2.265,
      1.02,
      2.32,
      1.075,
      2.3775,
      1.1325,
      2.4325,
      1.19
    ],
    "SpacingBetweenSlices": 3,
    "TaskName": "change-point helicopter fmri",
    "TotalReadoutTime": 0.0315,
    "dataset": "ds003772",
    "modality": "bold",
    "run_id": 2,
    "subject_id": "lh2143",
    "task_id": "changepoint"
  },
  "dummy_trs": 1,
  "dvars_nstd": 23.06682286080357,
  "dvars_std": 1.142575775223215,
  "dvars_vstd": 0.9774513254910708,
  "efc": 0.6182683351515216,
  "fber": 325.2999267578125,
  "fd_mean": 0.10679204337866258,
  "fd_num": 27,
  "fd_perc": 12.0,
  "fwhm_avg": 2.4340144444444447,
  "fwhm_x": 2.2372866666666664,
  "fwhm_y": 2.4208366666666667,
  "fwhm_z": 2.64392,
  "gcor": 0.0147087,
  "gsr_x": -0.007591246161609888,
  "gsr_y": 0.04662678763270378,
  "provenance": {
    "md5sum": "354ff4ade7eb4cf3a9ed986d9f309c6e",
    "settings": {
      "fd_thres": 0.2,
      "testing": false
    },
    "software": "mriqc",
    "version": "22.0.6",
    "webapi_port": null,
    "webapi_url": "https://mriqc.nimh.nih.gov/api/v1"
  },
  "size_t": 225,
  "size_x": 64,
  "size_y": 64,
  "size_z": 44,
  "snr": 3.328575636770273,
  "spacing_tr": 2.5,
  "spacing_x": 3.0,
  "spacing_y": 3.0,
  "spacing_z": 3.0,
  "summary_bg_k": 35.74649703385742,
  "summary_bg_mad": 10.951489254565436,
  "summary_bg_mean": 71.19992065429688,
  "summary_bg_median": 34.50222396850586,
  "summary_bg_n": 95180.0,
  "summary_bg_p05": 26.422222137451172,
  "summary_bg_p95": 257.82688293457034,
  "summary_bg_stdv": 97.25529479980469,
  "summary_fg_k": 0.889912447105301,
  "summary_fg_mad": 180.8181991456521,
  "summary_fg_mean": 673.8483276367188,
  "summary_fg_median": 642.6799926757812,
  "summary_fg_n": 44403.0,
  "summary_fg_p05": 415.42755737304685,
  "summary_fg_p95": 1032.2542602539063,
  "summary_fg_stdv": 193.07740783691406,
  "tsnr": 72.82954610977322
}