{
  "aor": 0.004991155555555556,
  "aqi": 0.005481623066666667,
  "bids_meta": {
    "BandwidthPerPixelPhaseEncode": 31.25,
    "DerivedVendorReportedEchoSpacing": 0.0005,
    "EchoTime": 0.025,
    "EffectiveEchoSpacing": 0.0005,
    "FlipAngle": 75,
    "ImageType": [
      "ORIGINAL",
      "PRIMARY",
      "M",
      "ND",
      "MOSAIC"
    ],
    "ImagingFrequency": 123.26,
    "MagneticFieldStrength": 3,
    "Manufacturer": "Siemens",
    "ManufacturersModelName": "TrioTim",
    "Modality": "MR",
    "PhaseEncodingDirection": "j-",
    "PixelBandwidth": 3005,
    "RepetitionTime": 2.5,
    "ScanOptions": "FS",
    "ScanningSequence": "EP",
    "SequenceName": "*epfid2d1_64",
    "SequenceVariant": "SK",
    "SliceThickness": 3,
    "SliceTiming": [
      1.245,
      0,
      1.3025,
      0.0575,
      1.3575,
      0.115,
      1.415,
      0.17,
      1.4725,
      0.2275,
      1.5275,
      0.2825,
      1.585,
      0.34,
      1.6425,
      0.3975,
      1.6975,
      0.4525,
      1.755,
      0.51,
      1.81,
      0.5675,
      1.8675,
      0.6225,
      1.925,
      0.68,
      1.98,
      0.735,
      2.0375,
      0.7925,
      2.095,
      0.85,
      2.15,
      0.905,
      2.2075,
      0.9625,
      2.265,
      1.02,
      2.32,
      1.075,
      2.3775,
      1.1325,
      2.4325,
      1.19
    ],
    "SpacingBetweenSlices": 3,
    "TaskName": "change-point helicopter fmri",
    "TotalReadoutTime": 0.0315,
    "dataset": "ds003772",
    "modality": "bold",
    "run_id": 4,
    "subject_id": "lh2143",
    "task_id": "changepoint"
  },
  "dummy_trs": 1,
  "dvars_nstd": 22.189104931964284,
  "dvars_std": 1.0698125121874995,
  "dvars_vstd": 0.9380320782142852,
  "efc": 0.6200517203987481,
  "fber": 311.1550598144531,
  "fd_mean": 0.08207054382734054,
  "fd_num": 10,
  "fd_perc": 4.444444444444445,
  "fwhm_avg": 2.4469155555555555,
  "fwhm_x": 2.24097,
  "fwhm_y": 2.437203333333333,
  "fwhm_z": 2.6625733333333335,
  "gcor": 0.010164,
  "gsr_x": -0.00831833016127348,
  "gsr_y": 0.04595567286014557,
  "provenance": {
    "md5sum": "9c970fa840595160e4450bae4ee6bbba",
    "settings": {
      "fd_thres": 0.2,
      "testing": false
    },
    "software": "mriqc",
    "version": "22.0.6",
    "webapi_port": null,
    "webapi_url": "https://mriqc.nimh.nih.gov/api/v1"
  },
  "size_t": 225,
  "size_x": 64,
  "size_y": 64,
  "size_z": 44,
  "snr": 3.293867603985449,
  "spacing_tr": 2.5,
  "spacing_x": 3.0,
  "spacing_y": 3.0,
  "spacing_z": 3.0,
  "summary_bg_k": 34.00654996538619,
  "summary_bg_mad": 12.282536252851255,
  "summary_bg_mean": 72.87928771972656,
  "summary_bg_median": 35.41777801513672,
  "summary_bg_n": 95104.0,
  "summary_bg_p05": 25.902223587036133,
  "summary_bg_p95": 263.08935241699197,
  "summary_bg_stdv": 98.49715423583984,
  "summary_fg_k": 0.9781829688369053,
  "summary_fg_mad": 181.81975196269434,
  "summary_fg_mean": 676.3855590820312,
  "summary_fg_median": 644.5466918945312,
  "summary_fg_n": 44595.0,
  "summary_fg_p05": 413.8848937988281,
  "summary_fg_p95": 1038.6160400390625,
  "summary_fg_stdv": 195.67861938476562,
  "tsnr": 61.405209318269044
}