{
  "aor": 0.002093982300884956,
  "aqi": 0.006057007212389381,
  "bids_meta": {
    "BandwidthPerPixelPhaseEncode": 31.25,
    "DerivedVendorReportedEchoSpacing": 0.0005,
    "EchoTime": 0.025,
    "EffectiveEchoSpacing": 0.0005,
    "FlipAngle": 75,
    "ImageType": [
      "ORIGINAL",
      "PRIMARY",
      "M",
      "ND",
      "MOSAIC"
    ],
    "ImagingFrequency": 123.26,
    "MagneticFieldStrength": 3,
    "Manufacturer": "Siemens",
    "ManufacturersModelName": "TrioTim",
    "Modality": "MR",
    "PhaseEncodingDirection": "j-",
    "PixelBandwidth": 3005,
    "RepetitionTime": 2.5,
    "ScanOptions": "FS",
    "ScanningSequence": "EP",
    "SequenceName": "*epfid2d1_64",
    "SequenceVariant": "SK",
    "SliceThickness": 3,
    "SliceTiming": [
      1.245,
      0,
      1.3025,
      0.0575,
      1.3575,
      0.115,
      1.415,
      0.17,
      1.4725,
      0.2275,
      1.5275,
      0.2825,
      1.585,
      0.34,
      1.6425,
      0.3975,
      1.6975,
      0.4525,
      1.755,
      0.51,
      1.81,
      0.5675,
      1.8675,
      0.6225,
      1.925,
      0.68,
      1.98,
      0.735,
      2.0375,
      0.7925,
      2.095,
      0.85,
      2.15,
      0.905,
      2.2075,
      0.9625,
      2.265,
      1.02,
      2.32,
      1.075,
      2.3775,
      1.1325,
      2.4325,
      1.19
    ],
    "SpacingBetweenSlices": 3,
    "TaskName": "change-point helicopter fmri",
    "TotalReadoutTime": 0.0315,
    "dataset": "ds003772",
    "modality": "bold",
    "run_id": 1,
    "subject_id": "tc923",
    "task_id": "changepoint"
  },
  "dummy_trs": 0,
  "dvars_nstd": 20.475068494977783,
  "dvars_std": 1.0729346767555554,
  "dvars_vstd": 0.944931129822222,
  "efc": 0.5687897420625713,
  "fber": 408.7641296386719,
  "fd_mean": 0.13140045054876096,
  "fd_num": 35,
  "fd_perc": 15.486725663716815,
  "fwhm_avg": 2.4156766666666663,
  "fwhm_x": 2.29161,
  "fwhm_y": 2.4360066666666667,
  "fwhm_z": 2.519413333333333,
  "gcor": 0.01926,
  "gsr_x": -0.0017917939694598317,
  "gsr_y": 0.051446035504341125,
  "provenance": {
    "md5sum": "1bca34282aa57bed7150e9e2e39d693e",
    "settings": {
      "fd_thres": 0.2,
      "testing": false
    },
    "software": "mriqc",
    "version": "22.0.6",
    "webapi_port": null,
    "webapi_url": "https://mriqc.nimh.nih.gov/api/v1"
  },
  "size_t": 226,
  "size_x": 64,
  "size_y": 64,
  "size_z": 44,
  "snr": 3.8027415086483534,
  "spacing_tr": 2.5,
  "spacing_x": 3.0,
  "spacing_y": 3.0,
  "spacing_z": 3.0,
  "summary_bg_k": 25.912357526990938,
  "summary_bg_mad": 6.947237679041419,
  "summary_bg_mean": 56.8416633605957,
  "summary_bg_median": 28.800884246826172,
  "summary_bg_n": 108666.0,
  "summary_bg_p05": 23.1061954498291,
  "summary_bg_p95": 197.73340606689453,
  "summary_bg_stdv": 76.66546630859375,
  "summary_fg_k": 1.2333156110752306,
  "summary_fg_mad": 141.00794514466673,
  "summary_fg_mean": 620.4172973632812,
  "summary_fg_median": 597.1239013671875,
  "summary_fg_n": 33608.0,
  "summary_fg_p05": 406.03650665283203,
  "summary_fg_p95": 913.3212585449219,
  "summary_fg_stdv": 157.02224731445312,
  "tsnr": 59.38762291590683
}