{
  "bids_meta": {
    "EchoTime": 0.00311,
    "FlipAngle": 15,
    "ImageType": [
      "ORIGINAL",
      "PRIMARY",
      "M",
      "ND",
      "NORM"
    ],
    "ImagingFrequency": 123.26,
    "InversionTime": 1.1,
    "MagneticFieldStrength": 3,
    "Manufacturer": "Siemens",
    "ManufacturersModelName": "TrioTim",
    "Modality": "MR",
    "RepetitionTime": 1.63,
    "ScanningSequence": "GR\\IR",
    "SequenceVariant": "SP\\MP",
    "SliceThickness": 1,
    "dataset": "ds003772",
    "modality": "T1w",
    "subject_id": "ll2026"
  },
  "cjv": 0.4033935364838564,
  "cnr": 3.3712575121967783,
  "efc": 0.5727299228845067,
  "fber": -1.0,
  "fwhm_avg": 3.7747422222222227,
  "fwhm_x": 3.6193280000000003,
  "fwhm_y": 4.129898666666667,
  "fwhm_z": 3.575,
  "icvs_csf": 0.18498155871600241,
  "icvs_gm": 0.42042297233077963,
  "icvs_wm": 0.3945954689532179,
  "inu_med": 0.2504565715789795,
  "inu_range": 0.050565606355667064,
  "provenance": {
    "md5sum": "49d1d9677d2ed39b938b0b27aa35a961",
    "settings": {
      "testing": false
    },
    "software": "mriqc",
    "version": "22.0.6",
    "warnings": {
      "large_rot_frame": true,
      "small_air_mask": false
    },
    "webapi_port": null,
    "webapi_url": "https://mriqc.nimh.nih.gov/api/v1"
  },
  "qi_1": 0.0058621808042764335,
  "qi_2": 0.010229946761601678,
  "rpve_csf": 18.385845826381825,
  "rpve_gm": 8.529802325414023,
  "rpve_wm": 10.55692505712668,
  "size_x": 192,
  "size_y": 256,
  "size_z": 160,
  "snr_csf": 2.4283626961773535,
  "snr_gm": 15.975375541929612,
  "snr_total": 14.943598076900145,
  "snr_wm": 26.42705599259347,
  "snrd_csf": 36.37350089788391,
  "snrd_gm": 84.15661410571725,
  "snrd_total": 75.72199492476142,
  "snrd_wm": 106.63586977068307,
  "spacing_x": 0.9375,
  "spacing_y": 0.9375,
  "spacing_z": 1.0,
  "summary_bg_k": 23.618960672202196,
  "summary_bg_mad": 0.0,
  "summary_bg_mean": 2.7121827990228136,
  "summary_bg_median": 0.0,
  "summary_bg_n": 2123700.0,
  "summary_bg_p05": 0.0,
  "summary_bg_p95": 14.153332961723208,
  "summary_bg_stdv": 6.143860715515272,
  "summary_csf_k": 0.45122131586593905,
  "summary_csf_mad": 115.03519675151864,
  "summary_csf_mean": 327.9464607591446,
  "summary_csf_median": 341.1102226227522,
  "summary_csf_n": 26721.0,
  "summary_csf_p05": 72.97160510160029,
  "summary_csf_p95": 550.7881258893758,
  "summary_csf_stdv": 140.46659516236707,
  "summary_gm_k": 0.027626101224183852,
  "summary_gm_mad": 49.34497495063223,
  "summary_gm_mean": 788.2928060126496,
  "summary_gm_median": 789.2196424361318,
  "summary_gm_n": 33527.0,
  "summary_gm_p05": 706.1172305829823,
  "summary_gm_p95": 868.2399350982159,
  "summary_gm_stdv": 49.401522384592994,
  "summary_wm_k": 0.6221142865398286,
  "summary_wm_mad": 35.69448501352806,
  "summary_wm_mean": 1002.7975110947639,
  "summary_wm_median": 1000.0298123396933,
  "summary_wm_n": 224706.0,
  "summary_wm_p05": 945.8895891997963,
  "summary_wm_p95": 1069.3364491164684,
  "summary_wm_stdv": 37.84105151256451,
  "tpm_overlap_csf": 0.16298335356967292,
  "tpm_overlap_gm": 0.4675756998627985,
  "tpm_overlap_wm": 0.5268214702586362,
  "wm2max": 0.6037308197370078
}