{
  "bids_meta": {
    "EchoTime": 0.00311,
    "FlipAngle": 15,
    "ImageType": [
      "ORIGINAL",
      "PRIMARY",
      "M",
      "ND",
      "NORM"
    ],
    "ImagingFrequency": 123.26,
    "InversionTime": 1.1,
    "MagneticFieldStrength": 3,
    "Manufacturer": "Siemens",
    "ManufacturersModelName": "TrioTim",
    "Modality": "MR",
    "RepetitionTime": 1.63,
    "ScanningSequence": "GR\\IR",
    "SequenceVariant": "SP\\MP",
    "SliceThickness": 1,
    "dataset": "ds003772",
    "modality": "T1w",
    "subject_id": "tq315"
  },
  "cjv": 0.46848701836445267,
  "cnr": 2.8988096075939804,
  "efc": 0.6491809124161074,
  "fber": 15085.22349408895,
  "fwhm_avg": 3.8486071111111113,
  "fwhm_x": 3.6229333333333336,
  "fwhm_y": 4.304928,
  "fwhm_z": 3.61796,
  "icvs_csf": 0.16580245922013392,
  "icvs_gm": 0.3835842912118234,
  "icvs_wm": 0.45061324956804266,
  "inu_med": 0.497674360871315,
  "inu_range": 0.12065480053424837,
  "provenance": {
    "md5sum": "34c72cb0a3fa709f0a326e6282d28758",
    "settings": {
      "testing": false
    },
    "software": "mriqc",
    "version": "22.0.6",
    "warnings": {
      "large_rot_frame": true,
      "small_air_mask": false
    },
    "webapi_port": null,
    "webapi_url": "https://mriqc.nimh.nih.gov/api/v1"
  },
  "qi_1": 0.0025898945417432867,
  "qi_2": 0.00625707965733605,
  "rpve_csf": 18.716680165640824,
  "rpve_gm": 7.956044925717264,
  "rpve_wm": 8.222038779974481,
  "size_x": 192,
  "size_y": 256,
  "size_z": 160,
  "snr_csf": 2.0158743372210512,
  "snr_gm": 14.185389051876546,
  "snr_total": 11.134678225614005,
  "snr_wm": 17.20277128774442,
  "snrd_csf": 26.809122691578665,
  "snrd_gm": 61.92940247919645,
  "snrd_total": 56.607222034871995,
  "snrd_wm": 81.08314093384088,
  "spacing_x": 0.9375,
  "spacing_y": 0.9375,
  "spacing_z": 1.0,
  "summary_bg_k": 32.5670133668143,
  "summary_bg_mad": 8.080278628429378,
  "summary_bg_mean": 12.307825624707533,
  "summary_bg_median": 5.450065113604069,
  "summary_bg_n": 1771067.0,
  "summary_bg_p05": 0.0,
  "summary_bg_p95": 47.94897711649537,
  "summary_bg_stdv": 19.043371089404882,
  "summary_csf_k": 25.158368074872953,
  "summary_csf_mad": 99.71407669125615,
  "summary_csf_mean": 350.5723591288923,
  "summary_csf_median": 330.6566100306809,
  "summary_csf_n": 36331.0,
  "summary_csf_p05": 145.4703550003469,
  "summary_csf_p95": 560.7769125401974,
  "summary_csf_stdv": 164.02414241882698,
  "summary_gm_k": 0.1241406141550776,
  "summary_gm_mad": 53.123533961376125,
  "summary_gm_mean": 763.902177484519,
  "summary_gm_median": 763.82082773,
  "summary_gm_n": 21559.0,
  "summary_gm_p05": 676.2081320580095,
  "summary_gm_p95": 853.1671079434454,
  "summary_gm_stdv": 53.844354220288366,
  "summary_wm_k": 0.12042293270422233,
  "summary_wm_mad": 57.55049512482413,
  "summary_wm_mean": 1008.1123632315345,
  "summary_wm_median": 1000.0579586382955,
  "summary_wm_n": 240705.0,
  "summary_wm_p05": 926.7197952106595,
  "summary_wm_p95": 1115.871842302382,
  "summary_wm_stdv": 58.13341725915622,
  "tpm_overlap_csf": 0.15611337431173053,
  "tpm_overlap_gm": 0.41990502468526286,
  "tpm_overlap_wm": 0.45433395697303147,
  "wm2max": 0.5694656612924244
}