{
  "bids_meta": {
    "EchoTime": 0.00311,
    "FlipAngle": 15,
    "ImageType": [
      "ORIGINAL",
      "PRIMARY",
      "M",
      "ND",
      "NORM"
    ],
    "ImagingFrequency": 123.26,
    "InversionTime": 1.1,
    "MagneticFieldStrength": 3,
    "Manufacturer": "Siemens",
    "ManufacturersModelName": "TrioTim",
    "Modality": "MR",
    "RepetitionTime": 1.63,
    "ScanningSequence": "GR\\IR",
    "SequenceVariant": "SP\\MP",
    "SliceThickness": 1,
    "dataset": "ds003772",
    "modality": "T1w",
    "subject_id": "pv536"
  },
  "cjv": 0.4915333164721713,
  "cnr": 2.675579330664868,
  "efc": 0.6411179060465855,
  "fber": 15101.35583487973,
  "fwhm_avg": 3.488977777777778,
  "fwhm_x": 3.305952,
  "fwhm_y": 3.939381333333333,
  "fwhm_z": 3.2216,
  "icvs_csf": 0.15714202946442274,
  "icvs_gm": 0.40243921279039346,
  "icvs_wm": 0.4404187577451838,
  "inu_med": 0.542871356010437,
  "inu_range": 0.134832501411438,
  "provenance": {
    "md5sum": "65402758ec614eb5810b28a4437dfef1",
    "settings": {
      "testing": false
    },
    "software": "mriqc",
    "version": "22.0.6",
    "warnings": {
      "large_rot_frame": true,
      "small_air_mask": false
    },
    "webapi_port": null,
    "webapi_url": "https://mriqc.nimh.nih.gov/api/v1"
  },
  "qi_1": 0.0,
  "qi_2": 0.0070278201374390295,
  "rpve_csf": 19.589095166667924,
  "rpve_gm": 7.482549533608794,
  "rpve_wm": 7.906415056871689,
  "size_x": 192,
  "size_y": 256,
  "size_z": 160,
  "snr_csf": 2.004244325982549,
  "snr_gm": 14.337218657751436,
  "snr_total": 10.780266045139015,
  "snr_wm": 15.999335151683061,
  "snrd_csf": 6.873466287697494,
  "snrd_gm": 14.82069945731326,
  "snrd_total": 13.709455118049982,
  "snrd_wm": 19.4341996091392,
  "spacing_x": 0.9375,
  "spacing_y": 0.9375,
  "spacing_z": 1.0,
  "summary_bg_k": 25.774673122034578,
  "summary_bg_mad": 0.0,
  "summary_bg_mean": 17.837842302715046,
  "summary_bg_median": 0.0,
  "summary_bg_n": 1815288.0,
  "summary_bg_p05": 0.0,
  "summary_bg_p95": 81.57956212386489,
  "summary_bg_stdv": 33.71180006405441,
  "summary_csf_k": 24.93457859927609,
  "summary_csf_mad": 117.26569778740074,
  "summary_csf_mean": 360.9549494536284,
  "summary_csf_median": 353.69263749942183,
  "summary_csf_n": 29126.0,
  "summary_csf_p05": 108.81804990582168,
  "summary_csf_p95": 582.1425916906446,
  "summary_csf_stdv": 176.4687873100395,
  "summary_gm_k": 0.1605269152570945,
  "summary_gm_mad": 52.156466468033905,
  "summary_gm_mean": 763.3667567278142,
  "summary_gm_median": 762.6388289742172,
  "summary_gm_n": 30010.0,
  "summary_gm_p05": 676.1279939375818,
  "summary_gm_p95": 851.1687678806484,
  "summary_gm_stdv": 53.192054934892845,
  "summary_wm_k": -0.0809702795174041,
  "summary_wm_mad": 64.53355288152981,
  "summary_wm_mean": 1006.8252000403571,
  "summary_wm_median": 1000.0388493575156,
  "summary_wm_n": 199021.0,
  "summary_wm_p05": 916.5954990461469,
  "summary_wm_p95": 1118.7000306285918,
  "summary_wm_stdv": 62.504868325973014,
  "tpm_overlap_csf": 0.11773195635977678,
  "tpm_overlap_gm": 0.4131901679059891,
  "tpm_overlap_wm": 0.4265275429560396,
  "wm2max": 0.4305416248746239
}