{
  "bids_meta": {
    "EchoTime": 0.00311,
    "FlipAngle": 15,
    "ImageType": [
      "ORIGINAL",
      "PRIMARY",
      "M",
      "ND",
      "NORM"
    ],
    "ImagingFrequency": 123.26,
    "InversionTime": 1.1,
    "MagneticFieldStrength": 3,
    "Manufacturer": "Siemens",
    "ManufacturersModelName": "TrioTim",
    "Modality": "MR",
    "RepetitionTime": 1.63,
    "ScanningSequence": "GR\\IR",
    "SequenceVariant": "SP\\MP",
    "SliceThickness": 1,
    "dataset": "ds003772",
    "modality": "T1w",
    "subject_id": "bh2044"
  },
  "cjv": 0.39359125234459,
  "cnr": 3.4155711582378023,
  "efc": 0.6095772847820083,
  "fber": 62207.65972635336,
  "fwhm_avg": 3.7726159999999997,
  "fwhm_x": 3.4643306666666667,
  "fwhm_y": 4.264117333333333,
  "fwhm_z": 3.5894,
  "icvs_csf": 0.1876579182319967,
  "icvs_gm": 0.42120509634578773,
  "icvs_wm": 0.3911369854222156,
  "inu_med": 0.27076470851898193,
  "inu_range": 0.054429905116558014,
  "provenance": {
    "md5sum": "25767d14cdb139ef1369e919d23bd125",
    "settings": {
      "testing": false
    },
    "software": "mriqc",
    "version": "22.0.6",
    "warnings": {
      "large_rot_frame": true,
      "small_air_mask": false
    },
    "webapi_port": null,
    "webapi_url": "https://mriqc.nimh.nih.gov/api/v1"
  },
  "qi_1": 0.0007315551793563568,
  "qi_2": 0.006514290882085131,
  "rpve_csf": 15.824338606057774,
  "rpve_gm": 7.251012715361358,
  "rpve_wm": 8.90672774796957,
  "size_x": 192,
  "size_y": 256,
  "size_z": 160,
  "snr_csf": 2.6488949189486966,
  "snr_gm": 17.034113599992832,
  "snr_total": 14.941385485561355,
  "snr_wm": 25.141147937742538,
  "snrd_csf": 65.06263740771242,
  "snrd_gm": 148.03073357142065,
  "snrd_total": 133.48849380369757,
  "snrd_wm": 187.3721104319596,
  "spacing_x": 0.9375,
  "spacing_y": 0.9375,
  "spacing_z": 1.0,
  "summary_bg_k": 13.576748065281528,
  "summary_bg_mad": 3.49661739155537,
  "summary_bg_mean": 4.093650704198997,
  "summary_bg_median": 2.3584325909614563,
  "summary_bg_n": 2174590.0,
  "summary_bg_p05": 0.0,
  "summary_bg_p95": 16.803832210600376,
  "summary_bg_stdv": 6.766248033213179,
  "summary_csf_k": 3.5460256257519447,
  "summary_csf_mad": 101.94825082253625,
  "summary_csf_mean": 347.4415374928095,
  "summary_csf_median": 347.2546320129186,
  "summary_csf_n": 50603.0,
  "summary_csf_p05": 104.92568329162896,
  "summary_csf_p95": 557.9167097993195,
  "summary_csf_stdv": 131.09285624940256,
  "summary_gm_k": 0.1284093552029133,
  "summary_gm_mad": 45.96594945982164,
  "summary_gm_mean": 789.855030482593,
  "summary_gm_median": 790.0749179720879,
  "summary_gm_n": 41027.0,
  "summary_gm_p05": 713.9663329012692,
  "summary_gm_p95": 865.6282887037842,
  "summary_gm_stdv": 46.38135612730886,
  "summary_wm_k": 0.9813340310280725,
  "summary_wm_mad": 36.67805951350268,
  "summary_wm_mean": 1004.4020059122278,
  "summary_wm_median": 1000.049119586125,
  "summary_wm_n": 250553.0,
  "summary_wm_p05": 947.1317883264273,
  "summary_wm_p95": 1075.6024903178213,
  "summary_wm_stdv": 39.77730557000743,
  "tpm_overlap_csf": 0.15020770490521715,
  "tpm_overlap_gm": 0.4451633843882223,
  "tpm_overlap_wm": 0.49614201695647214,
  "wm2max": 0.7434411209726629
}