{
  "bids_meta": {
    "EchoTime": 0.00311,
    "FlipAngle": 15,
    "ImageType": [
      "ORIGINAL",
      "PRIMARY",
      "M",
      "ND",
      "NORM"
    ],
    "ImagingFrequency": 123.26,
    "InversionTime": 1.1,
    "MagneticFieldStrength": 3,
    "Manufacturer": "Siemens",
    "ManufacturersModelName": "TrioTim",
    "Modality": "MR",
    "RepetitionTime": 1.63,
    "ScanningSequence": "GR\\IR",
    "SequenceVariant": "SP\\MP",
    "SliceThickness": 1,
    "dataset": "ds003772",
    "modality": "T1w",
    "subject_id": "kd918"
  },
  "cjv": 0.38105594771231016,
  "cnr": 3.538933076474486,
  "efc": 0.5841597567999205,
  "fber": 56670.447530864185,
  "fwhm_avg": 3.786245777777778,
  "fwhm_x": 3.463146666666667,
  "fwhm_y": 4.346410666666667,
  "fwhm_z": 3.54918,
  "icvs_csf": 0.20924980948905827,
  "icvs_gm": 0.4216690269519,
  "icvs_wm": 0.36908116355904175,
  "inu_med": 0.2872265577316284,
  "inu_range": 0.049463722109794606,
  "provenance": {
    "md5sum": "9ccd81d90fc9bbed56fe727b94a9d3ac",
    "settings": {
      "testing": false
    },
    "software": "mriqc",
    "version": "22.0.6",
    "warnings": {
      "large_rot_frame": true,
      "small_air_mask": false
    },
    "webapi_port": null,
    "webapi_url": "https://mriqc.nimh.nih.gov/api/v1"
  },
  "qi_1": 0.0006452040788552094,
  "qi_2": 0.007519471477076669,
  "rpve_csf": 16.17860706031028,
  "rpve_gm": 8.1940495387165,
  "rpve_wm": 10.81157437419836,
  "size_x": 192,
  "size_y": 256,
  "size_z": 160,
  "snr_csf": 2.74793894002679,
  "snr_gm": 15.550210454151893,
  "snr_total": 15.231574564578773,
  "snr_wm": 27.396574299557635,
  "snrd_csf": 31.27611722837215,
  "snrd_gm": 70.88154339704616,
  "snrd_total": 64.37700730281847,
  "snrd_wm": 90.97336128303711,
  "spacing_x": 0.9375,
  "spacing_y": 0.9375,
  "spacing_z": 1.0,
  "summary_bg_k": 10.96987246659317,
  "summary_bg_mad": 0.0,
  "summary_bg_mean": 4.11607788284222,
  "summary_bg_median": 0.0,
  "summary_bg_n": 2389459.0,
  "summary_bg_p05": 0.0,
  "summary_bg_p95": 19.223690843209624,
  "summary_bg_stdv": 7.201612907953739,
  "summary_csf_k": 0.9321101044148379,
  "summary_csf_mad": 93.28963943002755,
  "summary_csf_mean": 332.04222733564256,
  "summary_csf_median": 343.80396134685725,
  "summary_csf_n": 46752.0,
  "summary_csf_p05": 94.19325395487249,
  "summary_csf_p95": 529.7825533417052,
  "summary_csf_stdv": 125.11205377563039,
  "summary_gm_k": -0.02027407628075295,
  "summary_gm_mad": 50.78985993715785,
  "summary_gm_mean": 778.5767527254412,
  "summary_gm_median": 779.1681821737438,
  "summary_gm_n": 32174.0,
  "summary_gm_p05": 694.9972942844033,
  "summary_gm_p95": 859.6684492710046,
  "summary_gm_stdv": 50.10582176459381,
  "summary_wm_k": 1.0407864196576622,
  "summary_wm_mad": 33.370197231438425,
  "summary_wm_mean": 1002.4577043980438,
  "summary_wm_median": 1000.0282886065543,
  "summary_wm_n": 201529.0,
  "summary_wm_p05": 947.0569696556777,
  "summary_wm_p95": 1065.6832798663527,
  "summary_wm_stdv": 36.50185590966138,
  "tpm_overlap_csf": 0.1622694430979618,
  "tpm_overlap_gm": 0.4562801001991947,
  "tpm_overlap_wm": 0.4986525015939395,
  "wm2max": 0.6132504600854196
}