{
  "bids_meta": {
    "EchoTime": 0.00311,
    "FlipAngle": 15,
    "ImageType": [
      "ORIGINAL",
      "PRIMARY",
      "M",
      "ND",
      "NORM"
    ],
    "ImagingFrequency": 123.26,
    "InversionTime": 1.1,
    "MagneticFieldStrength": 3,
    "Manufacturer": "Siemens",
    "ManufacturersModelName": "TrioTim",
    "Modality": "MR",
    "RepetitionTime": 1.63,
    "ScanningSequence": "GR\\IR",
    "SequenceVariant": "SP\\MP",
    "SliceThickness": 1,
    "dataset": "ds003772",
    "modality": "T1w",
    "subject_id": "bd484"
  },
  "cjv": 0.38742231695563234,
  "cnr": 3.4848404744613948,
  "efc": 0.6026378188419824,
  "fber": -1.0,
  "fwhm_avg": 3.922887555555555,
  "fwhm_x": 3.788469333333333,
  "fwhm_y": 4.365173333333333,
  "fwhm_z": 3.61502,
  "icvs_csf": 0.20070163582516745,
  "icvs_gm": 0.4343875144221987,
  "icvs_wm": 0.3649108497526339,
  "inu_med": 0.3162817358970642,
  "inu_range": 0.07254964113235474,
  "provenance": {
    "md5sum": "d512809b048b33763060d1d11b1aff3e",
    "settings": {
      "testing": false
    },
    "software": "mriqc",
    "version": "22.0.6",
    "warnings": {
      "large_rot_frame": true,
      "small_air_mask": false
    },
    "webapi_port": null,
    "webapi_url": "https://mriqc.nimh.nih.gov/api/v1"
  },
  "qi_1": 0.00020247616739376312,
  "qi_2": 0.005412910654820978,
  "rpve_csf": 17.24578849656021,
  "rpve_gm": 8.292436857202826,
  "rpve_wm": 10.979650242965306,
  "size_x": 192,
  "size_y": 256,
  "size_z": 160,
  "snr_csf": 2.9059385908648596,
  "snr_gm": 17.355686337471752,
  "snr_total": 15.230686091076146,
  "snr_wm": 25.430433344891824,
  "snrd_csf": 30.462126277193192,
  "snrd_gm": 68.67479705829923,
  "snrd_total": 62.062282372886635,
  "snrd_wm": 87.04992378316749,
  "spacing_x": 0.9375,
  "spacing_y": 0.9375,
  "spacing_z": 1.0,
  "summary_bg_k": 13.769783256694101,
  "summary_bg_mad": 0.0,
  "summary_bg_mean": 3.8643737084761334,
  "summary_bg_median": 0.0,
  "summary_bg_n": 1780327.0,
  "summary_bg_p05": 0.0,
  "summary_bg_p95": 18.67379242181778,
  "summary_bg_stdv": 7.52621600436357,
  "summary_csf_k": 4.704462129623601,
  "summary_csf_mad": 77.72972198315416,
  "summary_csf_mean": 344.22755277716334,
  "summary_csf_median": 349.9493270628154,
  "summary_csf_n": 45484.0,
  "summary_csf_p05": 114.81618126723916,
  "summary_csf_p95": 536.1513011530972,
  "summary_csf_stdv": 120.4242516314656,
  "summary_gm_k": 0.11320341446874238,
  "summary_gm_mad": 45.581401116073415,
  "summary_gm_mean": 788.6613495825694,
  "summary_gm_median": 788.9370163474232,
  "summary_gm_n": 41236.0,
  "summary_gm_p05": 714.548981403932,
  "summary_gm_p95": 862.2270445819013,
  "summary_gm_stdv": 45.45642476071292,
  "summary_wm_k": 1.063628152644859,
  "summary_wm_mad": 36.201012874403965,
  "summary_wm_mean": 1004.2884024936144,
  "summary_wm_median": 1000.0307257473469,
  "summary_wm_n": 198424.0,
  "summary_wm_p05": 947.9406732022762,
  "summary_wm_p95": 1074.84874933213,
  "summary_wm_stdv": 39.32407254912755,
  "tpm_overlap_csf": 0.16727567850121464,
  "tpm_overlap_gm": 0.4764795291530717,
  "tpm_overlap_wm": 0.511072886654203,
  "wm2max": 0.6391728067384252
}