{
  "aor": 0.0006266222222222223,
  "aqi": 0.001905553511111111,
  "bids_meta": {
    "BandwidthPerPixelPhaseEncode": 31.25,
    "DerivedVendorReportedEchoSpacing": 0.0005,
    "EchoTime": 0.025,
    "EffectiveEchoSpacing": 0.0005,
    "FlipAngle": 75,
    "ImageType": [
      "ORIGINAL",
      "PRIMARY",
      "M",
      "ND",
      "MOSAIC"
    ],
    "ImagingFrequency": 123.26,
    "MagneticFieldStrength": 3,
    "Manufacturer": "Siemens",
    "ManufacturersModelName": "TrioTim",
    "Modality": "MR",
    "PhaseEncodingDirection": "j-",
    "PixelBandwidth": 3005,
    "RepetitionTime": 2.5,
    "ScanOptions": "FS",
    "ScanningSequence": "EP",
    "SequenceName": "*epfid2d1_64",
    "SequenceVariant": "SK",
    "SliceThickness": 3,
    "SliceTiming": [
      1.245,
      0,
      1.3025,
      0.0575,
      1.3575,
      0.115,
      1.415,
      0.17,
      1.4725,
      0.2275,
      1.5275,
      0.2825,
      1.585,
      0.34,
      1.6425,
      0.3975,
      1.6975,
      0.4525,
      1.755,
      0.51,
      1.81,
      0.5675,
      1.8675,
      0.6225,
      1.925,
      0.68,
      1.98,
      0.735,
      2.0375,
      0.7925,
      2.095,
      0.85,
      2.15,
      0.905,
      2.2075,
      0.9625,
      2.265,
      1.02,
      2.32,
      1.075,
      2.3775,
      1.1325,
      2.4325,
      1.19
    ],
    "SpacingBetweenSlices": 3,
    "TaskName": "change-point helicopter fmri",
    "TotalReadoutTime": 0.0315,
    "dataset": "ds003772",
    "modality": "bold",
    "run_id": 2,
    "subject_id": "ee924",
    "task_id": "changepoint"
  },
  "dummy_trs": 1,
  "dvars_nstd": 22.036090305803558,
  "dvars_std": 1.2351882216071428,
  "dvars_vstd": 0.9891529269196424,
  "efc": 0.6222001082328793,
  "fber": 331.0866394042969,
  "fd_mean": 0.06912457599929757,
  "fd_num": 3,
  "fd_perc": 1.3333333333333333,
  "fwhm_avg": 2.5695544444444445,
  "fwhm_x": 2.46515,
  "fwhm_y": 2.465716666666667,
  "fwhm_z": 2.7777966666666667,
  "gcor": 0.036049,
  "gsr_x": -0.014548510313034058,
  "gsr_y": 0.06967075914144516,
  "provenance": {
    "md5sum": "96dd476bd3e8d2c5c39a43510e6eb04d",
    "settings": {
      "fd_thres": 0.2,
      "testing": false
    },
    "software": "mriqc",
    "version": "22.0.6",
    "webapi_port": null,
    "webapi_url": "https://mriqc.nimh.nih.gov/api/v1"
  },
  "size_t": 225,
  "size_x": 64,
  "size_y": 64,
  "size_z": 44,
  "snr": 2.921533364405551,
  "spacing_tr": 2.5,
  "spacing_x": 3.0,
  "spacing_y": 3.0,
  "spacing_z": 3.0,
  "summary_bg_k": 28.03297287200634,
  "summary_bg_mad": 12.796504531774383,
  "summary_bg_mean": 77.72566223144531,
  "summary_bg_median": 35.880001068115234,
  "summary_bg_n": 91882.0,
  "summary_bg_p05": 26.28444480895996,
  "summary_bg_p95": 298.9602249145505,
  "summary_bg_stdv": 105.44828033447266,
  "summary_fg_k": 2.2377080825087745,
  "summary_fg_mad": 197.75283930529417,
  "summary_fg_mean": 715.2182006835938,
  "summary_fg_median": 668.0667114257812,
  "summary_fg_n": 47765.0,
  "summary_fg_p05": 428.343115234375,
  "summary_fg_p95": 1148.87294921875,
  "summary_fg_stdv": 228.66749572753906,
  "tsnr": 85.40685149538331
}