{
  "aor": 0.0012599555555555557,
  "aqi": 0.002329855688888889,
  "bids_meta": {
    "BandwidthPerPixelPhaseEncode": 31.25,
    "DerivedVendorReportedEchoSpacing": 0.0005,
    "EchoTime": 0.025,
    "EffectiveEchoSpacing": 0.0005,
    "FlipAngle": 75,
    "ImageType": [
      "ORIGINAL",
      "PRIMARY",
      "M",
      "ND",
      "MOSAIC"
    ],
    "ImagingFrequency": 123.26,
    "MagneticFieldStrength": 3,
    "Manufacturer": "Siemens",
    "ManufacturersModelName": "TrioTim",
    "Modality": "MR",
    "PhaseEncodingDirection": "j-",
    "PixelBandwidth": 3005,
    "RepetitionTime": 2.5,
    "ScanOptions": "FS",
    "ScanningSequence": "EP",
    "SequenceName": "*epfid2d1_64",
    "SequenceVariant": "SK",
    "SliceThickness": 3,
    "SliceTiming": [
      1.245,
      0,
      1.3025,
      0.0575,
      1.3575,
      0.115,
      1.415,
      0.17,
      1.4725,
      0.2275,
      1.5275,
      0.2825,
      1.585,
      0.34,
      1.6425,
      0.3975,
      1.6975,
      0.4525,
      1.755,
      0.51,
      1.81,
      0.5675,
      1.8675,
      0.6225,
      1.925,
      0.68,
      1.98,
      0.735,
      2.0375,
      0.7925,
      2.095,
      0.85,
      2.15,
      0.905,
      2.2075,
      0.9625,
      2.265,
      1.02,
      2.32,
      1.075,
      2.3775,
      1.1325,
      2.4325,
      1.19
    ],
    "SpacingBetweenSlices": 3,
    "TaskName": "change-point helicopter fmri",
    "TotalReadoutTime": 0.0315,
    "dataset": "ds003772",
    "modality": "bold",
    "run_id": 1,
    "subject_id": "ee924",
    "task_id": "changepoint"
  },
  "dummy_trs": 1,
  "dvars_nstd": 21.589960344910715,
  "dvars_std": 1.2361697983482134,
  "dvars_vstd": 0.9922258948214286,
  "efc": 0.6211619346205753,
  "fber": 329.983154296875,
  "fd_mean": 0.06434984829797612,
  "fd_num": 2,
  "fd_perc": 0.8888888888888888,
  "fwhm_avg": 2.5805055555555554,
  "fwhm_x": 2.4661566666666666,
  "fwhm_y": 2.4765266666666665,
  "fwhm_z": 2.798833333333333,
  "gcor": 0.0258766,
  "gsr_x": -0.013030614703893661,
  "gsr_y": 0.06853808462619781,
  "provenance": {
    "md5sum": "13a497428428b63527437a9e86793552",
    "settings": {
      "fd_thres": 0.2,
      "testing": false
    },
    "software": "mriqc",
    "version": "22.0.6",
    "webapi_port": null,
    "webapi_url": "https://mriqc.nimh.nih.gov/api/v1"
  },
  "size_t": 225,
  "size_x": 64,
  "size_y": 64,
  "size_z": 44,
  "snr": 2.9167990250169322,
  "spacing_tr": 2.5,
  "spacing_x": 3.0,
  "spacing_y": 3.0,
  "spacing_z": 3.0,
  "summary_bg_k": 29.968227950350588,
  "summary_bg_mad": 13.224814730022857,
  "summary_bg_mean": 76.55850982666016,
  "summary_bg_median": 36.075557708740234,
  "summary_bg_n": 91928.0,
  "summary_bg_p05": 25.920000076293945,
  "summary_bg_p95": 291.32577972412105,
  "summary_bg_stdv": 102.58309173583984,
  "summary_fg_k": 2.317207402505323,
  "summary_fg_mad": 197.85161007687003,
  "summary_fg_mean": 717.3306274414062,
  "summary_fg_median": 669.719970703125,
  "summary_fg_n": 47784.0,
  "summary_fg_p05": 429.66735076904297,
  "summary_fg_p95": 1151.820880126953,
  "summary_fg_stdv": 229.60545349121094,
  "tsnr": 83.94236656371504
}