{
  "aor": 0.0011795111111111113,
  "aqi": 0.0023434791555555557,
  "bids_meta": {
    "BandwidthPerPixelPhaseEncode": 31.25,
    "DerivedVendorReportedEchoSpacing": 0.0005,
    "EchoTime": 0.025,
    "EffectiveEchoSpacing": 0.0005,
    "FlipAngle": 75,
    "ImageType": [
      "ORIGINAL",
      "PRIMARY",
      "M",
      "ND",
      "MOSAIC"
    ],
    "ImagingFrequency": 123.26,
    "MagneticFieldStrength": 3,
    "Manufacturer": "Siemens",
    "ManufacturersModelName": "TrioTim",
    "Modality": "MR",
    "PhaseEncodingDirection": "j-",
    "PixelBandwidth": 3005,
    "RepetitionTime": 2.5,
    "ScanOptions": "FS",
    "ScanningSequence": "EP",
    "SequenceName": "*epfid2d1_64",
    "SequenceVariant": "SK",
    "SliceThickness": 3,
    "SliceTiming": [
      1.245,
      0,
      1.3025,
      0.0575,
      1.3575,
      0.115,
      1.415,
      0.17,
      1.4725,
      0.2275,
      1.5275,
      0.2825,
      1.585,
      0.34,
      1.6425,
      0.3975,
      1.6975,
      0.4525,
      1.755,
      0.51,
      1.81,
      0.5675,
      1.8675,
      0.6225,
      1.925,
      0.68,
      1.98,
      0.735,
      2.0375,
      0.7925,
      2.095,
      0.85,
      2.15,
      0.905,
      2.2075,
      0.9625,
      2.265,
      1.02,
      2.32,
      1.075,
      2.3775,
      1.1325,
      2.4325,
      1.19
    ],
    "SpacingBetweenSlices": 3,
    "TaskName": "change-point helicopter fmri",
    "TotalReadoutTime": 0.0315,
    "dataset": "ds003772",
    "modality": "bold",
    "run_id": 4,
    "subject_id": "ee924",
    "task_id": "changepoint"
  },
  "dummy_trs": 1,
  "dvars_nstd": 22.059958228214274,
  "dvars_std": 1.2334419079910717,
  "dvars_vstd": 1.0029242950892854,
  "efc": 0.623252157740949,
  "fber": 330.595947265625,
  "fd_mean": 0.08622742887923011,
  "fd_num": 3,
  "fd_perc": 1.3333333333333333,
  "fwhm_avg": 2.555972222222222,
  "fwhm_x": 2.4377999999999997,
  "fwhm_y": 2.478493333333333,
  "fwhm_z": 2.7516233333333333,
  "gcor": 0.0346227,
  "gsr_x": -0.013350612483918667,
  "gsr_y": 0.07186216115951538,
  "provenance": {
    "md5sum": "06a858d3515fb451112c5337fec6cbcf",
    "settings": {
      "fd_thres": 0.2,
      "testing": false
    },
    "software": "mriqc",
    "version": "22.0.6",
    "webapi_port": null,
    "webapi_url": "https://mriqc.nimh.nih.gov/api/v1"
  },
  "size_t": 225,
  "size_x": 64,
  "size_y": 64,
  "size_z": 44,
  "snr": 2.951707527135381,
  "spacing_tr": 2.5,
  "spacing_x": 3.0,
  "spacing_y": 3.0,
  "spacing_z": 3.0,
  "summary_bg_k": 26.045404959116038,
  "summary_bg_mad": 12.30230284965941,
  "summary_bg_mean": 77.24601745605469,
  "summary_bg_median": 35.58222198486328,
  "summary_bg_n": 91818.0,
  "summary_bg_p05": 26.484445571899414,
  "summary_bg_p95": 299.7664611816405,
  "summary_bg_stdv": 104.04951477050781,
  "summary_fg_k": 1.9364566398774299,
  "summary_fg_mad": 196.1186648995329,
  "summary_fg_mean": 707.1729125976562,
  "summary_fg_median": 661.671142578125,
  "summary_fg_n": 47849.0,
  "summary_fg_p05": 423.6791198730469,
  "summary_fg_p95": 1133.1226806640625,
  "summary_fg_stdv": 224.1632080078125,
  "tsnr": 84.66069408133626
}