{
  "aor": 0.0009424107142857143,
  "aqi": 0.0029701977232142857,
  "bids_meta": {
    "BandwidthPerPixelPhaseEncode": 31.25,
    "DerivedVendorReportedEchoSpacing": 0.0005,
    "EchoTime": 0.025,
    "EffectiveEchoSpacing": 0.0005,
    "FlipAngle": 75,
    "ImageType": [
      "ORIGINAL",
      "PRIMARY",
      "M",
      "ND",
      "MOSAIC"
    ],
    "ImagingFrequency": 123.26,
    "MagneticFieldStrength": 3,
    "Manufacturer": "Siemens",
    "ManufacturersModelName": "TrioTim",
    "Modality": "MR",
    "PhaseEncodingDirection": "j-",
    "PixelBandwidth": 3005,
    "RepetitionTime": 2.5,
    "ScanOptions": "FS",
    "ScanningSequence": "EP",
    "SequenceName": "*epfid2d1_64",
    "SequenceVariant": "SK",
    "SliceThickness": 3,
    "SliceTiming": [
      1.245,
      0,
      1.3025,
      0.0575,
      1.3575,
      0.115,
      1.415,
      0.17,
      1.4725,
      0.2275,
      1.5275,
      0.2825,
      1.585,
      0.34,
      1.6425,
      0.3975,
      1.6975,
      0.4525,
      1.755,
      0.51,
      1.81,
      0.5675,
      1.8675,
      0.6225,
      1.925,
      0.68,
      1.98,
      0.735,
      2.0375,
      0.7925,
      2.095,
      0.85,
      2.15,
      0.905,
      2.2075,
      0.9625,
      2.265,
      1.02,
      2.32,
      1.075,
      2.3775,
      1.1325,
      2.4325,
      1.19
    ],
    "SpacingBetweenSlices": 3,
    "TaskName": "change-point helicopter fmri",
    "TotalReadoutTime": 0.0315,
    "dataset": "ds003772",
    "modality": "bold",
    "run_id": 3,
    "subject_id": "ee924",
    "task_id": "changepoint"
  },
  "dummy_trs": 2,
  "dvars_nstd": 22.234765271076217,
  "dvars_std": 1.1720638250672644,
  "dvars_vstd": 0.9537170020179369,
  "efc": 0.6231694250884557,
  "fber": 325.5435791015625,
  "fd_mean": 0.07608258957248452,
  "fd_num": 4,
  "fd_perc": 1.7857142857142858,
  "fwhm_avg": 2.5572522222222225,
  "fwhm_x": 2.4521466666666667,
  "fwhm_y": 2.4722733333333333,
  "fwhm_z": 2.747336666666667,
  "gcor": 0.0135928,
  "gsr_x": -0.013144292868673801,
  "gsr_y": 0.07194369286298752,
  "provenance": {
    "md5sum": "fbb274292d392466bedfb52e6f4eee8f",
    "settings": {
      "fd_thres": 0.2,
      "testing": false
    },
    "software": "mriqc",
    "version": "22.0.6",
    "webapi_port": null,
    "webapi_url": "https://mriqc.nimh.nih.gov/api/v1"
  },
  "size_t": 224,
  "size_x": 64,
  "size_y": 64,
  "size_z": 44,
  "snr": 2.9313795425536795,
  "spacing_tr": 2.5,
  "spacing_x": 3.0,
  "spacing_y": 3.0,
  "spacing_z": 3.0,
  "summary_bg_k": 28.213853701621353,
  "summary_bg_mad": 13.045577790753713,
  "summary_bg_mean": 77.8118667602539,
  "summary_bg_median": 36.017860412597656,
  "summary_bg_n": 91803.0,
  "summary_bg_p05": 25.848215103149414,
  "summary_bg_p95": 299.0281249999998,
  "summary_bg_stdv": 105.14628601074219,
  "summary_fg_k": 2.1628417850173944,
  "summary_fg_mad": 196.5208967636233,
  "summary_fg_mean": 711.3798828125,
  "summary_fg_median": 664.6339721679688,
  "summary_fg_n": 47796.0,
  "summary_fg_p05": 427.04354095458984,
  "summary_fg_p95": 1142.0223999023438,
  "summary_fg_stdv": 226.72840881347656,
  "tsnr": 74.09949135780334
}