{
  "bids_meta": {
    "EchoTime": 0.00311,
    "FlipAngle": 15,
    "ImageType": [
      "ORIGINAL",
      "PRIMARY",
      "M",
      "ND",
      "NORM"
    ],
    "ImagingFrequency": 123.26,
    "InversionTime": 1.1,
    "MagneticFieldStrength": 3,
    "Manufacturer": "Siemens",
    "ManufacturersModelName": "TrioTim",
    "Modality": "MR",
    "RepetitionTime": 1.63,
    "ScanningSequence": "GR\\IR",
    "SequenceVariant": "SP\\MP",
    "SliceThickness": 1,
    "dataset": "ds003772",
    "modality": "T1w",
    "subject_id": "ns968"
  },
  "cjv": 0.39757539517277596,
  "cnr": 3.449034098041245,
  "efc": 0.6203436760001326,
  "fber": 77042.2656605093,
  "fwhm_avg": 3.928768,
  "fwhm_x": 3.6861013333333332,
  "fwhm_y": 4.454922666666667,
  "fwhm_z": 3.64528,
  "icvs_csf": 0.15173585930040207,
  "icvs_gm": 0.43844389263599676,
  "icvs_wm": 0.4098202480636012,
  "inu_med": 0.24615737795829773,
  "inu_range": 0.048433482646942166,
  "provenance": {
    "md5sum": "3a26775cab9fa9871c36edb9df512607",
    "settings": {
      "testing": false
    },
    "software": "mriqc",
    "version": "22.0.6",
    "warnings": {
      "large_rot_frame": true,
      "small_air_mask": false
    },
    "webapi_port": null,
    "webapi_url": "https://mriqc.nimh.nih.gov/api/v1"
  },
  "qi_1": 5.646522830908421e-06,
  "qi_2": 0.006557824718818458,
  "rpve_csf": 18.15396262218192,
  "rpve_gm": 6.902796875154565,
  "rpve_wm": 8.384920978285793,
  "size_x": 192,
  "size_y": 256,
  "size_z": 160,
  "snr_csf": 1.9492289770665039,
  "snr_gm": 15.10668506373753,
  "snr_total": 14.446947031785662,
  "snr_wm": 26.284927054552952,
  "snrd_csf": 71.41817816136862,
  "snrd_gm": 171.96905719404242,
  "snrd_total": 154.81829365679516,
  "snrd_wm": 221.06764561497448,
  "spacing_x": 0.9375,
  "spacing_y": 0.9375,
  "spacing_z": 1.0,
  "summary_bg_k": 20.89430106830091,
  "summary_bg_mad": 2.963631998181772,
  "summary_bg_mean": 4.068391960836195,
  "summary_bg_median": 1.9989394061267376,
  "summary_bg_n": 2255448.0,
  "summary_bg_p05": 0.0,
  "summary_bg_p95": 16.95019027031958,
  "summary_bg_stdv": 6.902535419855051,
  "summary_csf_k": 3.4137190082012063,
  "summary_csf_mad": 163.51385932825346,
  "summary_csf_mean": 308.76703702313046,
  "summary_csf_median": 323.07348218001425,
  "summary_csf_n": 29926.0,
  "summary_csf_p05": 55.82242265017703,
  "summary_csf_p95": 548.6680723000318,
  "summary_csf_stdv": 165.7414742255334,
  "summary_gm_k": -0.09204113729881414,
  "summary_gm_mad": 52.83127653901587,
  "summary_gm_mean": 778.8230978950827,
  "summary_gm_median": 777.9341837782413,
  "summary_gm_n": 55518.0,
  "summary_gm_p05": 695.9746085259133,
  "summary_gm_p95": 864.5882070338351,
  "summary_gm_stdv": 51.49555804736018,
  "summary_wm_k": 0.7428443501494528,
  "summary_wm_mad": 35.47286054966549,
  "summary_wm_mean": 1003.2238996198444,
  "summary_wm_median": 1000.0408286079764,
  "summary_wm_n": 287635.0,
  "summary_wm_p05": 946.7833715733141,
  "summary_wm_p95": 1070.4932440035045,
  "summary_wm_stdv": 38.04610483208807,
  "tpm_overlap_csf": 0.11517950283161418,
  "tpm_overlap_gm": 0.44508565061631306,
  "tpm_overlap_wm": 0.4865734373009227,
  "wm2max": 0.8550275784673799
}