{
  "bids_meta": {
    "EchoTime": 0.00311,
    "FlipAngle": 15,
    "ImageType": [
      "ORIGINAL",
      "PRIMARY",
      "M",
      "ND",
      "NORM"
    ],
    "ImagingFrequency": 123.26,
    "InversionTime": 1.1,
    "MagneticFieldStrength": 3,
    "Manufacturer": "Siemens",
    "ManufacturersModelName": "TrioTim",
    "Modality": "MR",
    "RepetitionTime": 1.63,
    "ScanningSequence": "GR\\IR",
    "SequenceVariant": "SP\\MP",
    "SliceThickness": 1,
    "dataset": "ds003772",
    "modality": "T1w",
    "subject_id": "us2142"
  },
  "cjv": 0.42854390876014703,
  "cnr": 3.1121174847184827,
  "efc": 0.6459895319052685,
  "fber": 25126.91198096886,
  "fwhm_avg": 4.052245777777777,
  "fwhm_x": 3.7579626666666663,
  "fwhm_y": 4.654314666666666,
  "fwhm_z": 3.74446,
  "icvs_csf": 0.1765757452047884,
  "icvs_gm": 0.40607445604680875,
  "icvs_wm": 0.41734979874840283,
  "inu_med": 0.5356442034244537,
  "inu_range": 0.18738266825675964,
  "provenance": {
    "md5sum": "25fe928bb6a04a03a40b1cd2c405676a",
    "settings": {
      "testing": false
    },
    "software": "mriqc",
    "version": "22.0.6",
    "warnings": {
      "large_rot_frame": true,
      "small_air_mask": false
    },
    "webapi_port": null,
    "webapi_url": "https://mriqc.nimh.nih.gov/api/v1"
  },
  "qi_1": 0.003728444342492796,
  "qi_2": 0.0030144981905663734,
  "rpve_csf": 15.362974760458513,
  "rpve_gm": 6.811257016269197,
  "rpve_wm": 7.759690046878103,
  "size_x": 192,
  "size_y": 256,
  "size_z": 160,
  "snr_csf": 2.397534268128529,
  "snr_gm": 13.781776591561732,
  "snr_total": 12.115598281131048,
  "snr_wm": 20.167483983702883,
  "snrd_csf": 15.05344562941682,
  "snrd_gm": 34.82676699227745,
  "snrd_total": 31.81736393607622,
  "snrd_wm": 45.571879186534396,
  "spacing_x": 0.9375,
  "spacing_y": 0.9375,
  "spacing_z": 1.0,
  "summary_bg_k": 12.271757600750076,
  "summary_bg_mad": 0.0,
  "summary_bg_mean": 8.430811404157646,
  "summary_bg_median": 0.0,
  "summary_bg_n": 2146126.0,
  "summary_bg_p05": 0.0,
  "summary_bg_p95": 38.17117079347372,
  "summary_bg_stdv": 14.37690611798376,
  "summary_csf_k": 32.22687296919513,
  "summary_csf_mad": 88.47180094367013,
  "summary_csf_mean": 333.4408198551547,
  "summary_csf_median": 330.3464355915785,
  "summary_csf_n": 44008.0,
  "summary_csf_p05": 119.42954994980245,
  "summary_csf_p95": 523.7652614241466,
  "summary_csf_stdv": 137.7843423167244,
  "summary_gm_k": -0.008324005682965652,
  "summary_gm_mad": 55.651194918158446,
  "summary_gm_mean": 764.9679694555872,
  "summary_gm_median": 764.2700961828232,
  "summary_gm_n": 34881.0,
  "summary_gm_p05": 675.5097766667604,
  "summary_gm_p95": 857.8635491542518,
  "summary_gm_stdv": 55.454326634468515,
  "summary_wm_k": 0.7099394452991699,
  "summary_wm_mad": 45.39965901218189,
  "summary_wm_mean": 1006.3682514684806,
  "summary_wm_median": 1000.0705634504557,
  "summary_wm_n": 284926.0,
  "summary_wm_p05": 936.0050864070654,
  "summary_wm_p95": 1098.6029849164188,
  "summary_wm_stdv": 49.588179134869996,
  "tpm_overlap_csf": 0.15528327136506384,
  "tpm_overlap_gm": 0.4292528836557449,
  "tpm_overlap_wm": 0.46971583487573193,
  "wm2max": 0.4959151898955618
}