{
  "aor": 0.000515353982300885,
  "aqi": 0.003193052212389381,
  "bids_meta": {
    "BandwidthPerPixelPhaseEncode": 31.25,
    "DerivedVendorReportedEchoSpacing": 0.0005,
    "EchoTime": 0.025,
    "EffectiveEchoSpacing": 0.0005,
    "FlipAngle": 75,
    "ImageType": [
      "ORIGINAL",
      "PRIMARY",
      "M",
      "ND",
      "MOSAIC"
    ],
    "ImagingFrequency": 123.26,
    "MagneticFieldStrength": 3,
    "Manufacturer": "Siemens",
    "ManufacturersModelName": "TrioTim",
    "Modality": "MR",
    "PhaseEncodingDirection": "j-",
    "PixelBandwidth": 3005,
    "RepetitionTime": 2.5,
    "ScanOptions": "FS",
    "ScanningSequence": "EP",
    "SequenceName": "*epfid2d1_64",
    "SequenceVariant": "SK",
    "SliceThickness": 3,
    "SliceTiming": [
      1.245,
      0,
      1.3025,
      0.0575,
      1.3575,
      0.115,
      1.415,
      0.17,
      1.4725,
      0.2275,
      1.5275,
      0.2825,
      1.585,
      0.34,
      1.6425,
      0.3975,
      1.6975,
      0.4525,
      1.755,
      0.51,
      1.81,
      0.5675,
      1.8675,
      0.6225,
      1.925,
      0.68,
      1.98,
      0.735,
      2.0375,
      0.7925,
      2.095,
      0.85,
      2.15,
      0.905,
      2.2075,
      0.9625,
      2.265,
      1.02,
      2.32,
      1.075,
      2.3775,
      1.1325,
      2.4325,
      1.19
    ],
    "SpacingBetweenSlices": 3,
    "TaskName": "change-point helicopter fmri",
    "TotalReadoutTime": 0.0315,
    "dataset": "ds003772",
    "modality": "bold",
    "run_id": 3,
    "subject_id": "qb2027",
    "task_id": "changepoint"
  },
  "dummy_trs": 0,
  "dvars_nstd": 20.91307456933333,
  "dvars_std": 1.1343796985333339,
  "dvars_vstd": 0.9678906917333334,
  "efc": 0.6091750139664773,
  "fber": 292.0465393066406,
  "fd_mean": 0.052671839740177896,
  "fd_num": 5,
  "fd_perc": 2.2123893805309733,
  "fwhm_avg": 2.412571111111111,
  "fwhm_x": 2.1973766666666665,
  "fwhm_y": 2.4061966666666668,
  "fwhm_z": 2.63414,
  "gcor": 0.0348722,
  "gsr_x": 0.013834257610142231,
  "gsr_y": 0.04680504649877548,
  "provenance": {
    "md5sum": "f4fa9011b016da732d7c4ea9ab06699b",
    "settings": {
      "fd_thres": 0.2,
      "testing": false
    },
    "software": "mriqc",
    "version": "22.0.6",
    "webapi_port": null,
    "webapi_url": "https://mriqc.nimh.nih.gov/api/v1"
  },
  "size_t": 226,
  "size_x": 64,
  "size_y": 64,
  "size_z": 44,
  "snr": 3.225861087805554,
  "spacing_tr": 2.5,
  "spacing_x": 3.0,
  "spacing_y": 3.0,
  "spacing_z": 3.0,
  "summary_bg_k": 23.980140571065405,
  "summary_bg_mad": 13.021968160317192,
  "summary_bg_mean": 68.87075805664062,
  "summary_bg_median": 35.4822998046875,
  "summary_bg_n": 98411.0,
  "summary_bg_p05": 26.013275146484375,
  "summary_bg_p95": 237.56195068359375,
  "summary_bg_stdv": 82.77555847167969,
  "summary_fg_k": 1.3964806601264454,
  "summary_fg_mad": 177.57116093120345,
  "summary_fg_mean": 663.0960693359375,
  "summary_fg_median": 627.5110473632812,
  "summary_fg_n": 41146.0,
  "summary_fg_p05": 412.8019790649414,
  "summary_fg_p95": 1030.4590148925781,
  "summary_fg_stdv": 194.52276611328125,
  "tsnr": 72.77073209825903
}