{
  "bids_meta": {
    "EchoTime": 0.00311,
    "FlipAngle": 15,
    "ImageType": [
      "ORIGINAL",
      "PRIMARY",
      "M",
      "ND",
      "NORM"
    ],
    "ImagingFrequency": 123.26,
    "InversionTime": 1.1,
    "MagneticFieldStrength": 3,
    "Manufacturer": "Siemens",
    "ManufacturersModelName": "TrioTim",
    "Modality": "MR",
    "RepetitionTime": 1.63,
    "ScanningSequence": "GR\\IR",
    "SequenceVariant": "SP\\MP",
    "SliceThickness": 1,
    "dataset": "ds003772",
    "modality": "T1w",
    "subject_id": "bn968"
  },
  "cjv": 0.3796680597305663,
  "cnr": 3.5985740212306183,
  "efc": 0.5882435259633318,
  "fber": -1.0,
  "fwhm_avg": 3.5078155555555557,
  "fwhm_x": 3.3024853333333337,
  "fwhm_y": 3.925301333333333,
  "fwhm_z": 3.29566,
  "icvs_csf": 0.15963730090239361,
  "icvs_gm": 0.44648525823991325,
  "icvs_wm": 0.3938774408576931,
  "inu_med": 0.23363065719604492,
  "inu_range": 0.04258670806884768,
  "provenance": {
    "md5sum": "9e78524f9ca0e4946d5192e55e73a0df",
    "settings": {
      "testing": false
    },
    "software": "mriqc",
    "version": "22.0.6",
    "warnings": {
      "large_rot_frame": true,
      "small_air_mask": false
    },
    "webapi_port": null,
    "webapi_url": "https://mriqc.nimh.nih.gov/api/v1"
  },
  "qi_1": 0.0015288263855049787,
  "qi_2": 0.007177810087825596,
  "rpve_csf": 22.134102878416417,
  "rpve_gm": 8.689417984650492,
  "rpve_wm": 11.115288533956814,
  "size_x": 192,
  "size_y": 256,
  "size_z": 160,
  "snr_csf": 2.159770369677773,
  "snr_gm": 15.793643278541383,
  "snr_total": 14.846073591525185,
  "snr_wm": 26.5848071263564,
  "snrd_csf": 30.892759218307496,
  "snrd_gm": 67.62728699245281,
  "snrd_total": 61.89941971090602,
  "snrd_wm": 87.17821292195775,
  "spacing_x": 0.9375,
  "spacing_y": 0.9375,
  "spacing_z": 1.0,
  "summary_bg_k": 17.684802947985407,
  "summary_bg_mad": 0.0,
  "summary_bg_mean": 3.4887198006916202,
  "summary_bg_median": 0.0,
  "summary_bg_n": 1863890.0,
  "summary_bg_p05": 0.0,
  "summary_bg_p95": 16.933207288384438,
  "summary_bg_stdv": 7.515145102483445,
  "summary_csf_k": 6.1970069819122955,
  "summary_csf_mad": 125.24710667540138,
  "summary_csf_mean": 347.0333478669483,
  "summary_csf_median": 354.37439919635653,
  "summary_csf_n": 16413.0,
  "summary_csf_p05": 69.84007272720338,
  "summary_csf_p95": 579.7052157387137,
  "summary_csf_stdv": 164.07466667147995,
  "summary_gm_k": 0.012332795057016899,
  "summary_gm_mad": 49.51305442067649,
  "summary_gm_mean": 776.001194601648,
  "summary_gm_median": 775.7603983469307,
  "summary_gm_n": 40510.0,
  "summary_gm_p05": 695.3731325244531,
  "summary_gm_p95": 855.9109128452837,
  "summary_gm_stdv": 49.11791470034992,
  "summary_wm_k": 0.6682444820963465,
  "summary_wm_mad": 35.635451843613644,
  "summary_wm_mean": 1002.9652414489065,
  "summary_wm_median": 1000.0313215442002,
  "summary_wm_n": 204994.0,
  "summary_wm_p05": 946.9425809159875,
  "summary_wm_p95": 1068.7989578098059,
  "summary_wm_stdv": 37.61655586275117,
  "tpm_overlap_csf": 0.15485644986626693,
  "tpm_overlap_gm": 0.48710302764647306,
  "tpm_overlap_wm": 0.5203665345481739,
  "wm2max": 0.6213904368496941
}