{
  "aor": 0.0009383185840707963,
  "aqi": 0.002361034911504425,
  "bids_meta": {
    "BandwidthPerPixelPhaseEncode": 31.25,
    "DerivedVendorReportedEchoSpacing": 0.0005,
    "EchoTime": 0.025,
    "EffectiveEchoSpacing": 0.0005,
    "FlipAngle": 75,
    "ImageType": [
      "ORIGINAL",
      "PRIMARY",
      "M",
      "ND",
      "MOSAIC"
    ],
    "ImagingFrequency": 123.26,
    "MagneticFieldStrength": 3,
    "Manufacturer": "Siemens",
    "ManufacturersModelName": "TrioTim",
    "Modality": "MR",
    "PhaseEncodingDirection": "j-",
    "PixelBandwidth": 3005,
    "RepetitionTime": 2.5,
    "ScanOptions": "FS",
    "ScanningSequence": "EP",
    "SequenceName": "*epfid2d1_64",
    "SequenceVariant": "SK",
    "SliceThickness": 3,
    "SliceTiming": [
      1.245,
      0,
      1.3025,
      0.0575,
      1.3575,
      0.115,
      1.415,
      0.17,
      1.4725,
      0.2275,
      1.5275,
      0.2825,
      1.585,
      0.34,
      1.6425,
      0.3975,
      1.6975,
      0.4525,
      1.755,
      0.51,
      1.81,
      0.5675,
      1.8675,
      0.6225,
      1.925,
      0.68,
      1.98,
      0.735,
      2.0375,
      0.7925,
      2.095,
      0.85,
      2.15,
      0.905,
      2.2075,
      0.9625,
      2.265,
      1.02,
      2.32,
      1.075,
      2.3775,
      1.1325,
      2.4325,
      1.19
    ],
    "SpacingBetweenSlices": 3,
    "TaskName": "change-point helicopter fmri",
    "TotalReadoutTime": 0.0315,
    "dataset": "ds003772",
    "modality": "bold",
    "run_id": 4,
    "subject_id": "hu2138",
    "task_id": "changepoint"
  },
  "dummy_trs": 0,
  "dvars_nstd": 23.258407711822233,
  "dvars_std": 1.2260823777777776,
  "dvars_vstd": 1.0076405308888885,
  "efc": 0.6247406802031549,
  "fber": 252.61814880371094,
  "fd_mean": 0.07872155283566466,
  "fd_num": 8,
  "fd_perc": 3.5398230088495577,
  "fwhm_avg": 2.6234511111111107,
  "fwhm_x": 2.5187466666666665,
  "fwhm_y": 2.53225,
  "fwhm_z": 2.8193566666666663,
  "gcor": 0.0398148,
  "gsr_x": -0.016401436179876328,
  "gsr_y": 0.07316987961530685,
  "provenance": {
    "md5sum": "814f3aaf3a17faa1554c3676d27f652c",
    "settings": {
      "fd_thres": 0.2,
      "testing": false
    },
    "software": "mriqc",
    "version": "22.0.6",
    "webapi_port": null,
    "webapi_url": "https://mriqc.nimh.nih.gov/api/v1"
  },
  "size_t": 226,
  "size_x": 64,
  "size_y": 64,
  "size_z": 44,
  "snr": 2.996327901425488,
  "spacing_tr": 2.5,
  "spacing_x": 3.0,
  "spacing_y": 3.0,
  "spacing_z": 3.0,
  "summary_bg_k": 22.938786383299746,
  "summary_bg_mad": 17.643621893369758,
  "summary_bg_mean": 85.57099914550781,
  "summary_bg_median": 39.754425048828125,
  "summary_bg_n": 95976.0,
  "summary_bg_p05": 26.63274383544922,
  "summary_bg_p95": 303.65377044677734,
  "summary_bg_stdv": 109.18600463867188,
  "summary_fg_k": 2.3402136537393172,
  "summary_fg_mad": 189.46803928618638,
  "summary_fg_mean": 700.4768676757812,
  "summary_fg_median": 656.6614990234375,
  "summary_fg_n": 43368.0,
  "summary_fg_p05": 431.3904800415039,
  "summary_fg_p95": 1124.2062072753906,
  "summary_fg_stdv": 219.15289306640625,
  "tsnr": 77.2626464702189
}