{
  "aor": 0.0006530222222222222,
  "aqi": 0.0020280322222222223,
  "bids_meta": {
    "BandwidthPerPixelPhaseEncode": 31.25,
    "DerivedVendorReportedEchoSpacing": 0.0005,
    "EchoTime": 0.025,
    "EffectiveEchoSpacing": 0.0005,
    "FlipAngle": 75,
    "ImageType": [
      "ORIGINAL",
      "PRIMARY",
      "M",
      "ND",
      "MOSAIC"
    ],
    "ImagingFrequency": 123.26,
    "MagneticFieldStrength": 3,
    "Manufacturer": "Siemens",
    "ManufacturersModelName": "TrioTim",
    "Modality": "MR",
    "PhaseEncodingDirection": "j-",
    "PixelBandwidth": 3005,
    "RepetitionTime": 2.5,
    "ScanOptions": "FS",
    "ScanningSequence": "EP",
    "SequenceName": "*epfid2d1_64",
    "SequenceVariant": "SK",
    "SliceThickness": 3,
    "SliceTiming": [
      1.245,
      0,
      1.3025,
      0.0575,
      1.3575,
      0.115,
      1.415,
      0.17,
      1.4725,
      0.2275,
      1.5275,
      0.2825,
      1.585,
      0.34,
      1.6425,
      0.3975,
      1.6975,
      0.4525,
      1.755,
      0.51,
      1.81,
      0.5675,
      1.8675,
      0.6225,
      1.925,
      0.68,
      1.98,
      0.735,
      2.0375,
      0.7925,
      2.095,
      0.85,
      2.15,
      0.905,
      2.2075,
      0.9625,
      2.265,
      1.02,
      2.32,
      1.075,
      2.3775,
      1.1325,
      2.4325,
      1.19
    ],
    "SpacingBetweenSlices": 3,
    "TaskName": "change-point helicopter fmri",
    "TotalReadoutTime": 0.0315,
    "dataset": "ds003772",
    "modality": "bold",
    "run_id": 2,
    "subject_id": "hu2138",
    "task_id": "changepoint"
  },
  "dummy_trs": 1,
  "dvars_nstd": 23.13432240508927,
  "dvars_std": 1.2085477038392853,
  "dvars_vstd": 0.9984703822321429,
  "efc": 0.6236304659813277,
  "fber": 264.46380615234375,
  "fd_mean": 0.07162137233532917,
  "fd_num": 7,
  "fd_perc": 3.111111111111111,
  "fwhm_avg": 2.609197777777778,
  "fwhm_x": 2.49951,
  "fwhm_y": 2.5067333333333335,
  "fwhm_z": 2.8213500000000002,
  "gcor": 0.0358958,
  "gsr_x": -0.01582431048154831,
  "gsr_y": 0.07088476419448853,
  "provenance": {
    "md5sum": "c023c6bce7341e52d934c71a520f061c",
    "settings": {
      "fd_thres": 0.2,
      "testing": false
    },
    "software": "mriqc",
    "version": "22.0.6",
    "webapi_port": null,
    "webapi_url": "https://mriqc.nimh.nih.gov/api/v1"
  },
  "size_t": 225,
  "size_x": 64,
  "size_y": 64,
  "size_z": 44,
  "snr": 3.0147562547187228,
  "spacing_tr": 2.5,
  "spacing_x": 3.0,
  "spacing_y": 3.0,
  "spacing_z": 3.0,
  "summary_bg_k": 25.41925436371626,
  "summary_bg_mad": 16.157072011181153,
  "summary_bg_mean": 83.96792602539062,
  "summary_bg_median": 38.76444625854492,
  "summary_bg_n": 95903.0,
  "summary_bg_p05": 26.995555877685547,
  "summary_bg_p95": 297.01379089355447,
  "summary_bg_stdv": 107.9803695678711,
  "summary_fg_k": 2.2503321353714814,
  "summary_fg_mad": 188.27731533036325,
  "summary_fg_mean": 697.6559448242188,
  "summary_fg_median": 654.30224609375,
  "summary_fg_n": 43402.0,
  "summary_fg_p05": 430.27445220947266,
  "summary_fg_p95": 1115.8082885742188,
  "summary_fg_stdv": 217.0307159423828,
  "tsnr": 81.65642965398729
}