{
  "aor": 0.0006456444444444445,
  "aqi": 0.0040001884,
  "bids_meta": {
    "BandwidthPerPixelPhaseEncode": 31.25,
    "DerivedVendorReportedEchoSpacing": 0.0005,
    "EchoTime": 0.025,
    "EffectiveEchoSpacing": 0.0005,
    "FlipAngle": 75,
    "ImageType": [
      "ORIGINAL",
      "PRIMARY",
      "M",
      "ND",
      "MOSAIC"
    ],
    "ImagingFrequency": 123.26,
    "MagneticFieldStrength": 3,
    "Manufacturer": "Siemens",
    "ManufacturersModelName": "TrioTim",
    "Modality": "MR",
    "PhaseEncodingDirection": "j-",
    "PixelBandwidth": 3005,
    "RepetitionTime": 2.5,
    "ScanOptions": "FS",
    "ScanningSequence": "EP",
    "SequenceName": "*epfid2d1_64",
    "SequenceVariant": "SK",
    "SliceThickness": 3,
    "SliceTiming": [
      1.245,
      0,
      1.3025,
      0.0575,
      1.3575,
      0.115,
      1.415,
      0.17,
      1.4725,
      0.2275,
      1.5275,
      0.2825,
      1.585,
      0.34,
      1.6425,
      0.3975,
      1.6975,
      0.4525,
      1.755,
      0.51,
      1.81,
      0.5675,
      1.8675,
      0.6225,
      1.925,
      0.68,
      1.98,
      0.735,
      2.0375,
      0.7925,
      2.095,
      0.85,
      2.15,
      0.905,
      2.2075,
      0.9625,
      2.265,
      1.02,
      2.32,
      1.075,
      2.3775,
      1.1325,
      2.4325,
      1.19
    ],
    "SpacingBetweenSlices": 3,
    "TaskName": "change-point helicopter fmri",
    "TotalReadoutTime": 0.0315,
    "dataset": "ds003772",
    "modality": "bold",
    "run_id": 1,
    "subject_id": "bd484",
    "task_id": "changepoint"
  },
  "dummy_trs": 1,
  "dvars_nstd": 20.212104299375003,
  "dvars_std": 1.0956368777678576,
  "dvars_vstd": 0.9417448011160715,
  "efc": 0.5706379923704832,
  "fber": 404.75628662109375,
  "fd_mean": 0.09878161304761791,
  "fd_num": 11,
  "fd_perc": 4.888888888888889,
  "fwhm_avg": 2.6387755555555557,
  "fwhm_x": 2.52932,
  "fwhm_y": 2.5998466666666666,
  "fwhm_z": 2.78716,
  "gcor": 0.0151537,
  "gsr_x": -0.012693646363914013,
  "gsr_y": 0.0498599037528038,
  "provenance": {
    "md5sum": "b12c01ea52c3e7450f5e3226262669b8",
    "settings": {
      "fd_thres": 0.2,
      "testing": false
    },
    "software": "mriqc",
    "version": "22.0.6",
    "webapi_port": null,
    "webapi_url": "https://mriqc.nimh.nih.gov/api/v1"
  },
  "size_t": 225,
  "size_x": 64,
  "size_y": 64,
  "size_z": 44,
  "snr": 2.901328366361028,
  "spacing_tr": 2.5,
  "spacing_x": 3.0,
  "spacing_y": 3.0,
  "spacing_z": 3.0,
  "summary_bg_k": 39.11976870432688,
  "summary_bg_mad": 9.50842305751546,
  "summary_bg_mean": 61.41101837158203,
  "summary_bg_median": 32.426666259765625,
  "summary_bg_n": 103334.0,
  "summary_bg_p05": 24.884445190429688,
  "summary_bg_p95": 209.99867324829094,
  "summary_bg_stdv": 79.4890365600586,
  "summary_fg_k": 1.8642189025688563,
  "summary_fg_mad": 201.1495493989792,
  "summary_fg_mean": 714.0399169921875,
  "summary_fg_median": 666.8599853515625,
  "summary_fg_n": 38418.0,
  "summary_fg_p05": 429.1149017333984,
  "summary_fg_p95": 1156.2375915527343,
  "summary_fg_stdv": 229.84344482421875,
  "tsnr": 66.76775615452789
}