{
  "aor": 0.0004783111111111111,
  "aqi": 0.0029737712444444448,
  "bids_meta": {
    "BandwidthPerPixelPhaseEncode": 31.25,
    "DerivedVendorReportedEchoSpacing": 0.0005,
    "EchoTime": 0.025,
    "EffectiveEchoSpacing": 0.0005,
    "FlipAngle": 75,
    "ImageType": [
      "ORIGINAL",
      "PRIMARY",
      "M",
      "ND",
      "MOSAIC"
    ],
    "ImagingFrequency": 123.26,
    "MagneticFieldStrength": 3,
    "Manufacturer": "Siemens",
    "ManufacturersModelName": "TrioTim",
    "Modality": "MR",
    "PhaseEncodingDirection": "j-",
    "PixelBandwidth": 3005,
    "RepetitionTime": 2.5,
    "ScanOptions": "FS",
    "ScanningSequence": "EP",
    "SequenceName": "*epfid2d1_64",
    "SequenceVariant": "SK",
    "SliceThickness": 3,
    "SliceTiming": [
      1.245,
      0,
      1.3025,
      0.0575,
      1.3575,
      0.115,
      1.415,
      0.17,
      1.4725,
      0.2275,
      1.5275,
      0.2825,
      1.585,
      0.34,
      1.6425,
      0.3975,
      1.6975,
      0.4525,
      1.755,
      0.51,
      1.81,
      0.5675,
      1.8675,
      0.6225,
      1.925,
      0.68,
      1.98,
      0.735,
      2.0375,
      0.7925,
      2.095,
      0.85,
      2.15,
      0.905,
      2.2075,
      0.9625,
      2.265,
      1.02,
      2.32,
      1.075,
      2.3775,
      1.1325,
      2.4325,
      1.19
    ],
    "SpacingBetweenSlices": 3,
    "TaskName": "change-point helicopter fmri",
    "TotalReadoutTime": 0.0315,
    "dataset": "ds003772",
    "modality": "bold",
    "run_id": 2,
    "subject_id": "bd484",
    "task_id": "changepoint"
  },
  "dummy_trs": 1,
  "dvars_nstd": 19.750467257366072,
  "dvars_std": 1.1281848532142849,
  "dvars_vstd": 0.9610118441517862,
  "efc": 0.5716836741729618,
  "fber": 406.9018859863281,
  "fd_mean": 0.08951704644813462,
  "fd_num": 6,
  "fd_perc": 2.6666666666666665,
  "fwhm_avg": 2.632608888888889,
  "fwhm_x": 2.5399499999999997,
  "fwhm_y": 2.5981833333333335,
  "fwhm_z": 2.7596933333333333,
  "gcor": 0.0466283,
  "gsr_x": -0.013444080017507076,
  "gsr_y": 0.051802512258291245,
  "provenance": {
    "md5sum": "c0643190090af9d2963338f988d3a043",
    "settings": {
      "fd_thres": 0.2,
      "testing": false
    },
    "software": "mriqc",
    "version": "22.0.6",
    "webapi_port": null,
    "webapi_url": "https://mriqc.nimh.nih.gov/api/v1"
  },
  "size_t": 225,
  "size_x": 64,
  "size_y": 64,
  "size_z": 44,
  "snr": 2.8681171476652056,
  "spacing_tr": 2.5,
  "spacing_x": 3.0,
  "spacing_y": 3.0,
  "spacing_z": 3.0,
  "summary_bg_k": 40.58259571133149,
  "summary_bg_mad": 9.323923509282086,
  "summary_bg_mean": 63.222904205322266,
  "summary_bg_median": 32.497779846191406,
  "summary_bg_n": 103327.0,
  "summary_bg_p05": 25.426668167114258,
  "summary_bg_p95": 217.24311370849608,
  "summary_bg_stdv": 83.56729125976562,
  "summary_fg_k": 1.8739188017021515,
  "summary_fg_mad": 204.177328264341,
  "summary_fg_mean": 720.426025390625,
  "summary_fg_median": 671.2444458007812,
  "summary_fg_n": 38539.0,
  "summary_fg_p05": 432.06223754882814,
  "summary_fg_p95": 1174.3782470703125,
  "summary_fg_stdv": 234.03358459472656,
  "tsnr": 74.07318230252713
}