{
  "aor": 0.002373849557522124,
  "aqi": 0.004192257168141593,
  "bids_meta": {
    "BandwidthPerPixelPhaseEncode": 31.25,
    "DerivedVendorReportedEchoSpacing": 0.0005,
    "EchoTime": 0.025,
    "EffectiveEchoSpacing": 0.0005,
    "FlipAngle": 75,
    "ImageType": [
      "ORIGINAL",
      "PRIMARY",
      "M",
      "ND",
      "MOSAIC"
    ],
    "ImagingFrequency": 123.26,
    "MagneticFieldStrength": 3,
    "Manufacturer": "Siemens",
    "ManufacturersModelName": "TrioTim",
    "Modality": "MR",
    "PhaseEncodingDirection": "j-",
    "PixelBandwidth": 3005,
    "RepetitionTime": 2.5,
    "ScanOptions": "FS",
    "ScanningSequence": "EP",
    "SequenceName": "*epfid2d1_64",
    "SequenceVariant": "SK",
    "SliceThickness": 3,
    "SliceTiming": [
      1.245,
      0,
      1.3025,
      0.0575,
      1.3575,
      0.115,
      1.415,
      0.17,
      1.4725,
      0.2275,
      1.5275,
      0.2825,
      1.585,
      0.34,
      1.6425,
      0.3975,
      1.6975,
      0.4525,
      1.755,
      0.51,
      1.81,
      0.5675,
      1.8675,
      0.6225,
      1.925,
      0.68,
      1.98,
      0.735,
      2.0375,
      0.7925,
      2.095,
      0.85,
      2.15,
      0.905,
      2.2075,
      0.9625,
      2.265,
      1.02,
      2.32,
      1.075,
      2.3775,
      1.1325,
      2.4325,
      1.19
    ],
    "SpacingBetweenSlices": 3,
    "TaskName": "change-point helicopter fmri",
    "TotalReadoutTime": 0.0315,
    "dataset": "ds003772",
    "modality": "bold",
    "run_id": 2,
    "subject_id": "ug71",
    "task_id": "changepoint"
  },
  "dummy_trs": 0,
  "dvars_nstd": 22.473336020311116,
  "dvars_std": 1.2346277085333337,
  "dvars_vstd": 1.0101675518666662,
  "efc": 0.6358018600168036,
  "fber": 248.23541259765625,
  "fd_mean": 0.0769016597701299,
  "fd_num": 9,
  "fd_perc": 3.982300884955752,
  "fwhm_avg": 2.538734444444444,
  "fwhm_x": 2.331706666666667,
  "fwhm_y": 2.500836666666667,
  "fwhm_z": 2.78366,
  "gcor": 0.0484891,
  "gsr_x": 0.009953688830137253,
  "gsr_y": 0.07447496056556702,
  "provenance": {
    "md5sum": "484da9635a48689754eb1b11163b81e5",
    "settings": {
      "fd_thres": 0.2,
      "testing": false
    },
    "software": "mriqc",
    "version": "22.0.6",
    "webapi_port": null,
    "webapi_url": "https://mriqc.nimh.nih.gov/api/v1"
  },
  "size_t": 226,
  "size_x": 64,
  "size_y": 64,
  "size_z": 44,
  "snr": 3.3689608232097537,
  "spacing_tr": 2.5,
  "spacing_x": 3.0,
  "spacing_y": 3.0,
  "spacing_z": 3.0,
  "summary_bg_k": 18.233432050611384,
  "summary_bg_mad": 14.99002838177742,
  "summary_bg_mean": 79.55902099609375,
  "summary_bg_median": 36.81858444213867,
  "summary_bg_n": 93516.0,
  "summary_bg_p05": 26.030973434448242,
  "summary_bg_p95": 288.1493453979492,
  "summary_bg_stdv": 100.1507339477539,
  "summary_fg_k": 0.42737055907795307,
  "summary_fg_mad": 165.5298817894663,
  "summary_fg_mean": 628.91259765625,
  "summary_fg_median": 598.57958984375,
  "summary_fg_n": 44580.0,
  "summary_fg_p05": 387.1338577270508,
  "summary_fg_p95": 966.9041992187499,
  "summary_fg_stdv": 177.6728515625,
  "tsnr": 67.273827112047
}