{
  "bids_meta": {
    "EchoTime": 0.00311,
    "FlipAngle": 15,
    "ImageType": [
      "ORIGINAL",
      "PRIMARY",
      "M",
      "ND",
      "NORM"
    ],
    "ImagingFrequency": 123.26,
    "InversionTime": 1.1,
    "MagneticFieldStrength": 3,
    "Manufacturer": "Siemens",
    "ManufacturersModelName": "TrioTim",
    "Modality": "MR",
    "RepetitionTime": 1.63,
    "ScanningSequence": "GR\\IR",
    "SequenceVariant": "SP\\MP",
    "SliceThickness": 1,
    "dataset": "ds003772",
    "modality": "T1w",
    "subject_id": "dt1017"
  },
  "cjv": 0.5068517798699479,
  "cnr": 2.7247770596728444,
  "efc": 0.5907661686982684,
  "fber": 24372.71972318339,
  "fwhm_avg": 3.628842888888889,
  "fwhm_x": 3.3378666666666663,
  "fwhm_y": 4.099392,
  "fwhm_z": 3.44927,
  "icvs_csf": 0.17906870686685972,
  "icvs_gm": 0.38152187636662893,
  "icvs_wm": 0.43940941676651135,
  "inu_med": 0.4268753230571747,
  "inu_range": 0.09474203586578367,
  "provenance": {
    "md5sum": "3a5f15cb321da652588c2e255c5bbcdd",
    "settings": {
      "testing": false
    },
    "software": "mriqc",
    "version": "22.0.6",
    "warnings": {
      "large_rot_frame": true,
      "small_air_mask": false
    },
    "webapi_port": null,
    "webapi_url": "https://mriqc.nimh.nih.gov/api/v1"
  },
  "qi_1": 3.3533021752043775e-05,
  "qi_2": 0.006040040634370515,
  "rpve_csf": 20.529347634540677,
  "rpve_gm": 9.078338460667037,
  "rpve_wm": 9.277162689410037,
  "size_x": 192,
  "size_y": 256,
  "size_z": 160,
  "snr_csf": 2.890861374855825,
  "snr_gm": 14.8848503830724,
  "snr_total": 11.773214689160719,
  "snr_wm": 17.54393230955393,
  "snrd_csf": 41.08027088913792,
  "snrd_gm": 85.76084851083527,
  "snrd_total": 78.70654075588081,
  "snrd_wm": 109.27850286766923,
  "spacing_x": 0.9375,
  "spacing_y": 0.9375,
  "spacing_z": 1.0,
  "summary_bg_k": 16.198437666663327,
  "summary_bg_mad": 5.995433111488521,
  "summary_bg_mean": 9.063016784757869,
  "summary_bg_median": 4.043858181685209,
  "summary_bg_n": 2094543.0,
  "summary_bg_p05": 0.0,
  "summary_bg_p95": 37.968842927366495,
  "summary_bg_stdv": 14.47430931410142,
  "summary_csf_k": 10.35423457584516,
  "summary_csf_mad": 95.48431391652524,
  "summary_csf_mean": 368.5305730686452,
  "summary_csf_median": 375.94311095774174,
  "summary_csf_n": 37410.0,
  "summary_csf_p05": 133.9602657649666,
  "summary_csf_p95": 558.6372958095743,
  "summary_csf_stdv": 130.04362283161294,
  "summary_gm_k": -0.04104995816899715,
  "summary_gm_mad": 53.59675774834033,
  "summary_gm_mean": 784.3295855101134,
  "summary_gm_median": 784.8341671004891,
  "summary_gm_n": 23673.0,
  "summary_gm_p05": 696.3035269081593,
  "summary_gm_p95": 868.870425313711,
  "summary_gm_stdv": 52.72593073897496,
  "summary_wm_k": 0.234990216901116,
  "summary_wm_mad": 55.487934635856845,
  "summary_wm_mean": 1007.6027527506407,
  "summary_wm_median": 1000.0542703270912,
  "summary_wm_n": 191687.0,
  "summary_wm_p05": 927.3733830079436,
  "summary_wm_p95": 1113.2008794508874,
  "summary_wm_stdv": 57.002708635543264,
  "tpm_overlap_csf": 0.14394711362669668,
  "tpm_overlap_gm": 0.4326521626385896,
  "tpm_overlap_wm": 0.4699328455593,
  "wm2max": 0.6164346895074947
}