{
  "aor": 0.009596150442477877,
  "aqi": 0.006469487477876106,
  "bids_meta": {
    "BandwidthPerPixelPhaseEncode": 31.25,
    "DerivedVendorReportedEchoSpacing": 0.0005,
    "EchoTime": 0.025,
    "EffectiveEchoSpacing": 0.0005,
    "FlipAngle": 75,
    "ImageType": [
      "ORIGINAL",
      "PRIMARY",
      "M",
      "ND",
      "MOSAIC"
    ],
    "ImagingFrequency": 123.26,
    "MagneticFieldStrength": 3,
    "Manufacturer": "Siemens",
    "ManufacturersModelName": "TrioTim",
    "Modality": "MR",
    "PhaseEncodingDirection": "j-",
    "PixelBandwidth": 3005,
    "RepetitionTime": 2.5,
    "ScanOptions": "FS",
    "ScanningSequence": "EP",
    "SequenceName": "*epfid2d1_64",
    "SequenceVariant": "SK",
    "SliceThickness": 3,
    "SliceTiming": [
      1.245,
      0,
      1.3025,
      0.0575,
      1.3575,
      0.115,
      1.415,
      0.17,
      1.4725,
      0.2275,
      1.5275,
      0.2825,
      1.585,
      0.34,
      1.6425,
      0.3975,
      1.6975,
      0.4525,
      1.755,
      0.51,
      1.81,
      0.5675,
      1.8675,
      0.6225,
      1.925,
      0.68,
      1.98,
      0.735,
      2.0375,
      0.7925,
      2.095,
      0.85,
      2.15,
      0.905,
      2.2075,
      0.9625,
      2.265,
      1.02,
      2.32,
      1.075,
      2.3775,
      1.1325,
      2.4325,
      1.19
    ],
    "SpacingBetweenSlices": 3,
    "TaskName": "change-point helicopter fmri",
    "TotalReadoutTime": 0.0315,
    "dataset": "ds003772",
    "modality": "bold",
    "run_id": 2,
    "subject_id": "id926",
    "task_id": "changepoint"
  },
  "dummy_trs": 0,
  "dvars_nstd": 20.555076653955556,
  "dvars_std": 1.0177874222222223,
  "dvars_vstd": 0.973667575955556,
  "efc": 0.5655678255940482,
  "fber": 413.495849609375,
  "fd_mean": 0.18124745706507206,
  "fd_num": 42,
  "fd_perc": 18.58407079646018,
  "fwhm_avg": 2.4907544444444447,
  "fwhm_x": 2.3840766666666666,
  "fwhm_y": 2.46613,
  "fwhm_z": 2.622056666666667,
  "gcor": 0.0352702,
  "gsr_x": 0.003163048066198826,
  "gsr_y": 0.04709786921739578,
  "provenance": {
    "md5sum": "0cd8a6f7d4d6e6a88e5378470e83620a",
    "settings": {
      "fd_thres": 0.2,
      "testing": false
    },
    "software": "mriqc",
    "version": "22.0.6",
    "webapi_port": null,
    "webapi_url": "https://mriqc.nimh.nih.gov/api/v1"
  },
  "size_t": 226,
  "size_x": 64,
  "size_y": 64,
  "size_z": 44,
  "snr": 3.4716906036029673,
  "spacing_tr": 2.5,
  "spacing_x": 3.0,
  "spacing_y": 3.0,
  "spacing_z": 3.0,
  "summary_bg_k": 31.388568833950558,
  "summary_bg_mad": 8.580724919849274,
  "summary_bg_mean": 53.79119873046875,
  "summary_bg_median": 31.150442123413086,
  "summary_bg_n": 105619.0,
  "summary_bg_p05": 24.707963943481445,
  "summary_bg_p95": 155.23097229003898,
  "summary_bg_stdv": 63.50397872924805,
  "summary_fg_k": 1.1374920405912796,
  "summary_fg_mad": 165.58564678074768,
  "summary_fg_mean": 678.2179565429688,
  "summary_fg_median": 647.4468994140625,
  "summary_fg_n": 36526.0,
  "summary_fg_p05": 426.7765350341797,
  "summary_fg_p95": 1034.4447021484375,
  "summary_fg_stdv": 186.49070739746094,
  "tsnr": 50.922545846085995
}