{
  "aor": 0.0012142666666666666,
  "aqi": 0.0026865642666666664,
  "bids_meta": {
    "BandwidthPerPixelPhaseEncode": 31.25,
    "DerivedVendorReportedEchoSpacing": 0.0005,
    "EchoTime": 0.025,
    "EffectiveEchoSpacing": 0.0005,
    "FlipAngle": 75,
    "ImageType": [
      "ORIGINAL",
      "PRIMARY",
      "M",
      "ND",
      "MOSAIC"
    ],
    "ImagingFrequency": 123.26,
    "MagneticFieldStrength": 3,
    "Manufacturer": "Siemens",
    "ManufacturersModelName": "TrioTim",
    "Modality": "MR",
    "PhaseEncodingDirection": "j-",
    "PixelBandwidth": 3005,
    "RepetitionTime": 2.5,
    "ScanOptions": "FS",
    "ScanningSequence": "EP",
    "SequenceName": "*epfid2d1_64",
    "SequenceVariant": "SK",
    "SliceThickness": 3,
    "SliceTiming": [
      1.245,
      0,
      1.3025,
      0.0575,
      1.3575,
      0.115,
      1.415,
      0.17,
      1.4725,
      0.2275,
      1.5275,
      0.2825,
      1.585,
      0.34,
      1.6425,
      0.3975,
      1.6975,
      0.4525,
      1.755,
      0.51,
      1.81,
      0.5675,
      1.8675,
      0.6225,
      1.925,
      0.68,
      1.98,
      0.735,
      2.0375,
      0.7925,
      2.095,
      0.85,
      2.15,
      0.905,
      2.2075,
      0.9625,
      2.265,
      1.02,
      2.32,
      1.075,
      2.3775,
      1.1325,
      2.4325,
      1.19
    ],
    "SpacingBetweenSlices": 3,
    "TaskName": "change-point helicopter fmri",
    "TotalReadoutTime": 0.0315,
    "dataset": "ds003772",
    "modality": "bold",
    "run_id": 2,
    "subject_id": "fd967",
    "task_id": "changepoint"
  },
  "dummy_trs": 1,
  "dvars_nstd": 16.640934233080355,
  "dvars_std": 1.084048534241072,
  "dvars_vstd": 0.9643129904017853,
  "efc": 0.5819741240091326,
  "fber": 400.27374267578125,
  "fd_mean": 0.06426203115943184,
  "fd_num": 8,
  "fd_perc": 3.5555555555555554,
  "fwhm_avg": 2.7137233333333337,
  "fwhm_x": 2.5285333333333333,
  "fwhm_y": 2.75416,
  "fwhm_z": 2.8584766666666668,
  "gcor": 0.0124892,
  "gsr_x": -0.010847901925444603,
  "gsr_y": 0.062177710235118866,
  "provenance": {
    "md5sum": "963d13190a1015b373ba36faf6316a12",
    "settings": {
      "fd_thres": 0.2,
      "testing": false
    },
    "software": "mriqc",
    "version": "22.0.6",
    "webapi_port": null,
    "webapi_url": "https://mriqc.nimh.nih.gov/api/v1"
  },
  "size_t": 225,
  "size_x": 64,
  "size_y": 64,
  "size_z": 44,
  "snr": 2.9370240490795996,
  "spacing_tr": 2.5,
  "spacing_x": 3.0,
  "spacing_y": 3.0,
  "spacing_z": 3.0,
  "summary_bg_k": 22.622088900780827,
  "summary_bg_mad": 11.468751966289922,
  "summary_bg_mean": 68.46075439453125,
  "summary_bg_median": 34.95111083984375,
  "summary_bg_n": 99974.0,
  "summary_bg_p05": 26.1733341217041,
  "summary_bg_p95": 241.99778060913047,
  "summary_bg_stdv": 87.8355712890625,
  "summary_fg_k": 2.127318317005325,
  "summary_fg_mad": 207.89378780499197,
  "summary_fg_mean": 773.8600463867188,
  "summary_fg_median": 727.0133666992188,
  "summary_fg_n": 39477.0,
  "summary_fg_p05": 465.76801147460935,
  "summary_fg_p95": 1254.3111572265625,
  "summary_fg_stdv": 247.5308837890625,
  "tsnr": 81.03133976086974
}