{
  "aor": 0.0016936444444444446,
  "aqi": 0.001593562142222222,
  "bids_meta": {
    "BandwidthPerPixelPhaseEncode": 31.25,
    "DerivedVendorReportedEchoSpacing": 0.0005,
    "EchoTime": 0.025,
    "EffectiveEchoSpacing": 0.0005,
    "FlipAngle": 75,
    "ImageType": [
      "ORIGINAL",
      "PRIMARY",
      "M",
      "ND",
      "MOSAIC"
    ],
    "ImagingFrequency": 123.26,
    "MagneticFieldStrength": 3,
    "Manufacturer": "Siemens",
    "ManufacturersModelName": "TrioTim",
    "Modality": "MR",
    "PhaseEncodingDirection": "j-",
    "PixelBandwidth": 3005,
    "RepetitionTime": 2.5,
    "ScanOptions": "FS",
    "ScanningSequence": "EP",
    "SequenceName": "*epfid2d1_64",
    "SequenceVariant": "SK",
    "SliceThickness": 3,
    "SliceTiming": [
      1.245,
      0,
      1.3025,
      0.0575,
      1.3575,
      0.115,
      1.415,
      0.17,
      1.4725,
      0.2275,
      1.5275,
      0.2825,
      1.585,
      0.34,
      1.6425,
      0.3975,
      1.6975,
      0.4525,
      1.755,
      0.51,
      1.81,
      0.5675,
      1.8675,
      0.6225,
      1.925,
      0.68,
      1.98,
      0.735,
      2.0375,
      0.7925,
      2.095,
      0.85,
      2.15,
      0.905,
      2.2075,
      0.9625,
      2.265,
      1.02,
      2.32,
      1.075,
      2.3775,
      1.1325,
      2.4325,
      1.19
    ],
    "SpacingBetweenSlices": 3,
    "TaskName": "change-point helicopter fmri",
    "TotalReadoutTime": 0.0315,
    "dataset": "ds003772",
    "modality": "bold",
    "run_id": 4,
    "subject_id": "fd967",
    "task_id": "changepoint"
  },
  "dummy_trs": 1,
  "dvars_nstd": 18.588836716562504,
  "dvars_std": 1.1931586310267854,
  "dvars_vstd": 1.0009950373660712,
  "efc": 0.5844646096981171,
  "fber": 391.9630432128906,
  "fd_mean": 0.07746512963647477,
  "fd_num": 14,
  "fd_perc": 6.222222222222222,
  "fwhm_avg": 2.6978655555555555,
  "fwhm_x": 2.5108433333333333,
  "fwhm_y": 2.752406666666667,
  "fwhm_z": 2.830346666666667,
  "gcor": 0.0502947,
  "gsr_x": -0.012128962203860283,
  "gsr_y": 0.0660814568400383,
  "provenance": {
    "md5sum": "e0780c3ca6f452af5aaa38b884a74af4",
    "settings": {
      "fd_thres": 0.2,
      "testing": false
    },
    "software": "mriqc",
    "version": "22.0.6",
    "webapi_port": null,
    "webapi_url": "https://mriqc.nimh.nih.gov/api/v1"
  },
  "size_t": 225,
  "size_x": 64,
  "size_y": 64,
  "size_z": 44,
  "snr": 2.924289729987046,
  "spacing_tr": 2.5,
  "spacing_x": 3.0,
  "spacing_y": 3.0,
  "spacing_z": 3.0,
  "summary_bg_k": 20.571344243829,
  "summary_bg_mad": 11.478638092533314,
  "summary_bg_mean": 70.51842498779297,
  "summary_bg_median": 35.2400016784668,
  "summary_bg_n": 99880.0,
  "summary_bg_p05": 26.82666778564453,
  "summary_bg_p95": 253.52555618286107,
  "summary_bg_stdv": 90.99246215820312,
  "summary_fg_k": 2.1560780753360316,
  "summary_fg_mad": 208.315565694424,
  "summary_fg_mean": 772.968994140625,
  "summary_fg_median": 725.4800415039062,
  "summary_fg_n": 39575.0,
  "summary_fg_p05": 464.0520080566406,
  "summary_fg_p95": 1253.3764892578115,
  "summary_fg_stdv": 248.08447265625,
  "tsnr": 92.06219894438982
}