{
  "aor": 0.0011621238938053096,
  "aqi": 0.0018870738495575222,
  "bids_meta": {
    "BandwidthPerPixelPhaseEncode": 31.25,
    "DerivedVendorReportedEchoSpacing": 0.0005,
    "EchoTime": 0.025,
    "EffectiveEchoSpacing": 0.0005,
    "FlipAngle": 75,
    "ImageType": [
      "ORIGINAL",
      "PRIMARY",
      "M",
      "ND",
      "MOSAIC"
    ],
    "ImagingFrequency": 123.26,
    "MagneticFieldStrength": 3,
    "Manufacturer": "Siemens",
    "ManufacturersModelName": "TrioTim",
    "Modality": "MR",
    "PhaseEncodingDirection": "j-",
    "PixelBandwidth": 3005,
    "RepetitionTime": 2.5,
    "ScanOptions": "FS",
    "ScanningSequence": "EP",
    "SequenceName": "*epfid2d1_64",
    "SequenceVariant": "SK",
    "SliceThickness": 3,
    "SliceTiming": [
      1.245,
      0,
      1.3025,
      0.0575,
      1.3575,
      0.115,
      1.415,
      0.17,
      1.4725,
      0.2275,
      1.5275,
      0.2825,
      1.585,
      0.34,
      1.6425,
      0.3975,
      1.6975,
      0.4525,
      1.755,
      0.51,
      1.81,
      0.5675,
      1.8675,
      0.6225,
      1.925,
      0.68,
      1.98,
      0.735,
      2.0375,
      0.7925,
      2.095,
      0.85,
      2.15,
      0.905,
      2.2075,
      0.9625,
      2.265,
      1.02,
      2.32,
      1.075,
      2.3775,
      1.1325,
      2.4325,
      1.19
    ],
    "SpacingBetweenSlices": 3,
    "TaskName": "change-point helicopter fmri",
    "TotalReadoutTime": 0.0315,
    "dataset": "ds003772",
    "modality": "bold",
    "run_id": 3,
    "subject_id": "fd967",
    "task_id": "changepoint"
  },
  "dummy_trs": 0,
  "dvars_nstd": 18.02700531426667,
  "dvars_std": 1.1598040733777772,
  "dvars_vstd": 0.987217200844444,
  "efc": 0.5838408596713353,
  "fber": 393.1700744628906,
  "fd_mean": 0.06969727450610279,
  "fd_num": 12,
  "fd_perc": 5.3097345132743365,
  "fwhm_avg": 2.7018233333333335,
  "fwhm_x": 2.5271066666666666,
  "fwhm_y": 2.7579533333333335,
  "fwhm_z": 2.8204100000000003,
  "gcor": 0.0456398,
  "gsr_x": -0.011474402621388435,
  "gsr_y": 0.065455362200737,
  "provenance": {
    "md5sum": "5d7a500362c7e757a65a0ab79caeffb1",
    "settings": {
      "fd_thres": 0.2,
      "testing": false
    },
    "software": "mriqc",
    "version": "22.0.6",
    "webapi_port": null,
    "webapi_url": "https://mriqc.nimh.nih.gov/api/v1"
  },
  "size_t": 226,
  "size_x": 64,
  "size_y": 64,
  "size_z": 44,
  "snr": 2.9247785070301844,
  "spacing_tr": 2.5,
  "spacing_x": 3.0,
  "spacing_y": 3.0,
  "spacing_z": 3.0,
  "summary_bg_k": 21.378575991249193,
  "summary_bg_mad": 11.565608290649884,
  "summary_bg_mean": 69.64151763916016,
  "summary_bg_median": 35.18141555786133,
  "summary_bg_n": 99826.0,
  "summary_bg_p05": 26.181415557861328,
  "summary_bg_p95": 248.42366790771484,
  "summary_bg_stdv": 89.70577239990234,
  "summary_fg_k": 2.1445807170595668,
  "summary_fg_mad": 207.25600823736335,
  "summary_fg_mean": 771.9201049804688,
  "summary_fg_median": 724.6017456054688,
  "summary_fg_n": 39560.0,
  "summary_fg_p05": 463.68961334228516,
  "summary_fg_p95": 1254.5636901855464,
  "summary_fg_stdv": 247.7427215576172,
  "tsnr": 87.76883526821621
}