{
  "aor": 0.0020616814159292035,
  "aqi": 0.004116088274336283,
  "bids_meta": {
    "BandwidthPerPixelPhaseEncode": 31.25,
    "DerivedVendorReportedEchoSpacing": 0.0005,
    "EchoTime": 0.025,
    "EffectiveEchoSpacing": 0.0005,
    "FlipAngle": 75,
    "ImageType": [
      "ORIGINAL",
      "PRIMARY",
      "M",
      "ND",
      "MOSAIC"
    ],
    "ImagingFrequency": 123.26,
    "MagneticFieldStrength": 3,
    "Manufacturer": "Siemens",
    "ManufacturersModelName": "TrioTim",
    "Modality": "MR",
    "PhaseEncodingDirection": "j-",
    "PixelBandwidth": 3005,
    "RepetitionTime": 2.5,
    "ScanOptions": "FS",
    "ScanningSequence": "EP",
    "SequenceName": "*epfid2d1_64",
    "SequenceVariant": "SK",
    "SliceThickness": 3,
    "SliceTiming": [
      1.245,
      0,
      1.3025,
      0.0575,
      1.3575,
      0.115,
      1.415,
      0.17,
      1.4725,
      0.2275,
      1.5275,
      0.2825,
      1.585,
      0.34,
      1.6425,
      0.3975,
      1.6975,
      0.4525,
      1.755,
      0.51,
      1.81,
      0.5675,
      1.8675,
      0.6225,
      1.925,
      0.68,
      1.98,
      0.735,
      2.0375,
      0.7925,
      2.095,
      0.85,
      2.15,
      0.905,
      2.2075,
      0.9625,
      2.265,
      1.02,
      2.32,
      1.075,
      2.3775,
      1.1325,
      2.4325,
      1.19
    ],
    "SpacingBetweenSlices": 3,
    "TaskName": "change-point helicopter fmri",
    "TotalReadoutTime": 0.0315,
    "dataset": "ds003772",
    "modality": "bold",
    "run_id": 4,
    "subject_id": "ns968",
    "task_id": "changepoint"
  },
  "dummy_trs": 0,
  "dvars_nstd": 31.852599004044457,
  "dvars_std": 1.2592435409333336,
  "dvars_vstd": 1.0244530172888884,
  "efc": 0.6480820752896199,
  "fber": 191.40513610839844,
  "fd_mean": 0.2586315334924238,
  "fd_num": 119,
  "fd_perc": 52.65486725663717,
  "fwhm_avg": 2.8532844444444443,
  "fwhm_x": 2.60495,
  "fwhm_y": 2.769956666666667,
  "fwhm_z": 3.184946666666667,
  "gcor": 0.0746192,
  "gsr_x": -0.028856424614787102,
  "gsr_y": 0.11379779130220413,
  "provenance": {
    "md5sum": "426b8a7a1ccd51501a340662837fa82c",
    "settings": {
      "fd_thres": 0.2,
      "testing": false
    },
    "software": "mriqc",
    "version": "22.0.6",
    "webapi_port": null,
    "webapi_url": "https://mriqc.nimh.nih.gov/api/v1"
  },
  "size_t": 226,
  "size_x": 64,
  "size_y": 64,
  "size_z": 44,
  "snr": 2.5427205624857834,
  "spacing_tr": 2.5,
  "spacing_x": 3.0,
  "spacing_y": 3.0,
  "spacing_z": 3.0,
  "summary_bg_k": 11.278657261516758,
  "summary_bg_mad": 20.20537849538532,
  "summary_bg_mean": 111.64408111572266,
  "summary_bg_median": 44.7123908996582,
  "summary_bg_n": 88636.0,
  "summary_bg_p05": 29.738937377929688,
  "summary_bg_p95": 476.2168197631836,
  "summary_bg_stdv": 161.55117797851562,
  "summary_fg_k": 3.112638536198869,
  "summary_fg_mad": 201.20090296093,
  "summary_fg_mean": 716.0433959960938,
  "summary_fg_median": 659.110595703125,
  "summary_fg_n": 46718.0,
  "summary_fg_p05": 407.39623260498047,
  "summary_fg_p95": 1233.9004272460938,
  "summary_fg_stdv": 259.2119445800781,
  "tsnr": 60.85633879969828
}