{
  "bids_meta": {
    "EchoTime": 0.00311,
    "FlipAngle": 15,
    "ImageType": [
      "ORIGINAL",
      "PRIMARY",
      "M",
      "ND",
      "NORM"
    ],
    "ImagingFrequency": 123.26,
    "InversionTime": 1.1,
    "MagneticFieldStrength": 3,
    "Manufacturer": "Siemens",
    "ManufacturersModelName": "TrioTim",
    "Modality": "MR",
    "RepetitionTime": 1.63,
    "ScanningSequence": "GR\\IR",
    "SequenceVariant": "SP\\MP",
    "SliceThickness": 1,
    "dataset": "ds003772",
    "modality": "T1w",
    "subject_id": "ug71"
  },
  "cjv": 0.3783848358625854,
  "cnr": 3.5673681373191406,
  "efc": 0.6272057396533218,
  "fber": 47601.76822306352,
  "fwhm_avg": 3.783733555555555,
  "fwhm_x": 3.5134613333333333,
  "fwhm_y": 4.327829333333333,
  "fwhm_z": 3.50991,
  "icvs_csf": 0.15043277277426276,
  "icvs_gm": 0.4360350746320946,
  "icvs_wm": 0.41353215259364257,
  "inu_med": 0.22894367575645447,
  "inu_range": 0.043298324942588784,
  "provenance": {
    "md5sum": "a78aff711325f70ae9017d48bf3b2c2f",
    "settings": {
      "testing": false
    },
    "software": "mriqc",
    "version": "22.0.6",
    "warnings": {
      "large_rot_frame": true,
      "small_air_mask": false
    },
    "webapi_port": null,
    "webapi_url": "https://mriqc.nimh.nih.gov/api/v1"
  },
  "qi_1": 0.00915963943006688,
  "qi_2": 0.0070252747676753085,
  "rpve_csf": 17.869307119372554,
  "rpve_gm": 6.8614262328937965,
  "rpve_wm": 8.349657125017494,
  "size_x": 192,
  "size_y": 256,
  "size_z": 160,
  "snr_csf": 1.923962449246077,
  "snr_gm": 15.011951728269342,
  "snr_total": 14.420855357375155,
  "snr_wm": 26.326651894610045,
  "snrd_csf": 52.09716225994747,
  "snrd_gm": 120.208484033398,
  "snrd_total": 109.40008562218084,
  "snrd_wm": 155.89461057319707,
  "spacing_x": 0.9375,
  "spacing_y": 0.9375,
  "spacing_z": 1.0,
  "summary_bg_k": 53.78963132677862,
  "summary_bg_mad": 4.202651942312537,
  "summary_bg_mean": 3.916682339026974,
  "summary_bg_median": 2.8346456587314606,
  "summary_bg_n": 1951904.0,
  "summary_bg_p05": 0.0,
  "summary_bg_p95": 12.9658792167902,
  "summary_bg_stdv": 6.038100574436651,
  "summary_csf_k": 6.337753629850992,
  "summary_csf_mad": 156.6655251828729,
  "summary_csf_mean": 329.71715055049293,
  "summary_csf_median": 334.19947382062674,
  "summary_csf_n": 23711.0,
  "summary_csf_p05": 72.23097085952759,
  "summary_csf_p95": 575.8136461488903,
  "summary_csf_stdv": 173.70007742427032,
  "summary_gm_k": 0.09081546515125272,
  "summary_gm_mad": 51.48248629332858,
  "summary_gm_mean": 771.489463278854,
  "summary_gm_median": 771.1286060512066,
  "summary_gm_n": 53935.0,
  "summary_gm_p05": 688.188973814249,
  "summary_gm_p95": 855.7559023238717,
  "summary_gm_stdv": 51.36716872606051,
  "summary_wm_k": 0.8355283323800662,
  "summary_wm_mad": 35.13883985100205,
  "summary_wm_mean": 1003.7285460948461,
  "summary_wm_median": 1000.0524897128344,
  "summary_wm_n": 306362.0,
  "summary_wm_p05": 948.3989465981722,
  "summary_wm_p95": 1072.1522269770503,
  "summary_wm_stdv": 37.98625292623653,
  "tpm_overlap_csf": 0.13512116807691016,
  "tpm_overlap_gm": 0.4567804840015019,
  "tpm_overlap_wm": 0.49807511754910216,
  "wm2max": 0.660378637941712
}