{
  "bids_meta": {
    "EchoTime": 0.00311,
    "FlipAngle": 15,
    "ImageType": [
      "ORIGINAL",
      "PRIMARY",
      "M",
      "ND",
      "NORM"
    ],
    "ImagingFrequency": 123.26,
    "InversionTime": 1.1,
    "MagneticFieldStrength": 3,
    "Manufacturer": "Siemens",
    "ManufacturersModelName": "TrioTim",
    "Modality": "MR",
    "RepetitionTime": 1.63,
    "ScanningSequence": "GR\\IR",
    "SequenceVariant": "SP\\MP",
    "SliceThickness": 1,
    "dataset": "ds003772",
    "modality": "T1w",
    "subject_id": "id926"
  },
  "cjv": 0.450953322078059,
  "cnr": 3.0707096032804304,
  "efc": 0.5975417057635941,
  "fber": -1.0,
  "fwhm_avg": 3.731187333333333,
  "fwhm_x": 3.507573333333333,
  "fwhm_y": 4.219338666666667,
  "fwhm_z": 3.46665,
  "icvs_csf": 0.15004069824447142,
  "icvs_gm": 0.4297943177137188,
  "icvs_wm": 0.4201649840418098,
  "inu_med": 0.3555116653442383,
  "inu_range": 0.06464071571826929,
  "provenance": {
    "md5sum": "8a3aa7ccd0a8e9a698df82db282b909a",
    "settings": {
      "testing": false
    },
    "software": "mriqc",
    "version": "22.0.6",
    "warnings": {
      "large_rot_frame": true,
      "small_air_mask": false
    },
    "webapi_port": null,
    "webapi_url": "https://mriqc.nimh.nih.gov/api/v1"
  },
  "qi_1": 1.7042527436034525e-05,
  "qi_2": 0.010509547520364763,
  "rpve_csf": 22.27939669518207,
  "rpve_gm": 8.153061408381426,
  "rpve_wm": 9.262870440218489,
  "size_x": 192,
  "size_y": 256,
  "size_z": 160,
  "snr_csf": 1.5015423146109779,
  "snr_gm": 16.3878847173408,
  "snr_total": 12.662521813947725,
  "snr_wm": 20.098138409891394,
  "snrd_csf": 24.981842245273327,
  "snrd_gm": 63.00213441198925,
  "snrd_total": 56.037173475827245,
  "snrd_wm": 80.12754377021916,
  "spacing_x": 0.9375,
  "spacing_y": 0.9375,
  "spacing_z": 1.0,
  "summary_bg_k": 14.918567778023966,
  "summary_bg_mad": 0.0,
  "summary_bg_mean": 4.164786240563418,
  "summary_bg_median": 0.0,
  "summary_bg_n": 1849661.0,
  "summary_bg_p05": 0.0,
  "summary_bg_p95": 20.71860345825553,
  "summary_bg_stdv": 8.176444454015014,
  "summary_csf_k": 23.555640691424408,
  "summary_csf_mad": 139.00018360570596,
  "summary_csf_mean": 317.8231324509094,
  "summary_csf_median": 311.7864394001663,
  "summary_csf_n": 27855.0,
  "summary_csf_p05": 64.58697227165104,
  "summary_csf_p95": 561.8972564797848,
  "summary_csf_stdv": 207.64039728933236,
  "summary_gm_k": 0.032654891999100766,
  "summary_gm_mad": 48.09247040226073,
  "summary_gm_mean": 786.0947526519653,
  "summary_gm_median": 786.2995438873768,
  "summary_gm_n": 44567.0,
  "summary_gm_p05": 706.850247643888,
  "summary_gm_p95": 863.7239912029355,
  "summary_gm_stdv": 47.98000082716105,
  "summary_wm_k": 0.22740838147234665,
  "summary_wm_mad": 48.29161106645228,
  "summary_wm_mean": 1007.5484799216775,
  "summary_wm_median": 1000.0335973910987,
  "summary_wm_n": 210931.0,
  "summary_wm_p05": 938.8180153742433,
  "summary_wm_p95": 1100.1343379244208,
  "summary_wm_stdv": 49.75740570942944,
  "tpm_overlap_csf": 0.1291799139269476,
  "tpm_overlap_gm": 0.4589904424626416,
  "tpm_overlap_wm": 0.4769781783841755,
  "wm2max": 0.5342232018655881
}