{
  "aor": 0.0008819999999999999,
  "aqi": 0.002685907955555556,
  "bids_meta": {
    "BandwidthPerPixelPhaseEncode": 31.25,
    "DerivedVendorReportedEchoSpacing": 0.0005,
    "EchoTime": 0.025,
    "EffectiveEchoSpacing": 0.0005,
    "FlipAngle": 75,
    "ImageType": [
      "ORIGINAL",
      "PRIMARY",
      "M",
      "ND",
      "MOSAIC"
    ],
    "ImagingFrequency": 123.26,
    "MagneticFieldStrength": 3,
    "Manufacturer": "Siemens",
    "ManufacturersModelName": "TrioTim",
    "Modality": "MR",
    "PhaseEncodingDirection": "j-",
    "PixelBandwidth": 3005,
    "RepetitionTime": 2.5,
    "ScanOptions": "FS",
    "ScanningSequence": "EP",
    "SequenceName": "*epfid2d1_64",
    "SequenceVariant": "SK",
    "SliceThickness": 3,
    "SliceTiming": [
      1.245,
      0,
      1.3025,
      0.0575,
      1.3575,
      0.115,
      1.415,
      0.17,
      1.4725,
      0.2275,
      1.5275,
      0.2825,
      1.585,
      0.34,
      1.6425,
      0.3975,
      1.6975,
      0.4525,
      1.755,
      0.51,
      1.81,
      0.5675,
      1.8675,
      0.6225,
      1.925,
      0.68,
      1.98,
      0.735,
      2.0375,
      0.7925,
      2.095,
      0.85,
      2.15,
      0.905,
      2.2075,
      0.9625,
      2.265,
      1.02,
      2.32,
      1.075,
      2.3775,
      1.1325,
      2.4325,
      1.19
    ],
    "SpacingBetweenSlices": 3,
    "TaskName": "change-point helicopter fmri",
    "TotalReadoutTime": 0.0315,
    "dataset": "ds003772",
    "modality": "bold",
    "run_id": 1,
    "subject_id": "hu2138",
    "task_id": "changepoint"
  },
  "dummy_trs": 1,
  "dvars_nstd": 23.117849630669614,
  "dvars_std": 1.2031462540178566,
  "dvars_vstd": 0.990733581473215,
  "efc": 0.6230090444439038,
  "fber": 265.28192138671875,
  "fd_mean": 0.07340016745958668,
  "fd_num": 8,
  "fd_perc": 3.5555555555555554,
  "fwhm_avg": 2.6359455555555553,
  "fwhm_x": 2.52156,
  "fwhm_y": 2.5368,
  "fwhm_z": 2.8494766666666664,
  "gcor": 0.0176279,
  "gsr_x": -0.01464912947267294,
  "gsr_y": 0.07035139948129654,
  "provenance": {
    "md5sum": "46018e9c279f6e7f041624fe340fbc99",
    "settings": {
      "fd_thres": 0.2,
      "testing": false
    },
    "software": "mriqc",
    "version": "22.0.6",
    "webapi_port": null,
    "webapi_url": "https://mriqc.nimh.nih.gov/api/v1"
  },
  "size_t": 225,
  "size_x": 64,
  "size_y": 64,
  "size_z": 44,
  "snr": 3.0189204215699332,
  "spacing_tr": 2.5,
  "spacing_x": 3.0,
  "spacing_y": 3.0,
  "spacing_z": 3.0,
  "summary_bg_k": 25.644396275026168,
  "summary_bg_mad": 15.913267016844683,
  "summary_bg_mean": 82.67062377929688,
  "summary_bg_median": 38.546669006347656,
  "summary_bg_n": 95885.0,
  "summary_bg_p05": 26.88888931274414,
  "summary_bg_p95": 290.93156738281255,
  "summary_bg_stdv": 105.95730590820312,
  "summary_fg_k": 2.2785215644066303,
  "summary_fg_mad": 186.79801602817696,
  "summary_fg_mean": 693.218994140625,
  "summary_fg_median": 651.0711059570312,
  "summary_fg_n": 43450.0,
  "summary_fg_p05": 427.86178436279295,
  "summary_fg_p95": 1106.994903564453,
  "summary_fg_stdv": 215.66107177734375,
  "tsnr": 74.12488079071045
}