{
  "aor": 0.0006493805309734514,
  "aqi": 0.0020759967256637167,
  "bids_meta": {
    "BandwidthPerPixelPhaseEncode": 31.25,
    "DerivedVendorReportedEchoSpacing": 0.0005,
    "EchoTime": 0.025,
    "EffectiveEchoSpacing": 0.0005,
    "FlipAngle": 75,
    "ImageType": [
      "ORIGINAL",
      "PRIMARY",
      "M",
      "ND",
      "MOSAIC"
    ],
    "ImagingFrequency": 123.26,
    "MagneticFieldStrength": 3,
    "Manufacturer": "Siemens",
    "ManufacturersModelName": "TrioTim",
    "Modality": "MR",
    "PhaseEncodingDirection": "j-",
    "PixelBandwidth": 3005,
    "RepetitionTime": 2.5,
    "ScanOptions": "FS",
    "ScanningSequence": "EP",
    "SequenceName": "*epfid2d1_64",
    "SequenceVariant": "SK",
    "SliceThickness": 3,
    "SliceTiming": [
      1.245,
      0,
      1.3025,
      0.0575,
      1.3575,
      0.115,
      1.415,
      0.17,
      1.4725,
      0.2275,
      1.5275,
      0.2825,
      1.585,
      0.34,
      1.6425,
      0.3975,
      1.6975,
      0.4525,
      1.755,
      0.51,
      1.81,
      0.5675,
      1.8675,
      0.6225,
      1.925,
      0.68,
      1.98,
      0.735,
      2.0375,
      0.7925,
      2.095,
      0.85,
      2.15,
      0.905,
      2.2075,
      0.9625,
      2.265,
      1.02,
      2.32,
      1.075,
      2.3775,
      1.1325,
      2.4325,
      1.19
    ],
    "SpacingBetweenSlices": 3,
    "TaskName": "change-point helicopter fmri",
    "TotalReadoutTime": 0.0315,
    "dataset": "ds003772",
    "modality": "bold",
    "run_id": 3,
    "subject_id": "hu2138",
    "task_id": "changepoint"
  },
  "dummy_trs": 0,
  "dvars_nstd": 23.320111660622207,
  "dvars_std": 1.2201682865333334,
  "dvars_vstd": 1.0031459897777784,
  "efc": 0.6243038270874909,
  "fber": 259.6161193847656,
  "fd_mean": 0.06748135330561168,
  "fd_num": 6,
  "fd_perc": 2.6548672566371683,
  "fwhm_avg": 2.612906666666667,
  "fwhm_x": 2.50293,
  "fwhm_y": 2.51344,
  "fwhm_z": 2.82235,
  "gcor": 0.0421525,
  "gsr_x": -0.01645813323557377,
  "gsr_y": 0.07187194377183914,
  "provenance": {
    "md5sum": "097447f1d813c4e5c4ee30c3b2497e66",
    "settings": {
      "fd_thres": 0.2,
      "testing": false
    },
    "software": "mriqc",
    "version": "22.0.6",
    "webapi_port": null,
    "webapi_url": "https://mriqc.nimh.nih.gov/api/v1"
  },
  "size_t": 226,
  "size_x": 64,
  "size_y": 64,
  "size_z": 44,
  "snr": 3.0026568902952966,
  "spacing_tr": 2.5,
  "spacing_x": 3.0,
  "spacing_y": 3.0,
  "spacing_z": 3.0,
  "summary_bg_k": 23.634950930000127,
  "summary_bg_mad": 16.551351991119276,
  "summary_bg_mean": 84.99323272705078,
  "summary_bg_median": 39.23008728027344,
  "summary_bg_n": 95950.0,
  "summary_bg_p05": 27.349557876586914,
  "summary_bg_p95": 301.0471267700196,
  "summary_bg_stdv": 108.6417465209961,
  "summary_fg_k": 2.3351472180771102,
  "summary_fg_mad": 189.166252274546,
  "summary_fg_mean": 700.3657836914062,
  "summary_fg_median": 656.8717041015625,
  "summary_fg_n": 43404.0,
  "summary_fg_p05": 431.86348724365234,
  "summary_fg_p95": 1123.6063659667968,
  "summary_fg_stdv": 218.76097106933594,
  "tsnr": 80.13211641088128
}