{
  "bids_meta": {
    "EchoTime": 0.00311,
    "FlipAngle": 15,
    "ImageType": [
      "ORIGINAL",
      "PRIMARY",
      "M",
      "ND",
      "NORM"
    ],
    "ImagingFrequency": 123.26,
    "InversionTime": 1.1,
    "MagneticFieldStrength": 3,
    "Manufacturer": "Siemens",
    "ManufacturersModelName": "TrioTim",
    "Modality": "MR",
    "RepetitionTime": 1.63,
    "ScanningSequence": "GR\\IR",
    "SequenceVariant": "SP\\MP",
    "SliceThickness": 1,
    "dataset": "ds003772",
    "modality": "T1w",
    "subject_id": "ff2134"
  },
  "cjv": 0.37051084465481116,
  "cnr": 3.66515022658703,
  "efc": 0.5865242386539546,
  "fber": 66343.04081632652,
  "fwhm_avg": 3.6831708888888888,
  "fwhm_x": 3.4921813333333334,
  "fwhm_y": 4.112181333333334,
  "fwhm_z": 3.44515,
  "icvs_csf": 0.17516258864079984,
  "icvs_gm": 0.43786036786794924,
  "icvs_wm": 0.3869770434912509,
  "inu_med": 0.27926912903785706,
  "inu_range": 0.0836440660059452,
  "provenance": {
    "md5sum": "d627298f4c3488c9351f842d1bec6297",
    "settings": {
      "testing": false
    },
    "software": "mriqc",
    "version": "22.0.6",
    "warnings": {
      "large_rot_frame": true,
      "small_air_mask": false
    },
    "webapi_port": null,
    "webapi_url": "https://mriqc.nimh.nih.gov/api/v1"
  },
  "qi_1": 6.538386634416853e-06,
  "qi_2": 0.012240754677724903,
  "rpve_csf": 17.900195332697546,
  "rpve_gm": 7.638854930219486,
  "rpve_wm": 9.815343756833865,
  "size_x": 192,
  "size_y": 256,
  "size_z": 160,
  "snr_csf": 2.5881601631842552,
  "snr_gm": 16.284400724291633,
  "snr_total": 15.418142659347495,
  "snr_wm": 27.381867090566598,
  "snrd_csf": 45.29405111208236,
  "snrd_gm": 102.8780827635174,
  "snrd_total": 93.42797170623571,
  "snrd_wm": 132.11178124310734,
  "spacing_x": 0.9375,
  "spacing_y": 0.9375,
  "spacing_z": 1.0,
  "summary_bg_k": 13.61350736337372,
  "summary_bg_mad": 0.0,
  "summary_bg_mean": 2.7396915380400424,
  "summary_bg_median": 0.0,
  "summary_bg_n": 1940485.0,
  "summary_bg_p05": 0.0,
  "summary_bg_p95": 12.0110102891922,
  "summary_bg_stdv": 4.9590931216720024,
  "summary_csf_k": 1.7793694481278601,
  "summary_csf_mad": 109.33918450130912,
  "summary_csf_mean": 340.33352035140604,
  "summary_csf_median": 342.85595690086484,
  "summary_csf_n": 28226.0,
  "summary_csf_p05": 101.91286623850465,
  "summary_csf_p95": 557.5319133717567,
  "summary_csf_stdv": 132.46857297213177,
  "summary_gm_k": 0.10985338845155468,
  "summary_gm_mad": 47.73412842696172,
  "summary_gm_mean": 779.2168076219397,
  "summary_gm_median": 778.7416370138526,
  "summary_gm_n": 39763.0,
  "summary_gm_p05": 701.9796038948,
  "summary_gm_p95": 857.7279312975705,
  "summary_gm_stdv": 47.82072474431694,
  "summary_wm_k": 0.7784017462215553,
  "summary_wm_mad": 34.25480200587667,
  "summary_wm_mean": 1003.0463973888496,
  "summary_wm_median": 1000.0278196334839,
  "summary_wm_n": 221394.0,
  "summary_wm_p05": 948.452763877809,
  "summary_wm_p95": 1066.7834578379989,
  "summary_wm_stdv": 36.52145260377464,
  "tpm_overlap_csf": 0.15231282097915222,
  "tpm_overlap_gm": 0.47346120648601175,
  "tpm_overlap_wm": 0.5047128227129546,
  "wm2max": 0.6705213628902129
}