{
  "bids_meta": {
    "EchoTime": 0.00311,
    "FlipAngle": 15,
    "ImageType": [
      "ORIGINAL",
      "PRIMARY",
      "M",
      "ND",
      "NORM"
    ],
    "ImagingFrequency": 123.26,
    "InversionTime": 1.1,
    "MagneticFieldStrength": 3,
    "Manufacturer": "Siemens",
    "ManufacturersModelName": "TrioTim",
    "Modality": "MR",
    "RepetitionTime": 1.63,
    "ScanningSequence": "GR\\IR",
    "SequenceVariant": "SP\\MP",
    "SliceThickness": 1,
    "dataset": "ds003772",
    "modality": "T1w",
    "subject_id": "lb2136"
  },
  "cjv": 0.4128714283187835,
  "cnr": 3.2961357591444473,
  "efc": 0.5692923492045601,
  "fber": -1.0,
  "fwhm_avg": 3.5800822222222224,
  "fwhm_x": 3.4100373333333334,
  "fwhm_y": 3.986229333333333,
  "fwhm_z": 3.34398,
  "icvs_csf": 0.21362930034842628,
  "icvs_gm": 0.4039922848255297,
  "icvs_wm": 0.382378414826044,
  "inu_med": 0.35035091638565063,
  "inu_range": 0.0679524689912796,
  "provenance": {
    "md5sum": "067d9ebb0f203d4ab59327df03a2b168",
    "settings": {
      "testing": false
    },
    "software": "mriqc",
    "version": "22.0.6",
    "warnings": {
      "large_rot_frame": true,
      "small_air_mask": false
    },
    "webapi_port": null,
    "webapi_url": "https://mriqc.nimh.nih.gov/api/v1"
  },
  "qi_1": 2.1638811372076956e-05,
  "qi_2": 0.006451932806045329,
  "rpve_csf": 17.608294223133665,
  "rpve_gm": 9.024812469682306,
  "rpve_wm": 10.972222653838712,
  "size_x": 192,
  "size_y": 256,
  "size_z": 160,
  "snr_csf": 3.0932575272984466,
  "snr_gm": 15.964053171514859,
  "snr_total": 14.23793043483299,
  "snr_wm": 23.656480605685665,
  "snrd_csf": 30.490860863169065,
  "snrd_gm": 64.92231922752825,
  "snrd_total": 59.382073235756,
  "snrd_wm": 82.73303961657071,
  "spacing_x": 0.9375,
  "spacing_y": 0.9375,
  "spacing_z": 1.0,
  "summary_bg_k": 17.697896775396092,
  "summary_bg_mad": 0.0,
  "summary_bg_mean": 3.861617347525957,
  "summary_bg_median": 0.0,
  "summary_bg_n": 2289959.0,
  "summary_bg_p05": 0.0,
  "summary_bg_p95": 19.041443053632975,
  "summary_bg_stdv": 7.91914598479337,
  "summary_csf_k": 9.30333650098131,
  "summary_csf_mad": 75.25322786531947,
  "summary_csf_mean": 368.14535195423485,
  "summary_csf_median": 368.5668791681528,
  "summary_csf_n": 43833.0,
  "summary_csf_p05": 140.0047155048698,
  "summary_csf_p95": 547.6566619936377,
  "summary_csf_stdv": 119.15033639283187,
  "summary_gm_k": -0.013255061728416173,
  "summary_gm_mad": 49.68810690062035,
  "summary_gm_mean": 783.5467090886302,
  "summary_gm_median": 784.7668418884277,
  "summary_gm_n": 22132.0,
  "summary_gm_p05": 701.1303982467391,
  "summary_gm_p95": 861.6208767891862,
  "summary_gm_stdv": 49.15726000297798,
  "summary_wm_k": 0.7600479724580915,
  "summary_wm_mad": 39.19985214587199,
  "summary_wm_mean": 1004.6248223500991,
  "summary_wm_median": 1000.058947250247,
  "summary_wm_n": 173358.0,
  "summary_wm_p05": 943.5536123681813,
  "summary_wm_p95": 1081.3284746733493,
  "summary_wm_stdv": 42.27408461725178,
  "tpm_overlap_csf": 0.16113923317896692,
  "tpm_overlap_gm": 0.4475348899134455,
  "tpm_overlap_wm": 0.4814185845678982,
  "wm2max": 0.5928980847196981
}