{
  "aor": 0.00143070796460177,
  "aqi": 0.002335036415929204,
  "bids_meta": {
    "BandwidthPerPixelPhaseEncode": 31.25,
    "DerivedVendorReportedEchoSpacing": 0.0005,
    "EchoTime": 0.025,
    "EffectiveEchoSpacing": 0.0005,
    "FlipAngle": 75,
    "ImageType": [
      "ORIGINAL",
      "PRIMARY",
      "M",
      "ND",
      "MOSAIC"
    ],
    "ImagingFrequency": 123.26,
    "MagneticFieldStrength": 3,
    "Manufacturer": "Siemens",
    "ManufacturersModelName": "TrioTim",
    "Modality": "MR",
    "PhaseEncodingDirection": "j-",
    "PixelBandwidth": 3005,
    "RepetitionTime": 2.5,
    "ScanOptions": "FS",
    "ScanningSequence": "EP",
    "SequenceName": "*epfid2d1_64",
    "SequenceVariant": "SK",
    "SliceThickness": 3,
    "SliceTiming": [
      1.245,
      0,
      1.3025,
      0.0575,
      1.3575,
      0.115,
      1.415,
      0.17,
      1.4725,
      0.2275,
      1.5275,
      0.2825,
      1.585,
      0.34,
      1.6425,
      0.3975,
      1.6975,
      0.4525,
      1.755,
      0.51,
      1.81,
      0.5675,
      1.8675,
      0.6225,
      1.925,
      0.68,
      1.98,
      0.735,
      2.0375,
      0.7925,
      2.095,
      0.85,
      2.15,
      0.905,
      2.2075,
      0.9625,
      2.265,
      1.02,
      2.32,
      1.075,
      2.3775,
      1.1325,
      2.4325,
      1.19
    ],
    "SpacingBetweenSlices": 3,
    "TaskName": "change-point helicopter fmri",
    "TotalReadoutTime": 0.0315,
    "dataset": "ds003772",
    "modality": "bold",
    "run_id": 4,
    "subject_id": "tt415",
    "task_id": "changepoint"
  },
  "dummy_trs": 0,
  "dvars_nstd": 20.65476320915555,
  "dvars_std": 1.1748763521777783,
  "dvars_vstd": 1.0065781782666663,
  "efc": 0.5781812049258137,
  "fber": 360.3861083984375,
  "fd_mean": 0.11032070258652316,
  "fd_num": 22,
  "fd_perc": 9.734513274336283,
  "fwhm_avg": 2.4169099999999997,
  "fwhm_x": 2.28177,
  "fwhm_y": 2.2632766666666666,
  "fwhm_z": 2.7056833333333334,
  "gcor": 0.032193,
  "gsr_x": -0.01683204062283039,
  "gsr_y": 0.03342340886592865,
  "provenance": {
    "md5sum": "62c9c14dcd911dfc91063e279cbc0ebd",
    "settings": {
      "fd_thres": 0.2,
      "testing": false
    },
    "software": "mriqc",
    "version": "22.0.6",
    "webapi_port": null,
    "webapi_url": "https://mriqc.nimh.nih.gov/api/v1"
  },
  "size_t": 226,
  "size_x": 64,
  "size_y": 64,
  "size_z": 44,
  "snr": 3.683278736706148,
  "spacing_tr": 2.5,
  "spacing_x": 3.0,
  "spacing_y": 3.0,
  "spacing_z": 3.0,
  "summary_bg_k": 15.04103820114144,
  "summary_bg_mad": 11.565608290649884,
  "summary_bg_mean": 62.191131591796875,
  "summary_bg_median": 33.1592903137207,
  "summary_bg_n": 108205.0,
  "summary_bg_p05": 24.738937377929688,
  "summary_bg_p95": 205.76460266113276,
  "summary_bg_stdv": 68.59459686279297,
  "summary_fg_k": 1.7801141432799712,
  "summary_fg_mad": 156.345670509355,
  "summary_fg_mean": 668.4435424804688,
  "summary_fg_median": 640.9203491210938,
  "summary_fg_n": 35176.0,
  "summary_fg_p05": 436.4336242675781,
  "summary_fg_p95": 987.8938293457031,
  "summary_fg_stdv": 174.00563049316406,
  "tsnr": 84.04945774935186
}