{
  "aor": 0.0014164444444444446,
  "aqi": 0.0016366827777777777,
  "bids_meta": {
    "BandwidthPerPixelPhaseEncode": 31.25,
    "DerivedVendorReportedEchoSpacing": 0.0005,
    "EchoTime": 0.025,
    "EffectiveEchoSpacing": 0.0005,
    "FlipAngle": 75,
    "ImageType": [
      "ORIGINAL",
      "PRIMARY",
      "M",
      "ND",
      "MOSAIC"
    ],
    "ImagingFrequency": 123.26,
    "MagneticFieldStrength": 3,
    "Manufacturer": "Siemens",
    "ManufacturersModelName": "TrioTim",
    "Modality": "MR",
    "PhaseEncodingDirection": "j-",
    "PixelBandwidth": 3005,
    "RepetitionTime": 2.5,
    "ScanOptions": "FS",
    "ScanningSequence": "EP",
    "SequenceName": "*epfid2d1_64",
    "SequenceVariant": "SK",
    "SliceThickness": 3,
    "SliceTiming": [
      1.245,
      0,
      1.3025,
      0.0575,
      1.3575,
      0.115,
      1.415,
      0.17,
      1.4725,
      0.2275,
      1.5275,
      0.2825,
      1.585,
      0.34,
      1.6425,
      0.3975,
      1.6975,
      0.4525,
      1.755,
      0.51,
      1.81,
      0.5675,
      1.8675,
      0.6225,
      1.925,
      0.68,
      1.98,
      0.735,
      2.0375,
      0.7925,
      2.095,
      0.85,
      2.15,
      0.905,
      2.2075,
      0.9625,
      2.265,
      1.02,
      2.32,
      1.075,
      2.3775,
      1.1325,
      2.4325,
      1.19
    ],
    "SpacingBetweenSlices": 3,
    "TaskName": "change-point helicopter fmri",
    "TotalReadoutTime": 0.0315,
    "dataset": "ds003772",
    "modality": "bold",
    "run_id": 2,
    "subject_id": "cc528",
    "task_id": "changepoint"
  },
  "dummy_trs": 1,
  "dvars_nstd": 15.38249917125,
  "dvars_std": 1.0994661630803573,
  "dvars_vstd": 0.982160332767857,
  "efc": 0.5751466130501272,
  "fber": 441.8566589355469,
  "fd_mean": 0.06817082067333546,
  "fd_num": 8,
  "fd_perc": 3.5555555555555554,
  "fwhm_avg": 2.8514200000000005,
  "fwhm_x": 2.73403,
  "fwhm_y": 2.8155,
  "fwhm_z": 3.00473,
  "gcor": 0.0288187,
  "gsr_x": -0.015551264397799969,
  "gsr_y": 0.05306611955165863,
  "provenance": {
    "md5sum": "0747f39cf88c0e6bc8eacf28a5cec1ed",
    "settings": {
      "fd_thres": 0.2,
      "testing": false
    },
    "software": "mriqc",
    "version": "22.0.6",
    "webapi_port": null,
    "webapi_url": "https://mriqc.nimh.nih.gov/api/v1"
  },
  "size_t": 225,
  "size_x": 64,
  "size_y": 64,
  "size_z": 44,
  "snr": 2.6101691262032327,
  "spacing_tr": 2.5,
  "spacing_x": 3.0,
  "spacing_y": 3.0,
  "spacing_z": 3.0,
  "summary_bg_k": 20.676943136267173,
  "summary_bg_mad": 11.584068425694754,
  "summary_bg_mean": 64.18248748779297,
  "summary_bg_median": 35.64889144897461,
  "summary_bg_n": 97440.0,
  "summary_bg_p05": 26.946666717529297,
  "summary_bg_p95": 210.48955841064458,
  "summary_bg_stdv": 74.0241928100586,
  "summary_fg_k": 1.7754078297266904,
  "summary_fg_mad": 251.5778423260855,
  "summary_fg_mean": 839.5449829101562,
  "summary_fg_median": 775.6644287109375,
  "summary_fg_n": 42540.0,
  "summary_fg_p05": 478.0351089477539,
  "summary_fg_p95": 1430.9548828124994,
  "summary_fg_stdv": 297.16668701171875,
  "tsnr": 90.90526577830315
}