{
  "aor": 0.0021400444444444446,
  "aqi": 0.001510992848888889,
  "bids_meta": {
    "BandwidthPerPixelPhaseEncode": 31.25,
    "DerivedVendorReportedEchoSpacing": 0.0005,
    "EchoTime": 0.025,
    "EffectiveEchoSpacing": 0.0005,
    "FlipAngle": 75,
    "ImageType": [
      "ORIGINAL",
      "PRIMARY",
      "M",
      "ND",
      "MOSAIC"
    ],
    "ImagingFrequency": 123.26,
    "MagneticFieldStrength": 3,
    "Manufacturer": "Siemens",
    "ManufacturersModelName": "TrioTim",
    "Modality": "MR",
    "PhaseEncodingDirection": "j-",
    "PixelBandwidth": 3005,
    "RepetitionTime": 2.5,
    "ScanOptions": "FS",
    "ScanningSequence": "EP",
    "SequenceName": "*epfid2d1_64",
    "SequenceVariant": "SK",
    "SliceThickness": 3,
    "SliceTiming": [
      1.245,
      0,
      1.3025,
      0.0575,
      1.3575,
      0.115,
      1.415,
      0.17,
      1.4725,
      0.2275,
      1.5275,
      0.2825,
      1.585,
      0.34,
      1.6425,
      0.3975,
      1.6975,
      0.4525,
      1.755,
      0.51,
      1.81,
      0.5675,
      1.8675,
      0.6225,
      1.925,
      0.68,
      1.98,
      0.735,
      2.0375,
      0.7925,
      2.095,
      0.85,
      2.15,
      0.905,
      2.2075,
      0.9625,
      2.265,
      1.02,
      2.32,
      1.075,
      2.3775,
      1.1325,
      2.4325,
      1.19
    ],
    "SpacingBetweenSlices": 3,
    "TaskName": "change-point helicopter fmri",
    "TotalReadoutTime": 0.0315,
    "dataset": "ds003772",
    "modality": "bold",
    "run_id": 4,
    "subject_id": "cc528",
    "task_id": "changepoint"
  },
  "dummy_trs": 1,
  "dvars_nstd": 17.683492460133934,
  "dvars_std": 1.1788755127678578,
  "dvars_vstd": 1.0133410025,
  "efc": 0.579903479207442,
  "fber": 436.91583251953125,
  "fd_mean": 0.0873093016927985,
  "fd_num": 11,
  "fd_perc": 4.888888888888889,
  "fwhm_avg": 2.789444444444445,
  "fwhm_x": 2.6628133333333333,
  "fwhm_y": 2.7693,
  "fwhm_z": 2.93622,
  "gcor": 0.0506494,
  "gsr_x": -0.013833433389663696,
  "gsr_y": 0.0558193176984787,
  "provenance": {
    "md5sum": "85659dceedb4a1aa1e5233083c1e8394",
    "settings": {
      "fd_thres": 0.2,
      "testing": false
    },
    "software": "mriqc",
    "version": "22.0.6",
    "webapi_port": null,
    "webapi_url": "https://mriqc.nimh.nih.gov/api/v1"
  },
  "size_t": 225,
  "size_x": 64,
  "size_y": 64,
  "size_z": 44,
  "snr": 2.7412375982315678,
  "spacing_tr": 2.5,
  "spacing_x": 3.0,
  "spacing_y": 3.0,
  "spacing_z": 3.0,
  "summary_bg_k": 19.282675058913853,
  "summary_bg_mad": 11.445690936680409,
  "summary_bg_mean": 65.29081726074219,
  "summary_bg_median": 35.49333572387695,
  "summary_bg_n": 97533.0,
  "summary_bg_p05": 27.0,
  "summary_bg_p95": 221.6088928222655,
  "summary_bg_stdv": 76.0353012084961,
  "summary_fg_k": 1.6432677317183266,
  "summary_fg_mad": 239.72032749435996,
  "summary_fg_mean": 822.75048828125,
  "summary_fg_median": 765.6044921875,
  "summary_fg_n": 42589.0,
  "summary_fg_p05": 475.00090942382815,
  "summary_fg_p95": 1375.2400390624998,
  "summary_fg_stdv": 279.28826904296875,
  "tsnr": 91.29269825294614
}