{
  "aor": 0.0014813274336283187,
  "aqi": 0.0014131008938053097,
  "bids_meta": {
    "BandwidthPerPixelPhaseEncode": 31.25,
    "DerivedVendorReportedEchoSpacing": 0.0005,
    "EchoTime": 0.025,
    "EffectiveEchoSpacing": 0.0005,
    "FlipAngle": 75,
    "ImageType": [
      "ORIGINAL",
      "PRIMARY",
      "M",
      "ND",
      "MOSAIC"
    ],
    "ImagingFrequency": 123.26,
    "MagneticFieldStrength": 3,
    "Manufacturer": "Siemens",
    "ManufacturersModelName": "TrioTim",
    "Modality": "MR",
    "PhaseEncodingDirection": "j-",
    "PixelBandwidth": 3005,
    "RepetitionTime": 2.5,
    "ScanOptions": "FS",
    "ScanningSequence": "EP",
    "SequenceName": "*epfid2d1_64",
    "SequenceVariant": "SK",
    "SliceThickness": 3,
    "SliceTiming": [
      1.245,
      0,
      1.3025,
      0.0575,
      1.3575,
      0.115,
      1.415,
      0.17,
      1.4725,
      0.2275,
      1.5275,
      0.2825,
      1.585,
      0.34,
      1.6425,
      0.3975,
      1.6975,
      0.4525,
      1.755,
      0.51,
      1.81,
      0.5675,
      1.8675,
      0.6225,
      1.925,
      0.68,
      1.98,
      0.735,
      2.0375,
      0.7925,
      2.095,
      0.85,
      2.15,
      0.905,
      2.2075,
      0.9625,
      2.265,
      1.02,
      2.32,
      1.075,
      2.3775,
      1.1325,
      2.4325,
      1.19
    ],
    "SpacingBetweenSlices": 3,
    "TaskName": "change-point helicopter fmri",
    "TotalReadoutTime": 0.0315,
    "dataset": "ds003772",
    "modality": "bold",
    "run_id": 3,
    "subject_id": "cc528",
    "task_id": "changepoint"
  },
  "dummy_trs": 0,
  "dvars_nstd": 16.351040543511107,
  "dvars_std": 1.1450024235555556,
  "dvars_vstd": 1.003286348933333,
  "efc": 0.5791209167024105,
  "fber": 439.82916259765625,
  "fd_mean": 0.06508538805808332,
  "fd_num": 3,
  "fd_perc": 1.3274336283185841,
  "fwhm_avg": 2.771751111111111,
  "fwhm_x": 2.6445666666666665,
  "fwhm_y": 2.7405033333333333,
  "fwhm_z": 2.9301833333333334,
  "gcor": 0.0453109,
  "gsr_x": -0.014268661849200726,
  "gsr_y": 0.05595790594816208,
  "provenance": {
    "md5sum": "db0473d48fac61c102f676215245353b",
    "settings": {
      "fd_thres": 0.2,
      "testing": false
    },
    "software": "mriqc",
    "version": "22.0.6",
    "webapi_port": null,
    "webapi_url": "https://mriqc.nimh.nih.gov/api/v1"
  },
  "size_t": 226,
  "size_x": 64,
  "size_y": 64,
  "size_z": 44,
  "snr": 2.7558677484136433,
  "spacing_tr": 2.5,
  "spacing_x": 3.0,
  "spacing_y": 3.0,
  "spacing_z": 3.0,
  "summary_bg_k": 20.448563245569414,
  "summary_bg_mad": 11.440965617185926,
  "summary_bg_mean": 63.64340591430664,
  "summary_bg_median": 35.30973434448242,
  "summary_bg_n": 97497.0,
  "summary_bg_p05": 26.553096771240234,
  "summary_bg_p95": 210.83009338378895,
  "summary_bg_stdv": 73.00443267822266,
  "summary_fg_k": 1.6620918985547002,
  "summary_fg_mad": 237.9248078886722,
  "summary_fg_mean": 820.461181640625,
  "summary_fg_median": 763.752197265625,
  "summary_fg_n": 42587.0,
  "summary_fg_p05": 476.2884826660156,
  "summary_fg_p95": 1365.5181518554687,
  "summary_fg_stdv": 277.13348388671875,
  "tsnr": 91.55465849861503
}