{
  "bids_meta": {
    "EchoTime": 0.00311,
    "FlipAngle": 15,
    "ImageType": [
      "ORIGINAL",
      "PRIMARY",
      "M",
      "ND",
      "NORM"
    ],
    "ImagingFrequency": 123.26,
    "InversionTime": 1.1,
    "MagneticFieldStrength": 3,
    "Manufacturer": "Siemens",
    "ManufacturersModelName": "TrioTim",
    "Modality": "MR",
    "RepetitionTime": 1.63,
    "ScanningSequence": "GR\\IR",
    "SequenceVariant": "SP\\MP",
    "SliceThickness": 1,
    "dataset": "ds003772",
    "modality": "T1w",
    "subject_id": "qb2027"
  },
  "cjv": 0.39113250673338534,
  "cnr": 3.445900301524538,
  "efc": 0.6174401161344062,
  "fber": -1.0,
  "fwhm_avg": 3.7027384444444444,
  "fwhm_x": 3.5556373333333338,
  "fwhm_y": 4.094208,
  "fwhm_z": 3.45837,
  "icvs_csf": 0.20427759799089193,
  "icvs_gm": 0.4244243080115515,
  "icvs_wm": 0.3712980939975566,
  "inu_med": 0.30486568808555603,
  "inu_range": 0.058860741555690765,
  "provenance": {
    "md5sum": "70c867dfe7ea3e4b6a973939af612d6a",
    "settings": {
      "testing": false
    },
    "software": "mriqc",
    "version": "22.0.6",
    "warnings": {
      "large_rot_frame": true,
      "small_air_mask": false
    },
    "webapi_port": null,
    "webapi_url": "https://mriqc.nimh.nih.gov/api/v1"
  },
  "qi_1": 0.0007795011680322571,
  "qi_2": 0.005124114725771206,
  "rpve_csf": 16.16259870707993,
  "rpve_gm": 8.05344835520192,
  "rpve_wm": 10.4831662021512,
  "size_x": 192,
  "size_y": 256,
  "size_z": 160,
  "snr_csf": 2.9276180904528886,
  "snr_gm": 16.94296374557925,
  "snr_total": 15.059762053147816,
  "snr_wm": 25.30870432341131,
  "snrd_csf": 28.956701986255727,
  "snrd_gm": 62.315406469405865,
  "snrd_total": 56.79054023399882,
  "snrd_wm": 79.09951224633485,
  "spacing_x": 0.9375,
  "spacing_y": 0.9375,
  "spacing_z": 1.0,
  "summary_bg_k": 21.323132306748917,
  "summary_bg_mad": 0.0,
  "summary_bg_mean": 3.6633559333486976,
  "summary_bg_median": 0.0,
  "summary_bg_n": 1844906.0,
  "summary_bg_p05": 0.0,
  "summary_bg_p95": 18.630952436476946,
  "summary_bg_stdv": 8.282925893733545,
  "summary_csf_k": 16.611213127676553,
  "summary_csf_mad": 82.29324838551929,
  "summary_csf_mean": 362.5198652168235,
  "summary_csf_median": 366.10119156725705,
  "summary_csf_n": 42951.0,
  "summary_csf_p05": 141.72619089856744,
  "summary_csf_p95": 545.7440492454916,
  "summary_csf_stdv": 125.04941504808565,
  "summary_gm_k": 0.07468444868849655,
  "summary_gm_mad": 46.022444003268966,
  "summary_gm_mean": 786.5871737061258,
  "summary_gm_median": 787.8571452051401,
  "summary_gm_n": 36719.0,
  "summary_gm_p05": 708.7767878266052,
  "summary_gm_p95": 860.7470263747498,
  "summary_gm_stdv": 46.49991753321168,
  "summary_wm_k": 0.9437697211147351,
  "summary_wm_mad": 36.97680544078561,
  "summary_wm_mean": 1003.6333667993722,
  "summary_wm_median": 1000.0595267899334,
  "summary_wm_n": 215282.0,
  "summary_wm_p05": 945.4464313890785,
  "summary_wm_p95": 1073.0059555787593,
  "summary_wm_stdv": 39.51435803802911,
  "tpm_overlap_csf": 0.1534548770307677,
  "tpm_overlap_gm": 0.45800156661443736,
  "tpm_overlap_wm": 0.49284222943818723,
  "wm2max": 0.6212620071843367
}