{
  "bids_meta": {
    "EchoTime": 0.00311,
    "FlipAngle": 15,
    "ImageType": [
      "ORIGINAL",
      "PRIMARY",
      "M",
      "ND",
      "NORM"
    ],
    "ImagingFrequency": 123.26,
    "InversionTime": 1.1,
    "MagneticFieldStrength": 3,
    "Manufacturer": "Siemens",
    "ManufacturersModelName": "TrioTim",
    "Modality": "MR",
    "RepetitionTime": 1.63,
    "ScanningSequence": "GR\\IR",
    "SequenceVariant": "SP\\MP",
    "SliceThickness": 1,
    "dataset": "ds003772",
    "modality": "T1w",
    "subject_id": "tm943"
  },
  "cjv": 0.3532606612504136,
  "cnr": 3.8140313142392905,
  "efc": 0.5679777614403732,
  "fber": 57726.86222855109,
  "fwhm_avg": 3.9416833333333336,
  "fwhm_x": 3.721536,
  "fwhm_y": 4.309984,
  "fwhm_z": 3.79353,
  "icvs_csf": 0.22380554396009664,
  "icvs_gm": 0.43100834227257334,
  "icvs_wm": 0.34518611376733005,
  "inu_med": 0.3507642447948456,
  "inu_range": 0.08258161246776574,
  "provenance": {
    "md5sum": "459387395ddef9d981e94c8e2759a381",
    "settings": {
      "testing": false
    },
    "software": "mriqc",
    "version": "22.0.6",
    "warnings": {
      "large_rot_frame": true,
      "small_air_mask": false
    },
    "webapi_port": null,
    "webapi_url": "https://mriqc.nimh.nih.gov/api/v1"
  },
  "qi_1": 0.0013103460567825426,
  "qi_2": 0.00716932485615655,
  "rpve_csf": 15.484810810918248,
  "rpve_gm": 8.05709480138323,
  "rpve_wm": 11.173073439732727,
  "size_x": 192,
  "size_y": 256,
  "size_z": 160,
  "snr_csf": 3.532771644299264,
  "snr_gm": 17.318959565534946,
  "snr_total": 15.848869354972853,
  "snr_wm": 26.694876855084345,
  "snrd_csf": 29.249133266532198,
  "snrd_gm": 62.35773535720993,
  "snrd_total": 57.348346161313316,
  "snrd_wm": 80.43816986019783,
  "spacing_x": 0.9375,
  "spacing_y": 0.9375,
  "spacing_z": 1.0,
  "summary_bg_k": 12.946602334922629,
  "summary_bg_mad": 0.0,
  "summary_bg_mean": 4.466950195972749,
  "summary_bg_median": 0.0,
  "summary_bg_n": 2793406.0,
  "summary_bg_p05": 0.0,
  "summary_bg_p95": 21.257799807935953,
  "summary_bg_stdv": 8.144821156484525,
  "summary_csf_k": 2.2055209417246617,
  "summary_csf_mad": 64.52770339234927,
  "summary_csf_mean": 359.18241784963993,
  "summary_csf_median": 363.63261061068624,
  "summary_csf_n": 70506.0,
  "summary_csf_p05": 158.4672349318862,
  "summary_csf_p95": 525.8889793395065,
  "summary_csf_stdv": 102.93052268269417,
  "summary_gm_k": 0.0776423099524779,
  "summary_gm_mad": 45.310604285017845,
  "summary_gm_mean": 774.4204743394666,
  "summary_gm_median": 775.2471122164279,
  "summary_gm_n": 37428.0,
  "summary_gm_p05": 700.4306999053806,
  "summary_gm_p95": 845.811964565888,
  "summary_gm_stdv": 44.762316852873724,
  "summary_wm_k": 0.9671455900625019,
  "summary_wm_mad": 34.09551343217693,
  "summary_wm_mean": 1002.560118671523,
  "summary_wm_median": 1000.027639536187,
  "summary_wm_n": 184618.0,
  "summary_wm_p05": 945.7788387276232,
  "summary_wm_p95": 1068.41563797025,
  "summary_wm_stdv": 37.46130527559379,
  "tpm_overlap_csf": 0.14659712332005717,
  "tpm_overlap_gm": 0.4583644602569002,
  "tpm_overlap_wm": 0.48304179038592515,
  "wm2max": 0.6608126349900524
}