{
  "aor": 0.0005116,
  "aqi": 0.0027454956444444446,
  "bids_meta": {
    "BandwidthPerPixelPhaseEncode": 31.25,
    "DerivedVendorReportedEchoSpacing": 0.0005,
    "EchoTime": 0.025,
    "EffectiveEchoSpacing": 0.0005,
    "FlipAngle": 75,
    "ImageType": [
      "ORIGINAL",
      "PRIMARY",
      "M",
      "ND",
      "MOSAIC"
    ],
    "ImagingFrequency": 123.26,
    "MagneticFieldStrength": 3,
    "Manufacturer": "Siemens",
    "ManufacturersModelName": "TrioTim",
    "Modality": "MR",
    "PhaseEncodingDirection": "j-",
    "PixelBandwidth": 3005,
    "RepetitionTime": 2.5,
    "ScanOptions": "FS",
    "ScanningSequence": "EP",
    "SequenceName": "*epfid2d1_64",
    "SequenceVariant": "SK",
    "SliceThickness": 3,
    "SliceTiming": [
      1.245,
      0,
      1.3025,
      0.0575,
      1.3575,
      0.115,
      1.415,
      0.17,
      1.4725,
      0.2275,
      1.5275,
      0.2825,
      1.585,
      0.34,
      1.6425,
      0.3975,
      1.6975,
      0.4525,
      1.755,
      0.51,
      1.81,
      0.5675,
      1.8675,
      0.6225,
      1.925,
      0.68,
      1.98,
      0.735,
      2.0375,
      0.7925,
      2.095,
      0.85,
      2.15,
      0.905,
      2.2075,
      0.9625,
      2.265,
      1.02,
      2.32,
      1.075,
      2.3775,
      1.1325,
      2.4325,
      1.19
    ],
    "SpacingBetweenSlices": 3,
    "TaskName": "change-point helicopter fmri",
    "TotalReadoutTime": 0.0315,
    "dataset": "ds003772",
    "modality": "bold",
    "run_id": 3,
    "subject_id": "bh2044",
    "task_id": "changepoint"
  },
  "dummy_trs": 1,
  "dvars_nstd": 24.45300351683036,
  "dvars_std": 1.1993631697767857,
  "dvars_vstd": 0.9749552607589285,
  "efc": 0.636365069320279,
  "fber": 270.70709228515625,
  "fd_mean": 0.08100276266883896,
  "fd_num": 7,
  "fd_perc": 3.111111111111111,
  "fwhm_avg": 2.5970366666666664,
  "fwhm_x": 2.3968066666666665,
  "fwhm_y": 2.4850033333333332,
  "fwhm_z": 2.9093,
  "gcor": 0.0316773,
  "gsr_x": -0.022231897339224815,
  "gsr_y": 0.06655850261449814,
  "provenance": {
    "md5sum": "d3054b853dbc5668858d6f9b7f624f04",
    "settings": {
      "fd_thres": 0.2,
      "testing": false
    },
    "software": "mriqc",
    "version": "22.0.6",
    "webapi_port": null,
    "webapi_url": "https://mriqc.nimh.nih.gov/api/v1"
  },
  "size_t": 225,
  "size_x": 64,
  "size_y": 64,
  "size_z": 44,
  "snr": 3.1487502866227044,
  "spacing_tr": 2.5,
  "spacing_x": 3.0,
  "spacing_y": 3.0,
  "spacing_z": 3.0,
  "summary_bg_k": 13.306458593948797,
  "summary_bg_mad": 13.613583251137076,
  "summary_bg_mean": 80.0682601928711,
  "summary_bg_median": 37.30666732788086,
  "summary_bg_n": 92781.0,
  "summary_bg_p05": 27.044445037841797,
  "summary_bg_p95": 301.24444580078125,
  "summary_bg_stdv": 99.90494537353516,
  "summary_fg_k": 2.0626043201405535,
  "summary_fg_mad": 178.3141361213304,
  "summary_fg_mean": 679.0364379882812,
  "summary_fg_median": 643.1644897460938,
  "summary_fg_n": 45813.0,
  "summary_fg_p05": 419.11468505859375,
  "summary_fg_p95": 1064.667578125,
  "summary_fg_stdv": 204.2580108642578,
  "tsnr": 73.82424553949386
}