{
  "aor": 0.0009129646017699114,
  "aqi": 0.0030111722123893803,
  "bids_meta": {
    "BandwidthPerPixelPhaseEncode": 31.25,
    "DerivedVendorReportedEchoSpacing": 0.0005,
    "EchoTime": 0.025,
    "EffectiveEchoSpacing": 0.0005,
    "FlipAngle": 75,
    "ImageType": [
      "ORIGINAL",
      "PRIMARY",
      "M",
      "ND",
      "MOSAIC"
    ],
    "ImagingFrequency": 123.26,
    "MagneticFieldStrength": 3,
    "Manufacturer": "Siemens",
    "ManufacturersModelName": "TrioTim",
    "Modality": "MR",
    "PhaseEncodingDirection": "j-",
    "PixelBandwidth": 3005,
    "RepetitionTime": 2.5,
    "ScanOptions": "FS",
    "ScanningSequence": "EP",
    "SequenceName": "*epfid2d1_64",
    "SequenceVariant": "SK",
    "SliceThickness": 3,
    "SliceTiming": [
      1.245,
      0,
      1.3025,
      0.0575,
      1.3575,
      0.115,
      1.415,
      0.17,
      1.4725,
      0.2275,
      1.5275,
      0.2825,
      1.585,
      0.34,
      1.6425,
      0.3975,
      1.6975,
      0.4525,
      1.755,
      0.51,
      1.81,
      0.5675,
      1.8675,
      0.6225,
      1.925,
      0.68,
      1.98,
      0.735,
      2.0375,
      0.7925,
      2.095,
      0.85,
      2.15,
      0.905,
      2.2075,
      0.9625,
      2.265,
      1.02,
      2.32,
      1.075,
      2.3775,
      1.1325,
      2.4325,
      1.19
    ],
    "SpacingBetweenSlices": 3,
    "TaskName": "change-point helicopter fmri",
    "TotalReadoutTime": 0.0315,
    "dataset": "ds003772",
    "modality": "bold",
    "run_id": 4,
    "subject_id": "bh2044",
    "task_id": "changepoint"
  },
  "dummy_trs": 0,
  "dvars_nstd": 23.39074173826669,
  "dvars_std": 1.1920519886666674,
  "dvars_vstd": 0.9856159195999993,
  "efc": 0.6369303219919665,
  "fber": 268.1954040527344,
  "fd_mean": 0.08196281273048878,
  "fd_num": 7,
  "fd_perc": 3.0973451327433628,
  "fwhm_avg": 2.6022133333333333,
  "fwhm_x": 2.4165766666666664,
  "fwhm_y": 2.48354,
  "fwhm_z": 2.906523333333333,
  "gcor": 0.029041,
  "gsr_x": -0.022520894184708595,
  "gsr_y": 0.06751235574483871,
  "provenance": {
    "md5sum": "64e9ba9274c2cc39d644905a911a9b92",
    "settings": {
      "fd_thres": 0.2,
      "testing": false
    },
    "software": "mriqc",
    "version": "22.0.6",
    "webapi_port": null,
    "webapi_url": "https://mriqc.nimh.nih.gov/api/v1"
  },
  "size_t": 226,
  "size_x": 64,
  "size_y": 64,
  "size_z": 44,
  "snr": 3.135917691772439,
  "spacing_tr": 2.5,
  "spacing_x": 3.0,
  "spacing_y": 3.0,
  "spacing_z": 3.0,
  "summary_bg_k": 12.536535328831599,
  "summary_bg_mad": 13.691111293782624,
  "summary_bg_mean": 80.84696960449219,
  "summary_bg_median": 37.46017837524414,
  "summary_bg_n": 92783.0,
  "summary_bg_p05": 27.283185958862305,
  "summary_bg_p95": 303.8464508056639,
  "summary_bg_stdv": 100.70501708984375,
  "summary_fg_k": 2.0081654589112867,
  "summary_fg_mad": 178.12872035315914,
  "summary_fg_mean": 680.3488159179688,
  "summary_fg_median": 643.8495483398438,
  "summary_fg_n": 45849.0,
  "summary_fg_p05": 418.4752197265625,
  "summary_fg_p95": 1068.5831542968747,
  "summary_fg_stdv": 205.31231689453125,
  "tsnr": 70.32857395592146
}