{
  "aor": 0.0008873893805309735,
  "aqi": 0.0023055547787610617,
  "bids_meta": {
    "BandwidthPerPixelPhaseEncode": 31.25,
    "DerivedVendorReportedEchoSpacing": 0.0005,
    "EchoTime": 0.025,
    "EffectiveEchoSpacing": 0.0005,
    "FlipAngle": 75,
    "ImageType": [
      "ORIGINAL",
      "PRIMARY",
      "M",
      "ND",
      "MOSAIC"
    ],
    "ImagingFrequency": 123.26,
    "MagneticFieldStrength": 3,
    "Manufacturer": "Siemens",
    "ManufacturersModelName": "TrioTim",
    "Modality": "MR",
    "PhaseEncodingDirection": "j-",
    "PixelBandwidth": 3005,
    "RepetitionTime": 2.5,
    "ScanOptions": "FS",
    "ScanningSequence": "EP",
    "SequenceName": "*epfid2d1_64",
    "SequenceVariant": "SK",
    "SliceThickness": 3,
    "SliceTiming": [
      1.245,
      0,
      1.3025,
      0.0575,
      1.3575,
      0.115,
      1.415,
      0.17,
      1.4725,
      0.2275,
      1.5275,
      0.2825,
      1.585,
      0.34,
      1.6425,
      0.3975,
      1.6975,
      0.4525,
      1.755,
      0.51,
      1.81,
      0.5675,
      1.8675,
      0.6225,
      1.925,
      0.68,
      1.98,
      0.735,
      2.0375,
      0.7925,
      2.095,
      0.85,
      2.15,
      0.905,
      2.2075,
      0.9625,
      2.265,
      1.02,
      2.32,
      1.075,
      2.3775,
      1.1325,
      2.4325,
      1.19
    ],
    "SpacingBetweenSlices": 3,
    "TaskName": "change-point helicopter fmri",
    "TotalReadoutTime": 0.0315,
    "dataset": "ds003772",
    "modality": "bold",
    "run_id": 2,
    "subject_id": "bh2044",
    "task_id": "changepoint"
  },
  "dummy_trs": 0,
  "dvars_nstd": 24.396332236444444,
  "dvars_std": 1.2345474580444458,
  "dvars_vstd": 1.0087954215111115,
  "efc": 0.6354400888028854,
  "fber": 276.15447998046875,
  "fd_mean": 0.0876129957539189,
  "fd_num": 8,
  "fd_perc": 3.5398230088495577,
  "fwhm_avg": 2.6075344444444446,
  "fwhm_x": 2.408936666666667,
  "fwhm_y": 2.50934,
  "fwhm_z": 2.9043266666666665,
  "gcor": 0.0260418,
  "gsr_x": -0.02194269560277462,
  "gsr_y": 0.06592985987663269,
  "provenance": {
    "md5sum": "a538b5a68c1b5ae7c4fdadb6c19f1fcb",
    "settings": {
      "fd_thres": 0.2,
      "testing": false
    },
    "software": "mriqc",
    "version": "22.0.6",
    "webapi_port": null,
    "webapi_url": "https://mriqc.nimh.nih.gov/api/v1"
  },
  "size_t": 226,
  "size_x": 64,
  "size_y": 64,
  "size_z": 44,
  "snr": 3.1588523175001897,
  "spacing_tr": 2.5,
  "spacing_x": 3.0,
  "spacing_y": 3.0,
  "spacing_z": 3.0,
  "summary_bg_k": 11.901787784603764,
  "summary_bg_mad": 13.146610833781148,
  "summary_bg_mean": 79.11618041992188,
  "summary_bg_median": 36.90707778930664,
  "summary_bg_n": 92867.0,
  "summary_bg_p05": 27.084070205688477,
  "summary_bg_p95": 297.3353881835937,
  "summary_bg_stdv": 98.22084045410156,
  "summary_fg_k": 1.9423291191730456,
  "summary_fg_mad": 177.85978152299563,
  "summary_fg_mean": 678.0311279296875,
  "summary_fg_median": 641.9336547851562,
  "summary_fg_n": 45783.0,
  "summary_fg_p05": 418.9398193359375,
  "summary_fg_p95": 1064.0358154296875,
  "summary_fg_stdv": 203.21514892578125,
  "tsnr": 79.99511996819638
}