{
  "aor": 0.0019168807339449542,
  "aqi": 0.002144939266055046,
  "bids_meta": {
    "BandwidthPerPixelPhaseEncode": 31.25,
    "DerivedVendorReportedEchoSpacing": 0.0005,
    "EchoTime": 0.025,
    "EffectiveEchoSpacing": 0.0005,
    "FlipAngle": 75,
    "ImageType": [
      "ORIGINAL",
      "PRIMARY",
      "M",
      "ND",
      "MOSAIC"
    ],
    "ImagingFrequency": 123.26,
    "MagneticFieldStrength": 3,
    "Manufacturer": "Siemens",
    "ManufacturersModelName": "TrioTim",
    "Modality": "MR",
    "PhaseEncodingDirection": "j-",
    "PixelBandwidth": 3005,
    "RepetitionTime": 2.5,
    "ScanOptions": "FS",
    "ScanningSequence": "EP",
    "SequenceName": "*epfid2d1_64",
    "SequenceVariant": "SK",
    "SliceThickness": 3,
    "SliceTiming": [
      1.245,
      0,
      1.3025,
      0.0575,
      1.3575,
      0.115,
      1.415,
      0.17,
      1.4725,
      0.2275,
      1.5275,
      0.2825,
      1.585,
      0.34,
      1.6425,
      0.3975,
      1.6975,
      0.4525,
      1.755,
      0.51,
      1.81,
      0.5675,
      1.8675,
      0.6225,
      1.925,
      0.68,
      1.98,
      0.735,
      2.0375,
      0.7925,
      2.095,
      0.85,
      2.15,
      0.905,
      2.2075,
      0.9625,
      2.265,
      1.02,
      2.32,
      1.075,
      2.3775,
      1.1325,
      2.4325,
      1.19
    ],
    "SpacingBetweenSlices": 3,
    "TaskName": "change-point helicopter fmri",
    "TotalReadoutTime": 0.0315,
    "dataset": "ds003772",
    "modality": "bold",
    "run_id": 1,
    "subject_id": "tm943",
    "task_id": "changepoint"
  },
  "dummy_trs": 8,
  "dvars_nstd": 19.17725691359447,
  "dvars_std": 1.2194079442396313,
  "dvars_vstd": 1.0053861064976959,
  "efc": 0.5852553931961878,
  "fber": 341.40509033203125,
  "fd_mean": 0.0761266125756126,
  "fd_num": 13,
  "fd_perc": 5.963302752293578,
  "fwhm_avg": 2.4841244444444444,
  "fwhm_x": 2.4169233333333335,
  "fwhm_y": 2.33748,
  "fwhm_z": 2.6979699999999998,
  "gcor": 0.0459535,
  "gsr_x": 0.01280604861676693,
  "gsr_y": 0.032781705260276794,
  "provenance": {
    "md5sum": "ba57dbd2eb5009a65450881c4b25dfb3",
    "settings": {
      "fd_thres": 0.2,
      "testing": false
    },
    "software": "mriqc",
    "version": "22.0.6",
    "webapi_port": null,
    "webapi_url": "https://mriqc.nimh.nih.gov/api/v1"
  },
  "size_t": 218,
  "size_x": 64,
  "size_y": 64,
  "size_z": 44,
  "snr": 3.1311350979450365,
  "spacing_tr": 2.5,
  "spacing_x": 3.0,
  "spacing_y": 3.0,
  "spacing_z": 3.0,
  "summary_bg_k": 21.48373947577656,
  "summary_bg_mad": 15.43130139544343,
  "summary_bg_mean": 68.89366912841797,
  "summary_bg_median": 37.66513442993164,
  "summary_bg_n": 101062.0,
  "summary_bg_p05": 26.518346786499023,
  "summary_bg_p95": 216.40480880737286,
  "summary_bg_stdv": 83.81161499023438,
  "summary_fg_k": 3.0660134771772762,
  "summary_fg_mad": 196.05713111605,
  "summary_fg_mean": 741.594482421875,
  "summary_fg_median": 700.7889404296875,
  "summary_fg_n": 40751.0,
  "summary_fg_p05": 462.68116760253906,
  "summary_fg_p95": 1151.5687255859375,
  "summary_fg_stdv": 223.81031799316406,
  "tsnr": 86.90574817918241
}