{
  "aor": 0.0025705752212389385,
  "aqi": 0.0025117982300884955,
  "bids_meta": {
    "BandwidthPerPixelPhaseEncode": 31.25,
    "DerivedVendorReportedEchoSpacing": 0.0005,
    "EchoTime": 0.025,
    "EffectiveEchoSpacing": 0.0005,
    "FlipAngle": 75,
    "ImageType": [
      "ORIGINAL",
      "PRIMARY",
      "M",
      "ND",
      "MOSAIC"
    ],
    "ImagingFrequency": 123.26,
    "MagneticFieldStrength": 3,
    "Manufacturer": "Siemens",
    "ManufacturersModelName": "TrioTim",
    "Modality": "MR",
    "PhaseEncodingDirection": "j-",
    "PixelBandwidth": 3005,
    "RepetitionTime": 2.5,
    "ScanOptions": "FS",
    "ScanningSequence": "EP",
    "SequenceName": "*epfid2d1_64",
    "SequenceVariant": "SK",
    "SliceThickness": 3,
    "SliceTiming": [
      1.245,
      0,
      1.3025,
      0.0575,
      1.3575,
      0.115,
      1.415,
      0.17,
      1.4725,
      0.2275,
      1.5275,
      0.2825,
      1.585,
      0.34,
      1.6425,
      0.3975,
      1.6975,
      0.4525,
      1.755,
      0.51,
      1.81,
      0.5675,
      1.8675,
      0.6225,
      1.925,
      0.68,
      1.98,
      0.735,
      2.0375,
      0.7925,
      2.095,
      0.85,
      2.15,
      0.905,
      2.2075,
      0.9625,
      2.265,
      1.02,
      2.32,
      1.075,
      2.3775,
      1.1325,
      2.4325,
      1.19
    ],
    "SpacingBetweenSlices": 3,
    "TaskName": "change-point helicopter fmri",
    "TotalReadoutTime": 0.0315,
    "dataset": "ds003772",
    "modality": "bold",
    "run_id": 2,
    "subject_id": "tm943",
    "task_id": "changepoint"
  },
  "dummy_trs": 0,
  "dvars_nstd": 20.281005342044455,
  "dvars_std": 1.2428988250222226,
  "dvars_vstd": 1.0108608313777783,
  "efc": 0.5855638942760192,
  "fber": 337.7253112792969,
  "fd_mean": 0.08403799125168265,
  "fd_num": 14,
  "fd_perc": 6.1946902654867255,
  "fwhm_avg": 2.4751933333333334,
  "fwhm_x": 2.4081366666666666,
  "fwhm_y": 2.3305000000000002,
  "fwhm_z": 2.6869433333333332,
  "gcor": 0.0659354,
  "gsr_x": 0.013197142630815506,
  "gsr_y": 0.03316374868154526,
  "provenance": {
    "md5sum": "21b72b7bc82244f30c106188c686f12a",
    "settings": {
      "fd_thres": 0.2,
      "testing": false
    },
    "software": "mriqc",
    "version": "22.0.6",
    "webapi_port": null,
    "webapi_url": "https://mriqc.nimh.nih.gov/api/v1"
  },
  "size_t": 226,
  "size_x": 64,
  "size_y": 64,
  "size_z": 44,
  "snr": 3.1092673196856175,
  "spacing_tr": 2.5,
  "spacing_x": 3.0,
  "spacing_y": 3.0,
  "spacing_z": 3.0,
  "summary_bg_k": 21.230200168631445,
  "summary_bg_mad": 15.862535579543067,
  "summary_bg_mean": 69.80387115478516,
  "summary_bg_median": 38.02655029296875,
  "summary_bg_n": 101103.0,
  "summary_bg_p05": 26.55752182006836,
  "summary_bg_p95": 220.44911193847642,
  "summary_bg_stdv": 85.11216735839844,
  "summary_fg_k": 3.1592041691772303,
  "summary_fg_mad": 197.9109720797594,
  "summary_fg_mean": 745.1898193359375,
  "summary_fg_median": 703.7964477539062,
  "summary_fg_n": 40696.0,
  "summary_fg_p05": 464.41260528564453,
  "summary_fg_p95": 1158.3650512695312,
  "summary_fg_stdv": 226.35165405273438,
  "tsnr": 79.79075435246341
}