{
  "aor": 0.002066769911504425,
  "aqi": 0.0025556744247787607,
  "bids_meta": {
    "BandwidthPerPixelPhaseEncode": 31.25,
    "DerivedVendorReportedEchoSpacing": 0.0005,
    "EchoTime": 0.025,
    "EffectiveEchoSpacing": 0.0005,
    "FlipAngle": 75,
    "ImageType": [
      "ORIGINAL",
      "PRIMARY",
      "M",
      "ND",
      "MOSAIC"
    ],
    "ImagingFrequency": 123.26,
    "MagneticFieldStrength": 3,
    "Manufacturer": "Siemens",
    "ManufacturersModelName": "TrioTim",
    "Modality": "MR",
    "PhaseEncodingDirection": "j-",
    "PixelBandwidth": 3005,
    "RepetitionTime": 2.5,
    "ScanOptions": "FS",
    "ScanningSequence": "EP",
    "SequenceName": "*epfid2d1_64",
    "SequenceVariant": "SK",
    "SliceThickness": 3,
    "SliceTiming": [
      1.245,
      0,
      1.3025,
      0.0575,
      1.3575,
      0.115,
      1.415,
      0.17,
      1.4725,
      0.2275,
      1.5275,
      0.2825,
      1.585,
      0.34,
      1.6425,
      0.3975,
      1.6975,
      0.4525,
      1.755,
      0.51,
      1.81,
      0.5675,
      1.8675,
      0.6225,
      1.925,
      0.68,
      1.98,
      0.735,
      2.0375,
      0.7925,
      2.095,
      0.85,
      2.15,
      0.905,
      2.2075,
      0.9625,
      2.265,
      1.02,
      2.32,
      1.075,
      2.3775,
      1.1325,
      2.4325,
      1.19
    ],
    "SpacingBetweenSlices": 3,
    "TaskName": "change-point helicopter fmri",
    "TotalReadoutTime": 0.0315,
    "dataset": "ds003772",
    "modality": "bold",
    "run_id": 4,
    "subject_id": "tm943",
    "task_id": "changepoint"
  },
  "dummy_trs": 0,
  "dvars_nstd": 21.747714958399992,
  "dvars_std": 1.244678705466667,
  "dvars_vstd": 1.0071958756444446,
  "efc": 0.5862960853786137,
  "fber": 324.59429931640625,
  "fd_mean": 0.11111072405222099,
  "fd_num": 32,
  "fd_perc": 14.15929203539823,
  "fwhm_avg": 2.52415,
  "fwhm_x": 2.4621666666666666,
  "fwhm_y": 2.3709266666666666,
  "fwhm_z": 2.739356666666667,
  "gcor": 0.077815,
  "gsr_x": 0.01240204181522131,
  "gsr_y": 0.03281063959002495,
  "provenance": {
    "md5sum": "a5a20cbc263eba2d9778e6b4cf2d74c9",
    "settings": {
      "fd_thres": 0.2,
      "testing": false
    },
    "software": "mriqc",
    "version": "22.0.6",
    "webapi_port": null,
    "webapi_url": "https://mriqc.nimh.nih.gov/api/v1"
  },
  "size_t": 226,
  "size_x": 64,
  "size_y": 64,
  "size_z": 44,
  "snr": 3.047679684103028,
  "spacing_tr": 2.5,
  "spacing_x": 3.0,
  "spacing_y": 3.0,
  "spacing_z": 3.0,
  "summary_bg_k": 20.435539343034787,
  "summary_bg_mad": 17.05648892786331,
  "summary_bg_mean": 71.87841796875,
  "summary_bg_median": 39.022125244140625,
  "summary_bg_n": 101273.0,
  "summary_bg_p05": 26.685840606689453,
  "summary_bg_p95": 227.79911804199207,
  "summary_bg_stdv": 86.8955078125,
  "summary_fg_k": 3.244807236208964,
  "summary_fg_mad": 200.9910546610817,
  "summary_fg_mean": 749.343505859375,
  "summary_fg_median": 706.1548461914062,
  "summary_fg_n": 40669.0,
  "summary_fg_p05": 463.393798828125,
  "summary_fg_p95": 1170.9397705078122,
  "summary_fg_stdv": 231.69960021972656,
  "tsnr": 78.88241311023012
}