{
  "aor": 0.003252162162162162,
  "aqi": 0.0022351193108108105,
  "bids_meta": {
    "BandwidthPerPixelPhaseEncode": 31.25,
    "DerivedVendorReportedEchoSpacing": 0.0005,
    "EchoTime": 0.025,
    "EffectiveEchoSpacing": 0.0005,
    "FlipAngle": 75,
    "ImageType": [
      "ORIGINAL",
      "PRIMARY",
      "M",
      "ND",
      "MOSAIC"
    ],
    "ImagingFrequency": 123.26,
    "MagneticFieldStrength": 3,
    "Manufacturer": "Siemens",
    "ManufacturersModelName": "TrioTim",
    "Modality": "MR",
    "PhaseEncodingDirection": "j-",
    "PixelBandwidth": 3005,
    "RepetitionTime": 2.5,
    "ScanOptions": "FS",
    "ScanningSequence": "EP",
    "SequenceName": "*epfid2d1_64",
    "SequenceVariant": "SK",
    "SliceThickness": 3,
    "SliceTiming": [
      1.245,
      0,
      1.3025,
      0.0575,
      1.3575,
      0.115,
      1.415,
      0.17,
      1.4725,
      0.2275,
      1.5275,
      0.2825,
      1.585,
      0.34,
      1.6425,
      0.3975,
      1.6975,
      0.4525,
      1.755,
      0.51,
      1.81,
      0.5675,
      1.8675,
      0.6225,
      1.925,
      0.68,
      1.98,
      0.735,
      2.0375,
      0.7925,
      2.095,
      0.85,
      2.15,
      0.905,
      2.2075,
      0.9625,
      2.265,
      1.02,
      2.32,
      1.075,
      2.3775,
      1.1325,
      2.4325,
      1.19
    ],
    "SpacingBetweenSlices": 3,
    "TaskName": "change-point helicopter fmri",
    "TotalReadoutTime": 0.0315,
    "dataset": "ds003772",
    "modality": "bold",
    "run_id": 1,
    "subject_id": "fd967",
    "task_id": "changepoint"
  },
  "dummy_trs": 4,
  "dvars_nstd": 16.024057150950235,
  "dvars_std": 1.123385399909502,
  "dvars_vstd": 1.0088519050678741,
  "efc": 0.5801040619335617,
  "fber": 403.48699951171875,
  "fd_mean": 0.05918739282795846,
  "fd_num": 7,
  "fd_perc": 3.1531531531531534,
  "fwhm_avg": 2.714036666666667,
  "fwhm_x": 2.5153833333333333,
  "fwhm_y": 2.7645233333333334,
  "fwhm_z": 2.8622033333333334,
  "gcor": 0.0179006,
  "gsr_x": -0.011222678236663342,
  "gsr_y": 0.06169995293021202,
  "provenance": {
    "md5sum": "967b2fc546fc269b7ccdbd6190a83979",
    "settings": {
      "fd_thres": 0.2,
      "testing": false
    },
    "software": "mriqc",
    "version": "22.0.6",
    "webapi_port": null,
    "webapi_url": "https://mriqc.nimh.nih.gov/api/v1"
  },
  "size_t": 222,
  "size_x": 64,
  "size_y": 64,
  "size_z": 44,
  "snr": 2.9413410484831664,
  "spacing_tr": 2.5,
  "spacing_x": 3.0,
  "spacing_y": 3.0,
  "spacing_z": 3.0,
  "summary_bg_k": 20.6201123925539,
  "summary_bg_mad": 12.254843222444636,
  "summary_bg_mean": 66.84648895263672,
  "summary_bg_median": 34.89639663696289,
  "summary_bg_n": 100213.0,
  "summary_bg_p05": 24.189189910888672,
  "summary_bg_p95": 234.96757507324213,
  "summary_bg_stdv": 84.20866394042969,
  "summary_fg_k": 2.158028918445331,
  "summary_fg_mad": 208.19213616402595,
  "summary_fg_mean": 772.2189331054688,
  "summary_fg_median": 725.729736328125,
  "summary_fg_n": 39373.0,
  "summary_fg_p05": 464.66937866210935,
  "summary_fg_p95": 1248.0297607421876,
  "summary_fg_stdv": 246.73117065429688,
  "tsnr": 83.43120739329606
}