{
  "aor": 0.0024551769911504424,
  "aqi": 0.0030094489823008852,
  "bids_meta": {
    "BandwidthPerPixelPhaseEncode": 31.25,
    "DerivedVendorReportedEchoSpacing": 0.0005,
    "EchoTime": 0.025,
    "EffectiveEchoSpacing": 0.0005,
    "FlipAngle": 75,
    "ImageType": [
      "ORIGINAL",
      "PRIMARY",
      "M",
      "ND",
      "MOSAIC"
    ],
    "ImagingFrequency": 123.26,
    "MagneticFieldStrength": 3,
    "Manufacturer": "Siemens",
    "ManufacturersModelName": "TrioTim",
    "Modality": "MR",
    "PhaseEncodingDirection": "j-",
    "PixelBandwidth": 3005,
    "RepetitionTime": 2.5,
    "ScanOptions": "FS",
    "ScanningSequence": "EP",
    "SequenceName": "*epfid2d1_64",
    "SequenceVariant": "SK",
    "SliceThickness": 3,
    "SliceTiming": [
      1.245,
      0,
      1.3025,
      0.0575,
      1.3575,
      0.115,
      1.415,
      0.17,
      1.4725,
      0.2275,
      1.5275,
      0.2825,
      1.585,
      0.34,
      1.6425,
      0.3975,
      1.6975,
      0.4525,
      1.755,
      0.51,
      1.81,
      0.5675,
      1.8675,
      0.6225,
      1.925,
      0.68,
      1.98,
      0.735,
      2.0375,
      0.7925,
      2.095,
      0.85,
      2.15,
      0.905,
      2.2075,
      0.9625,
      2.265,
      1.02,
      2.32,
      1.075,
      2.3775,
      1.1325,
      2.4325,
      1.19
    ],
    "SpacingBetweenSlices": 3,
    "TaskName": "change-point helicopter fmri",
    "TotalReadoutTime": 0.0315,
    "dataset": "ds003772",
    "modality": "bold",
    "run_id": 3,
    "subject_id": "fp878",
    "task_id": "changepoint"
  },
  "dummy_trs": 0,
  "dvars_nstd": 22.440310364044443,
  "dvars_std": 1.2134179806222227,
  "dvars_vstd": 0.9938877437333336,
  "efc": 0.5741270673526867,
  "fber": 386.8719482421875,
  "fd_mean": 0.15551139433231626,
  "fd_num": 39,
  "fd_perc": 17.256637168141594,
  "fwhm_avg": 2.6772899999999997,
  "fwhm_x": 2.54205,
  "fwhm_y": 2.6101466666666666,
  "fwhm_z": 2.8796733333333333,
  "gcor": 0.0230683,
  "gsr_x": -0.007318931631743908,
  "gsr_y": 0.04562711343169212,
  "provenance": {
    "md5sum": "ecf56131381371cce010bbeb63a8b8dd",
    "settings": {
      "fd_thres": 0.2,
      "testing": false
    },
    "software": "mriqc",
    "version": "22.0.6",
    "webapi_port": null,
    "webapi_url": "https://mriqc.nimh.nih.gov/api/v1"
  },
  "size_t": 226,
  "size_x": 64,
  "size_y": 64,
  "size_z": 44,
  "snr": 3.3777955761950356,
  "spacing_tr": 2.5,
  "spacing_x": 3.0,
  "spacing_y": 3.0,
  "spacing_z": 3.0,
  "summary_bg_k": 26.103666695487455,
  "summary_bg_mad": 12.884209968112716,
  "summary_bg_mean": 64.06310272216797,
  "summary_bg_median": 34.20796585083008,
  "summary_bg_n": 104996.0,
  "summary_bg_p05": 24.0884952545166,
  "summary_bg_p95": 206.7710189819336,
  "summary_bg_stdv": 78.55596160888672,
  "summary_fg_k": 3.067470480004234,
  "summary_fg_mad": 164.99532966817313,
  "summary_fg_mean": 722.1646728515625,
  "summary_fg_median": 683.968994140625,
  "summary_fg_n": 37173.0,
  "summary_fg_p05": 468.21238403320314,
  "summary_fg_p95": 1108.8814453125003,
  "summary_fg_stdv": 202.48703002929688,
  "tsnr": 78.53321588854305
}