{
  "aor": 0.0008687610619469027,
  "aqi": 0.0020872048672566372,
  "bids_meta": {
    "BandwidthPerPixelPhaseEncode": 31.25,
    "DerivedVendorReportedEchoSpacing": 0.0005,
    "EchoTime": 0.025,
    "EffectiveEchoSpacing": 0.0005,
    "FlipAngle": 75,
    "ImageType": [
      "ORIGINAL",
      "PRIMARY",
      "M",
      "ND",
      "MOSAIC"
    ],
    "ImagingFrequency": 123.26,
    "MagneticFieldStrength": 3,
    "Manufacturer": "Siemens",
    "ManufacturersModelName": "TrioTim",
    "Modality": "MR",
    "PhaseEncodingDirection": "j-",
    "PixelBandwidth": 3005,
    "RepetitionTime": 2.5,
    "ScanOptions": "FS",
    "ScanningSequence": "EP",
    "SequenceName": "*epfid2d1_64",
    "SequenceVariant": "SK",
    "SliceThickness": 3,
    "SliceTiming": [
      1.245,
      0,
      1.3025,
      0.0575,
      1.3575,
      0.115,
      1.415,
      0.17,
      1.4725,
      0.2275,
      1.5275,
      0.2825,
      1.585,
      0.34,
      1.6425,
      0.3975,
      1.6975,
      0.4525,
      1.755,
      0.51,
      1.81,
      0.5675,
      1.8675,
      0.6225,
      1.925,
      0.68,
      1.98,
      0.735,
      2.0375,
      0.7925,
      2.095,
      0.85,
      2.15,
      0.905,
      2.2075,
      0.9625,
      2.265,
      1.02,
      2.32,
      1.075,
      2.3775,
      1.1325,
      2.4325,
      1.19
    ],
    "SpacingBetweenSlices": 3,
    "TaskName": "change-point helicopter fmri",
    "TotalReadoutTime": 0.0315,
    "dataset": "ds003772",
    "modality": "bold",
    "run_id": 4,
    "subject_id": "bn968",
    "task_id": "changepoint"
  },
  "dummy_trs": 0,
  "dvars_nstd": 17.946837624311105,
  "dvars_std": 1.203453308933333,
  "dvars_vstd": 0.9961834495999999,
  "efc": 0.5706905972218963,
  "fber": 436.49761962890625,
  "fd_mean": 0.05544517681991297,
  "fd_num": 3,
  "fd_perc": 1.3274336283185841,
  "fwhm_avg": 2.30114,
  "fwhm_x": 2.17131,
  "fwhm_y": 2.27405,
  "fwhm_z": 2.45806,
  "gcor": 0.0393023,
  "gsr_x": -0.009535729885101318,
  "gsr_y": 0.031451091170310974,
  "provenance": {
    "md5sum": "561735bceffeb9741eda260083076642",
    "settings": {
      "fd_thres": 0.2,
      "testing": false
    },
    "software": "mriqc",
    "version": "22.0.6",
    "webapi_port": null,
    "webapi_url": "https://mriqc.nimh.nih.gov/api/v1"
  },
  "size_t": 226,
  "size_x": 64,
  "size_y": 64,
  "size_z": 44,
  "snr": 4.205891284325172,
  "spacing_tr": 2.5,
  "spacing_x": 3.0,
  "spacing_y": 3.0,
  "spacing_z": 3.0,
  "summary_bg_k": 24.81132180016376,
  "summary_bg_mad": 7.570456702039836,
  "summary_bg_mean": 57.58673095703125,
  "summary_bg_median": 30.530973434448242,
  "summary_bg_n": 107971.0,
  "summary_bg_p05": 24.929203033447266,
  "summary_bg_p95": 192.33628845214844,
  "summary_bg_stdv": 73.25235748291016,
  "summary_fg_k": 0.38618014387766086,
  "summary_fg_mad": 151.6124556875072,
  "summary_fg_mean": 671.8823852539062,
  "summary_fg_median": 653.6194458007812,
  "summary_fg_n": 34307.0,
  "summary_fg_p05": 447.1991180419922,
  "summary_fg_p95": 951.4774414062498,
  "summary_fg_stdv": 155.40342712402344,
  "tsnr": 92.732141911285
}