{
  "aor": 0.0007914601769911505,
  "aqi": 0.0025807114159292037,
  "bids_meta": {
    "BandwidthPerPixelPhaseEncode": 31.25,
    "DerivedVendorReportedEchoSpacing": 0.0005,
    "EchoTime": 0.025,
    "EffectiveEchoSpacing": 0.0005,
    "FlipAngle": 75,
    "ImageType": [
      "ORIGINAL",
      "PRIMARY",
      "M",
      "ND",
      "MOSAIC"
    ],
    "ImagingFrequency": 123.26,
    "MagneticFieldStrength": 3,
    "Manufacturer": "Siemens",
    "ManufacturersModelName": "TrioTim",
    "Modality": "MR",
    "PhaseEncodingDirection": "j-",
    "PixelBandwidth": 3005,
    "RepetitionTime": 2.5,
    "ScanOptions": "FS",
    "ScanningSequence": "EP",
    "SequenceName": "*epfid2d1_64",
    "SequenceVariant": "SK",
    "SliceThickness": 3,
    "SliceTiming": [
      1.245,
      0,
      1.3025,
      0.0575,
      1.3575,
      0.115,
      1.415,
      0.17,
      1.4725,
      0.2275,
      1.5275,
      0.2825,
      1.585,
      0.34,
      1.6425,
      0.3975,
      1.6975,
      0.4525,
      1.755,
      0.51,
      1.81,
      0.5675,
      1.8675,
      0.6225,
      1.925,
      0.68,
      1.98,
      0.735,
      2.0375,
      0.7925,
      2.095,
      0.85,
      2.15,
      0.905,
      2.2075,
      0.9625,
      2.265,
      1.02,
      2.32,
      1.075,
      2.3775,
      1.1325,
      2.4325,
      1.19
    ],
    "SpacingBetweenSlices": 3,
    "TaskName": "change-point helicopter fmri",
    "TotalReadoutTime": 0.0315,
    "dataset": "ds003772",
    "modality": "bold",
    "run_id": 3,
    "subject_id": "bn968",
    "task_id": "changepoint"
  },
  "dummy_trs": 0,
  "dvars_nstd": 18.881159214622215,
  "dvars_std": 1.2295370651999995,
  "dvars_vstd": 0.9868233825333331,
  "efc": 0.5712834591245421,
  "fber": 435.0229797363281,
  "fd_mean": 0.05075922085415379,
  "fd_num": 0,
  "fd_perc": 0.0,
  "fwhm_avg": 2.279427777777778,
  "fwhm_x": 2.1561766666666666,
  "fwhm_y": 2.2515300000000003,
  "fwhm_z": 2.4305766666666666,
  "gcor": 0.0615885,
  "gsr_x": -0.011460102163255215,
  "gsr_y": 0.030713437125086784,
  "provenance": {
    "md5sum": "49ce0856272286c3e7e229b9b1e5d15e",
    "settings": {
      "fd_thres": 0.2,
      "testing": false
    },
    "software": "mriqc",
    "version": "22.0.6",
    "webapi_port": null,
    "webapi_url": "https://mriqc.nimh.nih.gov/api/v1"
  },
  "size_t": 226,
  "size_x": 64,
  "size_y": 64,
  "size_z": 44,
  "snr": 4.216245926060615,
  "spacing_tr": 2.5,
  "spacing_x": 3.0,
  "spacing_y": 3.0,
  "spacing_z": 3.0,
  "summary_bg_k": 24.696306167951516,
  "summary_bg_mad": 7.701659962713367,
  "summary_bg_mean": 58.2519416809082,
  "summary_bg_median": 30.601770401000977,
  "summary_bg_n": 108142.0,
  "summary_bg_p05": 24.85840606689453,
  "summary_bg_p95": 195.7296447753906,
  "summary_bg_stdv": 74.9455795288086,
  "summary_fg_k": 0.34739715341192356,
  "summary_fg_mad": 151.50092570494445,
  "summary_fg_mean": 670.52392578125,
  "summary_fg_median": 652.5596923828125,
  "summary_fg_n": 34378.0,
  "summary_fg_p05": 446.55487060546875,
  "summary_fg_p95": 947.8655090332031,
  "summary_fg_stdv": 154.7704315185547,
  "tsnr": 84.55824443965685
}