{
  "bids_meta": {
    "EchoTime": 0.00311,
    "FlipAngle": 15,
    "ImageType": [
      "ORIGINAL",
      "PRIMARY",
      "M",
      "ND",
      "NORM"
    ],
    "ImagingFrequency": 123.26,
    "InversionTime": 1.1,
    "MagneticFieldStrength": 3,
    "Manufacturer": "Siemens",
    "ManufacturersModelName": "TrioTim",
    "Modality": "MR",
    "RepetitionTime": 1.63,
    "ScanningSequence": "GR\\IR",
    "SequenceVariant": "SP\\MP",
    "SliceThickness": 1,
    "dataset": "ds003772",
    "modality": "T1w",
    "subject_id": "ku966"
  },
  "cjv": 0.4192619364574023,
  "cnr": 3.1600250178099656,
  "efc": 0.6090707240199368,
  "fber": 71523.40289319791,
  "fwhm_avg": 3.7127757777777783,
  "fwhm_x": 3.5608213333333336,
  "fwhm_y": 4.172256,
  "fwhm_z": 3.40525,
  "icvs_csf": 0.19446154140010308,
  "icvs_gm": 0.40543189980949446,
  "icvs_wm": 0.40010655879040247,
  "inu_med": 0.30446910858154297,
  "inu_range": 0.062352722883224465,
  "provenance": {
    "md5sum": "a5eee6a04f5c0bba70461a0aa026e109",
    "settings": {
      "testing": false
    },
    "software": "mriqc",
    "version": "22.0.6",
    "warnings": {
      "large_rot_frame": true,
      "small_air_mask": false
    },
    "webapi_port": null,
    "webapi_url": "https://mriqc.nimh.nih.gov/api/v1"
  },
  "qi_1": 0.0006076490172437659,
  "qi_2": 0.003577647477376827,
  "rpve_csf": 14.752062444713573,
  "rpve_gm": 7.189492786268569,
  "rpve_wm": 8.626262867953926,
  "size_x": 192,
  "size_y": 256,
  "size_z": 160,
  "snr_csf": 2.617075319861088,
  "snr_gm": 16.30790713625517,
  "snr_total": 14.138613076536467,
  "snr_wm": 23.490856773493146,
  "snrd_csf": 32.09974861714916,
  "snrd_gm": 69.67124418709889,
  "snrd_total": 63.163927372512795,
  "snrd_wm": 87.72078931329033,
  "spacing_x": 0.9375,
  "spacing_y": 0.9375,
  "spacing_z": 1.0,
  "summary_bg_k": 19.960500191356452,
  "summary_bg_mad": 0.0,
  "summary_bg_mean": 3.9663156600201104,
  "summary_bg_median": 0.0,
  "summary_bg_n": 2167990.0,
  "summary_bg_p05": 0.0,
  "summary_bg_p95": 17.185045331716537,
  "summary_bg_stdv": 7.468800809322852,
  "summary_csf_k": 11.389196447510296,
  "summary_csf_mad": 103.02371774500358,
  "summary_csf_mean": 374.2258570330459,
  "summary_csf_median": 365.9491801261902,
  "summary_csf_n": 46635.0,
  "summary_csf_p05": 155.9299679249525,
  "summary_csf_p95": 582.6453685760498,
  "summary_csf_stdv": 139.82985272968813,
  "summary_gm_k": 0.081357535749639,
  "summary_gm_mad": 47.96186716269549,
  "summary_gm_mean": 794.5586286555595,
  "summary_gm_median": 794.2783288657665,
  "summary_gm_n": 25040.0,
  "summary_gm_p05": 714.3142427504063,
  "summary_gm_p95": 875.0916904434562,
  "summary_gm_stdv": 48.7041324114095,
  "summary_wm_k": 1.0140290689944829,
  "summary_wm_mad": 38.31032720165962,
  "summary_wm_mean": 1006.1188617902734,
  "summary_wm_median": 1000.0499166548252,
  "summary_wm_n": 263785.0,
  "summary_wm_p05": 947.1728540956974,
  "summary_wm_p95": 1084.9026368558407,
  "summary_wm_stdv": 42.57179849667267,
  "tpm_overlap_csf": 0.16477142061763908,
  "tpm_overlap_gm": 0.44263799217660277,
  "tpm_overlap_wm": 0.48371775698980873,
  "wm2max": 0.7012086716121462
}