{
  "aor": 0.0035073008849557516,
  "aqi": 0.0029232149115044253,
  "bids_meta": {
    "BandwidthPerPixelPhaseEncode": 31.25,
    "DerivedVendorReportedEchoSpacing": 0.0005,
    "EchoTime": 0.025,
    "EffectiveEchoSpacing": 0.0005,
    "FlipAngle": 75,
    "ImageType": [
      "ORIGINAL",
      "PRIMARY",
      "M",
      "ND",
      "MOSAIC"
    ],
    "ImagingFrequency": 123.26,
    "MagneticFieldStrength": 3,
    "Manufacturer": "Siemens",
    "ManufacturersModelName": "TrioTim",
    "Modality": "MR",
    "PhaseEncodingDirection": "j-",
    "PixelBandwidth": 3005,
    "RepetitionTime": 2.5,
    "ScanOptions": "FS",
    "ScanningSequence": "EP",
    "SequenceName": "*epfid2d1_64",
    "SequenceVariant": "SK",
    "SliceThickness": 3,
    "SliceTiming": [
      1.245,
      0,
      1.3025,
      0.0575,
      1.3575,
      0.115,
      1.415,
      0.17,
      1.4725,
      0.2275,
      1.5275,
      0.2825,
      1.585,
      0.34,
      1.6425,
      0.3975,
      1.6975,
      0.4525,
      1.755,
      0.51,
      1.81,
      0.5675,
      1.8675,
      0.6225,
      1.925,
      0.68,
      1.98,
      0.735,
      2.0375,
      0.7925,
      2.095,
      0.85,
      2.15,
      0.905,
      2.2075,
      0.9625,
      2.265,
      1.02,
      2.32,
      1.075,
      2.3775,
      1.1325,
      2.4325,
      1.19
    ],
    "SpacingBetweenSlices": 3,
    "TaskName": "change-point helicopter fmri",
    "TotalReadoutTime": 0.0315,
    "dataset": "ds003772",
    "modality": "bold",
    "run_id": 1,
    "subject_id": "id926",
    "task_id": "changepoint"
  },
  "dummy_trs": 0,
  "dvars_nstd": 16.92780001777778,
  "dvars_std": 1.0895671348444447,
  "dvars_vstd": 1.0125375204888896,
  "efc": 0.565403595814027,
  "fber": 413.7203369140625,
  "fd_mean": 0.09718410650004859,
  "fd_num": 24,
  "fd_perc": 10.619469026548673,
  "fwhm_avg": 2.4733811111111113,
  "fwhm_x": 2.375973333333333,
  "fwhm_y": 2.4325233333333336,
  "fwhm_z": 2.6116466666666667,
  "gcor": 0.0269066,
  "gsr_x": 0.0021991534158587456,
  "gsr_y": 0.046706423163414,
  "provenance": {
    "md5sum": "fe91e18c53d8331ecc62d84aff0e72e7",
    "settings": {
      "fd_thres": 0.2,
      "testing": false
    },
    "software": "mriqc",
    "version": "22.0.6",
    "webapi_port": null,
    "webapi_url": "https://mriqc.nimh.nih.gov/api/v1"
  },
  "size_t": 226,
  "size_x": 64,
  "size_y": 64,
  "size_z": 44,
  "snr": 3.485863486781697,
  "spacing_tr": 2.5,
  "spacing_x": 3.0,
  "spacing_y": 3.0,
  "spacing_z": 3.0,
  "summary_bg_k": 32.36353935366956,
  "summary_bg_mad": 8.278957703084084,
  "summary_bg_mean": 53.03693389892578,
  "summary_bg_median": 30.915929794311523,
  "summary_bg_n": 105562.0,
  "summary_bg_p05": 24.805309295654297,
  "summary_bg_p95": 152.00088500976543,
  "summary_bg_stdv": 62.49757766723633,
  "summary_fg_k": 1.197507485898134,
  "summary_fg_mad": 163.8800298425456,
  "summary_fg_mean": 673.4192504882812,
  "summary_fg_median": 643.6504516601562,
  "summary_fg_n": 36524.0,
  "summary_fg_p05": 424.7062072753906,
  "summary_fg_p95": 1023.7103851318358,
  "summary_fg_stdv": 184.6433868408203,
  "tsnr": 77.59589585918002
}