{
  "aor": 0.011945000000000002,
  "aqi": 0.0059244048672566375,
  "bids_meta": {
    "BandwidthPerPixelPhaseEncode": 31.25,
    "DerivedVendorReportedEchoSpacing": 0.0005,
    "EchoTime": 0.025,
    "EffectiveEchoSpacing": 0.0005,
    "FlipAngle": 75,
    "ImageType": [
      "ORIGINAL",
      "PRIMARY",
      "M",
      "ND",
      "MOSAIC"
    ],
    "ImagingFrequency": 123.26,
    "MagneticFieldStrength": 3,
    "Manufacturer": "Siemens",
    "ManufacturersModelName": "TrioTim",
    "Modality": "MR",
    "PhaseEncodingDirection": "j-",
    "PixelBandwidth": 3005,
    "RepetitionTime": 2.5,
    "ScanOptions": "FS",
    "ScanningSequence": "EP",
    "SequenceName": "*epfid2d1_64",
    "SequenceVariant": "SK",
    "SliceThickness": 3,
    "SliceTiming": [
      1.245,
      0,
      1.3025,
      0.0575,
      1.3575,
      0.115,
      1.415,
      0.17,
      1.4725,
      0.2275,
      1.5275,
      0.2825,
      1.585,
      0.34,
      1.6425,
      0.3975,
      1.6975,
      0.4525,
      1.755,
      0.51,
      1.81,
      0.5675,
      1.8675,
      0.6225,
      1.925,
      0.68,
      1.98,
      0.735,
      2.0375,
      0.7925,
      2.095,
      0.85,
      2.15,
      0.905,
      2.2075,
      0.9625,
      2.265,
      1.02,
      2.32,
      1.075,
      2.3775,
      1.1325,
      2.4325,
      1.19
    ],
    "SpacingBetweenSlices": 3,
    "TaskName": "change-point helicopter fmri",
    "TotalReadoutTime": 0.0315,
    "dataset": "ds003772",
    "modality": "bold",
    "run_id": 3,
    "subject_id": "id926",
    "task_id": "changepoint"
  },
  "dummy_trs": 0,
  "dvars_nstd": 23.770232293688892,
  "dvars_std": 1.1168659921333333,
  "dvars_vstd": 1.020484676977778,
  "efc": 0.5682100432528263,
  "fber": 404.970947265625,
  "fd_mean": 0.20824984788516393,
  "fd_num": 61,
  "fd_perc": 26.991150442477878,
  "fwhm_avg": 2.480685555555555,
  "fwhm_x": 2.3846066666666665,
  "fwhm_y": 2.441523333333333,
  "fwhm_z": 2.6159266666666667,
  "gcor": 0.0375739,
  "gsr_x": 0.0019684708677232265,
  "gsr_y": 0.04707006365060806,
  "provenance": {
    "md5sum": "269b5993b42122ae87a86d0ccf642c65",
    "settings": {
      "fd_thres": 0.2,
      "testing": false
    },
    "software": "mriqc",
    "version": "22.0.6",
    "webapi_port": null,
    "webapi_url": "https://mriqc.nimh.nih.gov/api/v1"
  },
  "size_t": 226,
  "size_x": 64,
  "size_y": 64,
  "size_z": 44,
  "snr": 3.4345304816308926,
  "spacing_tr": 2.5,
  "spacing_x": 3.0,
  "spacing_y": 3.0,
  "spacing_z": 3.0,
  "summary_bg_k": 29.30191944438947,
  "summary_bg_mad": 9.092419615963566,
  "summary_bg_mean": 55.21419906616211,
  "summary_bg_median": 31.482301712036133,
  "summary_bg_n": 105393.0,
  "summary_bg_p05": 24.5884952545166,
  "summary_bg_p95": 163.82212829589827,
  "summary_bg_stdv": 65.94012451171875,
  "summary_fg_k": 1.168498485220808,
  "summary_fg_mad": 166.97644602374828,
  "summary_fg_mean": 679.1050415039062,
  "summary_fg_median": 647.6504516601562,
  "summary_fg_n": 36706.0,
  "summary_fg_p05": 427.4778747558594,
  "summary_fg_p95": 1040.3396301269531,
  "summary_fg_stdv": 188.56773376464844,
  "tsnr": 55.04274605540559
}