{
  "aor": 0.018311946902654867,
  "aqi": 0.010506931415929203,
  "bids_meta": {
    "BandwidthPerPixelPhaseEncode": 31.25,
    "DerivedVendorReportedEchoSpacing": 0.0005,
    "EchoTime": 0.025,
    "EffectiveEchoSpacing": 0.0005,
    "FlipAngle": 75,
    "ImageType": [
      "ORIGINAL",
      "PRIMARY",
      "M",
      "ND",
      "MOSAIC"
    ],
    "ImagingFrequency": 123.26,
    "MagneticFieldStrength": 3,
    "Manufacturer": "Siemens",
    "ManufacturersModelName": "TrioTim",
    "Modality": "MR",
    "PhaseEncodingDirection": "j-",
    "PixelBandwidth": 3005,
    "RepetitionTime": 2.5,
    "ScanOptions": "FS",
    "ScanningSequence": "EP",
    "SequenceName": "*epfid2d1_64",
    "SequenceVariant": "SK",
    "SliceThickness": 3,
    "SliceTiming": [
      1.245,
      0,
      1.3025,
      0.0575,
      1.3575,
      0.115,
      1.415,
      0.17,
      1.4725,
      0.2275,
      1.5275,
      0.2825,
      1.585,
      0.34,
      1.6425,
      0.3975,
      1.6975,
      0.4525,
      1.755,
      0.51,
      1.81,
      0.5675,
      1.8675,
      0.6225,
      1.925,
      0.68,
      1.98,
      0.735,
      2.0375,
      0.7925,
      2.095,
      0.85,
      2.15,
      0.905,
      2.2075,
      0.9625,
      2.265,
      1.02,
      2.32,
      1.075,
      2.3775,
      1.1325,
      2.4325,
      1.19
    ],
    "SpacingBetweenSlices": 3,
    "TaskName": "change-point helicopter fmri",
    "TotalReadoutTime": 0.0315,
    "dataset": "ds003772",
    "modality": "bold",
    "run_id": 4,
    "subject_id": "id926",
    "task_id": "changepoint"
  },
  "dummy_trs": 0,
  "dvars_nstd": 24.07621584564444,
  "dvars_std": 0.9116947165777779,
  "dvars_vstd": 0.913223851066667,
  "efc": 0.5678409539294975,
  "fber": 414.35321044921875,
  "fd_mean": 0.20826131748334434,
  "fd_num": 51,
  "fd_perc": 22.56637168141593,
  "fwhm_avg": 2.4684633333333332,
  "fwhm_x": 2.3581833333333333,
  "fwhm_y": 2.4867399999999997,
  "fwhm_z": 2.5604666666666667,
  "gcor": 0.0493126,
  "gsr_x": 0.005724252667278051,
  "gsr_y": 0.05073434114456177,
  "provenance": {
    "md5sum": "0208e0cc6d9bab6b3ca778e1d850ec6d",
    "settings": {
      "fd_thres": 0.2,
      "testing": false
    },
    "software": "mriqc",
    "version": "22.0.6",
    "webapi_port": null,
    "webapi_url": "https://mriqc.nimh.nih.gov/api/v1"
  },
  "size_t": 226,
  "size_x": 64,
  "size_y": 64,
  "size_z": 44,
  "snr": 3.481139392319045,
  "spacing_tr": 2.5,
  "spacing_x": 3.0,
  "spacing_y": 3.0,
  "spacing_z": 3.0,
  "summary_bg_k": 28.865026454537865,
  "summary_bg_mad": 8.442958244126855,
  "summary_bg_mean": 52.65129470825195,
  "summary_bg_median": 30.796459197998047,
  "summary_bg_n": 104816.0,
  "summary_bg_p05": 24.305309295654297,
  "summary_bg_p95": 154.0464630126953,
  "summary_bg_stdv": 58.81172561645508,
  "summary_fg_k": 1.2189384992303536,
  "summary_fg_mad": 160.04231255209012,
  "summary_fg_mean": 667.9745483398438,
  "summary_fg_median": 636.7610473632812,
  "summary_fg_n": 36717.0,
  "summary_fg_p05": 425.4070739746094,
  "summary_fg_p95": 1020.0982299804688,
  "summary_fg_stdv": 182.91493225097656,
  "tsnr": 39.89768874645233
}