{
  "aor": 0.0009492444444444444,
  "aqi": 0.0013769125733333334,
  "bids_meta": {
    "BandwidthPerPixelPhaseEncode": 31.25,
    "DerivedVendorReportedEchoSpacing": 0.0005,
    "EchoTime": 0.025,
    "EffectiveEchoSpacing": 0.0005,
    "FlipAngle": 75,
    "ImageType": [
      "ORIGINAL",
      "PRIMARY",
      "M",
      "ND",
      "MOSAIC"
    ],
    "ImagingFrequency": 123.26,
    "MagneticFieldStrength": 3,
    "Manufacturer": "Siemens",
    "ManufacturersModelName": "TrioTim",
    "Modality": "MR",
    "PhaseEncodingDirection": "j-",
    "PixelBandwidth": 3005,
    "RepetitionTime": 2.5,
    "ScanOptions": "FS",
    "ScanningSequence": "EP",
    "SequenceName": "*epfid2d1_64",
    "SequenceVariant": "SK",
    "SliceThickness": 3,
    "SliceTiming": [
      1.245,
      0,
      1.3025,
      0.0575,
      1.3575,
      0.115,
      1.415,
      0.17,
      1.4725,
      0.2275,
      1.5275,
      0.2825,
      1.585,
      0.34,
      1.6425,
      0.3975,
      1.6975,
      0.4525,
      1.755,
      0.51,
      1.81,
      0.5675,
      1.8675,
      0.6225,
      1.925,
      0.68,
      1.98,
      0.735,
      2.0375,
      0.7925,
      2.095,
      0.85,
      2.15,
      0.905,
      2.2075,
      0.9625,
      2.265,
      1.02,
      2.32,
      1.075,
      2.3775,
      1.1325,
      2.4325,
      1.19
    ],
    "SpacingBetweenSlices": 3,
    "TaskName": "change-point helicopter fmri",
    "TotalReadoutTime": 0.0315,
    "dataset": "ds003772",
    "modality": "bold",
    "run_id": 1,
    "subject_id": "cc528",
    "task_id": "changepoint"
  },
  "dummy_trs": 1,
  "dvars_nstd": 14.432572058303574,
  "dvars_std": 1.1125232836607142,
  "dvars_vstd": 0.9986153452232143,
  "efc": 0.5736771461845036,
  "fber": 451.93023681640625,
  "fd_mean": 0.05382284011995108,
  "fd_num": 0,
  "fd_perc": 0.0,
  "fwhm_avg": 2.866373333333333,
  "fwhm_x": 2.7695866666666666,
  "fwhm_y": 2.81812,
  "fwhm_z": 3.0114133333333335,
  "gcor": 0.00715439,
  "gsr_x": -0.015355684794485569,
  "gsr_y": 0.052605677396059036,
  "provenance": {
    "md5sum": "e1d4f7ee6e8677f2c48a1df1b90b1dc4",
    "settings": {
      "fd_thres": 0.2,
      "testing": false
    },
    "software": "mriqc",
    "version": "22.0.6",
    "webapi_port": null,
    "webapi_url": "https://mriqc.nimh.nih.gov/api/v1"
  },
  "size_t": 225,
  "size_x": 64,
  "size_y": 64,
  "size_z": 44,
  "snr": 2.620278722642951,
  "spacing_tr": 2.5,
  "spacing_x": 3.0,
  "spacing_y": 3.0,
  "spacing_z": 3.0,
  "summary_bg_k": 21.211482193839565,
  "summary_bg_mad": 10.905364367507092,
  "summary_bg_mean": 62.665802001953125,
  "summary_bg_median": 35.11555480957031,
  "summary_bg_n": 97536.0,
  "summary_bg_p05": 27.05777931213379,
  "summary_bg_p95": 202.5077781677246,
  "summary_bg_stdv": 71.64315032958984,
  "summary_fg_k": 1.775675113026959,
  "summary_fg_mad": 250.10505836567972,
  "summary_fg_mean": 835.2561645507812,
  "summary_fg_median": 772.6355590820312,
  "summary_fg_n": 42461.0,
  "summary_fg_p05": 476.7911376953125,
  "summary_fg_p95": 1420.0489501953125,
  "summary_fg_stdv": 294.8642272949219,
  "tsnr": 96.81247561913915
}