{
  "aor": 0.0019434070796460177,
  "aqi": 0.0026806821681415933,
  "bids_meta": {
    "BandwidthPerPixelPhaseEncode": 31.25,
    "DerivedVendorReportedEchoSpacing": 0.0005,
    "EchoTime": 0.025,
    "EffectiveEchoSpacing": 0.0005,
    "FlipAngle": 75,
    "ImageType": [
      "ORIGINAL",
      "PRIMARY",
      "M",
      "ND",
      "MOSAIC"
    ],
    "ImagingFrequency": 123.26,
    "MagneticFieldStrength": 3,
    "Manufacturer": "Siemens",
    "ManufacturersModelName": "TrioTim",
    "Modality": "MR",
    "PhaseEncodingDirection": "j-",
    "PixelBandwidth": 3005,
    "RepetitionTime": 2.5,
    "ScanOptions": "FS",
    "ScanningSequence": "EP",
    "SequenceName": "*epfid2d1_64",
    "SequenceVariant": "SK",
    "SliceThickness": 3,
    "SliceTiming": [
      1.245,
      0,
      1.3025,
      0.0575,
      1.3575,
      0.115,
      1.415,
      0.17,
      1.4725,
      0.2275,
      1.5275,
      0.2825,
      1.585,
      0.34,
      1.6425,
      0.3975,
      1.6975,
      0.4525,
      1.755,
      0.51,
      1.81,
      0.5675,
      1.8675,
      0.6225,
      1.925,
      0.68,
      1.98,
      0.735,
      2.0375,
      0.7925,
      2.095,
      0.85,
      2.15,
      0.905,
      2.2075,
      0.9625,
      2.265,
      1.02,
      2.32,
      1.075,
      2.3775,
      1.1325,
      2.4325,
      1.19
    ],
    "SpacingBetweenSlices": 3,
    "TaskName": "change-point helicopter fmri",
    "TotalReadoutTime": 0.0315,
    "dataset": "ds003772",
    "modality": "bold",
    "run_id": 3,
    "subject_id": "tm943",
    "task_id": "changepoint"
  },
  "dummy_trs": 0,
  "dvars_nstd": 21.251498073911105,
  "dvars_std": 1.248719458844444,
  "dvars_vstd": 1.0038376115111103,
  "efc": 0.5860218938766686,
  "fber": 330.9828796386719,
  "fd_mean": 0.09363303542852226,
  "fd_num": 18,
  "fd_perc": 7.964601769911504,
  "fwhm_avg": 2.497946666666667,
  "fwhm_x": 2.43833,
  "fwhm_y": 2.3334633333333334,
  "fwhm_z": 2.722046666666667,
  "gcor": 0.0979015,
  "gsr_x": 0.012508174404501915,
  "gsr_y": 0.033503033220767975,
  "provenance": {
    "md5sum": "bad2c19fcf27dafa022c4bd2f3729084",
    "settings": {
      "fd_thres": 0.2,
      "testing": false
    },
    "software": "mriqc",
    "version": "22.0.6",
    "webapi_port": null,
    "webapi_url": "https://mriqc.nimh.nih.gov/api/v1"
  },
  "size_t": 226,
  "size_x": 64,
  "size_y": 64,
  "size_z": 44,
  "snr": 3.0811649353185717,
  "spacing_tr": 2.5,
  "spacing_x": 3.0,
  "spacing_y": 3.0,
  "spacing_z": 3.0,
  "summary_bg_k": 20.71860273337165,
  "summary_bg_mad": 16.695676426211957,
  "summary_bg_mean": 70.8082046508789,
  "summary_bg_median": 38.522125244140625,
  "summary_bg_n": 101224.0,
  "summary_bg_p05": 26.21238899230957,
  "summary_bg_p95": 223.96836090087888,
  "summary_bg_stdv": 85.92639923095703,
  "summary_fg_k": 3.2472116909503166,
  "summary_fg_mad": 198.68507612506008,
  "summary_fg_mean": 745.7649536132812,
  "summary_fg_median": 703.6571044921875,
  "summary_fg_n": 40616.0,
  "summary_fg_p05": 462.97344970703125,
  "summary_fg_p95": 1161.6880493164062,
  "summary_fg_stdv": 228.37091064453125,
  "tsnr": 77.09570068772882
}