{
  "aor": 0.0019598230088495572,
  "aqi": 0.0041900729646017695,
  "bids_meta": {
    "BandwidthPerPixelPhaseEncode": 31.25,
    "DerivedVendorReportedEchoSpacing": 0.0005,
    "EchoTime": 0.025,
    "EffectiveEchoSpacing": 0.0005,
    "FlipAngle": 75,
    "ImageType": [
      "ORIGINAL",
      "PRIMARY",
      "M",
      "ND",
      "MOSAIC"
    ],
    "ImagingFrequency": 123.26,
    "MagneticFieldStrength": 3,
    "Manufacturer": "Siemens",
    "ManufacturersModelName": "TrioTim",
    "Modality": "MR",
    "PhaseEncodingDirection": "j-",
    "PixelBandwidth": 3005,
    "RepetitionTime": 2.5,
    "ScanOptions": "FS",
    "ScanningSequence": "EP",
    "SequenceName": "*epfid2d1_64",
    "SequenceVariant": "SK",
    "SliceThickness": 3,
    "SliceTiming": [
      1.245,
      0,
      1.3025,
      0.0575,
      1.3575,
      0.115,
      1.415,
      0.17,
      1.4725,
      0.2275,
      1.5275,
      0.2825,
      1.585,
      0.34,
      1.6425,
      0.3975,
      1.6975,
      0.4525,
      1.755,
      0.51,
      1.81,
      0.5675,
      1.8675,
      0.6225,
      1.925,
      0.68,
      1.98,
      0.735,
      2.0375,
      0.7925,
      2.095,
      0.85,
      2.15,
      0.905,
      2.2075,
      0.9625,
      2.265,
      1.02,
      2.32,
      1.075,
      2.3775,
      1.1325,
      2.4325,
      1.19
    ],
    "SpacingBetweenSlices": 3,
    "TaskName": "change-point helicopter fmri",
    "TotalReadoutTime": 0.0315,
    "dataset": "ds003772",
    "modality": "bold",
    "run_id": 4,
    "subject_id": "ug71",
    "task_id": "changepoint"
  },
  "dummy_trs": 0,
  "dvars_nstd": 22.133591987466676,
  "dvars_std": 1.1856394996000008,
  "dvars_vstd": 0.998418904488889,
  "efc": 0.637734553704084,
  "fber": 247.0751495361328,
  "fd_mean": 0.09771472763460363,
  "fd_num": 21,
  "fd_perc": 9.29203539823009,
  "fwhm_avg": 2.537004444444444,
  "fwhm_x": 2.3259133333333333,
  "fwhm_y": 2.5064733333333336,
  "fwhm_z": 2.7786266666666664,
  "gcor": 0.0349857,
  "gsr_x": 0.010309511795639992,
  "gsr_y": 0.07314445823431015,
  "provenance": {
    "md5sum": "f3869d68c5afa9b63454fe1014c4f776",
    "settings": {
      "fd_thres": 0.2,
      "testing": false
    },
    "software": "mriqc",
    "version": "22.0.6",
    "webapi_port": null,
    "webapi_url": "https://mriqc.nimh.nih.gov/api/v1"
  },
  "size_t": 226,
  "size_x": 64,
  "size_y": 64,
  "size_z": 44,
  "snr": 3.3626828930561183,
  "spacing_tr": 2.5,
  "spacing_x": 3.0,
  "spacing_y": 3.0,
  "spacing_z": 3.0,
  "summary_bg_k": 17.382535561243937,
  "summary_bg_mad": 14.766982555848484,
  "summary_bg_mean": 79.38188171386719,
  "summary_bg_median": 36.63274383544922,
  "summary_bg_n": 92866.0,
  "summary_bg_p05": 26.02765464782715,
  "summary_bg_p95": 290.09403228759766,
  "summary_bg_stdv": 99.48304748535156,
  "summary_fg_k": 0.417317158325333,
  "summary_fg_mad": 164.69345216567467,
  "summary_fg_mean": 626.321044921875,
  "summary_fg_median": 596.0486450195312,
  "summary_fg_n": 44903.0,
  "summary_fg_p05": 384.6243438720703,
  "summary_fg_p95": 964.0389099121094,
  "summary_fg_stdv": 177.25192260742188,
  "tsnr": 68.49353627767414
}