{
  "aor": 0.004461288888888889,
  "aqi": 0.002627067644444445,
  "bids_meta": {
    "BandwidthPerPixelPhaseEncode": 31.25,
    "DerivedVendorReportedEchoSpacing": 0.0005,
    "EchoTime": 0.025,
    "EffectiveEchoSpacing": 0.0005,
    "FlipAngle": 75,
    "ImageType": [
      "ORIGINAL",
      "PRIMARY",
      "M",
      "ND",
      "MOSAIC"
    ],
    "ImagingFrequency": 123.26,
    "MagneticFieldStrength": 3,
    "Manufacturer": "Siemens",
    "ManufacturersModelName": "TrioTim",
    "Modality": "MR",
    "PhaseEncodingDirection": "j-",
    "PixelBandwidth": 3005,
    "RepetitionTime": 2.5,
    "ScanOptions": "FS",
    "ScanningSequence": "EP",
    "SequenceName": "*epfid2d1_64",
    "SequenceVariant": "SK",
    "SliceThickness": 3,
    "SliceTiming": [
      1.245,
      0,
      1.3025,
      0.0575,
      1.3575,
      0.115,
      1.415,
      0.17,
      1.4725,
      0.2275,
      1.5275,
      0.2825,
      1.585,
      0.34,
      1.6425,
      0.3975,
      1.6975,
      0.4525,
      1.755,
      0.51,
      1.81,
      0.5675,
      1.8675,
      0.6225,
      1.925,
      0.68,
      1.98,
      0.735,
      2.0375,
      0.7925,
      2.095,
      0.85,
      2.15,
      0.905,
      2.2075,
      0.9625,
      2.265,
      1.02,
      2.32,
      1.075,
      2.3775,
      1.1325,
      2.4325,
      1.19
    ],
    "SpacingBetweenSlices": 3,
    "TaskName": "change-point helicopter fmri",
    "TotalReadoutTime": 0.0315,
    "dataset": "ds003772",
    "modality": "bold",
    "run_id": 1,
    "subject_id": "ug71",
    "task_id": "changepoint"
  },
  "dummy_trs": 1,
  "dvars_nstd": 21.327344468571418,
  "dvars_std": 1.260344526607143,
  "dvars_vstd": 1.0363780630803572,
  "efc": 0.6367651418081257,
  "fber": 249.43186950683594,
  "fd_mean": 0.05169318000477914,
  "fd_num": 4,
  "fd_perc": 1.7777777777777777,
  "fwhm_avg": 2.535106666666667,
  "fwhm_x": 2.3478066666666666,
  "fwhm_y": 2.5085366666666666,
  "fwhm_z": 2.748976666666667,
  "gcor": 0.0382214,
  "gsr_x": 0.00712868245318532,
  "gsr_y": 0.07800425589084625,
  "provenance": {
    "md5sum": "47fb77a732de2696e4a97dff6510409e",
    "settings": {
      "fd_thres": 0.2,
      "testing": false
    },
    "software": "mriqc",
    "version": "22.0.6",
    "webapi_port": null,
    "webapi_url": "https://mriqc.nimh.nih.gov/api/v1"
  },
  "size_t": 225,
  "size_x": 64,
  "size_y": 64,
  "size_z": 44,
  "snr": 3.3594818033591207,
  "spacing_tr": 2.5,
  "spacing_x": 3.0,
  "spacing_y": 3.0,
  "spacing_z": 3.0,
  "summary_bg_k": 16.627846764710394,
  "summary_bg_mad": 14.536089475821893,
  "summary_bg_mean": 79.9668960571289,
  "summary_bg_median": 36.52000045776367,
  "summary_bg_n": 93513.0,
  "summary_bg_p05": 26.2711124420166,
  "summary_bg_p95": 290.5137756347654,
  "summary_bg_stdv": 100.75958251953125,
  "summary_fg_k": 0.4531576528988994,
  "summary_fg_mad": 164.84230962718846,
  "summary_fg_mean": 625.8124389648438,
  "summary_fg_median": 595.6978149414062,
  "summary_fg_n": 44952.0,
  "summary_fg_p05": 384.2889099121094,
  "summary_fg_p95": 961.5035736083983,
  "summary_fg_stdv": 177.31639099121094,
  "tsnr": 80.22060181340203
}