{
  "aor": 0.0010024778761061946,
  "aqi": 0.004056784336283186,
  "bids_meta": {
    "BandwidthPerPixelPhaseEncode": 31.25,
    "DerivedVendorReportedEchoSpacing": 0.0005,
    "EchoTime": 0.025,
    "EffectiveEchoSpacing": 0.0005,
    "FlipAngle": 75,
    "ImageType": [
      "ORIGINAL",
      "PRIMARY",
      "M",
      "ND",
      "MOSAIC"
    ],
    "ImagingFrequency": 123.26,
    "MagneticFieldStrength": 3,
    "Manufacturer": "Siemens",
    "ManufacturersModelName": "TrioTim",
    "Modality": "MR",
    "PhaseEncodingDirection": "j-",
    "PixelBandwidth": 3005,
    "RepetitionTime": 2.5,
    "ScanOptions": "FS",
    "ScanningSequence": "EP",
    "SequenceName": "*epfid2d1_64",
    "SequenceVariant": "SK",
    "SliceThickness": 3,
    "SliceTiming": [
      1.245,
      0,
      1.3025,
      0.0575,
      1.3575,
      0.115,
      1.415,
      0.17,
      1.4725,
      0.2275,
      1.5275,
      0.2825,
      1.585,
      0.34,
      1.6425,
      0.3975,
      1.6975,
      0.4525,
      1.755,
      0.51,
      1.81,
      0.5675,
      1.8675,
      0.6225,
      1.925,
      0.68,
      1.98,
      0.735,
      2.0375,
      0.7925,
      2.095,
      0.85,
      2.15,
      0.905,
      2.2075,
      0.9625,
      2.265,
      1.02,
      2.32,
      1.075,
      2.3775,
      1.1325,
      2.4325,
      1.19
    ],
    "SpacingBetweenSlices": 3,
    "TaskName": "change-point helicopter fmri",
    "TotalReadoutTime": 0.0315,
    "dataset": "ds003772",
    "modality": "bold",
    "run_id": 3,
    "subject_id": "ug71",
    "task_id": "changepoint"
  },
  "dummy_trs": 0,
  "dvars_nstd": 21.92978489386667,
  "dvars_std": 1.1710771526222226,
  "dvars_vstd": 0.9773735484888886,
  "efc": 0.6375471815910565,
  "fber": 243.5605010986328,
  "fd_mean": 0.08320853661941369,
  "fd_num": 14,
  "fd_perc": 6.1946902654867255,
  "fwhm_avg": 2.5355399999999997,
  "fwhm_x": 2.3401566666666667,
  "fwhm_y": 2.50115,
  "fwhm_z": 2.7653133333333333,
  "gcor": 0.0406144,
  "gsr_x": 0.009909890592098236,
  "gsr_y": 0.07289926707744598,
  "provenance": {
    "md5sum": "50cd0afab3e515d241fa8e940c7975c8",
    "settings": {
      "fd_thres": 0.2,
      "testing": false
    },
    "software": "mriqc",
    "version": "22.0.6",
    "webapi_port": null,
    "webapi_url": "https://mriqc.nimh.nih.gov/api/v1"
  },
  "size_t": 226,
  "size_x": 64,
  "size_y": 64,
  "size_z": 44,
  "snr": 3.369595186672091,
  "spacing_tr": 2.5,
  "spacing_x": 3.0,
  "spacing_y": 3.0,
  "spacing_z": 3.0,
  "summary_bg_k": 16.385268992029967,
  "summary_bg_mad": 15.380355042353912,
  "summary_bg_mean": 80.62106323242188,
  "summary_bg_median": 37.103981018066406,
  "summary_bg_n": 93398.0,
  "summary_bg_p05": 26.1061954498291,
  "summary_bg_p95": 293.65045166015625,
  "summary_bg_stdv": 101.1363296508789,
  "summary_fg_k": 0.39514475770575963,
  "summary_fg_mad": 165.55944967733842,
  "summary_fg_mean": 628.00537109375,
  "summary_fg_median": 597.9380493164062,
  "summary_fg_n": 44727.0,
  "summary_fg_p05": 385.13938903808594,
  "summary_fg_p95": 965.2814025878904,
  "summary_fg_stdv": 177.4490203857422,
  "tsnr": 69.94708099379204
}