{
  "aor": 0.0007974336283185841,
  "aqi": 0.0021447675663716814,
  "bids_meta": {
    "BandwidthPerPixelPhaseEncode": 31.25,
    "DerivedVendorReportedEchoSpacing": 0.0005,
    "EchoTime": 0.025,
    "EffectiveEchoSpacing": 0.0005,
    "FlipAngle": 75,
    "ImageType": [
      "ORIGINAL",
      "PRIMARY",
      "M",
      "ND",
      "MOSAIC"
    ],
    "ImagingFrequency": 123.26,
    "MagneticFieldStrength": 3,
    "Manufacturer": "Siemens",
    "ManufacturersModelName": "TrioTim",
    "Modality": "MR",
    "PhaseEncodingDirection": "j-",
    "PixelBandwidth": 3005,
    "RepetitionTime": 2.5,
    "ScanOptions": "FS",
    "ScanningSequence": "EP",
    "SequenceName": "*epfid2d1_64",
    "SequenceVariant": "SK",
    "SliceThickness": 3,
    "SliceTiming": [
      1.245,
      0,
      1.3025,
      0.0575,
      1.3575,
      0.115,
      1.415,
      0.17,
      1.4725,
      0.2275,
      1.5275,
      0.2825,
      1.585,
      0.34,
      1.6425,
      0.3975,
      1.6975,
      0.4525,
      1.755,
      0.51,
      1.81,
      0.5675,
      1.8675,
      0.6225,
      1.925,
      0.68,
      1.98,
      0.735,
      2.0375,
      0.7925,
      2.095,
      0.85,
      2.15,
      0.905,
      2.2075,
      0.9625,
      2.265,
      1.02,
      2.32,
      1.075,
      2.3775,
      1.1325,
      2.4325,
      1.19
    ],
    "SpacingBetweenSlices": 3,
    "TaskName": "change-point helicopter fmri",
    "TotalReadoutTime": 0.0315,
    "dataset": "ds003772",
    "modality": "bold",
    "run_id": 4,
    "subject_id": "ku966",
    "task_id": "changepoint"
  },
  "dummy_trs": 0,
  "dvars_nstd": 23.181642744222238,
  "dvars_std": 1.2315926086222218,
  "dvars_vstd": 1.0026431478666666,
  "efc": 0.6426997008584571,
  "fber": 238.76206970214844,
  "fd_mean": 0.0714269535189924,
  "fd_num": 1,
  "fd_perc": 0.4424778761061947,
  "fwhm_avg": 2.5439455555555557,
  "fwhm_x": 2.3458966666666665,
  "fwhm_y": 2.45744,
  "fwhm_z": 2.8285,
  "gcor": 0.0507645,
  "gsr_x": -0.017575325444340706,
  "gsr_y": 0.056733109056949615,
  "provenance": {
    "md5sum": "c3177fa02e00e8f978c4cedc1b7703e0",
    "settings": {
      "fd_thres": 0.2,
      "testing": false
    },
    "software": "mriqc",
    "version": "22.0.6",
    "webapi_port": null,
    "webapi_url": "https://mriqc.nimh.nih.gov/api/v1"
  },
  "size_t": 226,
  "size_x": 64,
  "size_y": 64,
  "size_z": 44,
  "snr": 3.257222587689001,
  "spacing_tr": 2.5,
  "spacing_x": 3.0,
  "spacing_y": 3.0,
  "spacing_z": 3.0,
  "summary_bg_k": 15.540654920252681,
  "summary_bg_mad": 17.8437084919045,
  "summary_bg_mean": 86.46912384033203,
  "summary_bg_median": 39.780975341796875,
  "summary_bg_n": 93610.0,
  "summary_bg_p05": 26.761062622070312,
  "summary_bg_p95": 308.84777832031267,
  "summary_bg_stdv": 105.75426483154297,
  "summary_fg_k": 1.1669853734767228,
  "summary_fg_mad": 181.42855998328764,
  "summary_fg_mean": 675.4522094726562,
  "summary_fg_median": 642.464599609375,
  "summary_fg_n": 45461.0,
  "summary_fg_p05": 413.57965087890625,
  "summary_fg_p95": 1044.93798828125,
  "summary_fg_stdv": 197.24090576171875,
  "tsnr": 81.02729191991966
}