{
  "aor": 0.003939192825112107,
  "aqi": 0.003397754170403587,
  "bids_meta": {
    "BandwidthPerPixelPhaseEncode": 31.25,
    "DerivedVendorReportedEchoSpacing": 0.0005,
    "EchoTime": 0.025,
    "EffectiveEchoSpacing": 0.0005,
    "FlipAngle": 75,
    "ImageType": [
      "ORIGINAL",
      "PRIMARY",
      "M",
      "ND",
      "MOSAIC"
    ],
    "ImagingFrequency": 123.26,
    "MagneticFieldStrength": 3,
    "Manufacturer": "Siemens",
    "ManufacturersModelName": "TrioTim",
    "Modality": "MR",
    "PhaseEncodingDirection": "j-",
    "PixelBandwidth": 3005,
    "RepetitionTime": 2.5,
    "ScanOptions": "FS",
    "ScanningSequence": "EP",
    "SequenceName": "*epfid2d1_64",
    "SequenceVariant": "SK",
    "SliceThickness": 3,
    "SliceTiming": [
      1.245,
      0,
      1.3025,
      0.0575,
      1.3575,
      0.115,
      1.415,
      0.17,
      1.4725,
      0.2275,
      1.5275,
      0.2825,
      1.585,
      0.34,
      1.6425,
      0.3975,
      1.6975,
      0.4525,
      1.755,
      0.51,
      1.81,
      0.5675,
      1.8675,
      0.6225,
      1.925,
      0.68,
      1.98,
      0.735,
      2.0375,
      0.7925,
      2.095,
      0.85,
      2.15,
      0.905,
      2.2075,
      0.9625,
      2.265,
      1.02,
      2.32,
      1.075,
      2.3775,
      1.1325,
      2.4325,
      1.19
    ],
    "SpacingBetweenSlices": 3,
    "TaskName": "change-point helicopter fmri",
    "TotalReadoutTime": 0.0315,
    "dataset": "ds003772",
    "modality": "bold",
    "run_id": 1,
    "subject_id": "cs928",
    "task_id": "changepoint"
  },
  "dummy_trs": 3,
  "dvars_nstd": 20.885366130270256,
  "dvars_std": 1.113073329234234,
  "dvars_vstd": 0.9695240633783783,
  "efc": 0.5717049632185202,
  "fber": 390.85552978515625,
  "fd_mean": 0.12003716647740904,
  "fd_num": 22,
  "fd_perc": 9.865470852017937,
  "fwhm_avg": 2.8936111111111114,
  "fwhm_x": 2.741233333333333,
  "fwhm_y": 2.703746666666667,
  "fwhm_z": 3.2358533333333335,
  "gcor": 0.00973122,
  "gsr_x": -0.022877665236592293,
  "gsr_y": 0.051743049174547195,
  "provenance": {
    "md5sum": "3da291b5bea9c4db1b33a3dc23bdd0c7",
    "settings": {
      "fd_thres": 0.2,
      "testing": false
    },
    "software": "mriqc",
    "version": "22.0.6",
    "webapi_port": null,
    "webapi_url": "https://mriqc.nimh.nih.gov/api/v1"
  },
  "size_t": 223,
  "size_x": 64,
  "size_y": 64,
  "size_z": 44,
  "snr": 2.874901020243243,
  "spacing_tr": 2.5,
  "spacing_x": 3.0,
  "spacing_y": 3.0,
  "spacing_z": 3.0,
  "summary_bg_k": 16.210913854286392,
  "summary_bg_mad": 13.130673131404787,
  "summary_bg_mean": 69.87168884277344,
  "summary_bg_median": 35.29596710205078,
  "summary_bg_n": 105080.0,
  "summary_bg_p05": 25.192827224731445,
  "summary_bg_p95": 245.2874511718749,
  "summary_bg_stdv": 84.68098449707031,
  "summary_fg_k": 2.567382815151615,
  "summary_fg_mad": 205.82580022567626,
  "summary_fg_mean": 777.930419921875,
  "summary_fg_median": 722.1636962890625,
  "summary_fg_n": 36516.0,
  "summary_fg_p05": 480.35315704345703,
  "summary_fg_p95": 1277.2859497070312,
  "summary_fg_stdv": 251.1925811767578,
  "tsnr": 70.37716972525232
}