{
  "aor": 0.0021121333333333336,
  "aqi": 0.0013934989599999998,
  "bids_meta": {
    "BandwidthPerPixelPhaseEncode": 31.25,
    "DerivedVendorReportedEchoSpacing": 0.0005,
    "EchoTime": 0.025,
    "EffectiveEchoSpacing": 0.0005,
    "FlipAngle": 75,
    "ImageType": [
      "ORIGINAL",
      "PRIMARY",
      "M",
      "ND",
      "MOSAIC"
    ],
    "ImagingFrequency": 123.26,
    "MagneticFieldStrength": 3,
    "Manufacturer": "Siemens",
    "ManufacturersModelName": "TrioTim",
    "Modality": "MR",
    "PhaseEncodingDirection": "j-",
    "PixelBandwidth": 3005,
    "RepetitionTime": 2.5,
    "ScanOptions": "FS",
    "ScanningSequence": "EP",
    "SequenceName": "*epfid2d1_64",
    "SequenceVariant": "SK",
    "SliceThickness": 3,
    "SliceTiming": [
      1.245,
      0,
      1.3025,
      0.0575,
      1.3575,
      0.115,
      1.415,
      0.17,
      1.4725,
      0.2275,
      1.5275,
      0.2825,
      1.585,
      0.34,
      1.6425,
      0.3975,
      1.6975,
      0.4525,
      1.755,
      0.51,
      1.81,
      0.5675,
      1.8675,
      0.6225,
      1.925,
      0.68,
      1.98,
      0.735,
      2.0375,
      0.7925,
      2.095,
      0.85,
      2.15,
      0.905,
      2.2075,
      0.9625,
      2.265,
      1.02,
      2.32,
      1.075,
      2.3775,
      1.1325,
      2.4325,
      1.19
    ],
    "SpacingBetweenSlices": 3,
    "TaskName": "change-point helicopter fmri",
    "TotalReadoutTime": 0.0315,
    "dataset": "ds003772",
    "modality": "bold",
    "run_id": 2,
    "subject_id": "cs928",
    "task_id": "changepoint"
  },
  "dummy_trs": 1,
  "dvars_nstd": 19.93963840165177,
  "dvars_std": 1.2267219167410708,
  "dvars_vstd": 1.0172668787500008,
  "efc": 0.5717421240078652,
  "fber": 398.7676696777344,
  "fd_mean": 0.09329045718274485,
  "fd_num": 19,
  "fd_perc": 8.444444444444445,
  "fwhm_avg": 2.8797,
  "fwhm_x": 2.7402766666666665,
  "fwhm_y": 2.6597500000000003,
  "fwhm_z": 3.2390733333333332,
  "gcor": 0.0371941,
  "gsr_x": -0.01992134563624859,
  "gsr_y": 0.051163554191589355,
  "provenance": {
    "md5sum": "460684e7d63b626e9ae5c65d93db07d6",
    "settings": {
      "fd_thres": 0.2,
      "testing": false
    },
    "software": "mriqc",
    "version": "22.0.6",
    "webapi_port": null,
    "webapi_url": "https://mriqc.nimh.nih.gov/api/v1"
  },
  "size_t": 225,
  "size_x": 64,
  "size_y": 64,
  "size_z": 44,
  "snr": 2.863538909955763,
  "spacing_tr": 2.5,
  "spacing_x": 3.0,
  "spacing_y": 3.0,
  "spacing_z": 3.0,
  "summary_bg_k": 17.22062006662206,
  "summary_bg_mad": 12.387966586012695,
  "summary_bg_mean": 72.14850616455078,
  "summary_bg_median": 35.088890075683594,
  "summary_bg_n": 105569.0,
  "summary_bg_p05": 26.195556640625,
  "summary_bg_p95": 254.98934326171872,
  "summary_bg_stdv": 90.79121398925781,
  "summary_fg_k": 2.5597946668871616,
  "summary_fg_mad": 206.43751842618272,
  "summary_fg_mean": 781.0966796875,
  "summary_fg_median": 725.39111328125,
  "summary_fg_n": 36467.0,
  "summary_fg_p05": 481.2404479980469,
  "summary_fg_p95": 1285.7831054687497,
  "summary_fg_stdv": 253.3163299560547,
  "tsnr": 95.99737110571004
}