{
  "aor": 0.02253703539823009,
  "aqi": 0.005310771238938053,
  "bids_meta": {
    "BandwidthPerPixelPhaseEncode": 31.25,
    "DerivedVendorReportedEchoSpacing": 0.0005,
    "EchoTime": 0.025,
    "EffectiveEchoSpacing": 0.0005,
    "FlipAngle": 75,
    "ImageType": [
      "ORIGINAL",
      "PRIMARY",
      "M",
      "ND",
      "MOSAIC"
    ],
    "ImagingFrequency": 123.26,
    "MagneticFieldStrength": 3,
    "Manufacturer": "Siemens",
    "ManufacturersModelName": "TrioTim",
    "Modality": "MR",
    "PhaseEncodingDirection": "j-",
    "PixelBandwidth": 3005,
    "RepetitionTime": 2.5,
    "ScanOptions": "FS",
    "ScanningSequence": "EP",
    "SequenceName": "*epfid2d1_64",
    "SequenceVariant": "SK",
    "SliceThickness": 3,
    "SliceTiming": [
      1.245,
      0,
      1.3025,
      0.0575,
      1.3575,
      0.115,
      1.415,
      0.17,
      1.4725,
      0.2275,
      1.5275,
      0.2825,
      1.585,
      0.34,
      1.6425,
      0.3975,
      1.6975,
      0.4525,
      1.755,
      0.51,
      1.81,
      0.5675,
      1.8675,
      0.6225,
      1.925,
      0.68,
      1.98,
      0.735,
      2.0375,
      0.7925,
      2.095,
      0.85,
      2.15,
      0.905,
      2.2075,
      0.9625,
      2.265,
      1.02,
      2.32,
      1.075,
      2.3775,
      1.1325,
      2.4325,
      1.19
    ],
    "SpacingBetweenSlices": 3,
    "TaskName": "change-point helicopter fmri",
    "TotalReadoutTime": 0.0315,
    "dataset": "ds003772",
    "modality": "bold",
    "run_id": 3,
    "subject_id": "cs928",
    "task_id": "changepoint"
  },
  "dummy_trs": 0,
  "dvars_nstd": 24.660449329155576,
  "dvars_std": 1.1604997540888884,
  "dvars_vstd": 1.0351490801333336,
  "efc": 0.5724851972341937,
  "fber": 386.9647216796875,
  "fd_mean": 0.1933839204331407,
  "fd_num": 33,
  "fd_perc": 14.601769911504425,
  "fwhm_avg": 2.9323099999999998,
  "fwhm_x": 2.7886866666666665,
  "fwhm_y": 2.7192600000000002,
  "fwhm_z": 3.288983333333333,
  "gcor": 0.0198504,
  "gsr_x": -0.02027832716703415,
  "gsr_y": 0.05282006040215492,
  "provenance": {
    "md5sum": "198851a8de684674d54b3f472fb496e4",
    "settings": {
      "fd_thres": 0.2,
      "testing": false
    },
    "software": "mriqc",
    "version": "22.0.6",
    "webapi_port": null,
    "webapi_url": "https://mriqc.nimh.nih.gov/api/v1"
  },
  "size_t": 226,
  "size_x": 64,
  "size_y": 64,
  "size_z": 44,
  "snr": 2.860665419575154,
  "spacing_tr": 2.5,
  "spacing_x": 3.0,
  "spacing_y": 3.0,
  "spacing_z": 3.0,
  "summary_bg_k": 17.043371068711348,
  "summary_bg_mad": 13.015413228786246,
  "summary_bg_mean": 72.68719482421875,
  "summary_bg_median": 35.65044403076172,
  "summary_bg_n": 105622.0,
  "summary_bg_p05": 26.296459197998047,
  "summary_bg_p95": 254.36061172485338,
  "summary_bg_stdv": 90.80445861816406,
  "summary_fg_k": 2.557761382164773,
  "summary_fg_mad": 207.57087117799387,
  "summary_fg_mean": 781.83740234375,
  "summary_fg_median": 726.1083984375,
  "summary_fg_n": 36454.0,
  "summary_fg_p05": 480.89534759521484,
  "summary_fg_p95": 1287.1590698242185,
  "summary_fg_stdv": 253.82151794433594,
  "tsnr": 56.53587549889926
}