{
  "aor": 0.0015375663716814159,
  "aqi": 0.0021133912831858407,
  "bids_meta": {
    "BandwidthPerPixelPhaseEncode": 31.25,
    "DerivedVendorReportedEchoSpacing": 0.0005,
    "EchoTime": 0.025,
    "EffectiveEchoSpacing": 0.0005,
    "FlipAngle": 75,
    "ImageType": [
      "ORIGINAL",
      "PRIMARY",
      "M",
      "ND",
      "MOSAIC"
    ],
    "ImagingFrequency": 123.26,
    "MagneticFieldStrength": 3,
    "Manufacturer": "Siemens",
    "ManufacturersModelName": "TrioTim",
    "Modality": "MR",
    "PhaseEncodingDirection": "j-",
    "PixelBandwidth": 3005,
    "RepetitionTime": 2.5,
    "ScanOptions": "FS",
    "ScanningSequence": "EP",
    "SequenceName": "*epfid2d1_64",
    "SequenceVariant": "SK",
    "SliceThickness": 3,
    "SliceTiming": [
      1.245,
      0,
      1.3025,
      0.0575,
      1.3575,
      0.115,
      1.415,
      0.17,
      1.4725,
      0.2275,
      1.5275,
      0.2825,
      1.585,
      0.34,
      1.6425,
      0.3975,
      1.6975,
      0.4525,
      1.755,
      0.51,
      1.81,
      0.5675,
      1.8675,
      0.6225,
      1.925,
      0.68,
      1.98,
      0.735,
      2.0375,
      0.7925,
      2.095,
      0.85,
      2.15,
      0.905,
      2.2075,
      0.9625,
      2.265,
      1.02,
      2.32,
      1.075,
      2.3775,
      1.1325,
      2.4325,
      1.19
    ],
    "SpacingBetweenSlices": 3,
    "TaskName": "change-point helicopter fmri",
    "TotalReadoutTime": 0.0315,
    "dataset": "ds003772",
    "modality": "bold",
    "run_id": 2,
    "subject_id": "bn968",
    "task_id": "changepoint"
  },
  "dummy_trs": 0,
  "dvars_nstd": 17.957412851155556,
  "dvars_std": 1.2070996106222223,
  "dvars_vstd": 1.0047545547111112,
  "efc": 0.5703658917569412,
  "fber": 438.5307312011719,
  "fd_mean": 0.05739646836408689,
  "fd_num": 3,
  "fd_perc": 1.3274336283185841,
  "fwhm_avg": 2.2515111111111117,
  "fwhm_x": 2.12122,
  "fwhm_y": 2.2298033333333334,
  "fwhm_z": 2.4035100000000003,
  "gcor": 0.0474218,
  "gsr_x": -0.009327282197773457,
  "gsr_y": 0.03200207278132439,
  "provenance": {
    "md5sum": "f412ef89a83455ef4dc96b5587d51650",
    "settings": {
      "fd_thres": 0.2,
      "testing": false
    },
    "software": "mriqc",
    "version": "22.0.6",
    "webapi_port": null,
    "webapi_url": "https://mriqc.nimh.nih.gov/api/v1"
  },
  "size_t": 226,
  "size_x": 64,
  "size_y": 64,
  "size_z": 44,
  "snr": 4.22492334336708,
  "spacing_tr": 2.5,
  "spacing_x": 3.0,
  "spacing_y": 3.0,
  "spacing_z": 3.0,
  "summary_bg_k": 30.012776213689747,
  "summary_bg_mad": 7.380208156480141,
  "summary_bg_mean": 56.61809158325195,
  "summary_bg_median": 30.26991081237793,
  "summary_bg_n": 107733.0,
  "summary_bg_p05": 24.752212524414062,
  "summary_bg_p95": 187.129196166992,
  "summary_bg_stdv": 72.73177337646484,
  "summary_fg_k": 0.3377775013234632,
  "summary_fg_mad": 150.85803340383526,
  "summary_fg_mean": 667.41015625,
  "summary_fg_median": 649.4203491210938,
  "summary_fg_n": 34483.0,
  "summary_fg_p05": 445.5955810546875,
  "summary_fg_p95": 944.4248046874998,
  "summary_fg_stdv": 153.7095184326172,
  "tsnr": 92.86267437972128
}