{
  "aor": 0.0011007142857142858,
  "aqi": 0.0022822868303571425,
  "bids_meta": {
    "BandwidthPerPixelPhaseEncode": 31.25,
    "DerivedVendorReportedEchoSpacing": 0.0005,
    "EchoTime": 0.025,
    "EffectiveEchoSpacing": 0.0005,
    "FlipAngle": 75,
    "ImageType": [
      "ORIGINAL",
      "PRIMARY",
      "M",
      "ND",
      "MOSAIC"
    ],
    "ImagingFrequency": 123.26,
    "MagneticFieldStrength": 3,
    "Manufacturer": "Siemens",
    "ManufacturersModelName": "TrioTim",
    "Modality": "MR",
    "PhaseEncodingDirection": "j-",
    "PixelBandwidth": 3005,
    "RepetitionTime": 2.5,
    "ScanOptions": "FS",
    "ScanningSequence": "EP",
    "SequenceName": "*epfid2d1_64",
    "SequenceVariant": "SK",
    "SliceThickness": 3,
    "SliceTiming": [
      1.245,
      0,
      1.3025,
      0.0575,
      1.3575,
      0.115,
      1.415,
      0.17,
      1.4725,
      0.2275,
      1.5275,
      0.2825,
      1.585,
      0.34,
      1.6425,
      0.3975,
      1.6975,
      0.4525,
      1.755,
      0.51,
      1.81,
      0.5675,
      1.8675,
      0.6225,
      1.925,
      0.68,
      1.98,
      0.735,
      2.0375,
      0.7925,
      2.095,
      0.85,
      2.15,
      0.905,
      2.2075,
      0.9625,
      2.265,
      1.02,
      2.32,
      1.075,
      2.3775,
      1.1325,
      2.4325,
      1.19
    ],
    "SpacingBetweenSlices": 3,
    "TaskName": "change-point helicopter fmri",
    "TotalReadoutTime": 0.0315,
    "dataset": "ds003772",
    "modality": "bold",
    "run_id": 1,
    "subject_id": "bn968",
    "task_id": "changepoint"
  },
  "dummy_trs": 2,
  "dvars_nstd": 17.46048848618833,
  "dvars_std": 1.173073168385651,
  "dvars_vstd": 0.9903604765919283,
  "efc": 0.5692333430453541,
  "fber": 438.4163818359375,
  "fd_mean": 0.05508185686717856,
  "fd_num": 1,
  "fd_perc": 0.44642857142857145,
  "fwhm_avg": 2.26033,
  "fwhm_x": 2.1481,
  "fwhm_y": 2.2242333333333333,
  "fwhm_z": 2.408656666666667,
  "gcor": 0.0234516,
  "gsr_x": -0.010805053636431694,
  "gsr_y": 0.030124956741929054,
  "provenance": {
    "md5sum": "dceec76965a58199b2b5f437d03008cd",
    "settings": {
      "fd_thres": 0.2,
      "testing": false
    },
    "software": "mriqc",
    "version": "22.0.6",
    "webapi_port": null,
    "webapi_url": "https://mriqc.nimh.nih.gov/api/v1"
  },
  "size_t": 224,
  "size_x": 64,
  "size_y": 64,
  "size_z": 44,
  "snr": 4.239718085195863,
  "spacing_tr": 2.5,
  "spacing_x": 3.0,
  "spacing_y": 3.0,
  "spacing_z": 3.0,
  "summary_bg_k": 28.471381032425434,
  "summary_bg_mad": 7.42624820835905,
  "summary_bg_mean": 56.37517547607422,
  "summary_bg_median": 30.165180206298828,
  "summary_bg_n": 108151.0,
  "summary_bg_p05": 24.52678680419922,
  "summary_bg_p95": 185.60045623779297,
  "summary_bg_stdv": 72.7940902709961,
  "summary_fg_k": 0.345858894833468,
  "summary_fg_mad": 148.9353741425689,
  "summary_fg_mean": 663.6697387695312,
  "summary_fg_median": 645.828125,
  "summary_fg_n": 34378.0,
  "summary_fg_p05": 443.0565017700195,
  "summary_fg_p95": 936.7112304687496,
  "summary_fg_stdv": 152.32586669921875,
  "tsnr": 88.42737004160881
}