{
  "aor": 0.003565688888888889,
  "aqi": 0.0034808338666666664,
  "bids_meta": {
    "BandwidthPerPixelPhaseEncode": 31.25,
    "DerivedVendorReportedEchoSpacing": 0.0005,
    "EchoTime": 0.025,
    "EffectiveEchoSpacing": 0.0005,
    "FlipAngle": 75,
    "ImageType": [
      "ORIGINAL",
      "PRIMARY",
      "M",
      "ND",
      "MOSAIC"
    ],
    "ImagingFrequency": 123.26,
    "MagneticFieldStrength": 3,
    "Manufacturer": "Siemens",
    "ManufacturersModelName": "TrioTim",
    "Modality": "MR",
    "PhaseEncodingDirection": "j-",
    "PixelBandwidth": 3005,
    "RepetitionTime": 2.5,
    "ScanOptions": "FS",
    "ScanningSequence": "EP",
    "SequenceName": "*epfid2d1_64",
    "SequenceVariant": "SK",
    "SliceThickness": 3,
    "SliceTiming": [
      1.245,
      0,
      1.3025,
      0.0575,
      1.3575,
      0.115,
      1.415,
      0.17,
      1.4725,
      0.2275,
      1.5275,
      0.2825,
      1.585,
      0.34,
      1.6425,
      0.3975,
      1.6975,
      0.4525,
      1.755,
      0.51,
      1.81,
      0.5675,
      1.8675,
      0.6225,
      1.925,
      0.68,
      1.98,
      0.735,
      2.0375,
      0.7925,
      2.095,
      0.85,
      2.15,
      0.905,
      2.2075,
      0.9625,
      2.265,
      1.02,
      2.32,
      1.075,
      2.3775,
      1.1325,
      2.4325,
      1.19
    ],
    "SpacingBetweenSlices": 3,
    "TaskName": "change-point helicopter fmri",
    "TotalReadoutTime": 0.0315,
    "dataset": "ds003772",
    "modality": "bold",
    "run_id": 2,
    "subject_id": "nh935",
    "task_id": "changepoint"
  },
  "dummy_trs": 1,
  "dvars_nstd": 19.019757760312494,
  "dvars_std": 1.133390809508929,
  "dvars_vstd": 1.0109692578571434,
  "efc": 0.6217658687277192,
  "fber": 293.2557373046875,
  "fd_mean": 0.08804053675854599,
  "fd_num": 4,
  "fd_perc": 1.7777777777777777,
  "fwhm_avg": 2.5601833333333333,
  "fwhm_x": 2.4144366666666666,
  "fwhm_y": 2.54054,
  "fwhm_z": 2.725573333333333,
  "gcor": 0.0214234,
  "gsr_x": -0.013426403515040874,
  "gsr_y": 0.0586625300347805,
  "provenance": {
    "md5sum": "275563c39a81fba73f67fb83c7bd8523",
    "settings": {
      "fd_thres": 0.2,
      "testing": false
    },
    "software": "mriqc",
    "version": "22.0.6",
    "webapi_port": null,
    "webapi_url": "https://mriqc.nimh.nih.gov/api/v1"
  },
  "size_t": 225,
  "size_x": 64,
  "size_y": 64,
  "size_z": 44,
  "snr": 3.1641573962032017,
  "spacing_tr": 2.5,
  "spacing_x": 3.0,
  "spacing_y": 3.0,
  "spacing_z": 3.0,
  "summary_bg_k": 27.011185001851125,
  "summary_bg_mad": 15.78807008687509,
  "summary_bg_mean": 70.53546905517578,
  "summary_bg_median": 37.284446716308594,
  "summary_bg_n": 93028.0,
  "summary_bg_p05": 24.49333381652832,
  "summary_bg_p95": 236.47400131225584,
  "summary_bg_stdv": 83.67571258544922,
  "summary_fg_k": 1.0376977144566357,
  "summary_fg_mad": 197.54851094778772,
  "summary_fg_mean": 701.0463256835938,
  "summary_fg_median": 666.2644653320312,
  "summary_fg_n": 45480.0,
  "summary_fg_p05": 422.95957641601564,
  "summary_fg_p95": 1096.9025207519514,
  "summary_fg_stdv": 210.5638427734375,
  "tsnr": 67.25005702581257
}