{
  "aor": 0.0008946222222222223,
  "aqi": 0.004569404755555555,
  "bids_meta": {
    "BandwidthPerPixelPhaseEncode": 31.25,
    "DerivedVendorReportedEchoSpacing": 0.0005,
    "EchoTime": 0.025,
    "EffectiveEchoSpacing": 0.0005,
    "FlipAngle": 75,
    "ImageType": [
      "ORIGINAL",
      "PRIMARY",
      "M",
      "ND",
      "MOSAIC"
    ],
    "ImagingFrequency": 123.26,
    "MagneticFieldStrength": 3,
    "Manufacturer": "Siemens",
    "ManufacturersModelName": "TrioTim",
    "Modality": "MR",
    "PhaseEncodingDirection": "j-",
    "PixelBandwidth": 3005,
    "RepetitionTime": 2.5,
    "ScanOptions": "FS",
    "ScanningSequence": "EP",
    "SequenceName": "*epfid2d1_64",
    "SequenceVariant": "SK",
    "SliceThickness": 3,
    "SliceTiming": [
      1.245,
      0,
      1.3025,
      0.0575,
      1.3575,
      0.115,
      1.415,
      0.17,
      1.4725,
      0.2275,
      1.5275,
      0.2825,
      1.585,
      0.34,
      1.6425,
      0.3975,
      1.6975,
      0.4525,
      1.755,
      0.51,
      1.81,
      0.5675,
      1.8675,
      0.6225,
      1.925,
      0.68,
      1.98,
      0.735,
      2.0375,
      0.7925,
      2.095,
      0.85,
      2.15,
      0.905,
      2.2075,
      0.9625,
      2.265,
      1.02,
      2.32,
      1.075,
      2.3775,
      1.1325,
      2.4325,
      1.19
    ],
    "SpacingBetweenSlices": 3,
    "TaskName": "change-point helicopter fmri",
    "TotalReadoutTime": 0.0315,
    "dataset": "ds003772",
    "modality": "bold",
    "run_id": 4,
    "subject_id": "bb914",
    "task_id": "changepoint"
  },
  "dummy_trs": 1,
  "dvars_nstd": 19.662629059419636,
  "dvars_std": 1.0724403932589281,
  "dvars_vstd": 0.9699381237946433,
  "efc": 0.577732661843169,
  "fber": 277.2354431152344,
  "fd_mean": 0.12290271690082201,
  "fd_num": 27,
  "fd_perc": 12.0,
  "fwhm_avg": 2.4601188888888887,
  "fwhm_x": 2.33113,
  "fwhm_y": 2.3705866666666666,
  "fwhm_z": 2.67864,
  "gcor": 0.0204248,
  "gsr_x": -0.012662418186664581,
  "gsr_y": 0.05009951442480087,
  "provenance": {
    "md5sum": "381a03818f1f036c6dbe9b78982d8b27",
    "settings": {
      "fd_thres": 0.2,
      "testing": false
    },
    "software": "mriqc",
    "version": "22.0.6",
    "webapi_port": null,
    "webapi_url": "https://mriqc.nimh.nih.gov/api/v1"
  },
  "size_t": 225,
  "size_x": 64,
  "size_y": 64,
  "size_z": 44,
  "snr": 3.515781834984844,
  "spacing_tr": 2.5,
  "spacing_x": 3.0,
  "spacing_y": 3.0,
  "spacing_z": 3.0,
  "summary_bg_k": 29.25670417812909,
  "summary_bg_mad": 12.62518554258576,
  "summary_bg_mean": 59.784645080566406,
  "summary_bg_median": 33.5422248840332,
  "summary_bg_n": 109079.0,
  "summary_bg_p05": 24.293333053588867,
  "summary_bg_p95": 185.6982284545898,
  "summary_bg_stdv": 69.93189239501953,
  "summary_fg_k": 2.0425650536993887,
  "summary_fg_mad": 134.3567087180283,
  "summary_fg_mean": 598.710693359375,
  "summary_fg_median": 566.6889038085938,
  "summary_fg_n": 34167.0,
  "summary_fg_p05": 391.4888916015625,
  "summary_fg_p95": 906.9022521972653,
  "summary_fg_stdv": 161.1819610595703,
  "tsnr": 67.64073491189629
}