{
  "aor": 0.0011066371681415928,
  "aqi": 0.00262967907079646,
  "bids_meta": {
    "BandwidthPerPixelPhaseEncode": 31.25,
    "DerivedVendorReportedEchoSpacing": 0.0005,
    "EchoTime": 0.025,
    "EffectiveEchoSpacing": 0.0005,
    "FlipAngle": 75,
    "ImageType": [
      "ORIGINAL",
      "PRIMARY",
      "M",
      "ND",
      "MOSAIC"
    ],
    "ImagingFrequency": 123.26,
    "MagneticFieldStrength": 3,
    "Manufacturer": "Siemens",
    "ManufacturersModelName": "TrioTim",
    "Modality": "MR",
    "PhaseEncodingDirection": "j-",
    "PixelBandwidth": 3005,
    "RepetitionTime": 2.5,
    "ScanOptions": "FS",
    "ScanningSequence": "EP",
    "SequenceName": "*epfid2d1_64",
    "SequenceVariant": "SK",
    "SliceThickness": 3,
    "SliceTiming": [
      1.245,
      0,
      1.3025,
      0.0575,
      1.3575,
      0.115,
      1.415,
      0.17,
      1.4725,
      0.2275,
      1.5275,
      0.2825,
      1.585,
      0.34,
      1.6425,
      0.3975,
      1.6975,
      0.4525,
      1.755,
      0.51,
      1.81,
      0.5675,
      1.8675,
      0.6225,
      1.925,
      0.68,
      1.98,
      0.735,
      2.0375,
      0.7925,
      2.095,
      0.85,
      2.15,
      0.905,
      2.2075,
      0.9625,
      2.265,
      1.02,
      2.32,
      1.075,
      2.3775,
      1.1325,
      2.4325,
      1.19
    ],
    "SpacingBetweenSlices": 3,
    "TaskName": "change-point helicopter fmri",
    "TotalReadoutTime": 0.0315,
    "dataset": "ds003772",
    "modality": "bold",
    "run_id": 2,
    "subject_id": "ff2134",
    "task_id": "changepoint"
  },
  "dummy_trs": 0,
  "dvars_nstd": 20.911825642,
  "dvars_std": 1.202781673822221,
  "dvars_vstd": 0.9785518069333333,
  "efc": 0.5620413522215447,
  "fber": 418.04010009765625,
  "fd_mean": 0.09046568465074176,
  "fd_num": 16,
  "fd_perc": 7.079646017699115,
  "fwhm_avg": 3.1635088888888885,
  "fwhm_x": 3.0734866666666663,
  "fwhm_y": 3.0629733333333333,
  "fwhm_z": 3.3540666666666668,
  "gcor": 0.0761691,
  "gsr_x": -0.012971366755664349,
  "gsr_y": 0.05900910124182701,
  "provenance": {
    "md5sum": "9ce2e96ce723de5e4c53327911d508ef",
    "settings": {
      "fd_thres": 0.2,
      "testing": false
    },
    "software": "mriqc",
    "version": "22.0.6",
    "webapi_port": null,
    "webapi_url": "https://mriqc.nimh.nih.gov/api/v1"
  },
  "size_t": 226,
  "size_x": 64,
  "size_y": 64,
  "size_z": 44,
  "snr": 2.2173055158482105,
  "spacing_tr": 2.5,
  "spacing_x": 3.0,
  "spacing_y": 3.0,
  "spacing_z": 3.0,
  "summary_bg_k": 17.890260239867004,
  "summary_bg_mad": 12.070742399554604,
  "summary_bg_mean": 69.33553314208984,
  "summary_bg_median": 35.59734344482422,
  "summary_bg_n": 100189.0,
  "summary_bg_p05": 26.141592025756836,
  "summary_bg_p95": 249.35220947265583,
  "summary_bg_stdv": 88.73800659179688,
  "summary_fg_k": 2.4082929040506666,
  "summary_fg_mad": 266.3862187938192,
  "summary_fg_mean": 836.377685546875,
  "summary_fg_median": 749.856201171875,
  "summary_fg_n": 39910.0,
  "summary_fg_p05": 457.8904800415039,
  "summary_fg_p95": 1519.4758972167965,
  "summary_fg_stdv": 338.1792907714844,
  "tsnr": 74.13979526981711
}