{
  "aor": 0.0029534070796460176,
  "aqi": 0.002910179977876106,
  "bids_meta": {
    "BandwidthPerPixelPhaseEncode": 31.25,
    "DerivedVendorReportedEchoSpacing": 0.0005,
    "EchoTime": 0.025,
    "EffectiveEchoSpacing": 0.0005,
    "FlipAngle": 75,
    "ImageType": [
      "ORIGINAL",
      "PRIMARY",
      "M",
      "ND",
      "MOSAIC"
    ],
    "ImagingFrequency": 123.26,
    "MagneticFieldStrength": 3,
    "Manufacturer": "Siemens",
    "ManufacturersModelName": "TrioTim",
    "Modality": "MR",
    "PhaseEncodingDirection": "j-",
    "PixelBandwidth": 3005,
    "RepetitionTime": 2.5,
    "ScanOptions": "FS",
    "ScanningSequence": "EP",
    "SequenceName": "*epfid2d1_64",
    "SequenceVariant": "SK",
    "SliceThickness": 3,
    "SliceTiming": [
      1.245,
      0,
      1.3025,
      0.0575,
      1.3575,
      0.115,
      1.415,
      0.17,
      1.4725,
      0.2275,
      1.5275,
      0.2825,
      1.585,
      0.34,
      1.6425,
      0.3975,
      1.6975,
      0.4525,
      1.755,
      0.51,
      1.81,
      0.5675,
      1.8675,
      0.6225,
      1.925,
      0.68,
      1.98,
      0.735,
      2.0375,
      0.7925,
      2.095,
      0.85,
      2.15,
      0.905,
      2.2075,
      0.9625,
      2.265,
      1.02,
      2.32,
      1.075,
      2.3775,
      1.1325,
      2.4325,
      1.19
    ],
    "SpacingBetweenSlices": 3,
    "TaskName": "change-point helicopter fmri",
    "TotalReadoutTime": 0.0315,
    "dataset": "ds003772",
    "modality": "bold",
    "run_id": 1,
    "subject_id": "ff2134",
    "task_id": "changepoint"
  },
  "dummy_trs": 0,
  "dvars_nstd": 20.50343774604445,
  "dvars_std": 1.1949100956444447,
  "dvars_vstd": 0.9954181143555555,
  "efc": 0.5608270212612839,
  "fber": 419.5980529785156,
  "fd_mean": 0.08008184462636808,
  "fd_num": 11,
  "fd_perc": 4.867256637168142,
  "fwhm_avg": 3.146677777777778,
  "fwhm_x": 3.0684066666666667,
  "fwhm_y": 3.05038,
  "fwhm_z": 3.3212466666666667,
  "gcor": 0.0300409,
  "gsr_x": -0.012916302308440208,
  "gsr_y": 0.05623365938663483,
  "provenance": {
    "md5sum": "a16f0295cbd63f0123445f4e6d17acb4",
    "settings": {
      "fd_thres": 0.2,
      "testing": false
    },
    "software": "mriqc",
    "version": "22.0.6",
    "webapi_port": null,
    "webapi_url": "https://mriqc.nimh.nih.gov/api/v1"
  },
  "size_t": 226,
  "size_x": 64,
  "size_y": 64,
  "size_z": 44,
  "snr": 2.234861462228373,
  "spacing_tr": 2.5,
  "spacing_x": 3.0,
  "spacing_y": 3.0,
  "spacing_z": 3.0,
  "summary_bg_k": 17.995602170177975,
  "summary_bg_mad": 12.667721901554039,
  "summary_bg_mean": 67.43937683105469,
  "summary_bg_median": 35.33185958862305,
  "summary_bg_n": 100144.0,
  "summary_bg_p05": 23.938053131103516,
  "summary_bg_p95": 241.10177612304688,
  "summary_bg_stdv": 85.16030883789062,
  "summary_fg_k": 2.2823031700645995,
  "summary_fg_mad": 264.0803307486556,
  "summary_fg_mean": 828.72265625,
  "summary_fg_median": 744.3097534179688,
  "summary_fg_n": 40058.0,
  "summary_fg_p05": 453.2670211791992,
  "summary_fg_p95": 1502.642919921875,
  "summary_fg_stdv": 333.0409851074219,
  "tsnr": 72.19783061277121
}