{
  "aor": 0.0022358849557522127,
  "aqi": 0.0020038872477876105,
  "bids_meta": {
    "BandwidthPerPixelPhaseEncode": 31.25,
    "DerivedVendorReportedEchoSpacing": 0.0005,
    "EchoTime": 0.025,
    "EffectiveEchoSpacing": 0.0005,
    "FlipAngle": 75,
    "ImageType": [
      "ORIGINAL",
      "PRIMARY",
      "M",
      "ND",
      "MOSAIC"
    ],
    "ImagingFrequency": 123.26,
    "MagneticFieldStrength": 3,
    "Manufacturer": "Siemens",
    "ManufacturersModelName": "TrioTim",
    "Modality": "MR",
    "PhaseEncodingDirection": "j-",
    "PixelBandwidth": 3005,
    "RepetitionTime": 2.5,
    "ScanOptions": "FS",
    "ScanningSequence": "EP",
    "SequenceName": "*epfid2d1_64",
    "SequenceVariant": "SK",
    "SliceThickness": 3,
    "SliceTiming": [
      1.245,
      0,
      1.3025,
      0.0575,
      1.3575,
      0.115,
      1.415,
      0.17,
      1.4725,
      0.2275,
      1.5275,
      0.2825,
      1.585,
      0.34,
      1.6425,
      0.3975,
      1.6975,
      0.4525,
      1.755,
      0.51,
      1.81,
      0.5675,
      1.8675,
      0.6225,
      1.925,
      0.68,
      1.98,
      0.735,
      2.0375,
      0.7925,
      2.095,
      0.85,
      2.15,
      0.905,
      2.2075,
      0.9625,
      2.265,
      1.02,
      2.32,
      1.075,
      2.3775,
      1.1325,
      2.4325,
      1.19
    ],
    "SpacingBetweenSlices": 3,
    "TaskName": "change-point helicopter fmri",
    "TotalReadoutTime": 0.0315,
    "dataset": "ds003772",
    "modality": "bold",
    "run_id": 4,
    "subject_id": "ff2134",
    "task_id": "changepoint"
  },
  "dummy_trs": 0,
  "dvars_nstd": 17.510677617733332,
  "dvars_std": 1.174388793777778,
  "dvars_vstd": 1.007576711333333,
  "efc": 0.5624978786962738,
  "fber": 412.0910339355469,
  "fd_mean": 0.07073085731787696,
  "fd_num": 5,
  "fd_perc": 2.2123893805309733,
  "fwhm_avg": 3.1827433333333333,
  "fwhm_x": 3.078053333333333,
  "fwhm_y": 3.1099433333333333,
  "fwhm_z": 3.3602333333333334,
  "gcor": 0.0445669,
  "gsr_x": -0.014397162944078445,
  "gsr_y": 0.06108750030398369,
  "provenance": {
    "md5sum": "58ce0a2887dd8f1ebe8f445bbda41037",
    "settings": {
      "fd_thres": 0.2,
      "testing": false
    },
    "software": "mriqc",
    "version": "22.0.6",
    "webapi_port": null,
    "webapi_url": "https://mriqc.nimh.nih.gov/api/v1"
  },
  "size_t": 226,
  "size_x": 64,
  "size_y": 64,
  "size_z": 44,
  "snr": 2.1955934433201674,
  "spacing_tr": 2.5,
  "spacing_x": 3.0,
  "spacing_y": 3.0,
  "spacing_z": 3.0,
  "summary_bg_k": 17.799943813387664,
  "summary_bg_mad": 12.051063465765196,
  "summary_bg_mean": 71.11235809326172,
  "summary_bg_median": 35.938053131103516,
  "summary_bg_n": 100185.0,
  "summary_bg_p05": 26.809734344482422,
  "summary_bg_p95": 257.0955810546874,
  "summary_bg_stdv": 91.92402648925781,
  "summary_fg_k": 2.386835520099149,
  "summary_fg_mad": 271.6704776958421,
  "summary_fg_mean": 840.6686401367188,
  "summary_fg_median": 752.9114990234375,
  "summary_fg_n": 39961.0,
  "summary_fg_p05": 455.8451232910156,
  "summary_fg_p95": 1539.539794921875,
  "summary_fg_stdv": 342.9150695800781,
  "tsnr": 82.83681415300816
}