{
  "aor": 0.0015150666666666668,
  "aqi": 0.0082228732,
  "bids_meta": {
    "BandwidthPerPixelPhaseEncode": 31.25,
    "DerivedVendorReportedEchoSpacing": 0.0005,
    "EchoTime": 0.025,
    "EffectiveEchoSpacing": 0.0005,
    "FlipAngle": 75,
    "ImageType": [
      "ORIGINAL",
      "PRIMARY",
      "M",
      "ND",
      "MOSAIC"
    ],
    "ImagingFrequency": 123.26,
    "MagneticFieldStrength": 3,
    "Manufacturer": "Siemens",
    "ManufacturersModelName": "TrioTim",
    "Modality": "MR",
    "PhaseEncodingDirection": "j-",
    "PixelBandwidth": 3005,
    "RepetitionTime": 2.5,
    "ScanOptions": "FS",
    "ScanningSequence": "EP",
    "SequenceName": "*epfid2d1_64",
    "SequenceVariant": "SK",
    "SliceThickness": 3,
    "SliceTiming": [
      1.245,
      0,
      1.3025,
      0.0575,
      1.3575,
      0.115,
      1.415,
      0.17,
      1.4725,
      0.2275,
      1.5275,
      0.2825,
      1.585,
      0.34,
      1.6425,
      0.3975,
      1.6975,
      0.4525,
      1.755,
      0.51,
      1.81,
      0.5675,
      1.8675,
      0.6225,
      1.925,
      0.68,
      1.98,
      0.735,
      2.0375,
      0.7925,
      2.095,
      0.85,
      2.15,
      0.905,
      2.2075,
      0.9625,
      2.265,
      1.02,
      2.32,
      1.075,
      2.3775,
      1.1325,
      2.4325,
      1.19
    ],
    "SpacingBetweenSlices": 3,
    "TaskName": "change-point helicopter fmri",
    "TotalReadoutTime": 0.0315,
    "dataset": "ds003772",
    "modality": "bold",
    "run_id": 3,
    "subject_id": "us2142",
    "task_id": "changepoint"
  },
  "dummy_trs": 1,
  "dvars_nstd": 26.934124929374995,
  "dvars_std": 1.0913226716964284,
  "dvars_vstd": 0.9372874029017862,
  "efc": 0.6560598124712563,
  "fber": 142.6606903076172,
  "fd_mean": 0.14455413271611378,
  "fd_num": 44,
  "fd_perc": 19.555555555555557,
  "fwhm_avg": 3.0124955555555553,
  "fwhm_x": 2.84965,
  "fwhm_y": 2.80557,
  "fwhm_z": 3.3822666666666668,
  "gcor": 0.0383998,
  "gsr_x": -0.013088813982903957,
  "gsr_y": 0.09513062238693237,
  "provenance": {
    "md5sum": "1589a29c7677093fcd6976c7bd96cab0",
    "settings": {
      "fd_thres": 0.2,
      "testing": false
    },
    "software": "mriqc",
    "version": "22.0.6",
    "webapi_port": null,
    "webapi_url": "https://mriqc.nimh.nih.gov/api/v1"
  },
  "size_t": 225,
  "size_x": 64,
  "size_y": 64,
  "size_z": 44,
  "snr": 2.311709494758304,
  "spacing_tr": 2.5,
  "spacing_x": 3.0,
  "spacing_y": 3.0,
  "spacing_z": 3.0,
  "summary_bg_k": 10.075523530789106,
  "summary_bg_mad": 27.97835090993103,
  "summary_bg_mean": 102.27055358886719,
  "summary_bg_median": 50.1511116027832,
  "summary_bg_n": 85510.0,
  "summary_bg_p05": 28.724445343017578,
  "summary_bg_p95": 372.65667572021493,
  "summary_bg_stdv": 124.1123046875,
  "summary_fg_k": 4.172629949223223,
  "summary_fg_mad": 212.13726610300233,
  "summary_fg_mean": 706.0940551757812,
  "summary_fg_median": 646.9244384765625,
  "summary_fg_n": 49299.0,
  "summary_fg_p05": 377.57066650390624,
  "summary_fg_p95": 1262.3240600585937,
  "summary_fg_stdv": 279.84393310546875,
  "tsnr": 48.362407721113414
}