{
  "aor": 0.003675955555555556,
  "aqi": 0.004637616933333333,
  "bids_meta": {
    "BandwidthPerPixelPhaseEncode": 31.25,
    "DerivedVendorReportedEchoSpacing": 0.0005,
    "EchoTime": 0.025,
    "EffectiveEchoSpacing": 0.0005,
    "FlipAngle": 75,
    "ImageType": [
      "ORIGINAL",
      "PRIMARY",
      "M",
      "ND",
      "MOSAIC"
    ],
    "ImagingFrequency": 123.26,
    "MagneticFieldStrength": 3,
    "Manufacturer": "Siemens",
    "ManufacturersModelName": "TrioTim",
    "Modality": "MR",
    "PhaseEncodingDirection": "j-",
    "PixelBandwidth": 3005,
    "RepetitionTime": 2.5,
    "ScanOptions": "FS",
    "ScanningSequence": "EP",
    "SequenceName": "*epfid2d1_64",
    "SequenceVariant": "SK",
    "SliceThickness": 3,
    "SliceTiming": [
      1.245,
      0,
      1.3025,
      0.0575,
      1.3575,
      0.115,
      1.415,
      0.17,
      1.4725,
      0.2275,
      1.5275,
      0.2825,
      1.585,
      0.34,
      1.6425,
      0.3975,
      1.6975,
      0.4525,
      1.755,
      0.51,
      1.81,
      0.5675,
      1.8675,
      0.6225,
      1.925,
      0.68,
      1.98,
      0.735,
      2.0375,
      0.7925,
      2.095,
      0.85,
      2.15,
      0.905,
      2.2075,
      0.9625,
      2.265,
      1.02,
      2.32,
      1.075,
      2.3775,
      1.1325,
      2.4325,
      1.19
    ],
    "SpacingBetweenSlices": 3,
    "TaskName": "change-point helicopter fmri",
    "TotalReadoutTime": 0.0315,
    "dataset": "ds003772",
    "modality": "bold",
    "run_id": 1,
    "subject_id": "us2142",
    "task_id": "changepoint"
  },
  "dummy_trs": 1,
  "dvars_nstd": 24.070751599330347,
  "dvars_std": 1.148375422098214,
  "dvars_vstd": 0.9839001411160719,
  "efc": 0.6534483403760412,
  "fber": 151.2336883544922,
  "fd_mean": 0.078841782775542,
  "fd_num": 7,
  "fd_perc": 3.111111111111111,
  "fwhm_avg": 3.0194911111111113,
  "fwhm_x": 2.837813333333333,
  "fwhm_y": 2.8339266666666667,
  "fwhm_z": 3.3867333333333334,
  "gcor": 0.0118812,
  "gsr_x": -0.018776919692754745,
  "gsr_y": 0.09733869135379791,
  "provenance": {
    "md5sum": "8263f78a1dcc60d1cb72fe51573398fa",
    "settings": {
      "fd_thres": 0.2,
      "testing": false
    },
    "software": "mriqc",
    "version": "22.0.6",
    "webapi_port": null,
    "webapi_url": "https://mriqc.nimh.nih.gov/api/v1"
  },
  "size_t": 225,
  "size_x": 64,
  "size_y": 64,
  "size_z": 44,
  "snr": 2.3244799669953506,
  "spacing_tr": 2.5,
  "spacing_x": 3.0,
  "spacing_y": 3.0,
  "spacing_z": 3.0,
  "summary_bg_k": 10.036735776316828,
  "summary_bg_mad": 25.072454746862235,
  "summary_bg_mean": 94.68080139160156,
  "summary_bg_median": 48.07111358642578,
  "summary_bg_n": 84629.0,
  "summary_bg_p05": 29.28444480895996,
  "summary_bg_p95": 342.39822387695307,
  "summary_bg_stdv": 111.79320526123047,
  "summary_fg_k": 4.190203650689727,
  "summary_fg_mad": 210.2198553115036,
  "summary_fg_mean": 701.34228515625,
  "summary_fg_median": 643.4489135742188,
  "summary_fg_n": 49509.0,
  "summary_fg_p05": 377.108447265625,
  "summary_fg_p95": 1249.884423828125,
  "summary_fg_stdv": 276.81134033203125,
  "tsnr": 65.199967799359
}