{
  "aor": 0.004797066666666666,
  "aqi": 0.006511630311111112,
  "bids_meta": {
    "BandwidthPerPixelPhaseEncode": 31.25,
    "DerivedVendorReportedEchoSpacing": 0.0005,
    "EchoTime": 0.025,
    "EffectiveEchoSpacing": 0.0005,
    "FlipAngle": 75,
    "ImageType": [
      "ORIGINAL",
      "PRIMARY",
      "M",
      "ND",
      "MOSAIC"
    ],
    "ImagingFrequency": 123.26,
    "MagneticFieldStrength": 3,
    "Manufacturer": "Siemens",
    "ManufacturersModelName": "TrioTim",
    "Modality": "MR",
    "PhaseEncodingDirection": "j-",
    "PixelBandwidth": 3005,
    "RepetitionTime": 2.5,
    "ScanOptions": "FS",
    "ScanningSequence": "EP",
    "SequenceName": "*epfid2d1_64",
    "SequenceVariant": "SK",
    "SliceThickness": 3,
    "SliceTiming": [
      1.245,
      0,
      1.3025,
      0.0575,
      1.3575,
      0.115,
      1.415,
      0.17,
      1.4725,
      0.2275,
      1.5275,
      0.2825,
      1.585,
      0.34,
      1.6425,
      0.3975,
      1.6975,
      0.4525,
      1.755,
      0.51,
      1.81,
      0.5675,
      1.8675,
      0.6225,
      1.925,
      0.68,
      1.98,
      0.735,
      2.0375,
      0.7925,
      2.095,
      0.85,
      2.15,
      0.905,
      2.2075,
      0.9625,
      2.265,
      1.02,
      2.32,
      1.075,
      2.3775,
      1.1325,
      2.4325,
      1.19
    ],
    "SpacingBetweenSlices": 3,
    "TaskName": "change-point helicopter fmri",
    "TotalReadoutTime": 0.0315,
    "dataset": "ds003772",
    "modality": "bold",
    "run_id": 2,
    "subject_id": "us2142",
    "task_id": "changepoint"
  },
  "dummy_trs": 1,
  "dvars_nstd": 23.302502087276782,
  "dvars_std": 1.1593361413392855,
  "dvars_vstd": 1.0072713248214287,
  "efc": 0.6541257406984375,
  "fber": 144.32290649414062,
  "fd_mean": 0.08488909053891588,
  "fd_num": 11,
  "fd_perc": 4.888888888888889,
  "fwhm_avg": 3.0175722222222223,
  "fwhm_x": 2.84407,
  "fwhm_y": 2.8094133333333335,
  "fwhm_z": 3.399233333333333,
  "gcor": 0.0154755,
  "gsr_x": -0.013017157092690468,
  "gsr_y": 0.09210345149040222,
  "provenance": {
    "md5sum": "7c618f400a20868a7f050a83a3c0e372",
    "settings": {
      "fd_thres": 0.2,
      "testing": false
    },
    "software": "mriqc",
    "version": "22.0.6",
    "webapi_port": null,
    "webapi_url": "https://mriqc.nimh.nih.gov/api/v1"
  },
  "size_t": 225,
  "size_x": 64,
  "size_y": 64,
  "size_z": 44,
  "snr": 2.2828504608616993,
  "spacing_tr": 2.5,
  "spacing_x": 3.0,
  "spacing_y": 3.0,
  "spacing_z": 3.0,
  "summary_bg_k": 10.238289389244185,
  "summary_bg_mad": 28.83496847858866,
  "summary_bg_mean": 101.71189880371094,
  "summary_bg_median": 50.013336181640625,
  "summary_bg_n": 85580.0,
  "summary_bg_p05": 26.786666870117188,
  "summary_bg_p95": 370.80068511962895,
  "summary_bg_stdv": 124.1081771850586,
  "summary_fg_k": 4.319289415364283,
  "summary_fg_mad": 212.8225986165431,
  "summary_fg_mean": 707.6085205078125,
  "summary_fg_median": 647.1866455078125,
  "summary_fg_n": 49392.0,
  "summary_fg_p05": 378.9155578613281,
  "summary_fg_p95": 1268.5840393066396,
  "summary_fg_stdv": 283.4964904785156,
  "tsnr": 55.989195071859285
}