{
  "aor": 0.007690486725663717,
  "aqi": 0.007856693362831858,
  "bids_meta": {
    "BandwidthPerPixelPhaseEncode": 31.25,
    "DerivedVendorReportedEchoSpacing": 0.0005,
    "EchoTime": 0.025,
    "EffectiveEchoSpacing": 0.0005,
    "FlipAngle": 75,
    "ImageType": [
      "ORIGINAL",
      "PRIMARY",
      "M",
      "ND",
      "MOSAIC"
    ],
    "ImagingFrequency": 123.26,
    "MagneticFieldStrength": 3,
    "Manufacturer": "Siemens",
    "ManufacturersModelName": "TrioTim",
    "Modality": "MR",
    "PhaseEncodingDirection": "j-",
    "PixelBandwidth": 3005,
    "RepetitionTime": 2.5,
    "ScanOptions": "FS",
    "ScanningSequence": "EP",
    "SequenceName": "*epfid2d1_64",
    "SequenceVariant": "SK",
    "SliceThickness": 3,
    "SliceTiming": [
      1.245,
      0,
      1.3025,
      0.0575,
      1.3575,
      0.115,
      1.415,
      0.17,
      1.4725,
      0.2275,
      1.5275,
      0.2825,
      1.585,
      0.34,
      1.6425,
      0.3975,
      1.6975,
      0.4525,
      1.755,
      0.51,
      1.81,
      0.5675,
      1.8675,
      0.6225,
      1.925,
      0.68,
      1.98,
      0.735,
      2.0375,
      0.7925,
      2.095,
      0.85,
      2.15,
      0.905,
      2.2075,
      0.9625,
      2.265,
      1.02,
      2.32,
      1.075,
      2.3775,
      1.1325,
      2.4325,
      1.19
    ],
    "SpacingBetweenSlices": 3,
    "TaskName": "change-point helicopter fmri",
    "TotalReadoutTime": 0.0315,
    "dataset": "ds003772",
    "modality": "bold",
    "run_id": 1,
    "subject_id": "kt925",
    "task_id": "changepoint"
  },
  "dummy_trs": 0,
  "dvars_nstd": 23.790145793555567,
  "dvars_std": 1.0732614854222224,
  "dvars_vstd": 0.9563252437333332,
  "efc": 0.6235016387435853,
  "fber": 283.4646911621094,
  "fd_mean": 0.18215564780196355,
  "fd_num": 58,
  "fd_perc": 25.663716814159294,
  "fwhm_avg": 2.7182311111111113,
  "fwhm_x": 2.5410733333333333,
  "fwhm_y": 2.6606,
  "fwhm_z": 2.95302,
  "gcor": 0.0500093,
  "gsr_x": -0.004480118863284588,
  "gsr_y": 0.06759822368621826,
  "provenance": {
    "md5sum": "71a8d46979806f588da82dac78791d52",
    "settings": {
      "fd_thres": 0.2,
      "testing": false
    },
    "software": "mriqc",
    "version": "22.0.6",
    "webapi_port": null,
    "webapi_url": "https://mriqc.nimh.nih.gov/api/v1"
  },
  "size_t": 226,
  "size_x": 64,
  "size_y": 64,
  "size_z": 44,
  "snr": 3.1202049823971048,
  "spacing_tr": 2.5,
  "spacing_x": 3.0,
  "spacing_y": 3.0,
  "spacing_z": 3.0,
  "summary_bg_k": 12.611003390653222,
  "summary_bg_mad": 17.73218699285969,
  "summary_bg_mean": 81.0341796875,
  "summary_bg_median": 40.33185958862305,
  "summary_bg_n": 93085.0,
  "summary_bg_p05": 26.685840606689453,
  "summary_bg_p95": 282.653991699219,
  "summary_bg_stdv": 95.88870239257812,
  "summary_fg_k": 1.2703279213803471,
  "summary_fg_mad": 206.00958715840238,
  "summary_fg_mean": 738.4181518554688,
  "summary_fg_median": 699.4866943359375,
  "summary_fg_n": 45221.0,
  "summary_fg_p05": 447.2920227050781,
  "summary_fg_p95": 1161.318603515625,
  "summary_fg_stdv": 224.17724609375,
  "tsnr": 45.112188605824485
}