{
  "aor": 0.0023940271493212676,
  "aqi": 0.004598980904977376,
  "bids_meta": {
    "BandwidthPerPixelPhaseEncode": 31.25,
    "DerivedVendorReportedEchoSpacing": 0.0005,
    "EchoTime": 0.025,
    "EffectiveEchoSpacing": 0.0005,
    "FlipAngle": 75,
    "ImageType": [
      "ORIGINAL",
      "PRIMARY",
      "M",
      "ND",
      "MOSAIC"
    ],
    "ImagingFrequency": 123.26,
    "MagneticFieldStrength": 3,
    "Manufacturer": "Siemens",
    "ManufacturersModelName": "TrioTim",
    "Modality": "MR",
    "PhaseEncodingDirection": "j-",
    "PixelBandwidth": 3005,
    "RepetitionTime": 2.5,
    "ScanOptions": "FS",
    "ScanningSequence": "EP",
    "SequenceName": "*epfid2d1_64",
    "SequenceVariant": "SK",
    "SliceThickness": 3,
    "SliceTiming": [
      1.245,
      0,
      1.3025,
      0.0575,
      1.3575,
      0.115,
      1.415,
      0.17,
      1.4725,
      0.2275,
      1.5275,
      0.2825,
      1.585,
      0.34,
      1.6425,
      0.3975,
      1.6975,
      0.4525,
      1.755,
      0.51,
      1.81,
      0.5675,
      1.8675,
      0.6225,
      1.925,
      0.68,
      1.98,
      0.735,
      2.0375,
      0.7925,
      2.095,
      0.85,
      2.15,
      0.905,
      2.2075,
      0.9625,
      2.265,
      1.02,
      2.32,
      1.075,
      2.3775,
      1.1325,
      2.4325,
      1.19
    ],
    "SpacingBetweenSlices": 3,
    "TaskName": "change-point helicopter fmri",
    "TotalReadoutTime": 0.0315,
    "dataset": "ds003772",
    "modality": "bold",
    "run_id": 4,
    "subject_id": "kt925",
    "task_id": "changepoint"
  },
  "dummy_trs": 5,
  "dvars_nstd": 17.433463226727277,
  "dvars_std": 1.0210997116363634,
  "dvars_vstd": 0.9203038618636364,
  "efc": 0.6245052176568572,
  "fber": 273.1122741699219,
  "fd_mean": 0.08768097731470988,
  "fd_num": 15,
  "fd_perc": 6.787330316742081,
  "fwhm_avg": 2.7648377777777777,
  "fwhm_x": 2.6052233333333334,
  "fwhm_y": 2.7253966666666667,
  "fwhm_z": 2.963893333333333,
  "gcor": 0.0490844,
  "gsr_x": -0.006472842767834663,
  "gsr_y": 0.07106082886457443,
  "provenance": {
    "md5sum": "3c8656a6cccd99edb263c55e47db956c",
    "settings": {
      "fd_thres": 0.2,
      "testing": false
    },
    "software": "mriqc",
    "version": "22.0.6",
    "webapi_port": null,
    "webapi_url": "https://mriqc.nimh.nih.gov/api/v1"
  },
  "size_t": 221,
  "size_x": 64,
  "size_y": 64,
  "size_z": 44,
  "snr": 2.97551840310266,
  "spacing_tr": 2.5,
  "spacing_x": 3.0,
  "spacing_y": 3.0,
  "spacing_z": 3.0,
  "summary_bg_k": 14.614059369963748,
  "summary_bg_mad": 19.032320051759708,
  "summary_bg_mean": 84.97834777832031,
  "summary_bg_median": 41.515838623046875,
  "summary_bg_n": 92885.0,
  "summary_bg_p05": 26.968326568603516,
  "summary_bg_p95": 298.4208312988282,
  "summary_bg_stdv": 102.85420989990234,
  "summary_fg_k": 1.4048060189774656,
  "summary_fg_mad": 215.9165715445781,
  "summary_fg_mean": 751.0953979492188,
  "summary_fg_median": 708.5023193359375,
  "summary_fg_n": 45386.0,
  "summary_fg_p05": 444.6199188232422,
  "summary_fg_p95": 1204.947998046875,
  "summary_fg_stdv": 238.10792541503906,
  "tsnr": 56.15032750647515
}