{
  "aor": 0.06264480000000001,
  "aqi": 0.017057601422222225,
  "bids_meta": {
    "BandwidthPerPixelPhaseEncode": 31.25,
    "DerivedVendorReportedEchoSpacing": 0.0005,
    "EchoTime": 0.025,
    "EffectiveEchoSpacing": 0.0005,
    "FlipAngle": 75,
    "ImageType": [
      "ORIGINAL",
      "PRIMARY",
      "M",
      "ND",
      "MOSAIC"
    ],
    "ImagingFrequency": 123.26,
    "MagneticFieldStrength": 3,
    "Manufacturer": "Siemens",
    "ManufacturersModelName": "TrioTim",
    "Modality": "MR",
    "PhaseEncodingDirection": "j-",
    "PixelBandwidth": 3005,
    "RepetitionTime": 2.5,
    "ScanOptions": "FS",
    "ScanningSequence": "EP",
    "SequenceName": "*epfid2d1_64",
    "SequenceVariant": "SK",
    "SliceThickness": 3,
    "SliceTiming": [
      1.245,
      0,
      1.3025,
      0.0575,
      1.3575,
      0.115,
      1.415,
      0.17,
      1.4725,
      0.2275,
      1.5275,
      0.2825,
      1.585,
      0.34,
      1.6425,
      0.3975,
      1.6975,
      0.4525,
      1.755,
      0.51,
      1.81,
      0.5675,
      1.8675,
      0.6225,
      1.925,
      0.68,
      1.98,
      0.735,
      2.0375,
      0.7925,
      2.095,
      0.85,
      2.15,
      0.905,
      2.2075,
      0.9625,
      2.265,
      1.02,
      2.32,
      1.075,
      2.3775,
      1.1325,
      2.4325,
      1.19
    ],
    "SpacingBetweenSlices": 3,
    "TaskName": "change-point helicopter fmri",
    "TotalReadoutTime": 0.0315,
    "dataset": "ds003772",
    "modality": "bold",
    "run_id": 4,
    "subject_id": "cs928",
    "task_id": "changepoint"
  },
  "dummy_trs": 1,
  "dvars_nstd": 32.5360634585268,
  "dvars_std": 1.2635975666517851,
  "dvars_vstd": 1.2415971745535719,
  "efc": 0.5741260694286762,
  "fber": 380.84246826171875,
  "fd_mean": 0.37109701126524886,
  "fd_num": 67,
  "fd_perc": 29.77777777777778,
  "fwhm_avg": 2.8874844444444445,
  "fwhm_x": 2.7271366666666665,
  "fwhm_y": 2.7124133333333336,
  "fwhm_z": 3.2229033333333335,
  "gcor": 0.0459608,
  "gsr_x": -0.015706883743405342,
  "gsr_y": 0.05438152700662613,
  "provenance": {
    "md5sum": "b518d942db62de4eb3bcb613fcf9349f",
    "settings": {
      "fd_thres": 0.2,
      "testing": false
    },
    "software": "mriqc",
    "version": "22.0.6",
    "webapi_port": null,
    "webapi_url": "https://mriqc.nimh.nih.gov/api/v1"
  },
  "size_t": 225,
  "size_x": 64,
  "size_y": 64,
  "size_z": 44,
  "snr": 2.979608549522048,
  "spacing_tr": 2.5,
  "spacing_x": 3.0,
  "spacing_y": 3.0,
  "spacing_z": 3.0,
  "summary_bg_k": 17.183234653516894,
  "summary_bg_mad": 14.569039459514112,
  "summary_bg_mean": 71.90922546386719,
  "summary_bg_median": 36.03555679321289,
  "summary_bg_n": 105374.0,
  "summary_bg_p05": 24.239999771118164,
  "summary_bg_p95": 249.1482269287109,
  "summary_bg_stdv": 89.762451171875,
  "summary_fg_k": 2.5691383739123523,
  "summary_fg_mad": 198.72805928264006,
  "summary_fg_mean": 773.171630859375,
  "summary_fg_median": 721.04443359375,
  "summary_fg_n": 36588.0,
  "summary_fg_p05": 485.934016418457,
  "summary_fg_p95": 1250.1638427734376,
  "summary_fg_stdv": 241.9897003173828,
  "tsnr": 29.88452020531986
}