{
  "bids_meta": {
    "EchoTime": 0.00311,
    "FlipAngle": 15,
    "ImageType": [
      "ORIGINAL",
      "PRIMARY",
      "M",
      "ND",
      "NORM"
    ],
    "ImagingFrequency": 123.26,
    "InversionTime": 1.1,
    "MagneticFieldStrength": 3,
    "Manufacturer": "Siemens",
    "ManufacturersModelName": "TrioTim",
    "Modality": "MR",
    "RepetitionTime": 1.63,
    "ScanningSequence": "GR\\IR",
    "SequenceVariant": "SP\\MP",
    "SliceThickness": 1,
    "dataset": "ds003772",
    "modality": "T1w",
    "subject_id": "tc923"
  },
  "cjv": 0.4218198337977696,
  "cnr": 3.2301502642074054,
  "efc": 0.6016235364121912,
  "fber": 54263.114197530864,
  "fwhm_avg": 3.5485584444444442,
  "fwhm_x": 3.2760960000000003,
  "fwhm_y": 4.098549333333334,
  "fwhm_z": 3.27103,
  "icvs_csf": 0.16226557279635273,
  "icvs_gm": 0.4501041882979325,
  "icvs_wm": 0.3876302389057148,
  "inu_med": 0.29497942328453064,
  "inu_range": 0.05344741046428675,
  "provenance": {
    "md5sum": "9bae24acc70266e8dda3d84fe44256c1",
    "settings": {
      "testing": false
    },
    "software": "mriqc",
    "version": "22.0.6",
    "warnings": {
      "large_rot_frame": true,
      "small_air_mask": false
    },
    "webapi_port": null,
    "webapi_url": "https://mriqc.nimh.nih.gov/api/v1"
  },
  "qi_1": 0.004248733291376816,
  "qi_2": 0.006039174666000588,
  "rpve_csf": 22.380010957772416,
  "rpve_gm": 8.697875065593102,
  "rpve_wm": 11.137373343446262,
  "size_x": 192,
  "size_y": 256,
  "size_z": 160,
  "snr_csf": 2.413988428762442,
  "snr_gm": 15.69778988838193,
  "snr_total": 13.57500259697465,
  "snr_wm": 22.61322947377958,
  "snrd_csf": 22.30138415044604,
  "snrd_gm": 48.75952972029556,
  "snrd_total": 44.46709494781451,
  "snrd_wm": 62.340370972701955,
  "spacing_x": 0.9375,
  "spacing_y": 0.9375,
  "spacing_z": 1.0,
  "summary_bg_k": 41.29445838256137,
  "summary_bg_mad": 0.0,
  "summary_bg_mean": 4.688485037540038,
  "summary_bg_median": 0.0,
  "summary_bg_n": 1754130.0,
  "summary_bg_p05": 0.0,
  "summary_bg_p95": 21.110553101630966,
  "summary_bg_stdv": 10.50933361950968,
  "summary_csf_k": 8.599116351010952,
  "summary_csf_mad": 109.94243605701494,
  "summary_csf_mean": 351.1232624489369,
  "summary_csf_median": 357.7463963441551,
  "summary_csf_n": 18984.0,
  "summary_csf_p05": 88.77629419229926,
  "summary_csf_p95": 562.2400152701883,
  "summary_csf_stdv": 148.19332588517688,
  "summary_gm_k": -0.036336162150771845,
  "summary_gm_mad": 50.415834223754665,
  "summary_gm_mean": 781.4395978445326,
  "summary_gm_median": 782.1732466109097,
  "summary_gm_n": 33125.0,
  "summary_gm_p05": 698.3869075216353,
  "summary_gm_p95": 861.6343670673668,
  "summary_gm_stdv": 49.82621411642539,
  "summary_wm_k": 0.6320116634843451,
  "summary_wm_mad": 41.48027368366261,
  "summary_wm_mean": 1004.069487286045,
  "summary_wm_median": 1000.0295457802713,
  "summary_wm_n": 173221.0,
  "summary_wm_p05": 938.4897205606103,
  "summary_wm_p95": 1082.870481889695,
  "summary_wm_stdv": 44.22308013830223,
  "tpm_overlap_csf": 0.1527735815995,
  "tpm_overlap_gm": 0.47266651092764983,
  "tpm_overlap_wm": 0.49517598417193875,
  "wm2max": 0.6075527481301936
}