{
  "aor": 0.009873407079646016,
  "aqi": 0.009847440398230089,
  "bids_meta": {
    "BandwidthPerPixelPhaseEncode": 31.25,
    "DerivedVendorReportedEchoSpacing": 0.0005,
    "EchoTime": 0.025,
    "EffectiveEchoSpacing": 0.0005,
    "FlipAngle": 75,
    "ImageType": [
      "ORIGINAL",
      "PRIMARY",
      "M",
      "ND",
      "MOSAIC"
    ],
    "ImagingFrequency": 123.26,
    "MagneticFieldStrength": 3,
    "Manufacturer": "Siemens",
    "ManufacturersModelName": "TrioTim",
    "Modality": "MR",
    "PhaseEncodingDirection": "j-",
    "PixelBandwidth": 3005,
    "RepetitionTime": 2.5,
    "ScanOptions": "FS",
    "ScanningSequence": "EP",
    "SequenceName": "*epfid2d1_64",
    "SequenceVariant": "SK",
    "SliceThickness": 3,
    "SliceTiming": [
      1.245,
      0,
      1.3025,
      0.0575,
      1.3575,
      0.115,
      1.415,
      0.17,
      1.4725,
      0.2275,
      1.5275,
      0.2825,
      1.585,
      0.34,
      1.6425,
      0.3975,
      1.6975,
      0.4525,
      1.755,
      0.51,
      1.81,
      0.5675,
      1.8675,
      0.6225,
      1.925,
      0.68,
      1.98,
      0.735,
      2.0375,
      0.7925,
      2.095,
      0.85,
      2.15,
      0.905,
      2.2075,
      0.9625,
      2.265,
      1.02,
      2.32,
      1.075,
      2.3775,
      1.1325,
      2.4325,
      1.19
    ],
    "SpacingBetweenSlices": 3,
    "TaskName": "change-point helicopter fmri",
    "TotalReadoutTime": 0.0315,
    "dataset": "ds003772",
    "modality": "bold",
    "run_id": 1,
    "subject_id": "dt1017",
    "task_id": "changepoint"
  },
  "dummy_trs": 0,
  "dvars_nstd": 36.704587326044425,
  "dvars_std": 1.2565854723111105,
  "dvars_vstd": 1.0578613333777775,
  "efc": 0.5789122080236336,
  "fber": 424.57763671875,
  "fd_mean": 0.4273250085974867,
  "fd_num": 139,
  "fd_perc": 61.50442477876106,
  "fwhm_avg": 2.333562222222222,
  "fwhm_x": 2.1979633333333335,
  "fwhm_y": 2.2650966666666665,
  "fwhm_z": 2.5376266666666667,
  "gcor": 0.0464514,
  "gsr_x": -0.01167702954262495,
  "gsr_y": 0.04933333024382591,
  "provenance": {
    "md5sum": "5ed7539f424f8b296955b1f2b45d027f",
    "settings": {
      "fd_thres": 0.2,
      "testing": false
    },
    "software": "mriqc",
    "version": "22.0.6",
    "webapi_port": null,
    "webapi_url": "https://mriqc.nimh.nih.gov/api/v1"
  },
  "size_t": 226,
  "size_x": 64,
  "size_y": 64,
  "size_z": 44,
  "snr": 3.9633365430385723,
  "spacing_tr": 2.5,
  "spacing_x": 3.0,
  "spacing_y": 3.0,
  "spacing_z": 3.0,
  "summary_bg_k": 29.38640352336663,
  "summary_bg_mad": 7.727899483712348,
  "summary_bg_mean": 57.54050064086914,
  "summary_bg_median": 30.685840606689453,
  "summary_bg_n": 104935.0,
  "summary_bg_p05": 24.438053131103516,
  "summary_bg_p95": 199.2920379638672,
  "summary_bg_stdv": 72.01339721679688,
  "summary_fg_k": 2.1741934336489184,
  "summary_fg_mad": 146.91539196345565,
  "summary_fg_mean": 669.9033813476562,
  "summary_fg_median": 646.7765502929688,
  "summary_fg_n": 36324.0,
  "summary_fg_p05": 448.83583068847656,
  "summary_fg_p95": 959.223434448242,
  "summary_fg_stdv": 163.1876678466797,
  "tsnr": 46.52266915887594
}