{
  "aor": 0.0025991150442477872,
  "aqi": 0.007096615619469026,
  "bids_meta": {
    "BandwidthPerPixelPhaseEncode": 31.25,
    "DerivedVendorReportedEchoSpacing": 0.0005,
    "EchoTime": 0.025,
    "EffectiveEchoSpacing": 0.0005,
    "FlipAngle": 75,
    "ImageType": [
      "ORIGINAL",
      "PRIMARY",
      "M",
      "ND",
      "MOSAIC"
    ],
    "ImagingFrequency": 123.26,
    "MagneticFieldStrength": 3,
    "Manufacturer": "Siemens",
    "ManufacturersModelName": "TrioTim",
    "Modality": "MR",
    "PhaseEncodingDirection": "j-",
    "PixelBandwidth": 3005,
    "RepetitionTime": 2.5,
    "ScanOptions": "FS",
    "ScanningSequence": "EP",
    "SequenceName": "*epfid2d1_64",
    "SequenceVariant": "SK",
    "SliceThickness": 3,
    "SliceTiming": [
      1.245,
      0,
      1.3025,
      0.0575,
      1.3575,
      0.115,
      1.415,
      0.17,
      1.4725,
      0.2275,
      1.5275,
      0.2825,
      1.585,
      0.34,
      1.6425,
      0.3975,
      1.6975,
      0.4525,
      1.755,
      0.51,
      1.81,
      0.5675,
      1.8675,
      0.6225,
      1.925,
      0.68,
      1.98,
      0.735,
      2.0375,
      0.7925,
      2.095,
      0.85,
      2.15,
      0.905,
      2.2075,
      0.9625,
      2.265,
      1.02,
      2.32,
      1.075,
      2.3775,
      1.1325,
      2.4325,
      1.19
    ],
    "SpacingBetweenSlices": 3,
    "TaskName": "change-point helicopter fmri",
    "TotalReadoutTime": 0.0315,
    "dataset": "ds003772",
    "modality": "bold",
    "run_id": 4,
    "subject_id": "dt1017",
    "task_id": "changepoint"
  },
  "dummy_trs": 0,
  "dvars_nstd": 28.86226717635554,
  "dvars_std": 1.154117699155556,
  "dvars_vstd": 0.9654513245777779,
  "efc": 0.5702275129608122,
  "fber": 453.02264404296875,
  "fd_mean": 0.3055137012273574,
  "fd_num": 131,
  "fd_perc": 57.9646017699115,
  "fwhm_avg": 2.5327644444444446,
  "fwhm_x": 2.4144,
  "fwhm_y": 2.4594633333333333,
  "fwhm_z": 2.72443,
  "gcor": 0.024588,
  "gsr_x": -0.012624992989003658,
  "gsr_y": 0.05866196006536484,
  "provenance": {
    "md5sum": "e17f53eb2592c5b8665ad752d5db7eb7",
    "settings": {
      "fd_thres": 0.2,
      "testing": false
    },
    "software": "mriqc",
    "version": "22.0.6",
    "webapi_port": null,
    "webapi_url": "https://mriqc.nimh.nih.gov/api/v1"
  },
  "size_t": 226,
  "size_x": 64,
  "size_y": 64,
  "size_z": 44,
  "snr": 3.3794708674069245,
  "spacing_tr": 2.5,
  "spacing_x": 3.0,
  "spacing_y": 3.0,
  "spacing_z": 3.0,
  "summary_bg_k": 27.079939460548285,
  "summary_bg_mad": 9.89932376947279,
  "summary_bg_mean": 63.13280487060547,
  "summary_bg_median": 32.579647064208984,
  "summary_bg_n": 104829.0,
  "summary_bg_p05": 23.234512329101562,
  "summary_bg_p95": 228.74159240722653,
  "summary_bg_stdv": 80.54510498046875,
  "summary_fg_k": 3.4684733037025106,
  "summary_fg_mad": 180.9234400135795,
  "summary_fg_mean": 745.4187622070312,
  "summary_fg_median": 710.0088500976562,
  "summary_fg_n": 36245.0,
  "summary_fg_p05": 476.21770629882815,
  "summary_fg_p95": 1124.0052734374997,
  "summary_fg_stdv": 210.09178161621094,
  "tsnr": 52.00138927437365
}