{
  "bids_meta": {
    "EchoTime": 0.00311,
    "FlipAngle": 15,
    "ImageType": [
      "ORIGINAL",
      "PRIMARY",
      "M",
      "ND",
      "NORM"
    ],
    "ImagingFrequency": 123.26,
    "InversionTime": 1.1,
    "MagneticFieldStrength": 3,
    "Manufacturer": "Siemens",
    "ManufacturersModelName": "TrioTim",
    "Modality": "MR",
    "RepetitionTime": 1.63,
    "ScanningSequence": "GR\\IR",
    "SequenceVariant": "SP\\MP",
    "SliceThickness": 1,
    "dataset": "ds003772",
    "modality": "T1w",
    "subject_id": "nh935"
  },
  "cjv": 0.3803225029929926,
  "cnr": 3.557857245883676,
  "efc": 0.5906114477096316,
  "fber": -1.0,
  "fwhm_avg": 3.717196,
  "fwhm_x": 3.4945066666666666,
  "fwhm_y": 4.217301333333333,
  "fwhm_z": 3.43978,
  "icvs_csf": 0.19612465152054853,
  "icvs_gm": 0.43520300893416936,
  "icvs_wm": 0.3686723395452821,
  "inu_med": 0.36252743005752563,
  "inu_range": 0.06750850528478614,
  "provenance": {
    "md5sum": "84bfa85499e2834711bf1b4efd8bbb3c",
    "settings": {
      "testing": false
    },
    "software": "mriqc",
    "version": "22.0.6",
    "warnings": {
      "large_rot_frame": true,
      "small_air_mask": false
    },
    "webapi_port": null,
    "webapi_url": "https://mriqc.nimh.nih.gov/api/v1"
  },
  "qi_1": 0.003740368542084052,
  "qi_2": 0.006934897413650731,
  "rpve_csf": 15.276771847567213,
  "rpve_gm": 7.144951813014394,
  "rpve_wm": 9.481379514288577,
  "size_x": 192,
  "size_y": 256,
  "size_z": 160,
  "snr_csf": 2.586785551805729,
  "snr_gm": 16.396299429894537,
  "snr_total": 14.960578078591022,
  "snr_wm": 25.898649254072797,
  "snrd_csf": 26.199015084934413,
  "snrd_gm": 57.082436507324985,
  "snrd_total": 52.16271900654352,
  "snrd_wm": 73.20670542737116,
  "spacing_x": 0.9375,
  "spacing_y": 0.9375,
  "spacing_z": 1.0,
  "summary_bg_k": 11.410674383989145,
  "summary_bg_mad": 0.0,
  "summary_bg_mean": 5.077010314865418,
  "summary_bg_median": 0.0,
  "summary_bg_n": 2555477.0,
  "summary_bg_p05": 0.0,
  "summary_bg_p95": 22.831049766391516,
  "summary_bg_stdv": 8.949416620150627,
  "summary_csf_k": 25.49152605504575,
  "summary_csf_mad": 79.72353946578623,
  "summary_csf_mean": 350.57377595400163,
  "summary_csf_median": 357.88867941498756,
  "summary_csf_n": 73321.0,
  "summary_csf_p05": 116.67784034460783,
  "summary_csf_p95": 529.5845599658787,
  "summary_csf_stdv": 138.3517232792241,
  "summary_gm_k": 0.0659958535485905,
  "summary_gm_mad": 47.696832548562725,
  "summary_gm_mean": 779.1873134267896,
  "summary_gm_median": 779.768161252141,
  "summary_gm_n": 39882.0,
  "summary_gm_p05": 700.4198855640367,
  "summary_gm_p95": 855.6374958604574,
  "summary_gm_stdv": 47.55697397353725,
  "summary_wm_k": 0.9276188688147733,
  "summary_wm_mad": 36.074428190575475,
  "summary_wm_mean": 1002.8682477855137,
  "summary_wm_median": 1000.0319113060832,
  "summary_wm_n": 227362.0,
  "summary_wm_p05": 945.3012549430132,
  "summary_wm_p95": 1070.377089817077,
  "summary_wm_stdv": 38.613199564453915,
  "tpm_overlap_csf": 0.13790402980599367,
  "tpm_overlap_gm": 0.4426122106262843,
  "tpm_overlap_wm": 0.4726587631458325,
  "wm2max": 0.5511225126533681
}