{
  "aor": 0.002670221238938053,
  "aqi": 0.0043264162831858416,
  "bids_meta": {
    "BandwidthPerPixelPhaseEncode": 31.25,
    "DerivedVendorReportedEchoSpacing": 0.0005,
    "EchoTime": 0.025,
    "EffectiveEchoSpacing": 0.0005,
    "FlipAngle": 75,
    "ImageType": [
      "ORIGINAL",
      "PRIMARY",
      "M",
      "ND",
      "MOSAIC"
    ],
    "ImagingFrequency": 123.26,
    "MagneticFieldStrength": 3,
    "Manufacturer": "Siemens",
    "ManufacturersModelName": "TrioTim",
    "Modality": "MR",
    "PhaseEncodingDirection": "j-",
    "PixelBandwidth": 3005,
    "RepetitionTime": 2.5,
    "ScanOptions": "FS",
    "ScanningSequence": "EP",
    "SequenceName": "*epfid2d1_64",
    "SequenceVariant": "SK",
    "SliceThickness": 3,
    "SliceTiming": [
      1.245,
      0,
      1.3025,
      0.0575,
      1.3575,
      0.115,
      1.415,
      0.17,
      1.4725,
      0.2275,
      1.5275,
      0.2825,
      1.585,
      0.34,
      1.6425,
      0.3975,
      1.6975,
      0.4525,
      1.755,
      0.51,
      1.81,
      0.5675,
      1.8675,
      0.6225,
      1.925,
      0.68,
      1.98,
      0.735,
      2.0375,
      0.7925,
      2.095,
      0.85,
      2.15,
      0.905,
      2.2075,
      0.9625,
      2.265,
      1.02,
      2.32,
      1.075,
      2.3775,
      1.1325,
      2.4325,
      1.19
    ],
    "SpacingBetweenSlices": 3,
    "TaskName": "change-point helicopter fmri",
    "TotalReadoutTime": 0.0315,
    "dataset": "ds003772",
    "modality": "bold",
    "run_id": 3,
    "subject_id": "lh2143",
    "task_id": "changepoint"
  },
  "dummy_trs": 0,
  "dvars_nstd": 24.12848082653333,
  "dvars_std": 1.1035761946666667,
  "dvars_vstd": 0.9592638066222227,
  "efc": 0.6190367366396415,
  "fber": 318.89208984375,
  "fd_mean": 0.12873668032042546,
  "fd_num": 38,
  "fd_perc": 16.8141592920354,
  "fwhm_avg": 2.449348888888889,
  "fwhm_x": 2.23495,
  "fwhm_y": 2.4471766666666666,
  "fwhm_z": 2.6659200000000003,
  "gcor": 0.0173124,
  "gsr_x": -0.007208365947008133,
  "gsr_y": 0.046336088329553604,
  "provenance": {
    "md5sum": "4d969a25356d95b6d34fd5bc894d0c71",
    "settings": {
      "fd_thres": 0.2,
      "testing": false
    },
    "software": "mriqc",
    "version": "22.0.6",
    "webapi_port": null,
    "webapi_url": "https://mriqc.nimh.nih.gov/api/v1"
  },
  "size_t": 226,
  "size_x": 64,
  "size_y": 64,
  "size_z": 44,
  "snr": 3.3090478670995838,
  "spacing_tr": 2.5,
  "spacing_x": 3.0,
  "spacing_y": 3.0,
  "spacing_z": 3.0,
  "summary_bg_k": 35.52885380850654,
  "summary_bg_mad": 11.50656300576372,
  "summary_bg_mean": 71.40373229980469,
  "summary_bg_median": 34.89380645751953,
  "summary_bg_n": 94982.0,
  "summary_bg_p05": 26.19491195678711,
  "summary_bg_p95": 258.1214675903319,
  "summary_bg_stdv": 96.84149169921875,
  "summary_fg_k": 0.8912963443693656,
  "summary_fg_mad": 182.06489169718725,
  "summary_fg_mean": 675.2265014648438,
  "summary_fg_median": 643.96240234375,
  "summary_fg_n": 44556.0,
  "summary_fg_p05": 414.65377044677734,
  "summary_fg_p95": 1035.0143737792969,
  "summary_fg_stdv": 194.6043701171875,
  "tsnr": 64.17231365293264
}