{
  "aor": 0.00471,
  "aqi": 0.0032699538009049777,
  "bids_meta": {
    "BandwidthPerPixelPhaseEncode": 31.25,
    "DerivedVendorReportedEchoSpacing": 0.0005,
    "EchoTime": 0.025,
    "EffectiveEchoSpacing": 0.0005,
    "FlipAngle": 75,
    "ImageType": [
      "ORIGINAL",
      "PRIMARY",
      "M",
      "ND",
      "MOSAIC"
    ],
    "ImagingFrequency": 123.26,
    "MagneticFieldStrength": 3,
    "Manufacturer": "Siemens",
    "ManufacturersModelName": "TrioTim",
    "Modality": "MR",
    "PhaseEncodingDirection": "j-",
    "PixelBandwidth": 3005,
    "RepetitionTime": 2.5,
    "ScanOptions": "FS",
    "ScanningSequence": "EP",
    "SequenceName": "*epfid2d1_64",
    "SequenceVariant": "SK",
    "SliceThickness": 3,
    "SliceTiming": [
      1.245,
      0,
      1.3025,
      0.0575,
      1.3575,
      0.115,
      1.415,
      0.17,
      1.4725,
      0.2275,
      1.5275,
      0.2825,
      1.585,
      0.34,
      1.6425,
      0.3975,
      1.6975,
      0.4525,
      1.755,
      0.51,
      1.81,
      0.5675,
      1.8675,
      0.6225,
      1.925,
      0.68,
      1.98,
      0.735,
      2.0375,
      0.7925,
      2.095,
      0.85,
      2.15,
      0.905,
      2.2075,
      0.9625,
      2.265,
      1.02,
      2.32,
      1.075,
      2.3775,
      1.1325,
      2.4325,
      1.19
    ],
    "SpacingBetweenSlices": 3,
    "TaskName": "change-point helicopter fmri",
    "TotalReadoutTime": 0.0315,
    "dataset": "ds003772",
    "modality": "bold",
    "run_id": 1,
    "subject_id": "lh2143",
    "task_id": "changepoint"
  },
  "dummy_trs": 5,
  "dvars_nstd": 21.290820355681834,
  "dvars_std": 1.2084256742272725,
  "dvars_vstd": 1.034263180681818,
  "efc": 0.6168245291890264,
  "fber": 327.1413269042969,
  "fd_mean": 0.07924874228882388,
  "fd_num": 15,
  "fd_perc": 6.787330316742081,
  "fwhm_avg": 2.42554,
  "fwhm_x": 2.2122266666666666,
  "fwhm_y": 2.4346366666666666,
  "fwhm_z": 2.6297566666666667,
  "gcor": 0.0151636,
  "gsr_x": -0.005051655229181051,
  "gsr_y": 0.04809988662600517,
  "provenance": {
    "md5sum": "db6edc5481d674c2ce03cb5c75e2a6db",
    "settings": {
      "fd_thres": 0.2,
      "testing": false
    },
    "software": "mriqc",
    "version": "22.0.6",
    "webapi_port": null,
    "webapi_url": "https://mriqc.nimh.nih.gov/api/v1"
  },
  "size_t": 221,
  "size_x": 64,
  "size_y": 64,
  "size_z": 44,
  "snr": 3.3301112244021867,
  "spacing_tr": 2.5,
  "spacing_x": 3.0,
  "spacing_y": 3.0,
  "spacing_z": 3.0,
  "summary_bg_k": 41.00446386666328,
  "summary_bg_mad": 11.129580918912218,
  "summary_bg_mean": 68.1803207397461,
  "summary_bg_median": 34.29864501953125,
  "summary_bg_n": 94727.0,
  "summary_bg_p05": 24.923078536987305,
  "summary_bg_p95": 243.52806396484374,
  "summary_bg_stdv": 92.32369995117188,
  "summary_fg_k": 0.8597672210659404,
  "summary_fg_mad": 180.2267508973518,
  "summary_fg_mean": 670.9115600585938,
  "summary_fg_median": 639.990966796875,
  "summary_fg_n": 44647.0,
  "summary_fg_p05": 412.40544738769535,
  "summary_fg_p95": 1025.465246582031,
  "summary_fg_stdv": 192.180908203125,
  "tsnr": 71.9989650696516
}