{
  "aor": 0.001178495575221239,
  "aqi": 0.0037542019469026552,
  "bids_meta": {
    "BandwidthPerPixelPhaseEncode": 31.25,
    "DerivedVendorReportedEchoSpacing": 0.0005,
    "EchoTime": 0.025,
    "EffectiveEchoSpacing": 0.0005,
    "FlipAngle": 75,
    "ImageType": [
      "ORIGINAL",
      "PRIMARY",
      "M",
      "ND",
      "MOSAIC"
    ],
    "ImagingFrequency": 123.26,
    "MagneticFieldStrength": 3,
    "Manufacturer": "Siemens",
    "ManufacturersModelName": "TrioTim",
    "Modality": "MR",
    "PhaseEncodingDirection": "j-",
    "PixelBandwidth": 3005,
    "RepetitionTime": 2.5,
    "ScanOptions": "FS",
    "ScanningSequence": "EP",
    "SequenceName": "*epfid2d1_64",
    "SequenceVariant": "SK",
    "SliceThickness": 3,
    "SliceTiming": [
      1.245,
      0,
      1.3025,
      0.0575,
      1.3575,
      0.115,
      1.415,
      0.17,
      1.4725,
      0.2275,
      1.5275,
      0.2825,
      1.585,
      0.34,
      1.6425,
      0.3975,
      1.6975,
      0.4525,
      1.755,
      0.51,
      1.81,
      0.5675,
      1.8675,
      0.6225,
      1.925,
      0.68,
      1.98,
      0.735,
      2.0375,
      0.7925,
      2.095,
      0.85,
      2.15,
      0.905,
      2.2075,
      0.9625,
      2.265,
      1.02,
      2.32,
      1.075,
      2.3775,
      1.1325,
      2.4325,
      1.19
    ],
    "SpacingBetweenSlices": 3,
    "TaskName": "change-point helicopter fmri",
    "TotalReadoutTime": 0.0315,
    "dataset": "ds003772",
    "modality": "bold",
    "run_id": 4,
    "subject_id": "kz838",
    "task_id": "changepoint"
  },
  "dummy_trs": 0,
  "dvars_nstd": 19.843086056133338,
  "dvars_std": 1.1535063109777777,
  "dvars_vstd": 0.9622277696888891,
  "efc": 0.5918040081543413,
  "fber": 368.7720947265625,
  "fd_mean": 0.0673678668057828,
  "fd_num": 6,
  "fd_perc": 2.6548672566371683,
  "fwhm_avg": 2.540836666666667,
  "fwhm_x": 2.38901,
  "fwhm_y": 2.50132,
  "fwhm_z": 2.73218,
  "gcor": 0.0411623,
  "gsr_x": -0.01503775455057621,
  "gsr_y": 0.05084443837404251,
  "provenance": {
    "md5sum": "51fa21fbf3d38a83dbf31f062ce180f4",
    "settings": {
      "fd_thres": 0.2,
      "testing": false
    },
    "software": "mriqc",
    "version": "22.0.6",
    "webapi_port": null,
    "webapi_url": "https://mriqc.nimh.nih.gov/api/v1"
  },
  "size_t": 226,
  "size_x": 64,
  "size_y": 64,
  "size_z": 44,
  "snr": 3.342274882793821,
  "spacing_tr": 2.5,
  "spacing_x": 3.0,
  "spacing_y": 3.0,
  "spacing_z": 3.0,
  "summary_bg_k": 29.678564822893385,
  "summary_bg_mad": 10.725904028932106,
  "summary_bg_mean": 61.799808502197266,
  "summary_bg_median": 33.31858444213867,
  "summary_bg_n": 100279.0,
  "summary_bg_p05": 24.761062622070312,
  "summary_bg_p95": 201.3323059082031,
  "summary_bg_stdv": 77.07181549072266,
  "summary_fg_k": 1.9304668584868363,
  "summary_fg_mad": 177.19720746025772,
  "summary_fg_mean": 691.4509887695312,
  "summary_fg_median": 657.6990966796875,
  "summary_fg_n": 40931.0,
  "summary_fg_p05": 435.7079620361328,
  "summary_fg_p95": 1051.893798828125,
  "summary_fg_stdv": 196.7794647216797,
  "tsnr": 67.99520236998796
}