{
  "aor": 0.0011128761061946903,
  "aqi": 0.00226187996460177,
  "bids_meta": {
    "BandwidthPerPixelPhaseEncode": 31.25,
    "DerivedVendorReportedEchoSpacing": 0.0005,
    "EchoTime": 0.025,
    "EffectiveEchoSpacing": 0.0005,
    "FlipAngle": 75,
    "ImageType": [
      "ORIGINAL",
      "PRIMARY",
      "M",
      "ND",
      "MOSAIC"
    ],
    "ImagingFrequency": 123.26,
    "MagneticFieldStrength": 3,
    "Manufacturer": "Siemens",
    "ManufacturersModelName": "TrioTim",
    "Modality": "MR",
    "PhaseEncodingDirection": "j-",
    "PixelBandwidth": 3005,
    "RepetitionTime": 2.5,
    "ScanOptions": "FS",
    "ScanningSequence": "EP",
    "SequenceName": "*epfid2d1_64",
    "SequenceVariant": "SK",
    "SliceThickness": 3,
    "SliceTiming": [
      1.245,
      0,
      1.3025,
      0.0575,
      1.3575,
      0.115,
      1.415,
      0.17,
      1.4725,
      0.2275,
      1.5275,
      0.2825,
      1.585,
      0.34,
      1.6425,
      0.3975,
      1.6975,
      0.4525,
      1.755,
      0.51,
      1.81,
      0.5675,
      1.8675,
      0.6225,
      1.925,
      0.68,
      1.98,
      0.735,
      2.0375,
      0.7925,
      2.095,
      0.85,
      2.15,
      0.905,
      2.2075,
      0.9625,
      2.265,
      1.02,
      2.32,
      1.075,
      2.3775,
      1.1325,
      2.4325,
      1.19
    ],
    "SpacingBetweenSlices": 3,
    "TaskName": "change-point helicopter fmri",
    "TotalReadoutTime": 0.0315,
    "dataset": "ds003772",
    "modality": "bold",
    "run_id": 3,
    "subject_id": "kz838",
    "task_id": "changepoint"
  },
  "dummy_trs": 0,
  "dvars_nstd": 19.041165707822216,
  "dvars_std": 1.194310729911111,
  "dvars_vstd": 0.9911504786666665,
  "efc": 0.5914916579390406,
  "fber": 379.1062316894531,
  "fd_mean": 0.04948899233555533,
  "fd_num": 0,
  "fd_perc": 0.0,
  "fwhm_avg": 2.5128411111111113,
  "fwhm_x": 2.369866666666667,
  "fwhm_y": 2.461543333333333,
  "fwhm_z": 2.7071133333333335,
  "gcor": 0.0490308,
  "gsr_x": -0.014250154606997967,
  "gsr_y": 0.050453729927539825,
  "provenance": {
    "md5sum": "8f2a886228c031ca3e57d6f29b95efe0",
    "settings": {
      "fd_thres": 0.2,
      "testing": false
    },
    "software": "mriqc",
    "version": "22.0.6",
    "webapi_port": null,
    "webapi_url": "https://mriqc.nimh.nih.gov/api/v1"
  },
  "size_t": 226,
  "size_x": 64,
  "size_y": 64,
  "size_z": 44,
  "snr": 3.4030105345152544,
  "spacing_tr": 2.5,
  "spacing_x": 3.0,
  "spacing_y": 3.0,
  "spacing_z": 3.0,
  "summary_bg_k": 32.75781006536376,
  "summary_bg_mad": 9.695956877333261,
  "summary_bg_mean": 60.9366340637207,
  "summary_bg_median": 32.74336242675781,
  "summary_bg_n": 100188.0,
  "summary_bg_p05": 25.535398483276367,
  "summary_bg_p95": 198.67101287841794,
  "summary_bg_stdv": 76.66909790039062,
  "summary_fg_k": 1.820446629587992,
  "summary_fg_mad": 175.14387939994825,
  "summary_fg_mean": 689.2647094726562,
  "summary_fg_median": 656.747802734375,
  "summary_fg_n": 40789.0,
  "summary_fg_p05": 437.6159362792969,
  "summary_fg_p95": 1044.6787109375,
  "summary_fg_stdv": 192.9878692626953,
  "tsnr": 84.56570775131695
}