{
  "aor": 0.0013928761061946903,
  "aqi": 0.0015481162389380527,
  "bids_meta": {
    "BandwidthPerPixelPhaseEncode": 31.25,
    "DerivedVendorReportedEchoSpacing": 0.0005,
    "EchoTime": 0.025,
    "EffectiveEchoSpacing": 0.0005,
    "FlipAngle": 75,
    "ImageType": [
      "ORIGINAL",
      "PRIMARY",
      "M",
      "ND",
      "MOSAIC"
    ],
    "ImagingFrequency": 123.26,
    "MagneticFieldStrength": 3,
    "Manufacturer": "Siemens",
    "ManufacturersModelName": "TrioTim",
    "Modality": "MR",
    "PhaseEncodingDirection": "j-",
    "PixelBandwidth": 3005,
    "RepetitionTime": 2.5,
    "ScanOptions": "FS",
    "ScanningSequence": "EP",
    "SequenceName": "*epfid2d1_64",
    "SequenceVariant": "SK",
    "SliceThickness": 3,
    "SliceTiming": [
      1.245,
      0,
      1.3025,
      0.0575,
      1.3575,
      0.115,
      1.415,
      0.17,
      1.4725,
      0.2275,
      1.5275,
      0.2825,
      1.585,
      0.34,
      1.6425,
      0.3975,
      1.6975,
      0.4525,
      1.755,
      0.51,
      1.81,
      0.5675,
      1.8675,
      0.6225,
      1.925,
      0.68,
      1.98,
      0.735,
      2.0375,
      0.7925,
      2.095,
      0.85,
      2.15,
      0.905,
      2.2075,
      0.9625,
      2.265,
      1.02,
      2.32,
      1.075,
      2.3775,
      1.1325,
      2.4325,
      1.19
    ],
    "SpacingBetweenSlices": 3,
    "TaskName": "change-point helicopter fmri",
    "TotalReadoutTime": 0.0315,
    "dataset": "ds003772",
    "modality": "bold",
    "run_id": 2,
    "subject_id": "kz838",
    "task_id": "changepoint"
  },
  "dummy_trs": 0,
  "dvars_nstd": 19.09449617617777,
  "dvars_std": 1.2272626500444446,
  "dvars_vstd": 1.0212858540000003,
  "efc": 0.5917202300576465,
  "fber": 384.49969482421875,
  "fd_mean": 0.05202224331704127,
  "fd_num": 1,
  "fd_perc": 0.4424778761061947,
  "fwhm_avg": 2.4883655555555557,
  "fwhm_x": 2.3399466666666666,
  "fwhm_y": 2.44014,
  "fwhm_z": 2.68501,
  "gcor": 0.0538758,
  "gsr_x": -0.013573133386671543,
  "gsr_y": 0.05064207687973976,
  "provenance": {
    "md5sum": "529c276c2f1b4ae9a3192f1a6fdfb315",
    "settings": {
      "fd_thres": 0.2,
      "testing": false
    },
    "software": "mriqc",
    "version": "22.0.6",
    "webapi_port": null,
    "webapi_url": "https://mriqc.nimh.nih.gov/api/v1"
  },
  "size_t": 226,
  "size_x": 64,
  "size_y": 64,
  "size_z": 44,
  "snr": 3.418945775614961,
  "spacing_tr": 2.5,
  "spacing_x": 3.0,
  "spacing_y": 3.0,
  "spacing_z": 3.0,
  "summary_bg_k": 33.79466153948211,
  "summary_bg_mad": 9.269541331425485,
  "summary_bg_mean": 60.489479064941406,
  "summary_bg_median": 32.477874755859375,
  "summary_bg_n": 100069.0,
  "summary_bg_p05": 25.809734344482422,
  "summary_bg_p95": 196.57788085937477,
  "summary_bg_stdv": 76.28468322753906,
  "summary_fg_k": 1.7425029961619245,
  "summary_fg_mad": 173.8646101395104,
  "summary_fg_mean": 686.849365234375,
  "summary_fg_median": 655.1327514648438,
  "summary_fg_n": 40973.0,
  "summary_fg_p05": 435.5982360839844,
  "summary_fg_p95": 1038.653955078125,
  "summary_fg_stdv": 191.6160125732422,
  "tsnr": 96.1808947364334
}