{
  "bids_meta": {
    "EchoTime": 0.00311,
    "FlipAngle": 15,
    "ImageType": [
      "ORIGINAL",
      "PRIMARY",
      "M",
      "ND",
      "NORM"
    ],
    "ImagingFrequency": 123.26,
    "InversionTime": 1.1,
    "MagneticFieldStrength": 3,
    "Manufacturer": "Siemens",
    "ManufacturersModelName": "TrioTim",
    "Modality": "MR",
    "RepetitionTime": 1.63,
    "ScanningSequence": "GR\\IR",
    "SequenceVariant": "SP\\MP",
    "SliceThickness": 1,
    "dataset": "ds003772",
    "modality": "T1w",
    "subject_id": "lh2143"
  },
  "cjv": 0.4642084235653,
  "cnr": 2.924979705924528,
  "efc": 0.6478138672959125,
  "fber": 22151.92487732438,
  "fwhm_avg": 3.884841111111111,
  "fwhm_x": 3.665824,
  "fwhm_y": 4.343669333333334,
  "fwhm_z": 3.64503,
  "icvs_csf": 0.18150607659980303,
  "icvs_gm": 0.40864047288507654,
  "icvs_wm": 0.40985345051512045,
  "inu_med": 0.36693042516708374,
  "inu_range": 0.08591988086700436,
  "provenance": {
    "md5sum": "eccb78c8f5f67063dde4caa0520e3c06",
    "settings": {
      "testing": false
    },
    "software": "mriqc",
    "version": "22.0.6",
    "warnings": {
      "large_rot_frame": true,
      "small_air_mask": false
    },
    "webapi_port": null,
    "webapi_url": "https://mriqc.nimh.nih.gov/api/v1"
  },
  "qi_1": 0.0001216039845759075,
  "qi_2": 0.013608889378018846,
  "rpve_csf": 16.844177360016783,
  "rpve_gm": 7.479619134558087,
  "rpve_wm": 8.54341766830305,
  "size_x": 192,
  "size_y": 256,
  "size_z": 160,
  "snr_csf": 3.0137884034709557,
  "snr_gm": 15.53089305043272,
  "snr_total": 12.644435029089742,
  "snr_wm": 19.38862363336555,
  "snrd_csf": 40.989727121418184,
  "snrd_gm": 91.68048096184519,
  "snrd_total": 83.11022096387944,
  "snrd_wm": 116.66045480837495,
  "spacing_x": 0.9375,
  "spacing_y": 0.9375,
  "spacing_z": 1.0,
  "summary_bg_k": 16.010891370962575,
  "summary_bg_mad": 5.616244603011903,
  "summary_bg_mean": 7.3322413197367124,
  "summary_bg_median": 3.78809941932559,
  "summary_bg_n": 1587233.0,
  "summary_bg_p05": 0.0,
  "summary_bg_p95": 29.605453923344612,
  "summary_bg_stdv": 11.773773018203672,
  "summary_csf_k": 5.372270148056522,
  "summary_csf_mad": 91.54478702909401,
  "summary_csf_mean": 355.3678071994145,
  "summary_csf_median": 351.38992998190224,
  "summary_csf_n": 46660.0,
  "summary_csf_p05": 150.1544331368059,
  "summary_csf_p95": 542.836103750672,
  "summary_csf_stdv": 116.59284511381524,
  "summary_gm_k": 0.03552840133758162,
  "summary_gm_mad": 51.41023905833972,
  "summary_gm_mean": 785.838244516837,
  "summary_gm_median": 785.9432118311524,
  "summary_gm_n": 31564.0,
  "summary_gm_p05": 703.0712522268295,
  "summary_gm_p95": 868.5776867411099,
  "summary_gm_stdv": 50.6043509015596,
  "summary_wm_k": 0.6622955918017719,
  "summary_wm_mad": 47.99729041497095,
  "summary_wm_mean": 1008.01054582324,
  "summary_wm_median": 1000.0873859282583,
  "summary_wm_n": 231401.0,
  "summary_wm_p05": 937.175796341151,
  "summary_wm_p95": 1104.5223729964346,
  "summary_wm_stdv": 51.58103245992278,
  "tpm_overlap_csf": 0.17256006624203013,
  "tpm_overlap_gm": 0.4546657578557124,
  "tpm_overlap_wm": 0.4875637269894268,
  "wm2max": 0.6361532032109759
}