{
  "bids_meta": {
    "EchoTime": 0.00311,
    "FlipAngle": 15,
    "ImageType": [
      "ORIGINAL",
      "PRIMARY",
      "M",
      "ND",
      "NORM"
    ],
    "ImagingFrequency": 123.26,
    "InversionTime": 1.1,
    "MagneticFieldStrength": 3,
    "Manufacturer": "Siemens",
    "ManufacturersModelName": "TrioTim",
    "Modality": "MR",
    "RepetitionTime": 1.63,
    "ScanningSequence": "GR\\IR",
    "SequenceVariant": "SP\\MP",
    "SliceThickness": 1,
    "dataset": "ds003772",
    "modality": "T1w",
    "subject_id": "fd967"
  },
  "cjv": 0.3915105388290146,
  "cnr": 3.5145649397050653,
  "efc": 0.5741722653500693,
  "fber": -1.0,
  "fwhm_avg": 3.900225333333333,
  "fwhm_x": 3.7061333333333333,
  "fwhm_y": 4.338762666666667,
  "fwhm_z": 3.65578,
  "icvs_csf": 0.19578712002029558,
  "icvs_gm": 0.4137222392879818,
  "icvs_wm": 0.3904906406917226,
  "inu_med": 0.3028829097747803,
  "inu_range": 0.08009201884269718,
  "provenance": {
    "md5sum": "f3f01ea8554cd059c1656e103a244e4c",
    "settings": {
      "testing": false
    },
    "software": "mriqc",
    "version": "22.0.6",
    "warnings": {
      "large_rot_frame": true,
      "small_air_mask": false
    },
    "webapi_port": null,
    "webapi_url": "https://mriqc.nimh.nih.gov/api/v1"
  },
  "qi_1": 0.000944869735285295,
  "qi_2": 0.006439062827740886,
  "rpve_csf": 17.05311740128649,
  "rpve_gm": 8.126642838664717,
  "rpve_wm": 9.946991961746262,
  "size_x": 192,
  "size_y": 256,
  "size_z": 160,
  "snr_csf": 2.558344715503584,
  "snr_gm": 15.520963526263628,
  "snr_total": 14.958334389415441,
  "snr_wm": 26.79569492647911,
  "snrd_csf": 47.03106172496525,
  "snrd_gm": 107.97612888609845,
  "snrd_total": 97.84392085787351,
  "snrd_wm": 138.52457196255685,
  "spacing_x": 0.9375,
  "spacing_y": 0.9375,
  "spacing_z": 1.0,
  "summary_bg_k": 24.395126135271976,
  "summary_bg_mad": 0.0,
  "summary_bg_mean": 2.404012184407508,
  "summary_bg_median": 0.0,
  "summary_bg_n": 2298514.0,
  "summary_bg_p05": 0.0,
  "summary_bg_p95": 10.900796502828598,
  "summary_bg_stdv": 4.729527604062594,
  "summary_csf_k": 4.5354010432002,
  "summary_csf_mad": 98.41853945945482,
  "summary_csf_mean": 326.61784335468855,
  "summary_csf_median": 339.5242649875581,
  "summary_csf_n": 52400.0,
  "summary_csf_p05": 63.21277102455497,
  "summary_csf_p95": 522.8235279209912,
  "summary_csf_stdv": 132.71121095575938,
  "summary_gm_k": -0.021769275795705312,
  "summary_gm_mad": 51.29533872764089,
  "summary_gm_mean": 778.8323831533774,
  "summary_gm_median": 779.4958151411265,
  "summary_gm_n": 36638.0,
  "summary_gm_p05": 695.9329158626497,
  "summary_gm_p95": 858.649519964587,
  "summary_gm_stdv": 50.2214424989997,
  "summary_wm_k": 0.8531539162192718,
  "summary_wm_mad": 35.04595916494643,
  "summary_wm_mean": 1002.8515762791654,
  "summary_wm_median": 1000.0295922160149,
  "summary_wm_n": 230320.0,
  "summary_wm_p05": 947.1548048313707,
  "summary_wm_p95": 1068.0129427970382,
  "summary_wm_stdv": 37.320451065015426,
  "tpm_overlap_csf": 0.14910953679961333,
  "tpm_overlap_gm": 0.4672524537389206,
  "tpm_overlap_wm": 0.5141908951070854,
  "wm2max": 0.6586566461630734
}