{
  "aor": 0.0007980000000000001,
  "aqi": 0.004874935377777779,
  "bids_meta": {
    "BandwidthPerPixelPhaseEncode": 31.25,
    "DerivedVendorReportedEchoSpacing": 0.0005,
    "EchoTime": 0.025,
    "EffectiveEchoSpacing": 0.0005,
    "FlipAngle": 75,
    "ImageType": [
      "ORIGINAL",
      "PRIMARY",
      "M",
      "ND",
      "MOSAIC"
    ],
    "ImagingFrequency": 123.26,
    "MagneticFieldStrength": 3,
    "Manufacturer": "Siemens",
    "ManufacturersModelName": "TrioTim",
    "Modality": "MR",
    "PhaseEncodingDirection": "j-",
    "PixelBandwidth": 3005,
    "RepetitionTime": 2.5,
    "ScanOptions": "FS",
    "ScanningSequence": "EP",
    "SequenceName": "*epfid2d1_64",
    "SequenceVariant": "SK",
    "SliceThickness": 3,
    "SliceTiming": [
      1.245,
      0,
      1.3025,
      0.0575,
      1.3575,
      0.115,
      1.415,
      0.17,
      1.4725,
      0.2275,
      1.5275,
      0.2825,
      1.585,
      0.34,
      1.6425,
      0.3975,
      1.6975,
      0.4525,
      1.755,
      0.51,
      1.81,
      0.5675,
      1.8675,
      0.6225,
      1.925,
      0.68,
      1.98,
      0.735,
      2.0375,
      0.7925,
      2.095,
      0.85,
      2.15,
      0.905,
      2.2075,
      0.9625,
      2.265,
      1.02,
      2.32,
      1.075,
      2.3775,
      1.1325,
      2.4325,
      1.19
    ],
    "SpacingBetweenSlices": 3,
    "TaskName": "change-point helicopter fmri",
    "TotalReadoutTime": 0.0315,
    "dataset": "ds003772",
    "modality": "bold",
    "run_id": 4,
    "subject_id": "ll2026",
    "task_id": "changepoint"
  },
  "dummy_trs": 1,
  "dvars_nstd": 18.3663815515625,
  "dvars_std": 1.053822599776786,
  "dvars_vstd": 0.945854609151785,
  "efc": 0.588714340377311,
  "fber": 318.4756164550781,
  "fd_mean": 0.05347194479891472,
  "fd_num": 2,
  "fd_perc": 0.8888888888888888,
  "fwhm_avg": 2.420090979828933,
  "fwhm_x": 2.304536666666667,
  "fwhm_y": 2.3349298144364505,
  "fwhm_z": 2.620806458383683,
  "gcor": 0.0340822,
  "gsr_x": -0.00038854105514474213,
  "gsr_y": 0.0403391495347023,
  "provenance": {
    "md5sum": "29123c2068afd72a82b8c5fc451bc079",
    "settings": {
      "fd_thres": 0.2,
      "testing": false
    },
    "software": "mriqc",
    "version": "22.0.6",
    "webapi_port": null,
    "webapi_url": "https://mriqc.nimh.nih.gov/api/v1"
  },
  "size_t": 225,
  "size_x": 64,
  "size_y": 64,
  "size_z": 44,
  "snr": 3.6928252410156666,
  "spacing_tr": 2.5,
  "spacing_x": 3.0,
  "spacing_y": 3.000000238418579,
  "spacing_z": 3.000000238418579,
  "summary_bg_k": 24.391686990361222,
  "summary_bg_mad": 10.925128136475934,
  "summary_bg_mean": 61.55320358276367,
  "summary_bg_median": 32.85333251953125,
  "summary_bg_n": 105386.0,
  "summary_bg_p05": 24.804445266723633,
  "summary_bg_p95": 198.3900032043457,
  "summary_bg_stdv": 76.1017074584961,
  "summary_fg_k": 1.5803860096829085,
  "summary_fg_mad": 142.5176041297332,
  "summary_fg_mean": 626.2493286132812,
  "summary_fg_median": 597.5089111328125,
  "summary_fg_n": 36950.0,
  "summary_fg_p05": 413.13979187011716,
  "summary_fg_p95": 932.9787017822265,
  "summary_fg_stdv": 161.8004608154297,
  "tsnr": 68.542744114995
}