{
  "aor": 0.000849070796460177,
  "aqi": 0.003016950176991151,
  "bids_meta": {
    "BandwidthPerPixelPhaseEncode": 31.25,
    "DerivedVendorReportedEchoSpacing": 0.0005,
    "EchoTime": 0.025,
    "EffectiveEchoSpacing": 0.0005,
    "FlipAngle": 75,
    "ImageType": [
      "ORIGINAL",
      "PRIMARY",
      "M",
      "ND",
      "MOSAIC"
    ],
    "ImagingFrequency": 123.26,
    "MagneticFieldStrength": 3,
    "Manufacturer": "Siemens",
    "ManufacturersModelName": "TrioTim",
    "Modality": "MR",
    "PhaseEncodingDirection": "j-",
    "PixelBandwidth": 3005,
    "RepetitionTime": 2.5,
    "ScanOptions": "FS",
    "ScanningSequence": "EP",
    "SequenceName": "*epfid2d1_64",
    "SequenceVariant": "SK",
    "SliceThickness": 3,
    "SliceTiming": [
      1.245,
      0,
      1.3025,
      0.0575,
      1.3575,
      0.115,
      1.415,
      0.17,
      1.4725,
      0.2275,
      1.5275,
      0.2825,
      1.585,
      0.34,
      1.6425,
      0.3975,
      1.6975,
      0.4525,
      1.755,
      0.51,
      1.81,
      0.5675,
      1.8675,
      0.6225,
      1.925,
      0.68,
      1.98,
      0.735,
      2.0375,
      0.7925,
      2.095,
      0.85,
      2.15,
      0.905,
      2.2075,
      0.9625,
      2.265,
      1.02,
      2.32,
      1.075,
      2.3775,
      1.1325,
      2.4325,
      1.19
    ],
    "SpacingBetweenSlices": 3,
    "TaskName": "change-point helicopter fmri",
    "TotalReadoutTime": 0.0315,
    "dataset": "ds003772",
    "modality": "bold",
    "run_id": 1,
    "subject_id": "ll2026",
    "task_id": "changepoint"
  },
  "dummy_trs": 0,
  "dvars_nstd": 17.358026135777774,
  "dvars_std": 1.0927935332,
  "dvars_vstd": 0.988993137644444,
  "efc": 0.5866806662842015,
  "fber": 329.13067626953125,
  "fd_mean": 0.04681461047264405,
  "fd_num": 1,
  "fd_perc": 0.4424778761061947,
  "fwhm_avg": 2.3844420928345893,
  "fwhm_x": 2.2691066666666666,
  "fwhm_y": 2.3043031502037725,
  "fwhm_z": 2.5799164616333274,
  "gcor": 0.0075835,
  "gsr_x": -0.0002649390371516347,
  "gsr_y": 0.03785785287618637,
  "provenance": {
    "md5sum": "c4eed7fd03165dd2feaa7729f7a6b85c",
    "settings": {
      "fd_thres": 0.2,
      "testing": false
    },
    "software": "mriqc",
    "version": "22.0.6",
    "webapi_port": null,
    "webapi_url": "https://mriqc.nimh.nih.gov/api/v1"
  },
  "size_t": 226,
  "size_x": 64,
  "size_y": 64,
  "size_z": 44,
  "snr": 3.7332907188399043,
  "spacing_tr": 2.5,
  "spacing_x": 3.0,
  "spacing_y": 3.000000238418579,
  "spacing_z": 3.000000238418579,
  "summary_bg_k": 26.28157562540299,
  "summary_bg_mad": 10.096124418724115,
  "summary_bg_mean": 59.58622360229492,
  "summary_bg_median": 32.03982162475586,
  "summary_bg_n": 105259.0,
  "summary_bg_p05": 24.57522201538086,
  "summary_bg_p95": 191.04911804199216,
  "summary_bg_stdv": 74.7198257446289,
  "summary_fg_k": 1.53511318826759,
  "summary_fg_mad": 140.6635143161641,
  "summary_fg_mean": 621.7158813476562,
  "summary_fg_median": 593.2079467773438,
  "summary_fg_n": 37019.0,
  "summary_fg_p05": 411.9154815673828,
  "summary_fg_p95": 921.4163635253906,
  "summary_fg_stdv": 158.8946533203125,
  "tsnr": 81.5394798158668
}