{
  "aor": 0.0007602212389380531,
  "aqi": 0.002541116504424779,
  "bids_meta": {
    "BandwidthPerPixelPhaseEncode": 31.25,
    "DerivedVendorReportedEchoSpacing": 0.0005,
    "EchoTime": 0.025,
    "EffectiveEchoSpacing": 0.0005,
    "FlipAngle": 75,
    "ImageType": [
      "ORIGINAL",
      "PRIMARY",
      "M",
      "ND",
      "MOSAIC"
    ],
    "ImagingFrequency": 123.26,
    "MagneticFieldStrength": 3,
    "Manufacturer": "Siemens",
    "ManufacturersModelName": "TrioTim",
    "Modality": "MR",
    "PhaseEncodingDirection": "j-",
    "PixelBandwidth": 3005,
    "RepetitionTime": 2.5,
    "ScanOptions": "FS",
    "ScanningSequence": "EP",
    "SequenceName": "*epfid2d1_64",
    "SequenceVariant": "SK",
    "SliceThickness": 3,
    "SliceTiming": [
      1.245,
      0,
      1.3025,
      0.0575,
      1.3575,
      0.115,
      1.415,
      0.17,
      1.4725,
      0.2275,
      1.5275,
      0.2825,
      1.585,
      0.34,
      1.6425,
      0.3975,
      1.6975,
      0.4525,
      1.755,
      0.51,
      1.81,
      0.5675,
      1.8675,
      0.6225,
      1.925,
      0.68,
      1.98,
      0.735,
      2.0375,
      0.7925,
      2.095,
      0.85,
      2.15,
      0.905,
      2.2075,
      0.9625,
      2.265,
      1.02,
      2.32,
      1.075,
      2.3775,
      1.1325,
      2.4325,
      1.19
    ],
    "SpacingBetweenSlices": 3,
    "TaskName": "change-point helicopter fmri",
    "TotalReadoutTime": 0.0315,
    "dataset": "ds003772",
    "modality": "bold",
    "run_id": 1,
    "subject_id": "bh2044",
    "task_id": "changepoint"
  },
  "dummy_trs": 0,
  "dvars_nstd": 22.487502967377786,
  "dvars_std": 1.2048252150222225,
  "dvars_vstd": 0.9979175800444445,
  "efc": 0.6345852005671849,
  "fber": 277.9349060058594,
  "fd_mean": 0.07776430822444148,
  "fd_num": 5,
  "fd_perc": 2.2123893805309733,
  "fwhm_avg": 2.6072366666666666,
  "fwhm_x": 2.4101866666666667,
  "fwhm_y": 2.5091033333333335,
  "fwhm_z": 2.9024199999999998,
  "gcor": 0.0178178,
  "gsr_x": -0.022306708618998528,
  "gsr_y": 0.0645364448428154,
  "provenance": {
    "md5sum": "1f387dd3110a084775d87e57dce4c418",
    "settings": {
      "fd_thres": 0.2,
      "testing": false
    },
    "software": "mriqc",
    "version": "22.0.6",
    "webapi_port": null,
    "webapi_url": "https://mriqc.nimh.nih.gov/api/v1"
  },
  "size_t": 226,
  "size_x": 64,
  "size_y": 64,
  "size_z": 44,
  "snr": 3.163343610692302,
  "spacing_tr": 2.5,
  "spacing_x": 3.0,
  "spacing_y": 3.0,
  "spacing_z": 3.0,
  "summary_bg_k": 12.904774415699796,
  "summary_bg_mad": 12.897325486853234,
  "summary_bg_mean": 78.27399444580078,
  "summary_bg_median": 36.72566223144531,
  "summary_bg_n": 92887.0,
  "summary_bg_p05": 27.14601707458496,
  "summary_bg_p95": 293.1566467285156,
  "summary_bg_stdv": 97.15382385253906,
  "summary_fg_k": 1.899445787875055,
  "summary_fg_mad": 177.60070619636105,
  "summary_fg_mean": 676.7680053710938,
  "summary_fg_median": 640.8009033203125,
  "summary_fg_n": 45780.0,
  "summary_fg_p05": 416.9466781616211,
  "summary_fg_p95": 1062.7685424804677,
  "summary_fg_stdv": 202.56854248046875,
  "tsnr": 78.08655512705445
}