{
  "bids_meta": {
    "EchoTime": 0.00311,
    "FlipAngle": 15,
    "ImageType": [
      "ORIGINAL",
      "PRIMARY",
      "M",
      "ND",
      "NORM"
    ],
    "ImagingFrequency": 123.26,
    "InversionTime": 1.1,
    "MagneticFieldStrength": 3,
    "Manufacturer": "Siemens",
    "ManufacturersModelName": "TrioTim",
    "Modality": "MR",
    "RepetitionTime": 1.63,
    "ScanningSequence": "GR\\IR",
    "SequenceVariant": "SP\\MP",
    "SliceThickness": 1,
    "dataset": "ds003772",
    "modality": "T1w",
    "subject_id": "nb2042"
  },
  "cjv": 0.41148315405713404,
  "cnr": 3.3247134711225117,
  "efc": 0.6048524384126593,
  "fber": 86280.62161448011,
  "fwhm_avg": 3.9040755555555555,
  "fwhm_x": 3.6640960000000002,
  "fwhm_y": 4.438090666666667,
  "fwhm_z": 3.61004,
  "icvs_csf": 0.1830818494020335,
  "icvs_gm": 0.4145912761087436,
  "icvs_wm": 0.4023268744892229,
  "inu_med": 0.26575973629951477,
  "inu_range": 0.06417786180973054,
  "provenance": {
    "md5sum": "7dae0c70791e34625831232424f93d0b",
    "settings": {
      "testing": false
    },
    "software": "mriqc",
    "version": "22.0.6",
    "warnings": {
      "large_rot_frame": true,
      "small_air_mask": false
    },
    "webapi_port": null,
    "webapi_url": "https://mriqc.nimh.nih.gov/api/v1"
  },
  "qi_1": 0.0,
  "qi_2": 0.007836264159412718,
  "rpve_csf": 15.962944722834406,
  "rpve_gm": 7.371235156060113,
  "rpve_wm": 8.88510482557327,
  "size_x": 192,
  "size_y": 256,
  "size_z": 160,
  "snr_csf": 2.8736057818125826,
  "snr_gm": 16.7201769086006,
  "snr_total": 15.078654228980378,
  "snr_wm": 25.64217999652795,
  "snrd_csf": 40.321450848073674,
  "snrd_gm": 96.22549178071607,
  "snrd_total": 85.87236907928917,
  "snrd_wm": 121.07016460907776,
  "spacing_x": 0.9375,
  "spacing_y": 0.9375,
  "spacing_z": 1.0,
  "summary_bg_k": 17.71279280296834,
  "summary_bg_mad": 0.0,
  "summary_bg_mean": 2.9140697937964366,
  "summary_bg_median": 0.0,
  "summary_bg_n": 1952896.0,
  "summary_bg_p05": 0.0,
  "summary_bg_p95": 13.634774632751942,
  "summary_bg_stdv": 5.411527952162238,
  "summary_csf_k": 6.246978231623386,
  "summary_csf_mad": 81.55089778059309,
  "summary_csf_mean": 343.06920110532633,
  "summary_csf_median": 333.0614179521799,
  "summary_csf_n": 46042.0,
  "summary_csf_p05": 167.29110986907037,
  "summary_csf_p95": 555.4087572277521,
  "summary_csf_stdv": 115.90239799422612,
  "summary_gm_k": -0.016566416216016844,
  "summary_gm_mad": 48.2912625628724,
  "summary_gm_mean": 794.5869356688966,
  "summary_gm_median": 794.8374391682446,
  "summary_gm_n": 36904.0,
  "summary_gm_p05": 717.4324157002382,
  "summary_gm_p95": 871.8389548826963,
  "summary_gm_stdv": 47.536977297100975,
  "summary_wm_k": 1.0411075853802014,
  "summary_wm_mad": 36.15365542497692,
  "summary_wm_mean": 1003.6616817009219,
  "summary_wm_median": 1000.0582778714597,
  "summary_wm_n": 258675.0,
  "summary_wm_p05": 946.3349350877106,
  "summary_wm_p95": 1072.019588433206,
  "summary_wm_stdv": 39.00044165374931,
  "tpm_overlap_csf": 0.15863109962061286,
  "tpm_overlap_gm": 0.4545449923256829,
  "tpm_overlap_wm": 0.500361441684347,
  "wm2max": 0.684480248858402
}