{
  "aor": 0.0005535840707964601,
  "aqi": 0.0039006458849557522,
  "bids_meta": {
    "BandwidthPerPixelPhaseEncode": 31.25,
    "DerivedVendorReportedEchoSpacing": 0.0005,
    "EchoTime": 0.025,
    "EffectiveEchoSpacing": 0.0005,
    "FlipAngle": 75,
    "ImageType": [
      "ORIGINAL",
      "PRIMARY",
      "M",
      "ND",
      "MOSAIC"
    ],
    "ImagingFrequency": 123.26,
    "MagneticFieldStrength": 3,
    "Manufacturer": "Siemens",
    "ManufacturersModelName": "TrioTim",
    "Modality": "MR",
    "PhaseEncodingDirection": "j-",
    "PixelBandwidth": 3005,
    "RepetitionTime": 2.5,
    "ScanOptions": "FS",
    "ScanningSequence": "EP",
    "SequenceName": "*epfid2d1_64",
    "SequenceVariant": "SK",
    "SliceThickness": 3,
    "SliceTiming": [
      1.245,
      0,
      1.3025,
      0.0575,
      1.3575,
      0.115,
      1.415,
      0.17,
      1.4725,
      0.2275,
      1.5275,
      0.2825,
      1.585,
      0.34,
      1.6425,
      0.3975,
      1.6975,
      0.4525,
      1.755,
      0.51,
      1.81,
      0.5675,
      1.8675,
      0.6225,
      1.925,
      0.68,
      1.98,
      0.735,
      2.0375,
      0.7925,
      2.095,
      0.85,
      2.15,
      0.905,
      2.2075,
      0.9625,
      2.265,
      1.02,
      2.32,
      1.075,
      2.3775,
      1.1325,
      2.4325,
      1.19
    ],
    "SpacingBetweenSlices": 3,
    "TaskName": "change-point helicopter fmri",
    "TotalReadoutTime": 0.0315,
    "dataset": "ds003772",
    "modality": "bold",
    "run_id": 3,
    "subject_id": "bd484",
    "task_id": "changepoint"
  },
  "dummy_trs": 0,
  "dvars_nstd": 20.08601872782222,
  "dvars_std": 1.0990747728444443,
  "dvars_vstd": 0.9392454036888886,
  "efc": 0.5715403532769712,
  "fber": 402.8028259277344,
  "fd_mean": 0.09386473859551042,
  "fd_num": 6,
  "fd_perc": 2.6548672566371683,
  "fwhm_avg": 2.6197966666666668,
  "fwhm_x": 2.5325166666666665,
  "fwhm_y": 2.5690433333333336,
  "fwhm_z": 2.7578300000000002,
  "gcor": 0.0356447,
  "gsr_x": -0.014072137884795666,
  "gsr_y": 0.052595097571611404,
  "provenance": {
    "md5sum": "a1c33976bc5820d68ec1fcc01d82ae39",
    "settings": {
      "fd_thres": 0.2,
      "testing": false
    },
    "software": "mriqc",
    "version": "22.0.6",
    "webapi_port": null,
    "webapi_url": "https://mriqc.nimh.nih.gov/api/v1"
  },
  "size_t": 226,
  "size_x": 64,
  "size_y": 64,
  "size_z": 44,
  "snr": 2.845851840378795,
  "spacing_tr": 2.5,
  "spacing_x": 3.0,
  "spacing_y": 3.0,
  "spacing_z": 3.0,
  "summary_bg_k": 39.188872913786334,
  "summary_bg_mad": 9.636914420286413,
  "summary_bg_mean": 64.0982666015625,
  "summary_bg_median": 32.8053092956543,
  "summary_bg_n": 103470.0,
  "summary_bg_p05": 25.477876663208008,
  "summary_bg_p95": 220.55995941162104,
  "summary_bg_stdv": 84.46299743652344,
  "summary_fg_k": 2.0280077648512336,
  "summary_fg_mad": 205.92434477010696,
  "summary_fg_mean": 725.5028686523438,
  "summary_fg_median": 675.4955444335938,
  "summary_fg_n": 38397.0,
  "summary_fg_p05": 434.56903076171875,
  "summary_fg_p95": 1186.1503906249998,
  "summary_fg_stdv": 237.35836791992188,
  "tsnr": 67.05371450539678
}