{
  "aor": 0.0017080444444444443,
  "aqi": 0.0025510238666666667,
  "bids_meta": {
    "BandwidthPerPixelPhaseEncode": 31.25,
    "DerivedVendorReportedEchoSpacing": 0.0005,
    "EchoTime": 0.025,
    "EffectiveEchoSpacing": 0.0005,
    "FlipAngle": 75,
    "ImageType": [
      "ORIGINAL",
      "PRIMARY",
      "M",
      "ND",
      "MOSAIC"
    ],
    "ImagingFrequency": 123.26,
    "MagneticFieldStrength": 3,
    "Manufacturer": "Siemens",
    "ManufacturersModelName": "TrioTim",
    "Modality": "MR",
    "PhaseEncodingDirection": "j-",
    "PixelBandwidth": 3005,
    "RepetitionTime": 2.5,
    "ScanOptions": "FS",
    "ScanningSequence": "EP",
    "SequenceName": "*epfid2d1_64",
    "SequenceVariant": "SK",
    "SliceThickness": 3,
    "SliceTiming": [
      1.245,
      0,
      1.3025,
      0.0575,
      1.3575,
      0.115,
      1.415,
      0.17,
      1.4725,
      0.2275,
      1.5275,
      0.2825,
      1.585,
      0.34,
      1.6425,
      0.3975,
      1.6975,
      0.4525,
      1.755,
      0.51,
      1.81,
      0.5675,
      1.8675,
      0.6225,
      1.925,
      0.68,
      1.98,
      0.735,
      2.0375,
      0.7925,
      2.095,
      0.85,
      2.15,
      0.905,
      2.2075,
      0.9625,
      2.265,
      1.02,
      2.32,
      1.075,
      2.3775,
      1.1325,
      2.4325,
      1.19
    ],
    "SpacingBetweenSlices": 3,
    "TaskName": "change-point helicopter fmri",
    "TotalReadoutTime": 0.0315,
    "dataset": "ds003772",
    "modality": "bold",
    "run_id": 4,
    "subject_id": "bd484",
    "task_id": "changepoint"
  },
  "dummy_trs": 1,
  "dvars_nstd": 20.53768098781249,
  "dvars_std": 1.207576991517856,
  "dvars_vstd": 1.0066070326339285,
  "efc": 0.5712840768870249,
  "fber": 399.275390625,
  "fd_mean": 0.10153156334725169,
  "fd_num": 10,
  "fd_perc": 4.444444444444445,
  "fwhm_avg": 2.6107833333333335,
  "fwhm_x": 2.52401,
  "fwhm_y": 2.5632333333333333,
  "fwhm_z": 2.7451066666666666,
  "gcor": 0.0220772,
  "gsr_x": -0.014223645441234112,
  "gsr_y": 0.051864780485630035,
  "provenance": {
    "md5sum": "8b036a410953ce18c8875d4b1b375bbe",
    "settings": {
      "fd_thres": 0.2,
      "testing": false
    },
    "software": "mriqc",
    "version": "22.0.6",
    "webapi_port": null,
    "webapi_url": "https://mriqc.nimh.nih.gov/api/v1"
  },
  "size_t": 225,
  "size_x": 64,
  "size_y": 64,
  "size_z": 44,
  "snr": 2.861714620571197,
  "spacing_tr": 2.5,
  "spacing_x": 3.0,
  "spacing_y": 3.0,
  "spacing_z": 3.0,
  "summary_bg_k": 39.67765137380449,
  "summary_bg_mad": 10.483645862700651,
  "summary_bg_mean": 64.1827163696289,
  "summary_bg_median": 33.08444595336914,
  "summary_bg_n": 103657.0,
  "summary_bg_p05": 24.465778350830078,
  "summary_bg_p95": 223.01422424316405,
  "summary_bg_stdv": 84.39893341064453,
  "summary_fg_k": 1.9662648129606755,
  "summary_fg_mad": 205.330543759497,
  "summary_fg_mean": 726.5888061523438,
  "summary_fg_median": 677.5689086914062,
  "summary_fg_n": 38291.0,
  "summary_fg_p05": 434.5888977050781,
  "summary_fg_p95": 1182.951171875,
  "summary_fg_stdv": 236.7671661376953,
  "tsnr": 79.69361466169357
}