{
  "bids_meta": {
    "EchoTime": 0.00311,
    "FlipAngle": 15,
    "ImageType": [
      "ORIGINAL",
      "PRIMARY",
      "M",
      "ND",
      "NORM"
    ],
    "ImagingFrequency": 123.26,
    "InversionTime": 1.1,
    "MagneticFieldStrength": 3,
    "Manufacturer": "Siemens",
    "ManufacturersModelName": "TrioTim",
    "Modality": "MR",
    "RepetitionTime": 1.63,
    "ScanningSequence": "GR\\IR",
    "SequenceVariant": "SP\\MP",
    "SliceThickness": 1,
    "dataset": "ds003772",
    "modality": "T1w",
    "subject_id": "kz838"
  },
  "cjv": 0.37198503007059996,
  "cnr": 3.6222466613228375,
  "efc": 0.5794922771551652,
  "fber": -1.0,
  "fwhm_avg": 3.6583351111111106,
  "fwhm_x": 3.394304,
  "fwhm_y": 4.068661333333333,
  "fwhm_z": 3.51204,
  "icvs_csf": 0.2003633201272607,
  "icvs_gm": 0.42880823204901375,
  "icvs_wm": 0.3708284478237255,
  "inu_med": 0.2724025547504425,
  "inu_range": 0.050826975703239435,
  "provenance": {
    "md5sum": "38ccc39fb29147a03e1064cbe423a22d",
    "settings": {
      "testing": false
    },
    "software": "mriqc",
    "version": "22.0.6",
    "warnings": {
      "large_rot_frame": true,
      "small_air_mask": false
    },
    "webapi_port": null,
    "webapi_url": "https://mriqc.nimh.nih.gov/api/v1"
  },
  "qi_1": 6.0079835958640105e-05,
  "qi_2": 0.008660365306997497,
  "rpve_csf": 16.091406828074557,
  "rpve_gm": 7.843281399512693,
  "rpve_wm": 10.419634373354096,
  "size_x": 192,
  "size_y": 256,
  "size_z": 160,
  "snr_csf": 2.4830161966160555,
  "snr_gm": 15.968805590194052,
  "snr_total": 15.608623381003694,
  "snr_wm": 28.374048356200973,
  "snrd_csf": 36.28122222036943,
  "snrd_gm": 79.4399564958149,
  "snrd_total": 72.50099818293685,
  "snrd_wm": 101.78181583262624,
  "spacing_x": 0.9375,
  "spacing_y": 0.9375,
  "spacing_z": 1.0,
  "summary_bg_k": 22.702432210683064,
  "summary_bg_mad": 0.0,
  "summary_bg_mean": 3.0707345023074857,
  "summary_bg_median": 0.0,
  "summary_bg_n": 2348832.0,
  "summary_bg_p05": 0.0,
  "summary_bg_p95": 14.81871698051691,
  "summary_bg_stdv": 6.436885973845216,
  "summary_csf_k": 18.09522488267434,
  "summary_csf_mad": 99.69616971913844,
  "summary_csf_mean": 362.6699621488081,
  "summary_csf_median": 356.472469586879,
  "summary_csf_n": 41939.0,
  "summary_csf_p05": 133.52981218732893,
  "summary_csf_p95": 575.2658862318843,
  "summary_csf_stdv": 143.5625833431993,
  "summary_gm_k": 0.03125827478865606,
  "summary_gm_mad": 49.23779978538252,
  "summary_gm_mean": 780.6115181096227,
  "summary_gm_median": 780.5182886049151,
  "summary_gm_n": 36874.0,
  "summary_gm_p05": 700.2996340170503,
  "summary_gm_p95": 860.9345260858536,
  "summary_gm_stdv": 48.87702468033073,
  "summary_wm_k": 0.99970912377524,
  "summary_wm_mad": 32.41834314079722,
  "summary_wm_mean": 1002.9323817766389,
  "summary_wm_median": 1000.032882809639,
  "summary_wm_n": 230050.0,
  "summary_wm_p05": 950.6042290590703,
  "summary_wm_p95": 1065.0705851130188,
  "summary_wm_stdv": 35.24455505048511,
  "tpm_overlap_csf": 0.15813285954349351,
  "tpm_overlap_gm": 0.46860561964257014,
  "tpm_overlap_wm": 0.5062116230463661,
  "wm2max": 0.5598956213555236
}