{
  "aor": 0.002173672566371682,
  "aqi": 0.004134244336283186,
  "bids_meta": {
    "BandwidthPerPixelPhaseEncode": 31.25,
    "DerivedVendorReportedEchoSpacing": 0.0005,
    "EchoTime": 0.025,
    "EffectiveEchoSpacing": 0.0005,
    "FlipAngle": 75,
    "ImageType": [
      "ORIGINAL",
      "PRIMARY",
      "M",
      "ND",
      "MOSAIC"
    ],
    "ImagingFrequency": 123.26,
    "MagneticFieldStrength": 3,
    "Manufacturer": "Siemens",
    "ManufacturersModelName": "TrioTim",
    "Modality": "MR",
    "PhaseEncodingDirection": "j-",
    "PixelBandwidth": 3005,
    "RepetitionTime": 2.5,
    "ScanOptions": "FS",
    "ScanningSequence": "EP",
    "SequenceName": "*epfid2d1_64",
    "SequenceVariant": "SK",
    "SliceThickness": 3,
    "SliceTiming": [
      1.245,
      0,
      1.3025,
      0.0575,
      1.3575,
      0.115,
      1.415,
      0.17,
      1.4725,
      0.2275,
      1.5275,
      0.2825,
      1.585,
      0.34,
      1.6425,
      0.3975,
      1.6975,
      0.4525,
      1.755,
      0.51,
      1.81,
      0.5675,
      1.8675,
      0.6225,
      1.925,
      0.68,
      1.98,
      0.735,
      2.0375,
      0.7925,
      2.095,
      0.85,
      2.15,
      0.905,
      2.2075,
      0.9625,
      2.265,
      1.02,
      2.32,
      1.075,
      2.3775,
      1.1325,
      2.4325,
      1.19
    ],
    "SpacingBetweenSlices": 3,
    "TaskName": "change-point helicopter fmri",
    "TotalReadoutTime": 0.0315,
    "dataset": "ds003772",
    "modality": "bold",
    "run_id": 1,
    "subject_id": "pv536",
    "task_id": "changepoint"
  },
  "dummy_trs": 0,
  "dvars_nstd": 27.488931223422224,
  "dvars_std": 1.2248659406222222,
  "dvars_vstd": 0.9718374564444443,
  "efc": 0.6271996124853296,
  "fber": 201.00132751464844,
  "fd_mean": 0.10610953372932762,
  "fd_num": 29,
  "fd_perc": 12.831858407079647,
  "fwhm_avg": 2.6339144444444442,
  "fwhm_x": 2.2044099999999998,
  "fwhm_y": 2.6421666666666668,
  "fwhm_z": 3.0551666666666666,
  "gcor": 0.0128214,
  "gsr_x": 0.0022410345263779163,
  "gsr_y": 0.026158666238188744,
  "provenance": {
    "md5sum": "474e9972c845d6636d0918d0699b90c6",
    "settings": {
      "fd_thres": 0.2,
      "testing": false
    },
    "software": "mriqc",
    "version": "22.0.6",
    "webapi_port": null,
    "webapi_url": "https://mriqc.nimh.nih.gov/api/v1"
  },
  "size_t": 226,
  "size_x": 64,
  "size_y": 64,
  "size_z": 44,
  "snr": 3.248501868943208,
  "spacing_tr": 2.5,
  "spacing_x": 3.0,
  "spacing_y": 3.0,
  "spacing_z": 3.0,
  "summary_bg_k": 19.07427161450454,
  "summary_bg_mad": 23.01313166720607,
  "summary_bg_mean": 73.10418701171875,
  "summary_bg_median": 42.455753326416016,
  "summary_bg_n": 95173.0,
  "summary_bg_p05": 24.309734344482422,
  "summary_bg_p95": 224.60177001953113,
  "summary_bg_stdv": 77.81307983398438,
  "summary_fg_k": 1.074214967522777,
  "summary_fg_mad": 171.69977471935266,
  "summary_fg_mean": 654.6853637695312,
  "summary_fg_median": 622.2765502929688,
  "summary_fg_n": 43994.0,
  "summary_fg_p05": 396.0736770629883,
  "summary_fg_p95": 1015.5420379638671,
  "summary_fg_stdv": 191.5558319091797,
  "tsnr": 65.94972961116582
}