{
  "aor": 0.008521017699115044,
  "aqi": 0.005891735265486726,
  "bids_meta": {
    "BandwidthPerPixelPhaseEncode": 31.25,
    "DerivedVendorReportedEchoSpacing": 0.0005,
    "EchoTime": 0.025,
    "EffectiveEchoSpacing": 0.0005,
    "FlipAngle": 75,
    "ImageType": [
      "ORIGINAL",
      "PRIMARY",
      "M",
      "ND",
      "MOSAIC"
    ],
    "ImagingFrequency": 123.26,
    "MagneticFieldStrength": 3,
    "Manufacturer": "Siemens",
    "ManufacturersModelName": "TrioTim",
    "Modality": "MR",
    "PhaseEncodingDirection": "j-",
    "PixelBandwidth": 3005,
    "RepetitionTime": 2.5,
    "ScanOptions": "FS",
    "ScanningSequence": "EP",
    "SequenceName": "*epfid2d1_64",
    "SequenceVariant": "SK",
    "SliceThickness": 3,
    "SliceTiming": [
      1.245,
      0,
      1.3025,
      0.0575,
      1.3575,
      0.115,
      1.415,
      0.17,
      1.4725,
      0.2275,
      1.5275,
      0.2825,
      1.585,
      0.34,
      1.6425,
      0.3975,
      1.6975,
      0.4525,
      1.755,
      0.51,
      1.81,
      0.5675,
      1.8675,
      0.6225,
      1.925,
      0.68,
      1.98,
      0.735,
      2.0375,
      0.7925,
      2.095,
      0.85,
      2.15,
      0.905,
      2.2075,
      0.9625,
      2.265,
      1.02,
      2.32,
      1.075,
      2.3775,
      1.1325,
      2.4325,
      1.19
    ],
    "SpacingBetweenSlices": 3,
    "TaskName": "change-point helicopter fmri",
    "TotalReadoutTime": 0.0315,
    "dataset": "ds003772",
    "modality": "bold",
    "run_id": 2,
    "subject_id": "pv536",
    "task_id": "changepoint"
  },
  "dummy_trs": 0,
  "dvars_nstd": 28.065086779866654,
  "dvars_std": 1.2220100020000007,
  "dvars_vstd": 1.001508026533334,
  "efc": 0.6267146689363956,
  "fber": 200.02227783203125,
  "fd_mean": 0.1509410640230439,
  "fd_num": 43,
  "fd_perc": 19.02654867256637,
  "fwhm_avg": 2.652632222222222,
  "fwhm_x": 2.2327233333333334,
  "fwhm_y": 2.6611066666666665,
  "fwhm_z": 3.0640666666666667,
  "gcor": 0.0312198,
  "gsr_x": 0.004237834829837084,
  "gsr_y": 0.024335863068699837,
  "provenance": {
    "md5sum": "42f149f23b4472a69513d4a9bf581559",
    "settings": {
      "fd_thres": 0.2,
      "testing": false
    },
    "software": "mriqc",
    "version": "22.0.6",
    "webapi_port": null,
    "webapi_url": "https://mriqc.nimh.nih.gov/api/v1"
  },
  "size_t": 226,
  "size_x": 64,
  "size_y": 64,
  "size_z": 44,
  "snr": 3.21914707509094,
  "spacing_tr": 2.5,
  "spacing_x": 3.0,
  "spacing_y": 3.0,
  "spacing_z": 3.0,
  "summary_bg_k": 18.73161803131175,
  "summary_bg_mad": 22.803209843535598,
  "summary_bg_mean": 74.0778579711914,
  "summary_bg_median": 42.68584060668945,
  "summary_bg_n": 95670.0,
  "summary_bg_p05": 25.814159393310547,
  "summary_bg_p95": 227.66902160644537,
  "summary_bg_stdv": 79.56641387939453,
  "summary_fg_k": 1.1162746485395774,
  "summary_fg_mad": 174.44850240116244,
  "summary_fg_mean": 657.30078125,
  "summary_fg_median": 623.9955444335938,
  "summary_fg_n": 43702.0,
  "summary_fg_p05": 396.26746368408203,
  "summary_fg_p95": 1023.5340728759764,
  "summary_fg_stdv": 193.83656311035156,
  "tsnr": 56.38798295101151
}