{
  "bids_meta": {
    "EchoTime": 0.00311,
    "FlipAngle": 15,
    "ImageType": [
      "ORIGINAL",
      "PRIMARY",
      "M",
      "ND",
      "NORM"
    ],
    "ImagingFrequency": 123.26,
    "InversionTime": 1.1,
    "MagneticFieldStrength": 3,
    "Manufacturer": "Siemens",
    "ManufacturersModelName": "TrioTim",
    "Modality": "MR",
    "RepetitionTime": 1.63,
    "ScanningSequence": "GR\\IR",
    "SequenceVariant": "SP\\MP",
    "SliceThickness": 1,
    "dataset": "ds003772",
    "modality": "T1w",
    "subject_id": "hu2138"
  },
  "cjv": 0.39598665746309564,
  "cnr": 3.4004222132749775,
  "efc": 0.6059178827715213,
  "fber": -1.0,
  "fwhm_avg": 3.6497644444444446,
  "fwhm_x": 3.4585706666666667,
  "fwhm_y": 4.173642666666667,
  "fwhm_z": 3.31708,
  "icvs_csf": 0.17872522701836052,
  "icvs_gm": 0.4387329090392301,
  "icvs_wm": 0.38254186394240935,
  "inu_med": 0.32560551166534424,
  "inu_range": 0.07241068482398988,
  "provenance": {
    "md5sum": "e479dbdad00d4573bca16d95eb87ba77",
    "settings": {
      "testing": false
    },
    "software": "mriqc",
    "version": "22.0.6",
    "warnings": {
      "large_rot_frame": true,
      "small_air_mask": false
    },
    "webapi_port": null,
    "webapi_url": "https://mriqc.nimh.nih.gov/api/v1"
  },
  "qi_1": 0.000704319704603645,
  "qi_2": 0.00683752676493939,
  "rpve_csf": 16.955707859982496,
  "rpve_gm": 7.280257073208166,
  "rpve_wm": 9.324033022014275,
  "size_x": 192,
  "size_y": 256,
  "size_z": 160,
  "snr_csf": 2.825475328927462,
  "snr_gm": 16.538316596415193,
  "snr_total": 14.409755401849976,
  "snr_wm": 23.865474280207273,
  "snrd_csf": 29.230211597605106,
  "snrd_gm": 66.03550194284155,
  "snrd_total": 59.855092482079236,
  "snrd_wm": 84.29956390579105,
  "spacing_x": 0.9375,
  "spacing_y": 0.9375,
  "spacing_z": 1.0,
  "summary_bg_k": 17.15486614124311,
  "summary_bg_mad": 0.0,
  "summary_bg_mean": 3.82917194346138,
  "summary_bg_median": 0.0,
  "summary_bg_n": 2219032.0,
  "summary_bg_p05": 0.0,
  "summary_bg_p95": 18.556111151352525,
  "summary_bg_stdv": 7.771972002810106,
  "summary_csf_k": 3.959604707560607,
  "summary_csf_mad": 90.16425612906352,
  "summary_csf_mean": 348.63690045180437,
  "summary_csf_median": 346.76196616888046,
  "summary_csf_n": 40559.0,
  "summary_csf_p05": 134.02430049609393,
  "summary_csf_p95": 552.9721123103052,
  "summary_csf_stdv": 122.72543589672554,
  "summary_gm_k": 0.03514165814674586,
  "summary_gm_mad": 47.60435337702789,
  "summary_gm_mean": 783.8027646043475,
  "summary_gm_median": 783.3881193157285,
  "summary_gm_n": 44835.0,
  "summary_gm_p05": 707.4395861087366,
  "summary_gm_p95": 861.5010556261986,
  "summary_gm_stdv": 47.367540605137116,
  "summary_wm_k": 1.1679944885498896,
  "summary_wm_mad": 38.19369758922719,
  "summary_wm_mean": 1003.9914709395139,
  "summary_wm_median": 1000.0571644697338,
  "summary_wm_n": 220711.0,
  "summary_wm_p05": 942.6733199693263,
  "summary_wm_p95": 1077.9127741232514,
  "summary_wm_stdv": 41.90383510463755,
  "tpm_overlap_csf": 0.15499241410563216,
  "tpm_overlap_gm": 0.45860049970157657,
  "tpm_overlap_wm": 0.5000248418874738,
  "wm2max": 0.6299664997658586
}