{
  "bids_meta": {
    "EchoTime": 0.00311,
    "FlipAngle": 15,
    "ImageType": [
      "ORIGINAL",
      "PRIMARY",
      "M",
      "ND",
      "NORM"
    ],
    "ImagingFrequency": 123.26,
    "InversionTime": 1.1,
    "MagneticFieldStrength": 3,
    "Manufacturer": "Siemens",
    "ManufacturersModelName": "TrioTim",
    "Modality": "MR",
    "RepetitionTime": 1.63,
    "ScanningSequence": "GR\\IR",
    "SequenceVariant": "SP\\MP",
    "SliceThickness": 1,
    "dataset": "ds003772",
    "modality": "T1w",
    "subject_id": "cc528"
  },
  "cjv": 0.3699898584505959,
  "cnr": 3.6333969061775497,
  "efc": 0.5620799090091736,
  "fber": -1.0,
  "fwhm_avg": 3.766952666666667,
  "fwhm_x": 3.526208,
  "fwhm_y": 4.2392,
  "fwhm_z": 3.53545,
  "icvs_csf": 0.18742958620658445,
  "icvs_gm": 0.42969281721160696,
  "icvs_wm": 0.3828775965818086,
  "inu_med": 0.28106483817100525,
  "inu_range": 0.07449503540992733,
  "provenance": {
    "md5sum": "de4f888ccb6e3ae4807df896884fcd8b",
    "settings": {
      "testing": false
    },
    "software": "mriqc",
    "version": "22.0.6",
    "warnings": {
      "large_rot_frame": true,
      "small_air_mask": false
    },
    "webapi_port": null,
    "webapi_url": "https://mriqc.nimh.nih.gov/api/v1"
  },
  "qi_1": 0.0008958855311823558,
  "qi_2": 0.009930035240792811,
  "rpve_csf": 16.174215828832573,
  "rpve_gm": 7.408560828715972,
  "rpve_wm": 9.497344719281424,
  "size_x": 192,
  "size_y": 256,
  "size_z": 160,
  "snr_csf": 2.861820575005144,
  "snr_gm": 16.375838205845618,
  "snr_total": 15.486240898198814,
  "snr_wm": 27.221063913745677,
  "snrd_csf": 44.7144887810292,
  "snrd_gm": 95.64762212898204,
  "snrd_total": 87.63641453742918,
  "snrd_wm": 122.54713270227627,
  "spacing_x": 0.9375,
  "spacing_y": 0.9375,
  "spacing_z": 1.0,
  "summary_bg_k": 25.873680019898405,
  "summary_bg_mad": 0.0,
  "summary_bg_mean": 2.6501281414805615,
  "summary_bg_median": 0.0,
  "summary_bg_n": 2589083.0,
  "summary_bg_p05": 0.0,
  "summary_bg_p95": 13.333734398707747,
  "summary_bg_stdv": 5.346156144110645,
  "summary_csf_k": 0.44999307942241007,
  "summary_csf_mad": 105.89378155250421,
  "summary_csf_mean": 358.67395714319235,
  "summary_csf_median": 364.88682193122804,
  "summary_csf_n": 40250.0,
  "summary_csf_p05": 121.76287996219472,
  "summary_csf_p95": 560.6248389553274,
  "summary_csf_stdv": 127.50005794715699,
  "summary_gm_k": -0.05339203370501222,
  "summary_gm_mad": 48.953003945679356,
  "summary_gm_mean": 780.569784187969,
  "summary_gm_median": 780.5200912579894,
  "summary_gm_n": 48951.0,
  "summary_gm_p05": 703.4071622975171,
  "summary_gm_p95": 858.716574255377,
  "summary_gm_stdv": 47.66242246308136,
  "summary_wm_k": 1.5601797353477522,
  "summary_wm_mad": 32.26346568161001,
  "summary_wm_mean": 1003.3599530368597,
  "summary_wm_median": 1000.0300799030811,
  "summary_wm_n": 245636.0,
  "summary_wm_p05": 949.7050146330148,
  "summary_wm_p95": 1068.3240829519928,
  "summary_wm_stdv": 36.73728725211768,
  "tpm_overlap_csf": 0.14510486525522115,
  "tpm_overlap_gm": 0.460039271123076,
  "tpm_overlap_wm": 0.5056799871491051,
  "wm2max": 0.7058809957300604
}