{
  "aor": 0.0007069777777777779,
  "aqi": 0.0022100401777777777,
  "bids_meta": {
    "BandwidthPerPixelPhaseEncode": 31.25,
    "DerivedVendorReportedEchoSpacing": 0.0005,
    "EchoTime": 0.025,
    "EffectiveEchoSpacing": 0.0005,
    "FlipAngle": 75,
    "ImageType": [
      "ORIGINAL",
      "PRIMARY",
      "M",
      "ND",
      "MOSAIC"
    ],
    "ImagingFrequency": 123.26,
    "MagneticFieldStrength": 3,
    "Manufacturer": "Siemens",
    "ManufacturersModelName": "TrioTim",
    "Modality": "MR",
    "PhaseEncodingDirection": "j-",
    "PixelBandwidth": 3005,
    "RepetitionTime": 2.5,
    "ScanOptions": "FS",
    "ScanningSequence": "EP",
    "SequenceName": "*epfid2d1_64",
    "SequenceVariant": "SK",
    "SliceThickness": 3,
    "SliceTiming": [
      1.245,
      0,
      1.3025,
      0.0575,
      1.3575,
      0.115,
      1.415,
      0.17,
      1.4725,
      0.2275,
      1.5275,
      0.2825,
      1.585,
      0.34,
      1.6425,
      0.3975,
      1.6975,
      0.4525,
      1.755,
      0.51,
      1.81,
      0.5675,
      1.8675,
      0.6225,
      1.925,
      0.68,
      1.98,
      0.735,
      2.0375,
      0.7925,
      2.095,
      0.85,
      2.15,
      0.905,
      2.2075,
      0.9625,
      2.265,
      1.02,
      2.32,
      1.075,
      2.3775,
      1.1325,
      2.4325,
      1.19
    ],
    "SpacingBetweenSlices": 3,
    "TaskName": "change-point helicopter fmri",
    "TotalReadoutTime": 0.0315,
    "dataset": "ds003772",
    "modality": "bold",
    "run_id": 2,
    "subject_id": "ku966",
    "task_id": "changepoint"
  },
  "dummy_trs": 1,
  "dvars_nstd": 23.265025096160745,
  "dvars_std": 1.2337091149107142,
  "dvars_vstd": 0.994885633660715,
  "efc": 0.6407794574612129,
  "fber": 247.53709411621094,
  "fd_mean": 0.06306445710868036,
  "fd_num": 1,
  "fd_perc": 0.4444444444444444,
  "fwhm_avg": 2.5522533333333333,
  "fwhm_x": 2.336723333333333,
  "fwhm_y": 2.50276,
  "fwhm_z": 2.8172766666666664,
  "gcor": 0.0424944,
  "gsr_x": -0.01646493934094906,
  "gsr_y": 0.053532350808382034,
  "provenance": {
    "md5sum": "6f82350552a346b716bacf3f88ed1838",
    "settings": {
      "fd_thres": 0.2,
      "testing": false
    },
    "software": "mriqc",
    "version": "22.0.6",
    "webapi_port": null,
    "webapi_url": "https://mriqc.nimh.nih.gov/api/v1"
  },
  "size_t": 225,
  "size_x": 64,
  "size_y": 64,
  "size_z": 44,
  "snr": 3.2877800174401703,
  "spacing_tr": 2.5,
  "spacing_x": 3.0,
  "spacing_y": 3.0,
  "spacing_z": 3.0,
  "summary_bg_k": 15.026954166424407,
  "summary_bg_mad": 16.703981790278558,
  "summary_bg_mean": 83.68480682373047,
  "summary_bg_median": 38.85333251953125,
  "summary_bg_n": 93510.0,
  "summary_bg_p05": 26.755556106567383,
  "summary_bg_p95": 298.73156280517594,
  "summary_bg_stdv": 102.00857543945312,
  "summary_fg_k": 1.048341435098198,
  "summary_fg_mad": 180.14277538106924,
  "summary_fg_mean": 671.4556884765625,
  "summary_fg_median": 638.9688720703125,
  "summary_fg_n": 45534.0,
  "summary_fg_p05": 412.8989013671875,
  "summary_fg_p95": 1036.0448791503907,
  "summary_fg_stdv": 194.34446716308594,
  "tsnr": 82.14371449779719
}