{
  "aor": 0.0008580444444444442,
  "aqi": 0.0022381109777777778,
  "bids_meta": {
    "BandwidthPerPixelPhaseEncode": 31.25,
    "DerivedVendorReportedEchoSpacing": 0.0005,
    "EchoTime": 0.025,
    "EffectiveEchoSpacing": 0.0005,
    "FlipAngle": 75,
    "ImageType": [
      "ORIGINAL",
      "PRIMARY",
      "M",
      "ND",
      "MOSAIC"
    ],
    "ImagingFrequency": 123.26,
    "MagneticFieldStrength": 3,
    "Manufacturer": "Siemens",
    "ManufacturersModelName": "TrioTim",
    "Modality": "MR",
    "PhaseEncodingDirection": "j-",
    "PixelBandwidth": 3005,
    "RepetitionTime": 2.5,
    "ScanOptions": "FS",
    "ScanningSequence": "EP",
    "SequenceName": "*epfid2d1_64",
    "SequenceVariant": "SK",
    "SliceThickness": 3,
    "SliceTiming": [
      1.245,
      0,
      1.3025,
      0.0575,
      1.3575,
      0.115,
      1.415,
      0.17,
      1.4725,
      0.2275,
      1.5275,
      0.2825,
      1.585,
      0.34,
      1.6425,
      0.3975,
      1.6975,
      0.4525,
      1.755,
      0.51,
      1.81,
      0.5675,
      1.8675,
      0.6225,
      1.925,
      0.68,
      1.98,
      0.735,
      2.0375,
      0.7925,
      2.095,
      0.85,
      2.15,
      0.905,
      2.2075,
      0.9625,
      2.265,
      1.02,
      2.32,
      1.075,
      2.3775,
      1.1325,
      2.4325,
      1.19
    ],
    "SpacingBetweenSlices": 3,
    "TaskName": "change-point helicopter fmri",
    "TotalReadoutTime": 0.0315,
    "dataset": "ds003772",
    "modality": "bold",
    "run_id": 3,
    "subject_id": "ku966",
    "task_id": "changepoint"
  },
  "dummy_trs": 1,
  "dvars_nstd": 22.602978297767866,
  "dvars_std": 1.2247045529017857,
  "dvars_vstd": 1.0035658665624998,
  "efc": 0.6422141395470402,
  "fber": 240.86212158203125,
  "fd_mean": 0.06253040106843141,
  "fd_num": 0,
  "fd_perc": 0.0,
  "fwhm_avg": 2.543051111111111,
  "fwhm_x": 2.34728,
  "fwhm_y": 2.4795766666666665,
  "fwhm_z": 2.802296666666667,
  "gcor": 0.0602482,
  "gsr_x": -0.015960773453116417,
  "gsr_y": 0.05390707775950432,
  "provenance": {
    "md5sum": "9fa02926be0117ea32aba6ec44f73d14",
    "settings": {
      "fd_thres": 0.2,
      "testing": false
    },
    "software": "mriqc",
    "version": "22.0.6",
    "webapi_port": null,
    "webapi_url": "https://mriqc.nimh.nih.gov/api/v1"
  },
  "size_t": 225,
  "size_x": 64,
  "size_y": 64,
  "size_z": 44,
  "snr": 3.265423608973464,
  "spacing_tr": 2.5,
  "spacing_x": 3.0,
  "spacing_y": 3.0,
  "spacing_z": 3.0,
  "summary_bg_k": 15.138969707960321,
  "summary_bg_mad": 17.415633004319126,
  "summary_bg_mean": 86.0223617553711,
  "summary_bg_median": 39.47999954223633,
  "summary_bg_n": 93642.0,
  "summary_bg_p05": 26.715557098388672,
  "summary_bg_p95": 308.23445434570306,
  "summary_bg_stdv": 105.8382339477539,
  "summary_fg_k": 1.1392395935573933,
  "summary_fg_mad": 180.85774365062568,
  "summary_fg_mean": 673.0054931640625,
  "summary_fg_median": 640.5511474609375,
  "summary_fg_n": 45523.0,
  "summary_fg_p05": 412.7573516845703,
  "summary_fg_p95": 1040.6484741210938,
  "summary_fg_stdv": 196.15957641601562,
  "tsnr": 79.57359070144594
}