{
  "aor": 0.0008326106194690265,
  "aqi": 0.002217532433628319,
  "bids_meta": {
    "BandwidthPerPixelPhaseEncode": 31.25,
    "DerivedVendorReportedEchoSpacing": 0.0005,
    "EchoTime": 0.025,
    "EffectiveEchoSpacing": 0.0005,
    "FlipAngle": 75,
    "ImageType": [
      "ORIGINAL",
      "PRIMARY",
      "M",
      "ND",
      "MOSAIC"
    ],
    "ImagingFrequency": 123.26,
    "MagneticFieldStrength": 3,
    "Manufacturer": "Siemens",
    "ManufacturersModelName": "TrioTim",
    "Modality": "MR",
    "PhaseEncodingDirection": "j-",
    "PixelBandwidth": 3005,
    "RepetitionTime": 2.5,
    "ScanOptions": "FS",
    "ScanningSequence": "EP",
    "SequenceName": "*epfid2d1_64",
    "SequenceVariant": "SK",
    "SliceThickness": 3,
    "SliceTiming": [
      1.245,
      0,
      1.3025,
      0.0575,
      1.3575,
      0.115,
      1.415,
      0.17,
      1.4725,
      0.2275,
      1.5275,
      0.2825,
      1.585,
      0.34,
      1.6425,
      0.3975,
      1.6975,
      0.4525,
      1.755,
      0.51,
      1.81,
      0.5675,
      1.8675,
      0.6225,
      1.925,
      0.68,
      1.98,
      0.735,
      2.0375,
      0.7925,
      2.095,
      0.85,
      2.15,
      0.905,
      2.2075,
      0.9625,
      2.265,
      1.02,
      2.32,
      1.075,
      2.3775,
      1.1325,
      2.4325,
      1.19
    ],
    "SpacingBetweenSlices": 3,
    "TaskName": "change-point helicopter fmri",
    "TotalReadoutTime": 0.0315,
    "dataset": "ds003772",
    "modality": "bold",
    "run_id": 1,
    "subject_id": "ku966",
    "task_id": "changepoint"
  },
  "dummy_trs": 0,
  "dvars_nstd": 23.060701234488892,
  "dvars_std": 1.2325204631555549,
  "dvars_vstd": 1.0137528440888888,
  "efc": 0.6398870757948304,
  "fber": 251.6063232421875,
  "fd_mean": 0.07126081752899423,
  "fd_num": 3,
  "fd_perc": 1.3274336283185841,
  "fwhm_avg": 2.551536666666667,
  "fwhm_x": 2.3424033333333334,
  "fwhm_y": 2.4871466666666664,
  "fwhm_z": 2.82506,
  "gcor": 0.0278587,
  "gsr_x": -0.012720970436930656,
  "gsr_y": 0.051912445574998856,
  "provenance": {
    "md5sum": "83087b712c59a314a145703849efd649",
    "settings": {
      "fd_thres": 0.2,
      "testing": false
    },
    "software": "mriqc",
    "version": "22.0.6",
    "webapi_port": null,
    "webapi_url": "https://mriqc.nimh.nih.gov/api/v1"
  },
  "size_t": 226,
  "size_x": 64,
  "size_y": 64,
  "size_z": 44,
  "snr": 3.2920931662403476,
  "spacing_tr": 2.5,
  "spacing_x": 3.0,
  "spacing_y": 3.0,
  "spacing_z": 3.0,
  "summary_bg_k": 14.461971592376358,
  "summary_bg_mad": 16.282384882562642,
  "summary_bg_mean": 83.2373046875,
  "summary_bg_median": 38.455753326416016,
  "summary_bg_n": 93777.0,
  "summary_bg_p05": 26.61504364013672,
  "summary_bg_p95": 297.47344970703125,
  "summary_bg_stdv": 102.24539947509766,
  "summary_fg_k": 1.0450450091969081,
  "summary_fg_mad": 179.71629196701792,
  "summary_fg_mean": 667.420654296875,
  "summary_fg_median": 635.8009033203125,
  "summary_fg_n": 45601.0,
  "summary_fg_p05": 410.0531005859375,
  "summary_fg_p95": 1029.539794921875,
  "summary_fg_stdv": 193.1275634765625,
  "tsnr": 84.65402662754059
}