{
  "aor": 0.0006972566371681415,
  "aqi": 0.0032774776106194695,
  "bids_meta": {
    "BandwidthPerPixelPhaseEncode": 31.25,
    "DerivedVendorReportedEchoSpacing": 0.0005,
    "EchoTime": 0.025,
    "EffectiveEchoSpacing": 0.0005,
    "FlipAngle": 75,
    "ImageType": [
      "ORIGINAL",
      "PRIMARY",
      "M",
      "ND",
      "MOSAIC"
    ],
    "ImagingFrequency": 123.26,
    "MagneticFieldStrength": 3,
    "Manufacturer": "Siemens",
    "ManufacturersModelName": "TrioTim",
    "Modality": "MR",
    "PhaseEncodingDirection": "j-",
    "PixelBandwidth": 3005,
    "RepetitionTime": 2.5,
    "ScanOptions": "FS",
    "ScanningSequence": "EP",
    "SequenceName": "*epfid2d1_64",
    "SequenceVariant": "SK",
    "SliceThickness": 3,
    "SliceTiming": [
      1.245,
      0,
      1.3025,
      0.0575,
      1.3575,
      0.115,
      1.415,
      0.17,
      1.4725,
      0.2275,
      1.5275,
      0.2825,
      1.585,
      0.34,
      1.6425,
      0.3975,
      1.6975,
      0.4525,
      1.755,
      0.51,
      1.81,
      0.5675,
      1.8675,
      0.6225,
      1.925,
      0.68,
      1.98,
      0.735,
      2.0375,
      0.7925,
      2.095,
      0.85,
      2.15,
      0.905,
      2.2075,
      0.9625,
      2.265,
      1.02,
      2.32,
      1.075,
      2.3775,
      1.1325,
      2.4325,
      1.19
    ],
    "SpacingBetweenSlices": 3,
    "TaskName": "change-point helicopter fmri",
    "TotalReadoutTime": 0.0315,
    "dataset": "ds003772",
    "modality": "bold",
    "run_id": 2,
    "subject_id": "ll2026",
    "task_id": "changepoint"
  },
  "dummy_trs": 0,
  "dvars_nstd": 18.000092247866657,
  "dvars_std": 1.0855128100444444,
  "dvars_vstd": 0.9669687676444443,
  "efc": 0.5872579890843974,
  "fber": 326.6520690917969,
  "fd_mean": 0.0448477794002766,
  "fd_num": 1,
  "fd_perc": 0.4424778761061947,
  "fwhm_avg": 2.3964754255690504,
  "fwhm_x": 2.2826,
  "fwhm_y": 2.320493148917107,
  "fwhm_z": 2.5863331277900437,
  "gcor": 0.035257,
  "gsr_x": -0.0011741097550839186,
  "gsr_y": 0.04067816585302353,
  "provenance": {
    "md5sum": "9d5de53815b3a5f43e161e7b056eb3e1",
    "settings": {
      "fd_thres": 0.2,
      "testing": false
    },
    "software": "mriqc",
    "version": "22.0.6",
    "webapi_port": null,
    "webapi_url": "https://mriqc.nimh.nih.gov/api/v1"
  },
  "size_t": 226,
  "size_x": 64,
  "size_y": 64,
  "size_z": 44,
  "snr": 3.7158141521434014,
  "spacing_tr": 2.5,
  "spacing_x": 3.0,
  "spacing_y": 3.000000238418579,
  "spacing_z": 3.000000238418579,
  "summary_bg_k": 25.791288582213898,
  "summary_bg_mad": 10.46677780118983,
  "summary_bg_mean": 60.417564392089844,
  "summary_bg_median": 32.31637191772461,
  "summary_bg_n": 105360.0,
  "summary_bg_p05": 24.59734535217285,
  "summary_bg_p95": 194.2787628173828,
  "summary_bg_stdv": 75.62406921386719,
  "summary_fg_k": 1.538848522634935,
  "summary_fg_mad": 141.9854273934642,
  "summary_fg_mean": 624.2962036132812,
  "summary_fg_median": 595.610595703125,
  "summary_fg_n": 37026.0,
  "summary_fg_p05": 412.0110626220703,
  "summary_fg_p95": 927.4270172119141,
  "summary_fg_stdv": 160.28857421875,
  "tsnr": 75.11771395104006
}