{
  "aor": 0.0007062831858407079,
  "aqi": 0.0024909480530973453,
  "bids_meta": {
    "BandwidthPerPixelPhaseEncode": 31.25,
    "DerivedVendorReportedEchoSpacing": 0.0005,
    "EchoTime": 0.025,
    "EffectiveEchoSpacing": 0.0005,
    "FlipAngle": 75,
    "ImageType": [
      "ORIGINAL",
      "PRIMARY",
      "M",
      "ND",
      "MOSAIC"
    ],
    "ImagingFrequency": 123.26,
    "MagneticFieldStrength": 3,
    "Manufacturer": "Siemens",
    "ManufacturersModelName": "TrioTim",
    "Modality": "MR",
    "PhaseEncodingDirection": "j-",
    "PixelBandwidth": 3005,
    "RepetitionTime": 2.5,
    "ScanOptions": "FS",
    "ScanningSequence": "EP",
    "SequenceName": "*epfid2d1_64",
    "SequenceVariant": "SK",
    "SliceThickness": 3,
    "SliceTiming": [
      1.245,
      0,
      1.3025,
      0.0575,
      1.3575,
      0.115,
      1.415,
      0.17,
      1.4725,
      0.2275,
      1.5275,
      0.2825,
      1.585,
      0.34,
      1.6425,
      0.3975,
      1.6975,
      0.4525,
      1.755,
      0.51,
      1.81,
      0.5675,
      1.8675,
      0.6225,
      1.925,
      0.68,
      1.98,
      0.735,
      2.0375,
      0.7925,
      2.095,
      0.85,
      2.15,
      0.905,
      2.2075,
      0.9625,
      2.265,
      1.02,
      2.32,
      1.075,
      2.3775,
      1.1325,
      2.4325,
      1.19
    ],
    "SpacingBetweenSlices": 3,
    "TaskName": "change-point helicopter fmri",
    "TotalReadoutTime": 0.0315,
    "dataset": "ds003772",
    "modality": "bold",
    "run_id": 3,
    "subject_id": "ll2026",
    "task_id": "changepoint"
  },
  "dummy_trs": 0,
  "dvars_nstd": 18.474903310000013,
  "dvars_std": 1.1429156478222227,
  "dvars_vstd": 1.0009647548,
  "efc": 0.5882298245100956,
  "fber": 323.2394714355469,
  "fd_mean": 0.05425722279779165,
  "fd_num": 3,
  "fd_perc": 1.3274336283185841,
  "fwhm_avg": 2.398022092132667,
  "fwhm_x": 2.28335,
  "fwhm_y": 2.326116481803538,
  "fwhm_z": 2.584599794594463,
  "gcor": 0.042427,
  "gsr_x": -0.0005868836306035519,
  "gsr_y": 0.04062264785170555,
  "provenance": {
    "md5sum": "16f3326e4b031cae353bcab38e1d2ac7",
    "settings": {
      "fd_thres": 0.2,
      "testing": false
    },
    "software": "mriqc",
    "version": "22.0.6",
    "webapi_port": null,
    "webapi_url": "https://mriqc.nimh.nih.gov/api/v1"
  },
  "size_t": 226,
  "size_x": 64,
  "size_y": 64,
  "size_z": 44,
  "snr": 3.705952124949896,
  "spacing_tr": 2.5,
  "spacing_x": 3.0,
  "spacing_y": 3.000000238418579,
  "spacing_z": 3.000000238418579,
  "summary_bg_k": 24.967582867384216,
  "summary_bg_mad": 10.607819114838408,
  "summary_bg_mean": 61.10917663574219,
  "summary_bg_median": 32.53097152709961,
  "summary_bg_n": 105267.0,
  "summary_bg_p05": 24.747787475585938,
  "summary_bg_p95": 197.9110565185546,
  "summary_bg_stdv": 76.32157135009766,
  "summary_fg_k": 1.5144782469721498,
  "summary_fg_mad": 142.04775297195513,
  "summary_fg_mean": 625.10009765625,
  "summary_fg_median": 596.3982543945312,
  "summary_fg_n": 37007.0,
  "summary_fg_p05": 412.27210998535156,
  "summary_fg_p95": 929.9181579589844,
  "summary_fg_stdv": 160.9276580810547,
  "tsnr": 82.90702060330659
}