{
  "aor": 0.0015456888888888889,
  "aqi": 0.003597183244444444,
  "bids_meta": {
    "BandwidthPerPixelPhaseEncode": 31.25,
    "DerivedVendorReportedEchoSpacing": 0.0005,
    "EchoTime": 0.025,
    "EffectiveEchoSpacing": 0.0005,
    "FlipAngle": 75,
    "ImageType": [
      "ORIGINAL",
      "PRIMARY",
      "M",
      "ND",
      "MOSAIC"
    ],
    "ImagingFrequency": 123.26,
    "MagneticFieldStrength": 3,
    "Manufacturer": "Siemens",
    "ManufacturersModelName": "TrioTim",
    "Modality": "MR",
    "PhaseEncodingDirection": "j-",
    "PixelBandwidth": 3005,
    "RepetitionTime": 2.5,
    "ScanOptions": "FS",
    "ScanningSequence": "EP",
    "SequenceName": "*epfid2d1_64",
    "SequenceVariant": "SK",
    "SliceThickness": 3,
    "SliceTiming": [
      1.245,
      0,
      1.3025,
      0.0575,
      1.3575,
      0.115,
      1.415,
      0.17,
      1.4725,
      0.2275,
      1.5275,
      0.2825,
      1.585,
      0.34,
      1.6425,
      0.3975,
      1.6975,
      0.4525,
      1.755,
      0.51,
      1.81,
      0.5675,
      1.8675,
      0.6225,
      1.925,
      0.68,
      1.98,
      0.735,
      2.0375,
      0.7925,
      2.095,
      0.85,
      2.15,
      0.905,
      2.2075,
      0.9625,
      2.265,
      1.02,
      2.32,
      1.075,
      2.3775,
      1.1325,
      2.4325,
      1.19
    ],
    "SpacingBetweenSlices": 3,
    "TaskName": "change-point helicopter fmri",
    "TotalReadoutTime": 0.0315,
    "dataset": "ds003772",
    "modality": "bold",
    "run_id": 1,
    "subject_id": "lb2136",
    "task_id": "changepoint"
  },
  "dummy_trs": 1,
  "dvars_nstd": 20.314010765133922,
  "dvars_std": 1.2232256504910712,
  "dvars_vstd": 0.9836616459375005,
  "efc": 0.5689633333202152,
  "fber": 427.04229736328125,
  "fd_mean": 0.06429803541111671,
  "fd_num": 9,
  "fd_perc": 4.0,
  "fwhm_avg": 2.3424644444444445,
  "fwhm_x": 2.220076666666667,
  "fwhm_y": 2.2663266666666666,
  "fwhm_z": 2.54099,
  "gcor": 0.0321693,
  "gsr_x": -0.02484254166483879,
  "gsr_y": 0.03861924633383751,
  "provenance": {
    "md5sum": "ec8b71a1147750b2caac6622ead9ffb6",
    "settings": {
      "fd_thres": 0.2,
      "testing": false
    },
    "software": "mriqc",
    "version": "22.0.6",
    "webapi_port": null,
    "webapi_url": "https://mriqc.nimh.nih.gov/api/v1"
  },
  "size_t": 225,
  "size_x": 64,
  "size_y": 64,
  "size_z": 44,
  "snr": 3.862033092434932,
  "spacing_tr": 2.5,
  "spacing_x": 3.0,
  "spacing_y": 3.0,
  "spacing_z": 3.0,
  "summary_bg_k": 34.24556036447665,
  "summary_bg_mad": 8.375053338668451,
  "summary_bg_mean": 57.11856460571289,
  "summary_bg_median": 31.079999923706055,
  "summary_bg_n": 107974.0,
  "summary_bg_p05": 24.902223587036133,
  "summary_bg_p95": 182.2637817382812,
  "summary_bg_stdv": 68.02510070800781,
  "summary_fg_k": 2.0333430663945746,
  "summary_fg_mad": 154.0753001259812,
  "summary_fg_mean": 680.8213500976562,
  "summary_fg_median": 656.211181640625,
  "summary_fg_n": 35302.0,
  "summary_fg_p05": 450.50356140136716,
  "summary_fg_p95": 986.7022216796872,
  "summary_fg_stdv": 169.91099548339844,
  "tsnr": 81.1810596199939
}