{
  "aor": 0.002855530973451328,
  "aqi": 0.006491313362831859,
  "bids_meta": {
    "BandwidthPerPixelPhaseEncode": 31.25,
    "DerivedVendorReportedEchoSpacing": 0.0005,
    "EchoTime": 0.025,
    "EffectiveEchoSpacing": 0.0005,
    "FlipAngle": 75,
    "ImageType": [
      "ORIGINAL",
      "PRIMARY",
      "M",
      "ND",
      "MOSAIC"
    ],
    "ImagingFrequency": 123.26,
    "MagneticFieldStrength": 3,
    "Manufacturer": "Siemens",
    "ManufacturersModelName": "TrioTim",
    "Modality": "MR",
    "PhaseEncodingDirection": "j-",
    "PixelBandwidth": 3005,
    "RepetitionTime": 2.5,
    "ScanOptions": "FS",
    "ScanningSequence": "EP",
    "SequenceName": "*epfid2d1_64",
    "SequenceVariant": "SK",
    "SliceThickness": 3,
    "SliceTiming": [
      1.245,
      0,
      1.3025,
      0.0575,
      1.3575,
      0.115,
      1.415,
      0.17,
      1.4725,
      0.2275,
      1.5275,
      0.2825,
      1.585,
      0.34,
      1.6425,
      0.3975,
      1.6975,
      0.4525,
      1.755,
      0.51,
      1.81,
      0.5675,
      1.8675,
      0.6225,
      1.925,
      0.68,
      1.98,
      0.735,
      2.0375,
      0.7925,
      2.095,
      0.85,
      2.15,
      0.905,
      2.2075,
      0.9625,
      2.265,
      1.02,
      2.32,
      1.075,
      2.3775,
      1.1325,
      2.4325,
      1.19
    ],
    "SpacingBetweenSlices": 3,
    "TaskName": "change-point helicopter fmri",
    "TotalReadoutTime": 0.0315,
    "dataset": "ds003772",
    "modality": "bold",
    "run_id": 3,
    "subject_id": "lb2136",
    "task_id": "changepoint"
  },
  "dummy_trs": 0,
  "dvars_nstd": 22.04252187106664,
  "dvars_std": 1.100896769644444,
  "dvars_vstd": 0.9319767342666673,
  "efc": 0.5703326276232563,
  "fber": 422.5350036621094,
  "fd_mean": 0.1372192558489824,
  "fd_num": 44,
  "fd_perc": 19.469026548672566,
  "fwhm_avg": 2.3052055555555557,
  "fwhm_x": 2.1922099999999998,
  "fwhm_y": 2.22404,
  "fwhm_z": 2.4993666666666665,
  "gcor": 0.0120783,
  "gsr_x": -0.02611396089196205,
  "gsr_y": 0.03723100572824478,
  "provenance": {
    "md5sum": "0f5f927aebb5baa6a8138a4648cf9f03",
    "settings": {
      "fd_thres": 0.2,
      "testing": false
    },
    "software": "mriqc",
    "version": "22.0.6",
    "webapi_port": null,
    "webapi_url": "https://mriqc.nimh.nih.gov/api/v1"
  },
  "size_t": 226,
  "size_x": 64,
  "size_y": 64,
  "size_z": 44,
  "snr": 3.8931144548150094,
  "spacing_tr": 2.5,
  "spacing_x": 3.0,
  "spacing_y": 3.0,
  "spacing_z": 3.0,
  "summary_bg_k": 29.31993620223468,
  "summary_bg_mad": 8.790649571359062,
  "summary_bg_mean": 58.59990310668945,
  "summary_bg_median": 31.473451614379883,
  "summary_bg_n": 108221.0,
  "summary_bg_p05": 24.93362808227539,
  "summary_bg_p95": 189.51327514648438,
  "summary_bg_stdv": 69.85008239746094,
  "summary_fg_k": 2.0545654877942017,
  "summary_fg_mad": 153.86264660953296,
  "summary_fg_mean": 685.064208984375,
  "summary_fg_median": 659.7742919921875,
  "summary_fg_n": 35212.0,
  "summary_fg_p05": 455.93738555908203,
  "summary_fg_p95": 990.8829742431639,
  "summary_fg_stdv": 169.46969604492188,
  "tsnr": 57.14234002225567
}