{
  "aor": 0.0017712831858407079,
  "aqi": 0.002169924371681416,
  "bids_meta": {
    "BandwidthPerPixelPhaseEncode": 31.25,
    "DerivedVendorReportedEchoSpacing": 0.0005,
    "EchoTime": 0.025,
    "EffectiveEchoSpacing": 0.0005,
    "FlipAngle": 75,
    "ImageType": [
      "ORIGINAL",
      "PRIMARY",
      "M",
      "ND",
      "MOSAIC"
    ],
    "ImagingFrequency": 123.26,
    "MagneticFieldStrength": 3,
    "Manufacturer": "Siemens",
    "ManufacturersModelName": "TrioTim",
    "Modality": "MR",
    "PhaseEncodingDirection": "j-",
    "PixelBandwidth": 3005,
    "RepetitionTime": 2.5,
    "ScanOptions": "FS",
    "ScanningSequence": "EP",
    "SequenceName": "*epfid2d1_64",
    "SequenceVariant": "SK",
    "SliceThickness": 3,
    "SliceTiming": [
      1.245,
      0,
      1.3025,
      0.0575,
      1.3575,
      0.115,
      1.415,
      0.17,
      1.4725,
      0.2275,
      1.5275,
      0.2825,
      1.585,
      0.34,
      1.6425,
      0.3975,
      1.6975,
      0.4525,
      1.755,
      0.51,
      1.81,
      0.5675,
      1.8675,
      0.6225,
      1.925,
      0.68,
      1.98,
      0.735,
      2.0375,
      0.7925,
      2.095,
      0.85,
      2.15,
      0.905,
      2.2075,
      0.9625,
      2.265,
      1.02,
      2.32,
      1.075,
      2.3775,
      1.1325,
      2.4325,
      1.19
    ],
    "SpacingBetweenSlices": 3,
    "TaskName": "change-point helicopter fmri",
    "TotalReadoutTime": 0.0315,
    "dataset": "ds003772",
    "modality": "bold",
    "run_id": 4,
    "subject_id": "nb2042",
    "task_id": "changepoint"
  },
  "dummy_trs": 0,
  "dvars_nstd": 20.641812447422225,
  "dvars_std": 1.1986161151555565,
  "dvars_vstd": 1.0141446056444445,
  "efc": 0.6085293571316546,
  "fber": 309.57098388671875,
  "fd_mean": 0.09180148717170694,
  "fd_num": 16,
  "fd_perc": 7.079646017699115,
  "fwhm_avg": 2.9212555555555557,
  "fwhm_x": 2.79754,
  "fwhm_y": 2.7634366666666668,
  "fwhm_z": 3.2027900000000002,
  "gcor": 0.0543026,
  "gsr_x": -0.021920220926404,
  "gsr_y": 0.07398973405361176,
  "provenance": {
    "md5sum": "882c3015819ab724b7842dd0d4fde504",
    "settings": {
      "fd_thres": 0.2,
      "testing": false
    },
    "software": "mriqc",
    "version": "22.0.6",
    "webapi_port": null,
    "webapi_url": "https://mriqc.nimh.nih.gov/api/v1"
  },
  "size_t": 226,
  "size_x": 64,
  "size_y": 64,
  "size_z": 44,
  "snr": 2.470488865075194,
  "spacing_tr": 2.5,
  "spacing_x": 3.0,
  "spacing_y": 3.0,
  "spacing_z": 3.0,
  "summary_bg_k": 11.120712040730401,
  "summary_bg_mad": 15.022825662146658,
  "summary_bg_mean": 85.87128448486328,
  "summary_bg_median": 37.85840606689453,
  "summary_bg_n": 96339.0,
  "summary_bg_p05": 26.469026565551758,
  "summary_bg_p95": 319.7862701416013,
  "summary_bg_stdv": 111.93513488769531,
  "summary_fg_k": 4.704073365793192,
  "summary_fg_mad": 214.1114146625066,
  "summary_fg_mean": 745.357421875,
  "summary_fg_median": 684.0442504882812,
  "summary_fg_n": 44177.0,
  "summary_fg_p05": 428.0893859863281,
  "summary_fg_p95": 1285.6407470703125,
  "summary_fg_stdv": 276.883056640625,
  "tsnr": 81.40805412642658
}