{
  "aor": 0.0019130973451327435,
  "aqi": 0.0032362115486725663,
  "bids_meta": {
    "BandwidthPerPixelPhaseEncode": 31.25,
    "DerivedVendorReportedEchoSpacing": 0.0005,
    "EchoTime": 0.025,
    "EffectiveEchoSpacing": 0.0005,
    "FlipAngle": 75,
    "ImageType": [
      "ORIGINAL",
      "PRIMARY",
      "M",
      "ND",
      "MOSAIC"
    ],
    "ImagingFrequency": 123.26,
    "MagneticFieldStrength": 3,
    "Manufacturer": "Siemens",
    "ManufacturersModelName": "TrioTim",
    "Modality": "MR",
    "PhaseEncodingDirection": "j-",
    "PixelBandwidth": 3005,
    "RepetitionTime": 2.5,
    "ScanOptions": "FS",
    "ScanningSequence": "EP",
    "SequenceName": "*epfid2d1_64",
    "SequenceVariant": "SK",
    "SliceThickness": 3,
    "SliceTiming": [
      1.245,
      0,
      1.3025,
      0.0575,
      1.3575,
      0.115,
      1.415,
      0.17,
      1.4725,
      0.2275,
      1.5275,
      0.2825,
      1.585,
      0.34,
      1.6425,
      0.3975,
      1.6975,
      0.4525,
      1.755,
      0.51,
      1.81,
      0.5675,
      1.8675,
      0.6225,
      1.925,
      0.68,
      1.98,
      0.735,
      2.0375,
      0.7925,
      2.095,
      0.85,
      2.15,
      0.905,
      2.2075,
      0.9625,
      2.265,
      1.02,
      2.32,
      1.075,
      2.3775,
      1.1325,
      2.4325,
      1.19
    ],
    "SpacingBetweenSlices": 3,
    "TaskName": "change-point helicopter fmri",
    "TotalReadoutTime": 0.0315,
    "dataset": "ds003772",
    "modality": "bold",
    "run_id": 3,
    "subject_id": "nb2042",
    "task_id": "changepoint"
  },
  "dummy_trs": 0,
  "dvars_nstd": 19.55294879888889,
  "dvars_std": 1.1435257132888894,
  "dvars_vstd": 0.9835556112888888,
  "efc": 0.6086532897897261,
  "fber": 306.3554992675781,
  "fd_mean": 0.07948929911186574,
  "fd_num": 8,
  "fd_perc": 3.5398230088495577,
  "fwhm_avg": 2.920856666666667,
  "fwhm_x": 2.7871233333333336,
  "fwhm_y": 2.7746866666666663,
  "fwhm_z": 3.2007600000000003,
  "gcor": 0.0284902,
  "gsr_x": -0.023323899134993553,
  "gsr_y": 0.07434843480587006,
  "provenance": {
    "md5sum": "335eb2e3c2eed92d2d38a769d9769beb",
    "settings": {
      "fd_thres": 0.2,
      "testing": false
    },
    "software": "mriqc",
    "version": "22.0.6",
    "webapi_port": null,
    "webapi_url": "https://mriqc.nimh.nih.gov/api/v1"
  },
  "size_t": 226,
  "size_x": 64,
  "size_y": 64,
  "size_z": 44,
  "snr": 2.475767485356344,
  "spacing_tr": 2.5,
  "spacing_x": 3.0,
  "spacing_y": 3.0,
  "spacing_z": 3.0,
  "summary_bg_k": 11.249170247132813,
  "summary_bg_mad": 15.960933076329415,
  "summary_bg_mean": 84.28526306152344,
  "summary_bg_median": 38.03982162475586,
  "summary_bg_n": 95883.0,
  "summary_bg_p05": 25.172565460205078,
  "summary_bg_p95": 313.0703582763672,
  "summary_bg_stdv": 108.5090560913086,
  "summary_fg_k": 4.698585259204226,
  "summary_fg_mad": 215.2889269530525,
  "summary_fg_mean": 745.6715087890625,
  "summary_fg_median": 684.785400390625,
  "summary_fg_n": 44220.0,
  "summary_fg_p05": 428.65443420410156,
  "summary_fg_p95": 1286.5219299316398,
  "summary_fg_stdv": 276.5920715332031,
  "tsnr": 70.45434821222443
}