{
  "bids_meta": {
    "EchoTime": 0.00311,
    "FlipAngle": 15,
    "ImageType": [
      "ORIGINAL",
      "PRIMARY",
      "M",
      "ND",
      "NORM"
    ],
    "ImagingFrequency": 123.26,
    "InversionTime": 1.1,
    "MagneticFieldStrength": 3,
    "Manufacturer": "Siemens",
    "ManufacturersModelName": "TrioTim",
    "Modality": "MR",
    "RepetitionTime": 1.63,
    "ScanningSequence": "GR\\IR",
    "SequenceVariant": "SP\\MP",
    "SliceThickness": 1,
    "dataset": "ds003772",
    "modality": "T1w",
    "subject_id": "bb914"
  },
  "cjv": 0.4193896800302747,
  "cnr": 3.2399252785143227,
  "efc": 0.5590929717588753,
  "fber": 29730.194555147245,
  "fwhm_avg": 3.8048039999999994,
  "fwhm_x": 3.5660266666666667,
  "fwhm_y": 4.314645333333333,
  "fwhm_z": 3.53374,
  "icvs_csf": 0.17232325076663668,
  "icvs_gm": 0.39893910528334725,
  "icvs_wm": 0.42873764395001607,
  "inu_med": 0.36943119764328003,
  "inu_range": 0.0760241851210594,
  "provenance": {
    "md5sum": "f0acab4465839b1fc8f74057745373fb",
    "settings": {
      "testing": false
    },
    "software": "mriqc",
    "version": "22.0.6",
    "warnings": {
      "large_rot_frame": true,
      "small_air_mask": false
    },
    "webapi_port": null,
    "webapi_url": "https://mriqc.nimh.nih.gov/api/v1"
  },
  "qi_1": 0.007861290667227927,
  "qi_2": 0.004710450747708299,
  "rpve_csf": 21.352439274717756,
  "rpve_gm": 9.164966024840952,
  "rpve_wm": 10.031900983626043,
  "size_x": 192,
  "size_y": 256,
  "size_z": 160,
  "snr_csf": 1.9750575865252367,
  "snr_gm": 13.0150299454289,
  "snr_total": 11.79140711569996,
  "snr_wm": 20.384133815145738,
  "snrd_csf": 13.673865256995802,
  "snrd_gm": 35.1844900489921,
  "snrd_total": 31.912061733963736,
  "snrd_wm": 46.87782989590329,
  "spacing_x": 0.9375,
  "spacing_y": 0.9375,
  "spacing_z": 1.0,
  "summary_bg_k": 65.9306858301262,
  "summary_bg_mad": 0.0,
  "summary_bg_mean": 7.454602023506652,
  "summary_bg_median": 0.0,
  "summary_bg_n": 2846688.0,
  "summary_bg_p05": 0.0,
  "summary_bg_p95": 34.37127102166414,
  "summary_bg_stdv": 13.975837557468358,
  "summary_csf_k": 6.379035196160448,
  "summary_csf_mad": 159.39206405780797,
  "summary_csf_mean": 283.6854975816391,
  "summary_csf_median": 291.70065899938345,
  "summary_csf_n": 24543.0,
  "summary_csf_p05": 58.57241253554821,
  "summary_csf_p95": 501.4752747416496,
  "summary_csf_stdv": 147.6892209544678,
  "summary_gm_k": -0.02726322376916057,
  "summary_gm_mad": 58.26536181032864,
  "summary_gm_mean": 751.3297494058053,
  "summary_gm_median": 750.580669105053,
  "summary_gm_n": 29772.0,
  "summary_gm_p05": 657.448649816215,
  "summary_gm_p95": 846.551849548146,
  "summary_gm_stdv": 57.66933050994254,
  "summary_wm_k": 0.5323295517834583,
  "summary_wm_mad": 46.35167760629978,
  "summary_wm_mean": 1005.9254310652836,
  "summary_wm_median": 1000.0313456431031,
  "summary_wm_n": 219792.0,
  "summary_wm_p05": 936.0599754676223,
  "summary_wm_p95": 1096.4592402353883,
  "summary_wm_stdv": 49.05918886521947,
  "tpm_overlap_csf": 0.1511883311764826,
  "tpm_overlap_gm": 0.4480245243036643,
  "tpm_overlap_wm": 0.5086062012289809,
  "wm2max": 0.5227671758856637
}