{
  "aor": 0.004390711111111112,
  "aqi": 0.0033051024000000004,
  "bids_meta": {
    "BandwidthPerPixelPhaseEncode": 31.25,
    "DerivedVendorReportedEchoSpacing": 0.0005,
    "EchoTime": 0.025,
    "EffectiveEchoSpacing": 0.0005,
    "FlipAngle": 75,
    "ImageType": [
      "ORIGINAL",
      "PRIMARY",
      "M",
      "ND",
      "MOSAIC"
    ],
    "ImagingFrequency": 123.26,
    "MagneticFieldStrength": 3,
    "Manufacturer": "Siemens",
    "ManufacturersModelName": "TrioTim",
    "Modality": "MR",
    "PhaseEncodingDirection": "j-",
    "PixelBandwidth": 3005,
    "RepetitionTime": 2.5,
    "ScanOptions": "FS",
    "ScanningSequence": "EP",
    "SequenceName": "*epfid2d1_64",
    "SequenceVariant": "SK",
    "SliceThickness": 3,
    "SliceTiming": [
      1.245,
      0,
      1.3025,
      0.0575,
      1.3575,
      0.115,
      1.415,
      0.17,
      1.4725,
      0.2275,
      1.5275,
      0.2825,
      1.585,
      0.34,
      1.6425,
      0.3975,
      1.6975,
      0.4525,
      1.755,
      0.51,
      1.81,
      0.5675,
      1.8675,
      0.6225,
      1.925,
      0.68,
      1.98,
      0.735,
      2.0375,
      0.7925,
      2.095,
      0.85,
      2.15,
      0.905,
      2.2075,
      0.9625,
      2.265,
      1.02,
      2.32,
      1.075,
      2.3775,
      1.1325,
      2.4325,
      1.19
    ],
    "SpacingBetweenSlices": 3,
    "TaskName": "change-point helicopter fmri",
    "TotalReadoutTime": 0.0315,
    "dataset": "ds003772",
    "modality": "bold",
    "run_id": 2,
    "subject_id": "fp878",
    "task_id": "changepoint"
  },
  "dummy_trs": 1,
  "dvars_nstd": 23.41615451245536,
  "dvars_std": 1.2391964862946427,
  "dvars_vstd": 1.0136162229910712,
  "efc": 0.5729776014531114,
  "fber": 383.3148498535156,
  "fd_mean": 0.17544403929511804,
  "fd_num": 56,
  "fd_perc": 24.88888888888889,
  "fwhm_avg": 2.670228888888889,
  "fwhm_x": 2.5448133333333334,
  "fwhm_y": 2.6118866666666665,
  "fwhm_z": 2.8539866666666662,
  "gcor": 0.0189714,
  "gsr_x": -0.007380309514701366,
  "gsr_y": 0.0445975661277771,
  "provenance": {
    "md5sum": "416e49109461aa7ff4bc6671c2e5916e",
    "settings": {
      "fd_thres": 0.2,
      "testing": false
    },
    "software": "mriqc",
    "version": "22.0.6",
    "webapi_port": null,
    "webapi_url": "https://mriqc.nimh.nih.gov/api/v1"
  },
  "size_t": 225,
  "size_x": 64,
  "size_y": 64,
  "size_z": 44,
  "snr": 3.3282412769911156,
  "spacing_tr": 2.5,
  "spacing_x": 3.0,
  "spacing_y": 3.0,
  "spacing_z": 3.0,
  "summary_bg_k": 25.446383900593254,
  "summary_bg_mad": 14.654697540188767,
  "summary_bg_mean": 64.13755798339844,
  "summary_bg_median": 34.62666702270508,
  "summary_bg_n": 105017.0,
  "summary_bg_p05": 20.880001068115234,
  "summary_bg_p95": 208.67377929687495,
  "summary_bg_stdv": 79.25,
  "summary_fg_k": 3.067089802687998,
  "summary_fg_mad": 166.5917693861221,
  "summary_fg_mean": 724.1369018554688,
  "summary_fg_median": 684.60888671875,
  "summary_fg_n": 37133.0,
  "summary_fg_p05": 468.19822387695314,
  "summary_fg_p95": 1119.7484863281254,
  "summary_fg_stdv": 205.69412231445312,
  "tsnr": 72.78106564399786
}