{
  "aor": 0.0013226991150442479,
  "aqi": 0.002996332876106194,
  "bids_meta": {
    "BandwidthPerPixelPhaseEncode": 31.25,
    "DerivedVendorReportedEchoSpacing": 0.0005,
    "EchoTime": 0.025,
    "EffectiveEchoSpacing": 0.0005,
    "FlipAngle": 75,
    "ImageType": [
      "ORIGINAL",
      "PRIMARY",
      "M",
      "ND",
      "MOSAIC"
    ],
    "ImagingFrequency": 123.26,
    "MagneticFieldStrength": 3,
    "Manufacturer": "Siemens",
    "ManufacturersModelName": "TrioTim",
    "Modality": "MR",
    "PhaseEncodingDirection": "j-",
    "PixelBandwidth": 3005,
    "RepetitionTime": 2.5,
    "ScanOptions": "FS",
    "ScanningSequence": "EP",
    "SequenceName": "*epfid2d1_64",
    "SequenceVariant": "SK",
    "SliceThickness": 3,
    "SliceTiming": [
      1.245,
      0,
      1.3025,
      0.0575,
      1.3575,
      0.115,
      1.415,
      0.17,
      1.4725,
      0.2275,
      1.5275,
      0.2825,
      1.585,
      0.34,
      1.6425,
      0.3975,
      1.6975,
      0.4525,
      1.755,
      0.51,
      1.81,
      0.5675,
      1.8675,
      0.6225,
      1.925,
      0.68,
      1.98,
      0.735,
      2.0375,
      0.7925,
      2.095,
      0.85,
      2.15,
      0.905,
      2.2075,
      0.9625,
      2.265,
      1.02,
      2.32,
      1.075,
      2.3775,
      1.1325,
      2.4325,
      1.19
    ],
    "SpacingBetweenSlices": 3,
    "TaskName": "change-point helicopter fmri",
    "TotalReadoutTime": 0.0315,
    "dataset": "ds003772",
    "modality": "bold",
    "run_id": 4,
    "subject_id": "fp878",
    "task_id": "changepoint"
  },
  "dummy_trs": 0,
  "dvars_nstd": 24.528163588044418,
  "dvars_std": 1.2734755078222217,
  "dvars_vstd": 1.001930308044444,
  "efc": 0.5742933880211109,
  "fber": 384.7144470214844,
  "fd_mean": 0.19473184628581017,
  "fd_num": 86,
  "fd_perc": 38.05309734513274,
  "fwhm_avg": 2.697324444444444,
  "fwhm_x": 2.55248,
  "fwhm_y": 2.58328,
  "fwhm_z": 2.956213333333333,
  "gcor": 0.0352513,
  "gsr_x": -0.007715543732047081,
  "gsr_y": 0.04636804014444351,
  "provenance": {
    "md5sum": "38335b40296375639df02ad2c8a60983",
    "settings": {
      "fd_thres": 0.2,
      "testing": false
    },
    "software": "mriqc",
    "version": "22.0.6",
    "webapi_port": null,
    "webapi_url": "https://mriqc.nimh.nih.gov/api/v1"
  },
  "size_t": 226,
  "size_x": 64,
  "size_y": 64,
  "size_z": 44,
  "snr": 3.362059816745383,
  "spacing_tr": 2.5,
  "spacing_x": 3.0,
  "spacing_y": 3.0,
  "spacing_z": 3.0,
  "summary_bg_k": 26.20018541796179,
  "summary_bg_mad": 12.16914555201958,
  "summary_bg_mean": 64.10591888427734,
  "summary_bg_median": 34.18141555786133,
  "summary_bg_n": 105105.0,
  "summary_bg_p05": 25.15486717224121,
  "summary_bg_p95": 207.87610168457005,
  "summary_bg_stdv": 78.52035522460938,
  "summary_fg_k": 3.2223606831303346,
  "summary_fg_mad": 165.84150968192105,
  "summary_fg_mean": 723.6778564453125,
  "summary_fg_median": 685.21240234375,
  "summary_fg_n": 36989.0,
  "summary_fg_p05": 468.66815185546875,
  "summary_fg_p95": 1114.5672607421873,
  "summary_fg_stdv": 203.8045654296875,
  "tsnr": 81.47418829915114
}