{
  "aor": 0.0010242857142857143,
  "aqi": 0.0036080751339285714,
  "bids_meta": {
    "BandwidthPerPixelPhaseEncode": 31.25,
    "DerivedVendorReportedEchoSpacing": 0.0005,
    "EchoTime": 0.025,
    "EffectiveEchoSpacing": 0.0005,
    "FlipAngle": 75,
    "ImageType": [
      "ORIGINAL",
      "PRIMARY",
      "M",
      "ND",
      "MOSAIC"
    ],
    "ImagingFrequency": 123.26,
    "MagneticFieldStrength": 3,
    "Manufacturer": "Siemens",
    "ManufacturersModelName": "TrioTim",
    "Modality": "MR",
    "PhaseEncodingDirection": "j-",
    "PixelBandwidth": 3005,
    "RepetitionTime": 2.5,
    "ScanOptions": "FS",
    "ScanningSequence": "EP",
    "SequenceName": "*epfid2d1_64",
    "SequenceVariant": "SK",
    "SliceThickness": 3,
    "SliceTiming": [
      1.245,
      0,
      1.3025,
      0.0575,
      1.3575,
      0.115,
      1.415,
      0.17,
      1.4725,
      0.2275,
      1.5275,
      0.2825,
      1.585,
      0.34,
      1.6425,
      0.3975,
      1.6975,
      0.4525,
      1.755,
      0.51,
      1.81,
      0.5675,
      1.8675,
      0.6225,
      1.925,
      0.68,
      1.98,
      0.735,
      2.0375,
      0.7925,
      2.095,
      0.85,
      2.15,
      0.905,
      2.2075,
      0.9625,
      2.265,
      1.02,
      2.32,
      1.075,
      2.3775,
      1.1325,
      2.4325,
      1.19
    ],
    "SpacingBetweenSlices": 3,
    "TaskName": "change-point helicopter fmri",
    "TotalReadoutTime": 0.0315,
    "dataset": "ds003772",
    "modality": "bold",
    "run_id": 1,
    "subject_id": "fp878",
    "task_id": "changepoint"
  },
  "dummy_trs": 2,
  "dvars_nstd": 25.52400262264574,
  "dvars_std": 1.2091284086098653,
  "dvars_vstd": 0.9667032058744397,
  "efc": 0.5712198771090131,
  "fber": 385.5479431152344,
  "fd_mean": 0.20735009013858124,
  "fd_num": 79,
  "fd_perc": 35.267857142857146,
  "fwhm_avg": 2.7399233333333335,
  "fwhm_x": 2.588623333333333,
  "fwhm_y": 2.615553333333333,
  "fwhm_z": 3.0155933333333333,
  "gcor": 0.0203592,
  "gsr_x": -0.009400312788784504,
  "gsr_y": 0.04378694295883179,
  "provenance": {
    "md5sum": "1bcad00bf08b5cfe35f964d85113e6b1",
    "settings": {
      "fd_thres": 0.2,
      "testing": false
    },
    "software": "mriqc",
    "version": "22.0.6",
    "webapi_port": null,
    "webapi_url": "https://mriqc.nimh.nih.gov/api/v1"
  },
  "size_t": 224,
  "size_x": 64,
  "size_y": 64,
  "size_z": 44,
  "snr": 3.237332394055431,
  "spacing_tr": 2.5,
  "spacing_x": 3.0,
  "spacing_y": 3.0,
  "spacing_z": 3.0,
  "summary_bg_k": 26.555066087279723,
  "summary_bg_mad": 13.144857573406176,
  "summary_bg_mean": 63.28036117553711,
  "summary_bg_median": 34.38393020629883,
  "summary_bg_n": 105071.0,
  "summary_bg_p05": 23.720983505249023,
  "summary_bg_p95": 202.91964721679688,
  "summary_bg_stdv": 77.24632263183594,
  "summary_fg_k": 3.096311885641347,
  "summary_fg_mad": 170.6845804054574,
  "summary_fg_mean": 729.1017456054688,
  "summary_fg_median": 687.6339721679688,
  "summary_fg_n": 37057.0,
  "summary_fg_p05": 467.839306640625,
  "summary_fg_p95": 1144.2812744140615,
  "summary_fg_stdv": 212.40472412109375,
  "tsnr": 75.09682108345442
}