{
  "aor": 0.00216570796460177,
  "aqi": 0.003587599424778761,
  "bids_meta": {
    "BandwidthPerPixelPhaseEncode": 31.25,
    "DerivedVendorReportedEchoSpacing": 0.0005,
    "EchoTime": 0.025,
    "EffectiveEchoSpacing": 0.0005,
    "FlipAngle": 75,
    "ImageType": [
      "ORIGINAL",
      "PRIMARY",
      "M",
      "ND",
      "MOSAIC"
    ],
    "ImagingFrequency": 123.26,
    "MagneticFieldStrength": 3,
    "Manufacturer": "Siemens",
    "ManufacturersModelName": "TrioTim",
    "Modality": "MR",
    "PhaseEncodingDirection": "j-",
    "PixelBandwidth": 3005,
    "RepetitionTime": 2.5,
    "ScanOptions": "FS",
    "ScanningSequence": "EP",
    "SequenceName": "*epfid2d1_64",
    "SequenceVariant": "SK",
    "SliceThickness": 3,
    "SliceTiming": [
      1.245,
      0,
      1.3025,
      0.0575,
      1.3575,
      0.115,
      1.415,
      0.17,
      1.4725,
      0.2275,
      1.5275,
      0.2825,
      1.585,
      0.34,
      1.6425,
      0.3975,
      1.6975,
      0.4525,
      1.755,
      0.51,
      1.81,
      0.5675,
      1.8675,
      0.6225,
      1.925,
      0.68,
      1.98,
      0.735,
      2.0375,
      0.7925,
      2.095,
      0.85,
      2.15,
      0.905,
      2.2075,
      0.9625,
      2.265,
      1.02,
      2.32,
      1.075,
      2.3775,
      1.1325,
      2.4325,
      1.19
    ],
    "SpacingBetweenSlices": 3,
    "TaskName": "change-point helicopter fmri",
    "TotalReadoutTime": 0.0315,
    "dataset": "ds003772",
    "modality": "bold",
    "run_id": 3,
    "subject_id": "kt925",
    "task_id": "changepoint"
  },
  "dummy_trs": 0,
  "dvars_nstd": 17.691230943466664,
  "dvars_std": 1.086932334844445,
  "dvars_vstd": 0.9666056369777782,
  "efc": 0.6243235954869379,
  "fber": 280.7885437011719,
  "fd_mean": 0.08778119650354421,
  "fd_num": 10,
  "fd_perc": 4.424778761061947,
  "fwhm_avg": 2.7332377777777777,
  "fwhm_x": 2.5580966666666667,
  "fwhm_y": 2.6851233333333333,
  "fwhm_z": 2.956493333333333,
  "gcor": 0.0682276,
  "gsr_x": -0.00531012425199151,
  "gsr_y": 0.07028719782829285,
  "provenance": {
    "md5sum": "429cbee442e44e6cb541aac7d22fb5cc",
    "settings": {
      "fd_thres": 0.2,
      "testing": false
    },
    "software": "mriqc",
    "version": "22.0.6",
    "webapi_port": null,
    "webapi_url": "https://mriqc.nimh.nih.gov/api/v1"
  },
  "size_t": 226,
  "size_x": 64,
  "size_y": 64,
  "size_z": 44,
  "snr": 3.0030237250736413,
  "spacing_tr": 2.5,
  "spacing_x": 3.0,
  "spacing_y": 3.0,
  "spacing_z": 3.0,
  "summary_bg_k": 12.962037089448069,
  "summary_bg_mad": 17.837147904694923,
  "summary_bg_mean": 83.2802963256836,
  "summary_bg_median": 40.628318786621094,
  "summary_bg_n": 92749.0,
  "summary_bg_p05": 27.216814041137695,
  "summary_bg_p95": 292.8406982421875,
  "summary_bg_stdv": 100.16162872314453,
  "summary_fg_k": 1.489947019040927,
  "summary_fg_mad": 213.04869002541372,
  "summary_fg_mean": 745.3375244140625,
  "summary_fg_median": 704.2743530273438,
  "summary_fg_n": 45517.0,
  "summary_fg_p05": 442.3911437988281,
  "summary_fg_p95": 1189.0008789062497,
  "summary_fg_stdv": 234.5191650390625,
  "tsnr": 63.50737438676879
}