{
  "aor": 0.0021789823008849557,
  "aqi": 0.0037138062831858403,
  "bids_meta": {
    "BandwidthPerPixelPhaseEncode": 31.25,
    "DerivedVendorReportedEchoSpacing": 0.0005,
    "EchoTime": 0.025,
    "EffectiveEchoSpacing": 0.0005,
    "FlipAngle": 75,
    "ImageType": [
      "ORIGINAL",
      "PRIMARY",
      "M",
      "ND",
      "MOSAIC"
    ],
    "ImagingFrequency": 123.26,
    "MagneticFieldStrength": 3,
    "Manufacturer": "Siemens",
    "ManufacturersModelName": "TrioTim",
    "Modality": "MR",
    "PhaseEncodingDirection": "j-",
    "PixelBandwidth": 3005,
    "RepetitionTime": 2.5,
    "ScanOptions": "FS",
    "ScanningSequence": "EP",
    "SequenceName": "*epfid2d1_64",
    "SequenceVariant": "SK",
    "SliceThickness": 3,
    "SliceTiming": [
      1.245,
      0,
      1.3025,
      0.0575,
      1.3575,
      0.115,
      1.415,
      0.17,
      1.4725,
      0.2275,
      1.5275,
      0.2825,
      1.585,
      0.34,
      1.6425,
      0.3975,
      1.6975,
      0.4525,
      1.755,
      0.51,
      1.81,
      0.5675,
      1.8675,
      0.6225,
      1.925,
      0.68,
      1.98,
      0.735,
      2.0375,
      0.7925,
      2.095,
      0.85,
      2.15,
      0.905,
      2.2075,
      0.9625,
      2.265,
      1.02,
      2.32,
      1.075,
      2.3775,
      1.1325,
      2.4325,
      1.19
    ],
    "SpacingBetweenSlices": 3,
    "TaskName": "change-point helicopter fmri",
    "TotalReadoutTime": 0.0315,
    "dataset": "ds003772",
    "modality": "bold",
    "run_id": 2,
    "subject_id": "kt925",
    "task_id": "changepoint"
  },
  "dummy_trs": 0,
  "dvars_nstd": 17.91121971120001,
  "dvars_std": 1.0939106351999992,
  "dvars_vstd": 0.9740944582666672,
  "efc": 0.624244426848768,
  "fber": 282.6641540527344,
  "fd_mean": 0.09950729441729102,
  "fd_num": 18,
  "fd_perc": 7.964601769911504,
  "fwhm_avg": 2.6899199999999994,
  "fwhm_x": 2.5063133333333334,
  "fwhm_y": 2.6524966666666665,
  "fwhm_z": 2.9109499999999997,
  "gcor": 0.0411931,
  "gsr_x": -0.004562347661703825,
  "gsr_y": 0.0704309344291687,
  "provenance": {
    "md5sum": "c4e84c9f0479c7be57378ecb5e979cd5",
    "settings": {
      "fd_thres": 0.2,
      "testing": false
    },
    "software": "mriqc",
    "version": "22.0.6",
    "webapi_port": null,
    "webapi_url": "https://mriqc.nimh.nih.gov/api/v1"
  },
  "size_t": 226,
  "size_x": 64,
  "size_y": 64,
  "size_z": 44,
  "snr": 3.0860751570589917,
  "spacing_tr": 2.5,
  "spacing_x": 3.0,
  "spacing_y": 3.0,
  "spacing_z": 3.0,
  "summary_bg_k": 12.074287646167853,
  "summary_bg_mad": 18.053633143414284,
  "summary_bg_mean": 82.34110260009766,
  "summary_bg_median": 40.29203414916992,
  "summary_bg_n": 93017.0,
  "summary_bg_p05": 26.42477798461914,
  "summary_bg_p95": 290.0946960449219,
  "summary_bg_stdv": 99.06661224365234,
  "summary_fg_k": 1.2610668692822085,
  "summary_fg_mad": 207.65290114082802,
  "summary_fg_mean": 740.2837524414062,
  "summary_fg_median": 700.85400390625,
  "summary_fg_n": 45336.0,
  "summary_fg_p05": 444.3362731933594,
  "summary_fg_p95": 1168.0641174316406,
  "summary_fg_stdv": 227.09954833984375,
  "tsnr": 63.1855454063043
}