{
  "bids_meta": {
    "EchoTime": 0.00311,
    "FlipAngle": 15,
    "ImageType": [
      "ORIGINAL",
      "PRIMARY",
      "M",
      "ND",
      "NORM"
    ],
    "ImagingFrequency": 123.26,
    "InversionTime": 1.1,
    "MagneticFieldStrength": 3,
    "Manufacturer": "Siemens",
    "ManufacturersModelName": "TrioTim",
    "Modality": "MR",
    "RepetitionTime": 1.63,
    "ScanningSequence": "GR\\IR",
    "SequenceVariant": "SP\\MP",
    "SliceThickness": 1,
    "dataset": "ds003772",
    "modality": "T1w",
    "subject_id": "kt925"
  },
  "cjv": 0.3842782896716203,
  "cnr": 3.527075649640152,
  "efc": 0.6100722052996488,
  "fber": -1.0,
  "fwhm_avg": 3.75929,
  "fwhm_x": 3.513546666666667,
  "fwhm_y": 4.248853333333333,
  "fwhm_z": 3.51547,
  "icvs_csf": 0.14677844445597385,
  "icvs_gm": 0.43959864411953303,
  "icvs_wm": 0.4136229114244931,
  "inu_med": 0.2582778036594391,
  "inu_range": 0.049578472971916226,
  "provenance": {
    "md5sum": "0945a7de9c9949e2f23cbc88f4ac635a",
    "settings": {
      "testing": false
    },
    "software": "mriqc",
    "version": "22.0.6",
    "warnings": {
      "large_rot_frame": true,
      "small_air_mask": false
    },
    "webapi_port": null,
    "webapi_url": "https://mriqc.nimh.nih.gov/api/v1"
  },
  "qi_1": 0.0006291309565907336,
  "qi_2": 0.006446371533682966,
  "rpve_csf": 18.82117390443155,
  "rpve_gm": 6.927114758326862,
  "rpve_wm": 8.307228321785479,
  "size_x": 192,
  "size_y": 256,
  "size_z": 160,
  "snr_csf": 1.9940312082883678,
  "snr_gm": 16.05753688005234,
  "snr_total": 14.293536265665395,
  "snr_wm": 24.829040708655473,
  "snrd_csf": 28.431919210144983,
  "snrd_gm": 69.75966009791041,
  "snrd_total": 62.67517093222505,
  "snrd_wm": 89.83393348861975,
  "spacing_x": 0.9375,
  "spacing_y": 0.9375,
  "spacing_z": 1.0,
  "summary_bg_k": 17.77305025102433,
  "summary_bg_mad": 0.0,
  "summary_bg_mean": 3.4283676207899085,
  "summary_bg_median": 0.0,
  "summary_bg_n": 2374160.0,
  "summary_bg_p05": 0.0,
  "summary_bg_p95": 18.037656784057617,
  "summary_bg_stdv": 7.293099376135217,
  "summary_csf_k": 1.9538453252553065,
  "summary_csf_mad": 162.3027911535419,
  "summary_csf_mean": 302.9936078935847,
  "summary_csf_median": 316.5093746185303,
  "summary_csf_n": 30011.0,
  "summary_csf_p05": 62.61677932739258,
  "summary_csf_p95": 549.8850336074829,
  "summary_csf_stdv": 158.72575114987973,
  "summary_gm_k": 0.11088686191165653,
  "summary_gm_mad": 48.442233508409444,
  "summary_gm_mean": 777.8941450778807,
  "summary_gm_median": 776.5774173736572,
  "summary_gm_n": 60809.0,
  "summary_gm_p05": 701.0588027954102,
  "summary_gm_p95": 858.3481281280517,
  "summary_gm_stdv": 48.361777884494145,
  "summary_wm_k": 0.7647183088486322,
  "summary_wm_mad": 37.43263498377093,
  "summary_wm_mean": 1004.5528880956881,
  "summary_wm_median": 1000.0479354858398,
  "summary_wm_n": 292188.0,
  "summary_wm_p05": 946.7254600524902,
  "summary_wm_p95": 1077.6122550964355,
  "summary_wm_stdv": 40.2772799766972,
  "tpm_overlap_csf": 0.13793563505334497,
  "tpm_overlap_gm": 0.4460324262539094,
  "tpm_overlap_wm": 0.4948526497076729,
  "wm2max": 0.7464997764863657
}