{
  "aor": 0.0020372444444444445,
  "aqi": 0.004230060666666666,
  "bids_meta": {
    "BandwidthPerPixelPhaseEncode": 31.25,
    "DerivedVendorReportedEchoSpacing": 0.0005,
    "EchoTime": 0.025,
    "EffectiveEchoSpacing": 0.0005,
    "FlipAngle": 75,
    "ImageType": [
      "ORIGINAL",
      "PRIMARY",
      "M",
      "ND",
      "MOSAIC"
    ],
    "ImagingFrequency": 123.26,
    "MagneticFieldStrength": 3,
    "Manufacturer": "Siemens",
    "ManufacturersModelName": "TrioTim",
    "Modality": "MR",
    "PhaseEncodingDirection": "j-",
    "PixelBandwidth": 3005,
    "RepetitionTime": 2.5,
    "ScanOptions": "FS",
    "ScanningSequence": "EP",
    "SequenceName": "*epfid2d1_64",
    "SequenceVariant": "SK",
    "SliceThickness": 3,
    "SliceTiming": [
      1.245,
      0,
      1.3025,
      0.0575,
      1.3575,
      0.115,
      1.415,
      0.17,
      1.4725,
      0.2275,
      1.5275,
      0.2825,
      1.585,
      0.34,
      1.6425,
      0.3975,
      1.6975,
      0.4525,
      1.755,
      0.51,
      1.81,
      0.5675,
      1.8675,
      0.6225,
      1.925,
      0.68,
      1.98,
      0.735,
      2.0375,
      0.7925,
      2.095,
      0.85,
      2.15,
      0.905,
      2.2075,
      0.9625,
      2.265,
      1.02,
      2.32,
      1.075,
      2.3775,
      1.1325,
      2.4325,
      1.19
    ],
    "SpacingBetweenSlices": 3,
    "TaskName": "change-point helicopter fmri",
    "TotalReadoutTime": 0.0315,
    "dataset": "ds003772",
    "modality": "bold",
    "run_id": 2,
    "subject_id": "tc923",
    "task_id": "changepoint"
  },
  "dummy_trs": 1,
  "dvars_nstd": 21.354870008660715,
  "dvars_std": 1.1346888629464276,
  "dvars_vstd": 0.9669382256696435,
  "efc": 0.5700299715269153,
  "fber": 410.5955505371094,
  "fd_mean": 0.1279413443115926,
  "fd_num": 27,
  "fd_perc": 12.0,
  "fwhm_avg": 2.4416255555555555,
  "fwhm_x": 2.32316,
  "fwhm_y": 2.45939,
  "fwhm_z": 2.5423266666666664,
  "gcor": 0.0276715,
  "gsr_x": -0.007142587564885616,
  "gsr_y": 0.049857571721076965,
  "provenance": {
    "md5sum": "5a691721fbb10f93de41c71903849c0e",
    "settings": {
      "fd_thres": 0.2,
      "testing": false
    },
    "software": "mriqc",
    "version": "22.0.6",
    "webapi_port": null,
    "webapi_url": "https://mriqc.nimh.nih.gov/api/v1"
  },
  "size_t": 225,
  "size_x": 64,
  "size_y": 64,
  "size_z": 44,
  "snr": 3.7851790982012328,
  "spacing_tr": 2.5,
  "spacing_x": 3.0,
  "spacing_y": 3.0,
  "spacing_z": 3.0,
  "summary_bg_k": 22.655042907744043,
  "summary_bg_mad": 6.813381905090913,
  "summary_bg_mean": 59.44017028808594,
  "summary_bg_median": 28.955556869506836,
  "summary_bg_n": 109261.0,
  "summary_bg_p05": 23.68000030517578,
  "summary_bg_p95": 213.2666778564453,
  "summary_bg_stdv": 81.87042999267578,
  "summary_fg_k": 1.2512348135246976,
  "summary_fg_mad": 142.76466679495994,
  "summary_fg_mean": 624.2428588867188,
  "summary_fg_median": 600.1199951171875,
  "summary_fg_n": 33537.0,
  "summary_fg_p05": 408.7786804199219,
  "summary_fg_p95": 922.7057983398432,
  "summary_fg_stdv": 158.5423126220703,
  "tsnr": 69.72769389115274
}