{
  "aor": 0.003338230088495575,
  "aqi": 0.00433375110619469,
  "bids_meta": {
    "BandwidthPerPixelPhaseEncode": 31.25,
    "DerivedVendorReportedEchoSpacing": 0.0005,
    "EchoTime": 0.025,
    "EffectiveEchoSpacing": 0.0005,
    "FlipAngle": 75,
    "ImageType": [
      "ORIGINAL",
      "PRIMARY",
      "M",
      "ND",
      "MOSAIC"
    ],
    "ImagingFrequency": 123.26,
    "MagneticFieldStrength": 3,
    "Manufacturer": "Siemens",
    "ManufacturersModelName": "TrioTim",
    "Modality": "MR",
    "PhaseEncodingDirection": "j-",
    "PixelBandwidth": 3005,
    "RepetitionTime": 2.5,
    "ScanOptions": "FS",
    "ScanningSequence": "EP",
    "SequenceName": "*epfid2d1_64",
    "SequenceVariant": "SK",
    "SliceThickness": 3,
    "SliceTiming": [
      1.245,
      0,
      1.3025,
      0.0575,
      1.3575,
      0.115,
      1.415,
      0.17,
      1.4725,
      0.2275,
      1.5275,
      0.2825,
      1.585,
      0.34,
      1.6425,
      0.3975,
      1.6975,
      0.4525,
      1.755,
      0.51,
      1.81,
      0.5675,
      1.8675,
      0.6225,
      1.925,
      0.68,
      1.98,
      0.735,
      2.0375,
      0.7925,
      2.095,
      0.85,
      2.15,
      0.905,
      2.2075,
      0.9625,
      2.265,
      1.02,
      2.32,
      1.075,
      2.3775,
      1.1325,
      2.4325,
      1.19
    ],
    "SpacingBetweenSlices": 3,
    "TaskName": "change-point helicopter fmri",
    "TotalReadoutTime": 0.0315,
    "dataset": "ds003772",
    "modality": "bold",
    "run_id": 4,
    "subject_id": "tc923",
    "task_id": "changepoint"
  },
  "dummy_trs": 0,
  "dvars_nstd": 23.317883610355555,
  "dvars_std": 1.1870620910666667,
  "dvars_vstd": 1.0110015109777775,
  "efc": 0.5722085346823177,
  "fber": 396.57403564453125,
  "fd_mean": 0.16526779487304524,
  "fd_num": 48,
  "fd_perc": 21.238938053097346,
  "fwhm_avg": 2.41482,
  "fwhm_x": 2.2837133333333335,
  "fwhm_y": 2.44102,
  "fwhm_z": 2.5197266666666667,
  "gcor": 0.0407562,
  "gsr_x": -0.009664538316428661,
  "gsr_y": 0.0557919442653656,
  "provenance": {
    "md5sum": "cae21c1a86d6f1ea8cd2bf5d6b72300c",
    "settings": {
      "fd_thres": 0.2,
      "testing": false
    },
    "software": "mriqc",
    "version": "22.0.6",
    "webapi_port": null,
    "webapi_url": "https://mriqc.nimh.nih.gov/api/v1"
  },
  "size_t": 226,
  "size_x": 64,
  "size_y": 64,
  "size_z": 44,
  "snr": 3.776926143628303,
  "spacing_tr": 2.5,
  "spacing_x": 3.0,
  "spacing_y": 3.0,
  "spacing_z": 3.0,
  "summary_bg_k": 28.104631677542123,
  "summary_bg_mad": 7.144043983971374,
  "summary_bg_mean": 56.821861267089844,
  "summary_bg_median": 29.252212524414062,
  "summary_bg_n": 107419.0,
  "summary_bg_p05": 23.584070205688477,
  "summary_bg_p95": 195.81726074218722,
  "summary_bg_stdv": 74.72589874267578,
  "summary_fg_k": 1.2729869573632682,
  "summary_fg_mad": 143.54343111945087,
  "summary_fg_mean": 625.6133422851562,
  "summary_fg_median": 601.822998046875,
  "summary_fg_n": 33497.0,
  "summary_fg_p05": 411.0929260253906,
  "summary_fg_p95": 922.9840698242188,
  "summary_fg_stdv": 159.33963012695312,
  "tsnr": 68.05877610458992
}