{
  "aor": 0.0032669469026548673,
  "aqi": 0.005864429026548672,
  "bids_meta": {
    "BandwidthPerPixelPhaseEncode": 31.25,
    "DerivedVendorReportedEchoSpacing": 0.0005,
    "EchoTime": 0.025,
    "EffectiveEchoSpacing": 0.0005,
    "FlipAngle": 75,
    "ImageType": [
      "ORIGINAL",
      "PRIMARY",
      "M",
      "ND",
      "MOSAIC"
    ],
    "ImagingFrequency": 123.26,
    "MagneticFieldStrength": 3,
    "Manufacturer": "Siemens",
    "ManufacturersModelName": "TrioTim",
    "Modality": "MR",
    "PhaseEncodingDirection": "j-",
    "PixelBandwidth": 3005,
    "RepetitionTime": 2.5,
    "ScanOptions": "FS",
    "ScanningSequence": "EP",
    "SequenceName": "*epfid2d1_64",
    "SequenceVariant": "SK",
    "SliceThickness": 3,
    "SliceTiming": [
      1.245,
      0,
      1.3025,
      0.0575,
      1.3575,
      0.115,
      1.415,
      0.17,
      1.4725,
      0.2275,
      1.5275,
      0.2825,
      1.585,
      0.34,
      1.6425,
      0.3975,
      1.6975,
      0.4525,
      1.755,
      0.51,
      1.81,
      0.5675,
      1.8675,
      0.6225,
      1.925,
      0.68,
      1.98,
      0.735,
      2.0375,
      0.7925,
      2.095,
      0.85,
      2.15,
      0.905,
      2.2075,
      0.9625,
      2.265,
      1.02,
      2.32,
      1.075,
      2.3775,
      1.1325,
      2.4325,
      1.19
    ],
    "SpacingBetweenSlices": 3,
    "TaskName": "change-point helicopter fmri",
    "TotalReadoutTime": 0.0315,
    "dataset": "ds003772",
    "modality": "bold",
    "run_id": 3,
    "subject_id": "tc923",
    "task_id": "changepoint"
  },
  "dummy_trs": 0,
  "dvars_nstd": 23.14829027791112,
  "dvars_std": 1.1576201848444443,
  "dvars_vstd": 0.9882989203555554,
  "efc": 0.5707375946907739,
  "fber": 404.4729919433594,
  "fd_mean": 0.1665028070552491,
  "fd_num": 47,
  "fd_perc": 20.79646017699115,
  "fwhm_avg": 2.4584733333333335,
  "fwhm_x": 2.3284066666666665,
  "fwhm_y": 2.4805533333333334,
  "fwhm_z": 2.5664599999999997,
  "gcor": 0.040383,
  "gsr_x": -0.0024448069743812084,
  "gsr_y": 0.052376192063093185,
  "provenance": {
    "md5sum": "87d2b1efe8ac7555364a75b242bb5bd8",
    "settings": {
      "fd_thres": 0.2,
      "testing": false
    },
    "software": "mriqc",
    "version": "22.0.6",
    "webapi_port": null,
    "webapi_url": "https://mriqc.nimh.nih.gov/api/v1"
  },
  "size_t": 226,
  "size_x": 64,
  "size_y": 64,
  "size_z": 44,
  "snr": 3.7812546317362226,
  "spacing_tr": 2.5,
  "spacing_x": 3.0,
  "spacing_y": 3.0,
  "spacing_z": 3.0,
  "summary_bg_k": 24.273039562513738,
  "summary_bg_mad": 7.111241047923505,
  "summary_bg_mean": 58.73408508300781,
  "summary_bg_median": 29.05752182006836,
  "summary_bg_n": 108724.0,
  "summary_bg_p05": 23.288274765014652,
  "summary_bg_p95": 207.53141784667946,
  "summary_bg_stdv": 80.41297912597656,
  "summary_fg_k": 1.2498254007539655,
  "summary_fg_mad": 142.46102472072926,
  "summary_fg_mean": 623.412109375,
  "summary_fg_median": 599.4203491210938,
  "summary_fg_n": 33581.0,
  "summary_fg_p05": 407.9336242675781,
  "summary_fg_p95": 920.6150512695312,
  "summary_fg_stdv": 158.52183532714844,
  "tsnr": 59.80098731559701
}