{
  "aor": 0.0014869026548672566,
  "aqi": 0.0018542892035398229,
  "bids_meta": {
    "BandwidthPerPixelPhaseEncode": 31.25,
    "DerivedVendorReportedEchoSpacing": 0.0005,
    "EchoTime": 0.025,
    "EffectiveEchoSpacing": 0.0005,
    "FlipAngle": 75,
    "ImageType": [
      "ORIGINAL",
      "PRIMARY",
      "M",
      "ND",
      "MOSAIC"
    ],
    "ImagingFrequency": 123.26,
    "MagneticFieldStrength": 3,
    "Manufacturer": "Siemens",
    "ManufacturersModelName": "TrioTim",
    "Modality": "MR",
    "PhaseEncodingDirection": "j-",
    "PixelBandwidth": 3005,
    "RepetitionTime": 2.5,
    "ScanOptions": "FS",
    "ScanningSequence": "EP",
    "SequenceName": "*epfid2d1_64",
    "SequenceVariant": "SK",
    "SliceThickness": 3,
    "SliceTiming": [
      1.245,
      0,
      1.3025,
      0.0575,
      1.3575,
      0.115,
      1.415,
      0.17,
      1.4725,
      0.2275,
      1.5275,
      0.2825,
      1.585,
      0.34,
      1.6425,
      0.3975,
      1.6975,
      0.4525,
      1.755,
      0.51,
      1.81,
      0.5675,
      1.8675,
      0.6225,
      1.925,
      0.68,
      1.98,
      0.735,
      2.0375,
      0.7925,
      2.095,
      0.85,
      2.15,
      0.905,
      2.2075,
      0.9625,
      2.265,
      1.02,
      2.32,
      1.075,
      2.3775,
      1.1325,
      2.4325,
      1.19
    ],
    "SpacingBetweenSlices": 3,
    "TaskName": "change-point helicopter fmri",
    "TotalReadoutTime": 0.0315,
    "dataset": "ds003772",
    "modality": "bold",
    "run_id": 1,
    "subject_id": "kz838",
    "task_id": "changepoint"
  },
  "dummy_trs": 0,
  "dvars_nstd": 18.402087643866665,
  "dvars_std": 1.177877397288889,
  "dvars_vstd": 1.0165671566222225,
  "efc": 0.5912934987426609,
  "fber": 385.3408203125,
  "fd_mean": 0.0605403337079404,
  "fd_num": 2,
  "fd_perc": 0.8849557522123894,
  "fwhm_avg": 2.5008166666666667,
  "fwhm_x": 2.3450366666666667,
  "fwhm_y": 2.4600500000000003,
  "fwhm_z": 2.6973633333333336,
  "gcor": 0.0317593,
  "gsr_x": -0.013633213005959988,
  "gsr_y": 0.051045432686805725,
  "provenance": {
    "md5sum": "2c43d15880c44ee0323f093567e1bdda",
    "settings": {
      "fd_thres": 0.2,
      "testing": false
    },
    "software": "mriqc",
    "version": "22.0.6",
    "webapi_port": null,
    "webapi_url": "https://mriqc.nimh.nih.gov/api/v1"
  },
  "size_t": 226,
  "size_x": 64,
  "size_y": 64,
  "size_z": 44,
  "snr": 3.430757735569989,
  "spacing_tr": 2.5,
  "spacing_x": 3.0,
  "spacing_y": 3.0,
  "spacing_z": 3.0,
  "summary_bg_k": 31.515695427299242,
  "summary_bg_mad": 9.164580419590248,
  "summary_bg_mean": 59.48007583618164,
  "summary_bg_median": 32.30973434448242,
  "summary_bg_n": 100004.0,
  "summary_bg_p05": 25.5,
  "summary_bg_p95": 191.57124328613259,
  "summary_bg_stdv": 73.91841888427734,
  "summary_fg_k": 1.6918453687258568,
  "summary_fg_mad": 173.56617128961835,
  "summary_fg_mean": 684.02978515625,
  "summary_fg_median": 652.5419921875,
  "summary_fg_n": 41014.0,
  "summary_fg_p05": 433.72809143066405,
  "summary_fg_p95": 1033.5783142089845,
  "summary_fg_stdv": 190.20114135742188,
  "tsnr": 91.4206584552303
}