{
  "bids_meta": {
    "EchoTime": 0.00311,
    "FlipAngle": 15,
    "ImageType": [
      "ORIGINAL",
      "PRIMARY",
      "M",
      "ND",
      "NORM"
    ],
    "ImagingFrequency": 123.26,
    "InversionTime": 1.1,
    "MagneticFieldStrength": 3,
    "Manufacturer": "Siemens",
    "ManufacturersModelName": "TrioTim",
    "Modality": "MR",
    "RepetitionTime": 1.63,
    "ScanningSequence": "GR\\IR",
    "SequenceVariant": "SP\\MP",
    "SliceThickness": 1,
    "dataset": "ds003772",
    "modality": "T1w",
    "subject_id": "cs928"
  },
  "cjv": 0.4539494179192588,
  "cnr": 3.054830631136178,
  "efc": 0.5936257745938747,
  "fber": 35429.910409820826,
  "fwhm_avg": 3.614411333333333,
  "fwhm_x": 3.3192,
  "fwhm_y": 4.150144,
  "fwhm_z": 3.37389,
  "icvs_csf": 0.14991157342124942,
  "icvs_gm": 0.41938219334407983,
  "icvs_wm": 0.4307062332346708,
  "inu_med": 0.32943402230739594,
  "inu_range": 0.07909559309482572,
  "provenance": {
    "md5sum": "b3e8d02f527a9d575af58937a752a2d6",
    "settings": {
      "testing": false
    },
    "software": "mriqc",
    "version": "22.0.6",
    "warnings": {
      "large_rot_frame": true,
      "small_air_mask": false
    },
    "webapi_port": null,
    "webapi_url": "https://mriqc.nimh.nih.gov/api/v1"
  },
  "qi_1": 3.3382803468759417e-06,
  "qi_2": 0.011392089158359299,
  "rpve_csf": 23.217218403244413,
  "rpve_gm": 8.364102692423181,
  "rpve_wm": 9.124677904166912,
  "size_x": 192,
  "size_y": 256,
  "size_z": 160,
  "snr_csf": 2.4267206793020906,
  "snr_gm": 16.334404164087754,
  "snr_total": 12.202485608051552,
  "snr_wm": 17.846331980764806,
  "snrd_csf": 22.469872401758135,
  "snrd_gm": 48.75224077064902,
  "snrd_total": 44.746446733985266,
  "snrd_wm": 63.01722702954864,
  "spacing_x": 0.9375,
  "spacing_y": 0.9375,
  "spacing_z": 1.0,
  "summary_bg_k": 15.736112535815366,
  "summary_bg_mad": 0.0,
  "summary_bg_mean": 5.746161756155119,
  "summary_bg_median": 0.0,
  "summary_bg_n": 1901568.0,
  "summary_bg_p05": 0.0,
  "summary_bg_p95": 25.81255791708827,
  "summary_bg_stdv": 10.396487284158074,
  "summary_csf_k": 8.46531173468104,
  "summary_csf_mad": 121.77620092125483,
  "summary_csf_mean": 361.1561231367842,
  "summary_csf_median": 356.5787868015468,
  "summary_csf_n": 21031.0,
  "summary_csf_p05": 119.69717122614384,
  "summary_csf_p95": 582.9689518455416,
  "summary_csf_stdv": 146.93504377543155,
  "summary_gm_k": 0.11719621034953986,
  "summary_gm_mad": 46.542989783967876,
  "summary_gm_mean": 773.1155063996122,
  "summary_gm_median": 773.6588155478239,
  "summary_gm_n": 35330.0,
  "summary_gm_p05": 693.5778836533427,
  "summary_gm_p95": 849.6459606019779,
  "summary_gm_stdv": 47.36309072945716,
  "summary_wm_k": 0.042176055743791796,
  "summary_wm_mad": 56.21928703635205,
  "summary_wm_mean": 1006.8297565500534,
  "summary_wm_median": 1000.0326641835272,
  "summary_wm_n": 193156.0,
  "summary_wm_p05": 926.347764339298,
  "summary_wm_p95": 1108.210451155901,
  "summary_wm_stdv": 56.03560869495358,
  "tpm_overlap_csf": 0.1390636768233641,
  "tpm_overlap_gm": 0.4628107051144476,
  "tpm_overlap_wm": 0.48869343828689193,
  "wm2max": 0.5680381582992411
}