{
  "aor": 0.003282888888888889,
  "aqi": 0.003315131333333334,
  "bids_meta": {
    "BandwidthPerPixelPhaseEncode": 31.25,
    "DerivedVendorReportedEchoSpacing": 0.0005,
    "EchoTime": 0.025,
    "EffectiveEchoSpacing": 0.0005,
    "FlipAngle": 75,
    "ImageType": [
      "ORIGINAL",
      "PRIMARY",
      "M",
      "ND",
      "MOSAIC"
    ],
    "ImagingFrequency": 123.26,
    "MagneticFieldStrength": 3,
    "Manufacturer": "Siemens",
    "ManufacturersModelName": "TrioTim",
    "Modality": "MR",
    "PhaseEncodingDirection": "j-",
    "PixelBandwidth": 3005,
    "RepetitionTime": 2.5,
    "ScanOptions": "FS",
    "ScanningSequence": "EP",
    "SequenceName": "*epfid2d1_64",
    "SequenceVariant": "SK",
    "SliceThickness": 3,
    "SliceTiming": [
      1.245,
      0,
      1.3025,
      0.0575,
      1.3575,
      0.115,
      1.415,
      0.17,
      1.4725,
      0.2275,
      1.5275,
      0.2825,
      1.585,
      0.34,
      1.6425,
      0.3975,
      1.6975,
      0.4525,
      1.755,
      0.51,
      1.81,
      0.5675,
      1.8675,
      0.6225,
      1.925,
      0.68,
      1.98,
      0.735,
      2.0375,
      0.7925,
      2.095,
      0.85,
      2.15,
      0.905,
      2.2075,
      0.9625,
      2.265,
      1.02,
      2.32,
      1.075,
      2.3775,
      1.1325,
      2.4325,
      1.19
    ],
    "SpacingBetweenSlices": 3,
    "TaskName": "change-point helicopter fmri",
    "TotalReadoutTime": 0.0315,
    "dataset": "ds003772",
    "modality": "bold",
    "run_id": 2,
    "subject_id": "lb2136",
    "task_id": "changepoint"
  },
  "dummy_trs": 1,
  "dvars_nstd": 21.945069934687506,
  "dvars_std": 1.2676887568303574,
  "dvars_vstd": 1.015693317678571,
  "efc": 0.5691739428066313,
  "fber": 424.56683349609375,
  "fd_mean": 0.10704158488345115,
  "fd_num": 25,
  "fd_perc": 11.11111111111111,
  "fwhm_avg": 2.322811111111111,
  "fwhm_x": 2.20424,
  "fwhm_y": 2.2454533333333333,
  "fwhm_z": 2.5187399999999998,
  "gcor": 0.0721326,
  "gsr_x": -0.02688160538673401,
  "gsr_y": 0.03833555430173874,
  "provenance": {
    "md5sum": "22ff5b02f0541af07ade81e703697ec8",
    "settings": {
      "fd_thres": 0.2,
      "testing": false
    },
    "software": "mriqc",
    "version": "22.0.6",
    "webapi_port": null,
    "webapi_url": "https://mriqc.nimh.nih.gov/api/v1"
  },
  "size_t": 225,
  "size_x": 64,
  "size_y": 64,
  "size_z": 44,
  "snr": 3.8397654872590685,
  "spacing_tr": 2.5,
  "spacing_x": 3.0,
  "spacing_y": 3.0,
  "spacing_z": 3.0,
  "summary_bg_k": 30.13838387436074,
  "summary_bg_mad": 9.106471149517175,
  "summary_bg_mean": 58.81657791137695,
  "summary_bg_median": 31.528888702392578,
  "summary_bg_n": 108471.0,
  "summary_bg_p05": 24.608888626098633,
  "summary_bg_p95": 192.54889678955078,
  "summary_bg_stdv": 70.53719329833984,
  "summary_fg_k": 2.0611362658043264,
  "summary_fg_mad": 156.09492034166217,
  "summary_fg_mean": 688.010986328125,
  "summary_fg_median": 662.2666625976562,
  "summary_fg_n": 35173.0,
  "summary_fg_p05": 454.91734008789064,
  "summary_fg_p95": 999.7378295898437,
  "summary_fg_stdv": 172.47335815429688,
  "tsnr": 78.69401696138084
}