{
  "aor": 0.0016400442477876105,
  "aqi": 0.0024260026991150445,
  "bids_meta": {
    "BandwidthPerPixelPhaseEncode": 31.25,
    "DerivedVendorReportedEchoSpacing": 0.0005,
    "EchoTime": 0.025,
    "EffectiveEchoSpacing": 0.0005,
    "FlipAngle": 75,
    "ImageType": [
      "ORIGINAL",
      "PRIMARY",
      "M",
      "ND",
      "MOSAIC"
    ],
    "ImagingFrequency": 123.26,
    "MagneticFieldStrength": 3,
    "Manufacturer": "Siemens",
    "ManufacturersModelName": "TrioTim",
    "Modality": "MR",
    "PhaseEncodingDirection": "j-",
    "PixelBandwidth": 3005,
    "RepetitionTime": 2.5,
    "ScanOptions": "FS",
    "ScanningSequence": "EP",
    "SequenceName": "*epfid2d1_64",
    "SequenceVariant": "SK",
    "SliceThickness": 3,
    "SliceTiming": [
      1.245,
      0,
      1.3025,
      0.0575,
      1.3575,
      0.115,
      1.415,
      0.17,
      1.4725,
      0.2275,
      1.5275,
      0.2825,
      1.585,
      0.34,
      1.6425,
      0.3975,
      1.6975,
      0.4525,
      1.755,
      0.51,
      1.81,
      0.5675,
      1.8675,
      0.6225,
      1.925,
      0.68,
      1.98,
      0.735,
      2.0375,
      0.7925,
      2.095,
      0.85,
      2.15,
      0.905,
      2.2075,
      0.9625,
      2.265,
      1.02,
      2.32,
      1.075,
      2.3775,
      1.1325,
      2.4325,
      1.19
    ],
    "SpacingBetweenSlices": 3,
    "TaskName": "change-point helicopter fmri",
    "TotalReadoutTime": 0.0315,
    "dataset": "ds003772",
    "modality": "bold",
    "run_id": 4,
    "subject_id": "lb2136",
    "task_id": "changepoint"
  },
  "dummy_trs": 0,
  "dvars_nstd": 19.686594153555546,
  "dvars_std": 1.2045138013333325,
  "dvars_vstd": 1.0080374813333344,
  "efc": 0.5705671872859255,
  "fber": 426.3023986816406,
  "fd_mean": 0.10294006235842748,
  "fd_num": 33,
  "fd_perc": 14.601769911504425,
  "fwhm_avg": 2.296778888888889,
  "fwhm_x": 2.172216666666667,
  "fwhm_y": 2.2300166666666668,
  "fwhm_z": 2.4881033333333336,
  "gcor": 0.0299443,
  "gsr_x": -0.02536441758275032,
  "gsr_y": 0.04054924473166466,
  "provenance": {
    "md5sum": "969aeb34bf443a5cabe1c2a748738c8a",
    "settings": {
      "fd_thres": 0.2,
      "testing": false
    },
    "software": "mriqc",
    "version": "22.0.6",
    "webapi_port": null,
    "webapi_url": "https://mriqc.nimh.nih.gov/api/v1"
  },
  "size_t": 226,
  "size_x": 64,
  "size_y": 64,
  "size_z": 44,
  "snr": 3.9424466412419314,
  "spacing_tr": 2.5,
  "spacing_x": 3.0,
  "spacing_y": 3.0,
  "spacing_z": 3.0,
  "summary_bg_k": 31.2922268552227,
  "summary_bg_mad": 8.173993963409531,
  "summary_bg_mean": 57.2208137512207,
  "summary_bg_median": 31.070796966552734,
  "summary_bg_n": 107969.0,
  "summary_bg_p05": 25.15486717224121,
  "summary_bg_p95": 182.6858367919922,
  "summary_bg_stdv": 67.36347198486328,
  "summary_fg_k": 1.8358590925715452,
  "summary_fg_mad": 152.42922617238463,
  "summary_fg_mean": 678.5661010742188,
  "summary_fg_median": 654.6925048828125,
  "summary_fg_n": 35260.0,
  "summary_fg_p05": 450.38915252685547,
  "summary_fg_p95": 976.3767913818355,
  "summary_fg_stdv": 166.0601348876953,
  "tsnr": 86.1871071383357
}