{
  "aor": 0.0013260176991150441,
  "aqi": 0.004199261238938053,
  "bids_meta": {
    "BandwidthPerPixelPhaseEncode": 31.25,
    "DerivedVendorReportedEchoSpacing": 0.0005,
    "EchoTime": 0.025,
    "EffectiveEchoSpacing": 0.0005,
    "FlipAngle": 75,
    "ImageType": [
      "ORIGINAL",
      "PRIMARY",
      "M",
      "ND",
      "MOSAIC"
    ],
    "ImagingFrequency": 123.26,
    "MagneticFieldStrength": 3,
    "Manufacturer": "Siemens",
    "ManufacturersModelName": "TrioTim",
    "Modality": "MR",
    "PhaseEncodingDirection": "j-",
    "PixelBandwidth": 3005,
    "RepetitionTime": 2.5,
    "ScanOptions": "FS",
    "ScanningSequence": "EP",
    "SequenceName": "*epfid2d1_64",
    "SequenceVariant": "SK",
    "SliceThickness": 3,
    "SliceTiming": [
      1.245,
      0,
      1.3025,
      0.0575,
      1.3575,
      0.115,
      1.415,
      0.17,
      1.4725,
      0.2275,
      1.5275,
      0.2825,
      1.585,
      0.34,
      1.6425,
      0.3975,
      1.6975,
      0.4525,
      1.755,
      0.51,
      1.81,
      0.5675,
      1.8675,
      0.6225,
      1.925,
      0.68,
      1.98,
      0.735,
      2.0375,
      0.7925,
      2.095,
      0.85,
      2.15,
      0.905,
      2.2075,
      0.9625,
      2.265,
      1.02,
      2.32,
      1.075,
      2.3775,
      1.1325,
      2.4325,
      1.19
    ],
    "SpacingBetweenSlices": 3,
    "TaskName": "change-point helicopter fmri",
    "TotalReadoutTime": 0.0315,
    "dataset": "ds003772",
    "modality": "bold",
    "run_id": 1,
    "subject_id": "nb2042",
    "task_id": "changepoint"
  },
  "dummy_trs": 0,
  "dvars_nstd": 19.878571476355543,
  "dvars_std": 1.1109188652444446,
  "dvars_vstd": 0.9635285891111114,
  "efc": 0.6066467022054742,
  "fber": 310.3789367675781,
  "fd_mean": 0.07817432232886293,
  "fd_num": 5,
  "fd_perc": 2.2123893805309733,
  "fwhm_avg": 2.899438888888889,
  "fwhm_x": 2.8035533333333333,
  "fwhm_y": 2.7177966666666666,
  "fwhm_z": 3.176966666666667,
  "gcor": 0.0174404,
  "gsr_x": -0.021369894966483116,
  "gsr_y": 0.06694397330284119,
  "provenance": {
    "md5sum": "14541d55294e4e46b9a98aa0d3c199a9",
    "settings": {
      "fd_thres": 0.2,
      "testing": false
    },
    "software": "mriqc",
    "version": "22.0.6",
    "webapi_port": null,
    "webapi_url": "https://mriqc.nimh.nih.gov/api/v1"
  },
  "size_t": 226,
  "size_x": 64,
  "size_y": 64,
  "size_z": 44,
  "snr": 2.4881587079806446,
  "spacing_tr": 2.5,
  "spacing_x": 3.0,
  "spacing_y": 3.0,
  "spacing_z": 3.0,
  "summary_bg_k": 11.118046467459218,
  "summary_bg_mad": 16.065896816003967,
  "summary_bg_mean": 82.6431655883789,
  "summary_bg_median": 37.73008728027344,
  "summary_bg_n": 96277.0,
  "summary_bg_p05": 24.318584442138672,
  "summary_bg_p95": 306.3026428222654,
  "summary_bg_stdv": 106.61604309082031,
  "summary_fg_k": 4.639436015896353,
  "summary_fg_mad": 213.68493124845529,
  "summary_fg_mean": 742.1641845703125,
  "summary_fg_median": 681.8473510742188,
  "summary_fg_n": 44094.0,
  "summary_fg_p05": 428.31813049316406,
  "summary_fg_p95": 1278.8002502441404,
  "summary_fg_stdv": 274.0338134765625,
  "tsnr": 68.01207539706957
}