{
  "aor": 0.002901017699115044,
  "aqi": 0.0037466217256637165,
  "bids_meta": {
    "BandwidthPerPixelPhaseEncode": 31.25,
    "DerivedVendorReportedEchoSpacing": 0.0005,
    "EchoTime": 0.025,
    "EffectiveEchoSpacing": 0.0005,
    "FlipAngle": 75,
    "ImageType": [
      "ORIGINAL",
      "PRIMARY",
      "M",
      "ND",
      "MOSAIC"
    ],
    "ImagingFrequency": 123.26,
    "MagneticFieldStrength": 3,
    "Manufacturer": "Siemens",
    "ManufacturersModelName": "TrioTim",
    "Modality": "MR",
    "PhaseEncodingDirection": "j-",
    "PixelBandwidth": 3005,
    "RepetitionTime": 2.5,
    "ScanOptions": "FS",
    "ScanningSequence": "EP",
    "SequenceName": "*epfid2d1_64",
    "SequenceVariant": "SK",
    "SliceThickness": 3,
    "SliceTiming": [
      1.245,
      0,
      1.3025,
      0.0575,
      1.3575,
      0.115,
      1.415,
      0.17,
      1.4725,
      0.2275,
      1.5275,
      0.2825,
      1.585,
      0.34,
      1.6425,
      0.3975,
      1.6975,
      0.4525,
      1.755,
      0.51,
      1.81,
      0.5675,
      1.8675,
      0.6225,
      1.925,
      0.68,
      1.98,
      0.735,
      2.0375,
      0.7925,
      2.095,
      0.85,
      2.15,
      0.905,
      2.2075,
      0.9625,
      2.265,
      1.02,
      2.32,
      1.075,
      2.3775,
      1.1325,
      2.4325,
      1.19
    ],
    "SpacingBetweenSlices": 3,
    "TaskName": "change-point helicopter fmri",
    "TotalReadoutTime": 0.0315,
    "dataset": "ds003772",
    "modality": "bold",
    "run_id": 2,
    "subject_id": "nb2042",
    "task_id": "changepoint"
  },
  "dummy_trs": 0,
  "dvars_nstd": 19.598314056444448,
  "dvars_std": 1.1624789674222225,
  "dvars_vstd": 1.0071806484444448,
  "efc": 0.6080045441424896,
  "fber": 307.9764709472656,
  "fd_mean": 0.07976361471727911,
  "fd_num": 6,
  "fd_perc": 2.6548672566371683,
  "fwhm_avg": 2.9143666666666665,
  "fwhm_x": 2.8004266666666666,
  "fwhm_y": 2.7517266666666664,
  "fwhm_z": 3.1909466666666666,
  "gcor": 0.0387299,
  "gsr_x": -0.02235562913119793,
  "gsr_y": 0.0710698738694191,
  "provenance": {
    "md5sum": "d1a1d3ee20c5c55ac434f392010e07c8",
    "settings": {
      "fd_thres": 0.2,
      "testing": false
    },
    "software": "mriqc",
    "version": "22.0.6",
    "webapi_port": null,
    "webapi_url": "https://mriqc.nimh.nih.gov/api/v1"
  },
  "size_t": 226,
  "size_x": 64,
  "size_y": 64,
  "size_z": 44,
  "snr": 2.4773435187619093,
  "spacing_tr": 2.5,
  "spacing_x": 3.0,
  "spacing_y": 3.0,
  "spacing_z": 3.0,
  "summary_bg_k": 11.21033221527467,
  "summary_bg_mad": 16.19710290451681,
  "summary_bg_mean": 84.32146453857422,
  "summary_bg_median": 38.07522201538086,
  "summary_bg_n": 96162.0,
  "summary_bg_p05": 24.818584442138672,
  "summary_bg_p95": 313.2891464233397,
  "summary_bg_stdv": 108.82160949707031,
  "summary_fg_k": 4.828050722099429,
  "summary_fg_mad": 214.8231705066018,
  "summary_fg_mean": 745.1672973632812,
  "summary_fg_median": 684.92919921875,
  "summary_fg_n": 44180.0,
  "summary_fg_p05": 429.6276626586914,
  "summary_fg_p95": 1286.0882507324206,
  "summary_fg_stdv": 276.4741516113281,
  "tsnr": 70.34495143638924
}