{
  "aor": 0.002491504424778761,
  "aqi": 0.007002077212389381,
  "bids_meta": {
    "BandwidthPerPixelPhaseEncode": 31.25,
    "DerivedVendorReportedEchoSpacing": 0.0005,
    "EchoTime": 0.025,
    "EffectiveEchoSpacing": 0.0005,
    "FlipAngle": 75,
    "ImageType": [
      "ORIGINAL",
      "PRIMARY",
      "M",
      "ND",
      "MOSAIC"
    ],
    "ImagingFrequency": 123.26,
    "MagneticFieldStrength": 3,
    "Manufacturer": "Siemens",
    "ManufacturersModelName": "TrioTim",
    "Modality": "MR",
    "PhaseEncodingDirection": "j-",
    "PixelBandwidth": 3005,
    "RepetitionTime": 2.5,
    "ScanOptions": "FS",
    "ScanningSequence": "EP",
    "SequenceName": "*epfid2d1_64",
    "SequenceVariant": "SK",
    "SliceThickness": 3,
    "SliceTiming": [
      1.245,
      0,
      1.3025,
      0.0575,
      1.3575,
      0.115,
      1.415,
      0.17,
      1.4725,
      0.2275,
      1.5275,
      0.2825,
      1.585,
      0.34,
      1.6425,
      0.3975,
      1.6975,
      0.4525,
      1.755,
      0.51,
      1.81,
      0.5675,
      1.8675,
      0.6225,
      1.925,
      0.68,
      1.98,
      0.735,
      2.0375,
      0.7925,
      2.095,
      0.85,
      2.15,
      0.905,
      2.2075,
      0.9625,
      2.265,
      1.02,
      2.32,
      1.075,
      2.3775,
      1.1325,
      2.4325,
      1.19
    ],
    "SpacingBetweenSlices": 3,
    "TaskName": "change-point helicopter fmri",
    "TotalReadoutTime": 0.0315,
    "dataset": "ds003772",
    "modality": "bold",
    "run_id": 2,
    "subject_id": "dt1017",
    "task_id": "changepoint"
  },
  "dummy_trs": 0,
  "dvars_nstd": 29.418529748088893,
  "dvars_std": 1.1647993979999998,
  "dvars_vstd": 0.9830000053333334,
  "efc": 0.5800040794517431,
  "fber": 432.61614990234375,
  "fd_mean": 0.2881646569894276,
  "fd_num": 129,
  "fd_perc": 57.07964601769911,
  "fwhm_avg": 2.30062,
  "fwhm_x": 2.18509,
  "fwhm_y": 2.2153266666666664,
  "fwhm_z": 2.5014433333333335,
  "gcor": 0.0238517,
  "gsr_x": -0.012872833758592606,
  "gsr_y": 0.051250357180833817,
  "provenance": {
    "md5sum": "dd9701ef1ac33c8fa0ee214919d756b2",
    "settings": {
      "fd_thres": 0.2,
      "testing": false
    },
    "software": "mriqc",
    "version": "22.0.6",
    "webapi_port": null,
    "webapi_url": "https://mriqc.nimh.nih.gov/api/v1"
  },
  "size_t": 226,
  "size_x": 64,
  "size_y": 64,
  "size_z": 44,
  "snr": 3.987384073197029,
  "spacing_tr": 2.5,
  "spacing_x": 3.0,
  "spacing_y": 3.0,
  "spacing_z": 3.0,
  "summary_bg_k": 30.704092882525046,
  "summary_bg_mad": 7.485171896154692,
  "summary_bg_mean": 58.85565185546875,
  "summary_bg_median": 30.685840606689453,
  "summary_bg_n": 104737.0,
  "summary_bg_p05": 24.813274383544922,
  "summary_bg_p95": 205.6026611328125,
  "summary_bg_stdv": 74.85236358642578,
  "summary_fg_k": 2.324350296344205,
  "summary_fg_mad": 146.76775612852572,
  "summary_fg_mean": 675.2697143554688,
  "summary_fg_median": 651.533203125,
  "summary_fg_n": 36326.0,
  "summary_fg_p05": 454.83516693115234,
  "summary_fg_p95": 965.9325256347656,
  "summary_fg_stdv": 163.3964080810547,
  "tsnr": 55.075526396976784
}