{
  "aor": 0.001925575221238938,
  "aqi": 0.006255607920353983,
  "bids_meta": {
    "BandwidthPerPixelPhaseEncode": 31.25,
    "DerivedVendorReportedEchoSpacing": 0.0005,
    "EchoTime": 0.025,
    "EffectiveEchoSpacing": 0.0005,
    "FlipAngle": 75,
    "ImageType": [
      "ORIGINAL",
      "PRIMARY",
      "M",
      "ND",
      "MOSAIC"
    ],
    "ImagingFrequency": 123.26,
    "MagneticFieldStrength": 3,
    "Manufacturer": "Siemens",
    "ManufacturersModelName": "TrioTim",
    "Modality": "MR",
    "PhaseEncodingDirection": "j-",
    "PixelBandwidth": 3005,
    "RepetitionTime": 2.5,
    "ScanOptions": "FS",
    "ScanningSequence": "EP",
    "SequenceName": "*epfid2d1_64",
    "SequenceVariant": "SK",
    "SliceThickness": 3,
    "SliceTiming": [
      1.245,
      0,
      1.3025,
      0.0575,
      1.3575,
      0.115,
      1.415,
      0.17,
      1.4725,
      0.2275,
      1.5275,
      0.2825,
      1.585,
      0.34,
      1.6425,
      0.3975,
      1.6975,
      0.4525,
      1.755,
      0.51,
      1.81,
      0.5675,
      1.8675,
      0.6225,
      1.925,
      0.68,
      1.98,
      0.735,
      2.0375,
      0.7925,
      2.095,
      0.85,
      2.15,
      0.905,
      2.2075,
      0.9625,
      2.265,
      1.02,
      2.32,
      1.075,
      2.3775,
      1.1325,
      2.4325,
      1.19
    ],
    "SpacingBetweenSlices": 3,
    "TaskName": "change-point helicopter fmri",
    "TotalReadoutTime": 0.0315,
    "dataset": "ds003772",
    "modality": "bold",
    "run_id": 3,
    "subject_id": "dt1017",
    "task_id": "changepoint"
  },
  "dummy_trs": 0,
  "dvars_nstd": 26.69294470897779,
  "dvars_std": 1.1754162756888893,
  "dvars_vstd": 0.9727622512444446,
  "efc": 0.5700457957505111,
  "fber": 447.5144958496094,
  "fd_mean": 0.2585262414872385,
  "fd_num": 110,
  "fd_perc": 48.67256637168141,
  "fwhm_avg": 2.5844711111111107,
  "fwhm_x": 2.4683333333333333,
  "fwhm_y": 2.50703,
  "fwhm_z": 2.77805,
  "gcor": 0.0285352,
  "gsr_x": -0.013291921466588974,
  "gsr_y": 0.05917543172836304,
  "provenance": {
    "md5sum": "3609f84b88813541eeb14ed565a2f997",
    "settings": {
      "fd_thres": 0.2,
      "testing": false
    },
    "software": "mriqc",
    "version": "22.0.6",
    "webapi_port": null,
    "webapi_url": "https://mriqc.nimh.nih.gov/api/v1"
  },
  "size_t": 226,
  "size_x": 64,
  "size_y": 64,
  "size_z": 44,
  "snr": 3.2710768034209146,
  "spacing_tr": 2.5,
  "spacing_x": 3.0,
  "spacing_y": 3.0,
  "spacing_z": 3.0,
  "summary_bg_k": 24.170467528379245,
  "summary_bg_mad": 9.59755089702897,
  "summary_bg_mean": 63.70795822143555,
  "summary_bg_median": 32.77433776855469,
  "summary_bg_n": 104694.0,
  "summary_bg_p05": 24.591371536254886,
  "summary_bg_p95": 229.47344970703125,
  "summary_bg_stdv": 80.68001556396484,
  "summary_fg_k": 3.648803399683069,
  "summary_fg_mad": 184.75785438771567,
  "summary_fg_mean": 750.452880859375,
  "summary_fg_median": 712.210205078125,
  "summary_fg_n": 36348.0,
  "summary_fg_p05": 475.6022186279297,
  "summary_fg_p95": 1145.4466369628906,
  "summary_fg_stdv": 217.72659301757812,
  "tsnr": 55.69034235039726
}