{
  "aor": 0.0011827433628318583,
  "aqi": 0.0042467153982300885,
  "bids_meta": {
    "BandwidthPerPixelPhaseEncode": 31.25,
    "DerivedVendorReportedEchoSpacing": 0.0005,
    "EchoTime": 0.025,
    "EffectiveEchoSpacing": 0.0005,
    "FlipAngle": 75,
    "ImageType": [
      "ORIGINAL",
      "PRIMARY",
      "M",
      "ND",
      "MOSAIC"
    ],
    "ImagingFrequency": 123.26,
    "MagneticFieldStrength": 3,
    "Manufacturer": "Siemens",
    "ManufacturersModelName": "TrioTim",
    "Modality": "MR",
    "PhaseEncodingDirection": "j-",
    "PixelBandwidth": 3005,
    "RepetitionTime": 2.5,
    "ScanOptions": "FS",
    "ScanningSequence": "EP",
    "SequenceName": "*epfid2d1_64",
    "SequenceVariant": "SK",
    "SliceThickness": 3,
    "SliceTiming": [
      1.245,
      0,
      1.3025,
      0.0575,
      1.3575,
      0.115,
      1.415,
      0.17,
      1.4725,
      0.2275,
      1.5275,
      0.2825,
      1.585,
      0.34,
      1.6425,
      0.3975,
      1.6975,
      0.4525,
      1.755,
      0.51,
      1.81,
      0.5675,
      1.8675,
      0.6225,
      1.925,
      0.68,
      1.98,
      0.735,
      2.0375,
      0.7925,
      2.095,
      0.85,
      2.15,
      0.905,
      2.2075,
      0.9625,
      2.265,
      1.02,
      2.32,
      1.075,
      2.3775,
      1.1325,
      2.4325,
      1.19
    ],
    "SpacingBetweenSlices": 3,
    "TaskName": "change-point helicopter fmri",
    "TotalReadoutTime": 0.0315,
    "dataset": "ds003772",
    "modality": "bold",
    "run_id": 4,
    "subject_id": "nh935",
    "task_id": "changepoint"
  },
  "dummy_trs": 0,
  "dvars_nstd": 21.219208442044433,
  "dvars_std": 1.1388569328888885,
  "dvars_vstd": 0.9789310640000002,
  "efc": 0.6233716235010686,
  "fber": 290.9442443847656,
  "fd_mean": 0.1253159341833736,
  "fd_num": 37,
  "fd_perc": 16.371681415929203,
  "fwhm_avg": 2.6101411111111115,
  "fwhm_x": 2.4348,
  "fwhm_y": 2.593566666666667,
  "fwhm_z": 2.8020566666666666,
  "gcor": 0.0286664,
  "gsr_x": -0.013098451308906078,
  "gsr_y": 0.060511067509651184,
  "provenance": {
    "md5sum": "a618e94be3bfad4125989ce4b30cedda",
    "settings": {
      "fd_thres": 0.2,
      "testing": false
    },
    "software": "mriqc",
    "version": "22.0.6",
    "webapi_port": null,
    "webapi_url": "https://mriqc.nimh.nih.gov/api/v1"
  },
  "size_t": 226,
  "size_x": 64,
  "size_y": 64,
  "size_z": 44,
  "snr": 3.1799487734489214,
  "spacing_tr": 2.5,
  "spacing_x": 3.0,
  "spacing_y": 3.0,
  "spacing_z": 3.0,
  "summary_bg_k": 22.66708367460252,
  "summary_bg_mad": 14.898185816522016,
  "summary_bg_mean": 71.24285125732422,
  "summary_bg_median": 37.070796966552734,
  "summary_bg_n": 92980.0,
  "summary_bg_p05": 25.65486717224121,
  "summary_bg_p95": 239.16725158691426,
  "summary_bg_stdv": 84.41569519042969,
  "summary_fg_k": 0.9066613767384846,
  "summary_fg_mad": 197.65845734033437,
  "summary_fg_mean": 697.2328491210938,
  "summary_fg_median": 663.3097534179688,
  "summary_fg_n": 45387.0,
  "summary_fg_p05": 420.7583923339844,
  "summary_fg_p95": 1091.7866821289062,
  "summary_fg_stdv": 208.5890350341797,
  "tsnr": 65.30025020428002
}