{
  "aor": 0.003148355555555556,
  "aqi": 0.004179189288888889,
  "bids_meta": {
    "BandwidthPerPixelPhaseEncode": 31.25,
    "DerivedVendorReportedEchoSpacing": 0.0005,
    "EchoTime": 0.025,
    "EffectiveEchoSpacing": 0.0005,
    "FlipAngle": 75,
    "ImageType": [
      "ORIGINAL",
      "PRIMARY",
      "M",
      "ND",
      "MOSAIC"
    ],
    "ImagingFrequency": 123.26,
    "MagneticFieldStrength": 3,
    "Manufacturer": "Siemens",
    "ManufacturersModelName": "TrioTim",
    "Modality": "MR",
    "PhaseEncodingDirection": "j-",
    "PixelBandwidth": 3005,
    "RepetitionTime": 2.5,
    "ScanOptions": "FS",
    "ScanningSequence": "EP",
    "SequenceName": "*epfid2d1_64",
    "SequenceVariant": "SK",
    "SliceThickness": 3,
    "SliceTiming": [
      1.245,
      0,
      1.3025,
      0.0575,
      1.3575,
      0.115,
      1.415,
      0.17,
      1.4725,
      0.2275,
      1.5275,
      0.2825,
      1.585,
      0.34,
      1.6425,
      0.3975,
      1.6975,
      0.4525,
      1.755,
      0.51,
      1.81,
      0.5675,
      1.8675,
      0.6225,
      1.925,
      0.68,
      1.98,
      0.735,
      2.0375,
      0.7925,
      2.095,
      0.85,
      2.15,
      0.905,
      2.2075,
      0.9625,
      2.265,
      1.02,
      2.32,
      1.075,
      2.3775,
      1.1325,
      2.4325,
      1.19
    ],
    "SpacingBetweenSlices": 3,
    "TaskName": "change-point helicopter fmri",
    "TotalReadoutTime": 0.0315,
    "dataset": "ds003772",
    "modality": "bold",
    "run_id": 3,
    "subject_id": "nh935",
    "task_id": "changepoint"
  },
  "dummy_trs": 1,
  "dvars_nstd": 20.662652726830363,
  "dvars_std": 1.1565010106250002,
  "dvars_vstd": 1.003097268214286,
  "efc": 0.6230901138897129,
  "fber": 291.1957702636719,
  "fd_mean": 0.09901288047594223,
  "fd_num": 12,
  "fd_perc": 5.333333333333333,
  "fwhm_avg": 2.5916433333333337,
  "fwhm_x": 2.4377133333333334,
  "fwhm_y": 2.5604733333333334,
  "fwhm_z": 2.7767433333333336,
  "gcor": 0.023349,
  "gsr_x": -0.013219769112765789,
  "gsr_y": 0.060125771909952164,
  "provenance": {
    "md5sum": "810b47d3b58793e8dcf5204d52233bed",
    "settings": {
      "fd_thres": 0.2,
      "testing": false
    },
    "software": "mriqc",
    "version": "22.0.6",
    "webapi_port": null,
    "webapi_url": "https://mriqc.nimh.nih.gov/api/v1"
  },
  "size_t": 225,
  "size_x": 64,
  "size_y": 64,
  "size_z": 44,
  "snr": 3.190759181753497,
  "spacing_tr": 2.5,
  "spacing_x": 3.0,
  "spacing_y": 3.0,
  "spacing_z": 3.0,
  "summary_bg_k": 23.523762077687433,
  "summary_bg_mad": 14.799663894805832,
  "summary_bg_mean": 71.62625885009766,
  "summary_bg_median": 37.20888900756836,
  "summary_bg_n": 93240.0,
  "summary_bg_p05": 26.351112365722656,
  "summary_bg_p95": 242.1611145019532,
  "summary_bg_stdv": 84.97846221923828,
  "summary_fg_k": 0.9354372103212398,
  "summary_fg_mad": 197.85165532229905,
  "summary_fg_mean": 700.52294921875,
  "summary_fg_median": 666.5289306640625,
  "summary_fg_n": 45329.0,
  "summary_fg_p05": 424.1884399414063,
  "summary_fg_p95": 1094.6711669921874,
  "summary_fg_stdv": 208.89122009277344,
  "tsnr": 65.07896892610006
}