{
  "aor": 0.0014713333333333334,
  "aqi": 0.0032861837777777778,
  "bids_meta": {
    "BandwidthPerPixelPhaseEncode": 31.25,
    "DerivedVendorReportedEchoSpacing": 0.0005,
    "EchoTime": 0.025,
    "EffectiveEchoSpacing": 0.0005,
    "FlipAngle": 75,
    "ImageType": [
      "ORIGINAL",
      "PRIMARY",
      "M",
      "ND",
      "MOSAIC"
    ],
    "ImagingFrequency": 123.26,
    "MagneticFieldStrength": 3,
    "Manufacturer": "Siemens",
    "ManufacturersModelName": "TrioTim",
    "Modality": "MR",
    "PhaseEncodingDirection": "j-",
    "PixelBandwidth": 3005,
    "RepetitionTime": 2.5,
    "ScanOptions": "FS",
    "ScanningSequence": "EP",
    "SequenceName": "*epfid2d1_64",
    "SequenceVariant": "SK",
    "SliceThickness": 3,
    "SliceTiming": [
      1.245,
      0,
      1.3025,
      0.0575,
      1.3575,
      0.115,
      1.415,
      0.17,
      1.4725,
      0.2275,
      1.5275,
      0.2825,
      1.585,
      0.34,
      1.6425,
      0.3975,
      1.6975,
      0.4525,
      1.755,
      0.51,
      1.81,
      0.5675,
      1.8675,
      0.6225,
      1.925,
      0.68,
      1.98,
      0.735,
      2.0375,
      0.7925,
      2.095,
      0.85,
      2.15,
      0.905,
      2.2075,
      0.9625,
      2.265,
      1.02,
      2.32,
      1.075,
      2.3775,
      1.1325,
      2.4325,
      1.19
    ],
    "SpacingBetweenSlices": 3,
    "TaskName": "change-point helicopter fmri",
    "TotalReadoutTime": 0.0315,
    "dataset": "ds003772",
    "modality": "bold",
    "run_id": 1,
    "subject_id": "nh935",
    "task_id": "changepoint"
  },
  "dummy_trs": 1,
  "dvars_nstd": 19.43078650339285,
  "dvars_std": 1.1330816009375002,
  "dvars_vstd": 0.9734977103571423,
  "efc": 0.6208494418447017,
  "fber": 296.5046081542969,
  "fd_mean": 0.0675703091554583,
  "fd_num": 1,
  "fd_perc": 0.4444444444444444,
  "fwhm_avg": 2.5917255555555556,
  "fwhm_x": 2.4290066666666665,
  "fwhm_y": 2.5588966666666666,
  "fwhm_z": 2.7872733333333333,
  "gcor": 0.0083666,
  "gsr_x": -0.013686923310160637,
  "gsr_y": 0.056601230055093765,
  "provenance": {
    "md5sum": "ea848657de6fd82efbf6d9be642dbd82",
    "settings": {
      "fd_thres": 0.2,
      "testing": false
    },
    "software": "mriqc",
    "version": "22.0.6",
    "webapi_port": null,
    "webapi_url": "https://mriqc.nimh.nih.gov/api/v1"
  },
  "size_t": 225,
  "size_x": 64,
  "size_y": 64,
  "size_z": 44,
  "snr": 3.172547839816361,
  "spacing_tr": 2.5,
  "spacing_x": 3.0,
  "spacing_y": 3.0,
  "spacing_z": 3.0,
  "summary_bg_k": 23.863362692447463,
  "summary_bg_mad": 14.536092303661206,
  "summary_bg_mean": 70.39501190185547,
  "summary_bg_median": 36.928890228271484,
  "summary_bg_n": 93414.0,
  "summary_bg_p05": 26.262222290039062,
  "summary_bg_p95": 234.99290084838853,
  "summary_bg_stdv": 83.55579376220703,
  "summary_fg_k": 0.9884393387179045,
  "summary_fg_mad": 198.00322750955473,
  "summary_fg_mean": 700.7242431640625,
  "summary_fg_median": 667.08447265625,
  "summary_fg_n": 45395.0,
  "summary_fg_p05": 422.3871185302734,
  "summary_fg_p95": 1096.6541992187495,
  "summary_fg_stdv": 210.2654266357422,
  "tsnr": 69.58568014204502
}