{
  "aor": 0.002630442477876106,
  "aqi": 0.005739233318584071,
  "bids_meta": {
    "BandwidthPerPixelPhaseEncode": 31.25,
    "DerivedVendorReportedEchoSpacing": 0.0005,
    "EchoTime": 0.025,
    "EffectiveEchoSpacing": 0.0005,
    "FlipAngle": 75,
    "ImageType": [
      "ORIGINAL",
      "PRIMARY",
      "M",
      "ND",
      "MOSAIC"
    ],
    "ImagingFrequency": 123.26,
    "MagneticFieldStrength": 3,
    "Manufacturer": "Siemens",
    "ManufacturersModelName": "TrioTim",
    "Modality": "MR",
    "PhaseEncodingDirection": "j-",
    "PixelBandwidth": 3005,
    "RepetitionTime": 2.5,
    "ScanOptions": "FS",
    "ScanningSequence": "EP",
    "SequenceName": "*epfid2d1_64",
    "SequenceVariant": "SK",
    "SliceThickness": 3,
    "SliceTiming": [
      1.245,
      0,
      1.3025,
      0.0575,
      1.3575,
      0.115,
      1.415,
      0.17,
      1.4725,
      0.2275,
      1.5275,
      0.2825,
      1.585,
      0.34,
      1.6425,
      0.3975,
      1.6975,
      0.4525,
      1.755,
      0.51,
      1.81,
      0.5675,
      1.8675,
      0.6225,
      1.925,
      0.68,
      1.98,
      0.735,
      2.0375,
      0.7925,
      2.095,
      0.85,
      2.15,
      0.905,
      2.2075,
      0.9625,
      2.265,
      1.02,
      2.32,
      1.075,
      2.3775,
      1.1325,
      2.4325,
      1.19
    ],
    "SpacingBetweenSlices": 3,
    "TaskName": "change-point helicopter fmri",
    "TotalReadoutTime": 0.0315,
    "dataset": "ds003772",
    "modality": "bold",
    "run_id": 2,
    "subject_id": "kd918",
    "task_id": "changepoint"
  },
  "dummy_trs": 0,
  "dvars_nstd": 21.602264857511116,
  "dvars_std": 1.0987009545333333,
  "dvars_vstd": 0.9528374105777774,
  "efc": 0.5877343789989554,
  "fber": 356.44818115234375,
  "fd_mean": 0.10841432165898841,
  "fd_num": 7,
  "fd_perc": 3.0973451327433628,
  "fwhm_avg": 2.5478877777777775,
  "fwhm_x": 2.40407,
  "fwhm_y": 2.58229,
  "fwhm_z": 2.6573033333333336,
  "gcor": 0.00876143,
  "gsr_x": -0.007805217523127794,
  "gsr_y": 0.07118415832519531,
  "provenance": {
    "md5sum": "e25040d72f79917671d0d302ace02b79",
    "settings": {
      "fd_thres": 0.2,
      "testing": false
    },
    "software": "mriqc",
    "version": "22.0.6",
    "webapi_port": null,
    "webapi_url": "https://mriqc.nimh.nih.gov/api/v1"
  },
  "size_t": 226,
  "size_x": 64,
  "size_y": 64,
  "size_z": 44,
  "snr": 3.2132157059344277,
  "spacing_tr": 2.5,
  "spacing_x": 3.0,
  "spacing_y": 3.0,
  "spacing_z": 3.0,
  "summary_bg_k": 15.935446705597663,
  "summary_bg_mad": 13.828872313826414,
  "summary_bg_mean": 70.2067642211914,
  "summary_bg_median": 35.86725616455078,
  "summary_bg_n": 102343.0,
  "summary_bg_p05": 23.14601707458496,
  "summary_bg_p95": 249.3119506835936,
  "summary_bg_stdv": 87.28076934814453,
  "summary_fg_k": 1.155037673732891,
  "summary_fg_mad": 200.83360056805193,
  "summary_fg_mean": 734.2186279296875,
  "summary_fg_median": 700.3583984375,
  "summary_fg_n": 38615.0,
  "summary_fg_p05": 439.7659149169922,
  "summary_fg_p95": 1141.985363769531,
  "summary_fg_stdv": 217.95901489257812,
  "tsnr": 49.405173102160916
}