{
  "bids_meta": {
    "EchoTime": 0.00311,
    "FlipAngle": 15,
    "ImageType": [
      "ORIGINAL",
      "PRIMARY",
      "M",
      "ND",
      "NORM"
    ],
    "ImagingFrequency": 123.26,
    "InversionTime": 1.1,
    "MagneticFieldStrength": 3,
    "Manufacturer": "Siemens",
    "ManufacturersModelName": "TrioTim",
    "Modality": "MR",
    "RepetitionTime": 1.63,
    "ScanningSequence": "GR\\IR",
    "SequenceVariant": "SP\\MP",
    "SliceThickness": 1,
    "dataset": "ds003772",
    "modality": "T1w",
    "subject_id": "tt415"
  },
  "cjv": 0.41713420802482654,
  "cnr": 3.3195963277023535,
  "efc": 0.5875619104658737,
  "fber": 22342.169649379106,
  "fwhm_avg": 3.6475866666666668,
  "fwhm_x": 3.396170666666667,
  "fwhm_y": 4.047349333333333,
  "fwhm_z": 3.49924,
  "icvs_csf": 0.18874701438662309,
  "icvs_gm": 0.4333088806580436,
  "icvs_wm": 0.37794410495533326,
  "inu_med": 0.29845139384269714,
  "inu_range": 0.05930805504322051,
  "provenance": {
    "md5sum": "36b9bf8455029835fb9c1524dd9faf9b",
    "settings": {
      "testing": false
    },
    "software": "mriqc",
    "version": "22.0.6",
    "warnings": {
      "large_rot_frame": true,
      "small_air_mask": false
    },
    "webapi_port": null,
    "webapi_url": "https://mriqc.nimh.nih.gov/api/v1"
  },
  "qi_1": 0.0015652968482042005,
  "qi_2": 0.011775111846113316,
  "rpve_csf": 19.0676456845664,
  "rpve_gm": 8.725940498518579,
  "rpve_wm": 11.255880534247785,
  "size_x": 192,
  "size_y": 256,
  "size_z": 160,
  "snr_csf": 2.8984865010500225,
  "snr_gm": 16.678695778518826,
  "snr_total": 14.346402031375078,
  "snr_wm": 23.46202381455639,
  "snrd_csf": 37.570313220209236,
  "snrd_gm": 80.89537901244177,
  "snrd_total": 73.74646912088663,
  "snrd_wm": 102.7737151300089,
  "spacing_x": 0.9375,
  "spacing_y": 0.9375,
  "spacing_z": 1.0,
  "summary_bg_k": 11.883064743199885,
  "summary_bg_mad": 6.374764519743622,
  "summary_bg_mean": 5.920137590829384,
  "summary_bg_median": 4.2997133284807205,
  "summary_bg_n": 1933823.0,
  "summary_bg_p05": 0.0,
  "summary_bg_p95": 21.698553308844566,
  "summary_bg_stdv": 8.284855592490711,
  "summary_csf_k": 1.6168409081924704,
  "summary_csf_mad": 118.1555191217597,
  "summary_csf_mean": 366.3315748653407,
  "summary_csf_median": 365.5756262540817,
  "summary_csf_n": 29691.0,
  "summary_csf_p05": 158.2894464880228,
  "summary_csf_p95": 569.6453538015485,
  "summary_csf_stdv": 126.12426165601654,
  "summary_gm_k": 0.03704350152217506,
  "summary_gm_mad": 47.48952483312885,
  "summary_gm_mean": 786.3452884147113,
  "summary_gm_median": 787.1475191116333,
  "summary_gm_n": 28369.0,
  "summary_gm_p05": 706.8662049800157,
  "summary_gm_p95": 861.7425456941128,
  "summary_gm_stdv": 47.19395665389569,
  "summary_wm_k": 0.42054529220556436,
  "summary_wm_mad": 41.3124274302765,
  "summary_wm_mean": 1003.4305061213854,
  "summary_wm_median": 1000.0333255380392,
  "summary_wm_n": 187215.0,
  "summary_wm_p05": 940.0039944946766,
  "summary_wm_p95": 1078.5947543382645,
  "summary_wm_stdv": 42.62337565691398,
  "tpm_overlap_csf": 0.15519399311263885,
  "tpm_overlap_gm": 0.4654329439941483,
  "tpm_overlap_wm": 0.4906110344900088,
  "wm2max": 0.5346127118191052
}