{
  "aor": 0.00175712389380531,
  "aqi": 0.0030719349115044246,
  "bids_meta": {
    "BandwidthPerPixelPhaseEncode": 31.25,
    "DerivedVendorReportedEchoSpacing": 0.0005,
    "EchoTime": 0.025,
    "EffectiveEchoSpacing": 0.0005,
    "FlipAngle": 75,
    "ImageType": [
      "ORIGINAL",
      "PRIMARY",
      "M",
      "ND",
      "MOSAIC"
    ],
    "ImagingFrequency": 123.26,
    "MagneticFieldStrength": 3,
    "Manufacturer": "Siemens",
    "ManufacturersModelName": "TrioTim",
    "Modality": "MR",
    "PhaseEncodingDirection": "j-",
    "PixelBandwidth": 3005,
    "RepetitionTime": 2.5,
    "ScanOptions": "FS",
    "ScanningSequence": "EP",
    "SequenceName": "*epfid2d1_64",
    "SequenceVariant": "SK",
    "SliceThickness": 3,
    "SliceTiming": [
      1.245,
      0,
      1.3025,
      0.0575,
      1.3575,
      0.115,
      1.415,
      0.17,
      1.4725,
      0.2275,
      1.5275,
      0.2825,
      1.585,
      0.34,
      1.6425,
      0.3975,
      1.6975,
      0.4525,
      1.755,
      0.51,
      1.81,
      0.5675,
      1.8675,
      0.6225,
      1.925,
      0.68,
      1.98,
      0.735,
      2.0375,
      0.7925,
      2.095,
      0.85,
      2.15,
      0.905,
      2.2075,
      0.9625,
      2.265,
      1.02,
      2.32,
      1.075,
      2.3775,
      1.1325,
      2.4325,
      1.19
    ],
    "SpacingBetweenSlices": 3,
    "TaskName": "change-point helicopter fmri",
    "TotalReadoutTime": 0.0315,
    "dataset": "ds003772",
    "modality": "bold",
    "run_id": 1,
    "subject_id": "tt415",
    "task_id": "changepoint"
  },
  "dummy_trs": 0,
  "dvars_nstd": 18.90106393595556,
  "dvars_std": 1.1508306130222223,
  "dvars_vstd": 0.9928371958666675,
  "efc": 0.5767220499416325,
  "fber": 369.7909851074219,
  "fd_mean": 0.08612010248569703,
  "fd_num": 14,
  "fd_perc": 6.1946902654867255,
  "fwhm_avg": 2.455817777777778,
  "fwhm_x": 2.32312,
  "fwhm_y": 2.2931833333333334,
  "fwhm_z": 2.7511500000000004,
  "gcor": 0.0121309,
  "gsr_x": -0.01801968552172184,
  "gsr_y": 0.03183067962527275,
  "provenance": {
    "md5sum": "b4ef0baa1612f9ec9b98043d30658bb3",
    "settings": {
      "fd_thres": 0.2,
      "testing": false
    },
    "software": "mriqc",
    "version": "22.0.6",
    "webapi_port": null,
    "webapi_url": "https://mriqc.nimh.nih.gov/api/v1"
  },
  "size_t": 226,
  "size_x": 64,
  "size_y": 64,
  "size_z": 44,
  "snr": 3.6044999581462234,
  "spacing_tr": 2.5,
  "spacing_x": 3.0,
  "spacing_y": 3.0,
  "spacing_z": 3.0,
  "summary_bg_k": 19.034930859017066,
  "summary_bg_mad": 11.36880198571993,
  "summary_bg_mean": 61.757686614990234,
  "summary_bg_median": 32.85840606689453,
  "summary_bg_n": 108006.0,
  "summary_bg_p05": 24.42035484313965,
  "summary_bg_p95": 203.80752563476562,
  "summary_bg_stdv": 69.6759033203125,
  "summary_fg_k": 2.0790218929111575,
  "summary_fg_mad": 156.4866552662173,
  "summary_fg_mean": 668.5739135742188,
  "summary_fg_median": 639.6371459960938,
  "summary_fg_n": 35479.0,
  "summary_fg_p05": 434.9004364013672,
  "summary_fg_p95": 996.4287536621092,
  "summary_fg_stdv": 177.45266723632812,
  "tsnr": 76.02423554938287
}