{
  "aor": 0.002359867256637168,
  "aqi": 0.0031716876548672566,
  "bids_meta": {
    "BandwidthPerPixelPhaseEncode": 31.25,
    "DerivedVendorReportedEchoSpacing": 0.0005,
    "EchoTime": 0.025,
    "EffectiveEchoSpacing": 0.0005,
    "FlipAngle": 75,
    "ImageType": [
      "ORIGINAL",
      "PRIMARY",
      "M",
      "ND",
      "MOSAIC"
    ],
    "ImagingFrequency": 123.26,
    "MagneticFieldStrength": 3,
    "Manufacturer": "Siemens",
    "ManufacturersModelName": "TrioTim",
    "Modality": "MR",
    "PhaseEncodingDirection": "j-",
    "PixelBandwidth": 3005,
    "RepetitionTime": 2.5,
    "ScanOptions": "FS",
    "ScanningSequence": "EP",
    "SequenceName": "*epfid2d1_64",
    "SequenceVariant": "SK",
    "SliceThickness": 3,
    "SliceTiming": [
      1.245,
      0,
      1.3025,
      0.0575,
      1.3575,
      0.115,
      1.415,
      0.17,
      1.4725,
      0.2275,
      1.5275,
      0.2825,
      1.585,
      0.34,
      1.6425,
      0.3975,
      1.6975,
      0.4525,
      1.755,
      0.51,
      1.81,
      0.5675,
      1.8675,
      0.6225,
      1.925,
      0.68,
      1.98,
      0.735,
      2.0375,
      0.7925,
      2.095,
      0.85,
      2.15,
      0.905,
      2.2075,
      0.9625,
      2.265,
      1.02,
      2.32,
      1.075,
      2.3775,
      1.1325,
      2.4325,
      1.19
    ],
    "SpacingBetweenSlices": 3,
    "TaskName": "change-point helicopter fmri",
    "TotalReadoutTime": 0.0315,
    "dataset": "ds003772",
    "modality": "bold",
    "run_id": 3,
    "subject_id": "tt415",
    "task_id": "changepoint"
  },
  "dummy_trs": 0,
  "dvars_nstd": 19.646815028533325,
  "dvars_std": 1.1393319197777776,
  "dvars_vstd": 0.9890799078222227,
  "efc": 0.577877550905462,
  "fber": 363.2431945800781,
  "fd_mean": 0.09354947463904283,
  "fd_num": 16,
  "fd_perc": 7.079646017699115,
  "fwhm_avg": 2.434921111111111,
  "fwhm_x": 2.28585,
  "fwhm_y": 2.2704666666666666,
  "fwhm_z": 2.7484466666666667,
  "gcor": 0.0230803,
  "gsr_x": -0.018295010551810265,
  "gsr_y": 0.03010452538728714,
  "provenance": {
    "md5sum": "9d60fc60d645c77c4a0368ad74d5d026",
    "settings": {
      "fd_thres": 0.2,
      "testing": false
    },
    "software": "mriqc",
    "version": "22.0.6",
    "webapi_port": null,
    "webapi_url": "https://mriqc.nimh.nih.gov/api/v1"
  },
  "size_t": 226,
  "size_x": 64,
  "size_y": 64,
  "size_z": 44,
  "snr": 3.656731650410846,
  "spacing_tr": 2.5,
  "spacing_x": 3.0,
  "spacing_y": 3.0,
  "spacing_z": 3.0,
  "summary_bg_k": 16.731859607215885,
  "summary_bg_mad": 12.018260529717328,
  "summary_bg_mean": 62.93687057495117,
  "summary_bg_median": 33.27433776855469,
  "summary_bg_n": 108375.0,
  "summary_bg_p05": 24.150442123413086,
  "summary_bg_p95": 207.23451232910156,
  "summary_bg_stdv": 70.70536804199219,
  "summary_fg_k": 2.0348935700807678,
  "summary_fg_mad": 156.57198814537077,
  "summary_fg_mean": 671.4925537109375,
  "summary_fg_median": 643.714599609375,
  "summary_fg_n": 35216.0,
  "summary_fg_p05": 438.2079772949219,
  "summary_fg_p95": 996.8926849365234,
  "summary_fg_stdv": 176.0330047607422,
  "tsnr": 74.11560240061954
}