{
  "aor": 0.011128982300884957,
  "aqi": 0.0049275266814159295,
  "bids_meta": {
    "BandwidthPerPixelPhaseEncode": 31.25,
    "DerivedVendorReportedEchoSpacing": 0.0005,
    "EchoTime": 0.025,
    "EffectiveEchoSpacing": 0.0005,
    "FlipAngle": 75,
    "ImageType": [
      "ORIGINAL",
      "PRIMARY",
      "M",
      "ND",
      "MOSAIC"
    ],
    "ImagingFrequency": 123.26,
    "MagneticFieldStrength": 3,
    "Manufacturer": "Siemens",
    "ManufacturersModelName": "TrioTim",
    "Modality": "MR",
    "PhaseEncodingDirection": "j-",
    "PixelBandwidth": 3005,
    "RepetitionTime": 2.5,
    "ScanOptions": "FS",
    "ScanningSequence": "EP",
    "SequenceName": "*epfid2d1_64",
    "SequenceVariant": "SK",
    "SliceThickness": 3,
    "SliceTiming": [
      1.245,
      0,
      1.3025,
      0.0575,
      1.3575,
      0.115,
      1.415,
      0.17,
      1.4725,
      0.2275,
      1.5275,
      0.2825,
      1.585,
      0.34,
      1.6425,
      0.3975,
      1.6975,
      0.4525,
      1.755,
      0.51,
      1.81,
      0.5675,
      1.8675,
      0.6225,
      1.925,
      0.68,
      1.98,
      0.735,
      2.0375,
      0.7925,
      2.095,
      0.85,
      2.15,
      0.905,
      2.2075,
      0.9625,
      2.265,
      1.02,
      2.32,
      1.075,
      2.3775,
      1.1325,
      2.4325,
      1.19
    ],
    "SpacingBetweenSlices": 3,
    "TaskName": "change-point helicopter fmri",
    "TotalReadoutTime": 0.0315,
    "dataset": "ds003772",
    "modality": "bold",
    "run_id": 2,
    "subject_id": "tt415",
    "task_id": "changepoint"
  },
  "dummy_trs": 0,
  "dvars_nstd": 22.71251869191111,
  "dvars_std": 1.139458520933333,
  "dvars_vstd": 1.0284171754666658,
  "efc": 0.5767974169645241,
  "fber": 359.58868408203125,
  "fd_mean": 0.18062271911139552,
  "fd_num": 36,
  "fd_perc": 15.929203539823009,
  "fwhm_avg": 2.479398888888889,
  "fwhm_x": 2.3273733333333335,
  "fwhm_y": 2.305283333333333,
  "fwhm_z": 2.80554,
  "gcor": 0.0415225,
  "gsr_x": -0.01835780218243599,
  "gsr_y": 0.0341801792383194,
  "provenance": {
    "md5sum": "9cefad2fff5545abdb8ad61577aed53b",
    "settings": {
      "fd_thres": 0.2,
      "testing": false
    },
    "software": "mriqc",
    "version": "22.0.6",
    "webapi_port": null,
    "webapi_url": "https://mriqc.nimh.nih.gov/api/v1"
  },
  "size_t": 226,
  "size_x": 64,
  "size_y": 64,
  "size_z": 44,
  "snr": 3.5886013917370745,
  "spacing_tr": 2.5,
  "spacing_x": 3.0,
  "spacing_y": 3.0,
  "spacing_z": 3.0,
  "summary_bg_k": 16.01595002609166,
  "summary_bg_mad": 12.28066705106439,
  "summary_bg_mean": 62.27424621582031,
  "summary_bg_median": 33.469024658203125,
  "summary_bg_n": 108242.0,
  "summary_bg_p05": 24.0884952545166,
  "summary_bg_p95": 205.00376129150388,
  "summary_bg_stdv": 68.65735626220703,
  "summary_fg_k": 1.9748612771063243,
  "summary_fg_mad": 158.06771153829553,
  "summary_fg_mean": 674.1470947265625,
  "summary_fg_median": 644.4468994140625,
  "summary_fg_n": 35253.0,
  "summary_fg_p05": 437.0168151855469,
  "summary_fg_p95": 1006.6884765625006,
  "summary_fg_stdv": 179.57908630371094,
  "tsnr": 57.03512724954635
}