{
  "aor": 0.0007384513274336283,
  "aqi": 0.002233848849557522,
  "bids_meta": {
    "BandwidthPerPixelPhaseEncode": 31.25,
    "DerivedVendorReportedEchoSpacing": 0.0005,
    "EchoTime": 0.025,
    "EffectiveEchoSpacing": 0.0005,
    "FlipAngle": 75,
    "ImageType": [
      "ORIGINAL",
      "PRIMARY",
      "M",
      "ND",
      "MOSAIC"
    ],
    "ImagingFrequency": 123.26,
    "MagneticFieldStrength": 3,
    "Manufacturer": "Siemens",
    "ManufacturersModelName": "TrioTim",
    "Modality": "MR",
    "PhaseEncodingDirection": "j-",
    "PixelBandwidth": 3005,
    "RepetitionTime": 2.5,
    "ScanOptions": "FS",
    "ScanningSequence": "EP",
    "SequenceName": "*epfid2d1_64",
    "SequenceVariant": "SK",
    "SliceThickness": 3,
    "SliceTiming": [
      1.245,
      0,
      1.3025,
      0.0575,
      1.3575,
      0.115,
      1.415,
      0.17,
      1.4725,
      0.2275,
      1.5275,
      0.2825,
      1.585,
      0.34,
      1.6425,
      0.3975,
      1.6975,
      0.4525,
      1.755,
      0.51,
      1.81,
      0.5675,
      1.8675,
      0.6225,
      1.925,
      0.68,
      1.98,
      0.735,
      2.0375,
      0.7925,
      2.095,
      0.85,
      2.15,
      0.905,
      2.2075,
      0.9625,
      2.265,
      1.02,
      2.32,
      1.075,
      2.3775,
      1.1325,
      2.4325,
      1.19
    ],
    "SpacingBetweenSlices": 3,
    "TaskName": "change-point helicopter fmri",
    "TotalReadoutTime": 0.0315,
    "dataset": "ds003772",
    "modality": "bold",
    "run_id": 4,
    "subject_id": "qb2027",
    "task_id": "changepoint"
  },
  "dummy_trs": 0,
  "dvars_nstd": 20.307391111599994,
  "dvars_std": 1.1758061870222216,
  "dvars_vstd": 0.9975677269777772,
  "efc": 0.610156923672663,
  "fber": 288.3855285644531,
  "fd_mean": 0.041180012033707775,
  "fd_num": 0,
  "fd_perc": 0.0,
  "fwhm_avg": 2.4212866666666666,
  "fwhm_x": 2.19911,
  "fwhm_y": 2.430146666666667,
  "fwhm_z": 2.634603333333333,
  "gcor": 0.0258186,
  "gsr_x": 0.01239218283444643,
  "gsr_y": 0.04804936423897743,
  "provenance": {
    "md5sum": "2706d42debedc2a3aabb753ce2fc09c9",
    "settings": {
      "fd_thres": 0.2,
      "testing": false
    },
    "software": "mriqc",
    "version": "22.0.6",
    "webapi_port": null,
    "webapi_url": "https://mriqc.nimh.nih.gov/api/v1"
  },
  "size_t": 226,
  "size_x": 64,
  "size_y": 64,
  "size_z": 44,
  "snr": 3.2206258623999853,
  "spacing_tr": 2.5,
  "spacing_x": 3.0,
  "spacing_y": 3.0,
  "spacing_z": 3.0,
  "summary_bg_k": 21.72550983847853,
  "summary_bg_mad": 13.245019641924754,
  "summary_bg_mean": 69.08951568603516,
  "summary_bg_median": 35.64159393310547,
  "summary_bg_n": 98119.0,
  "summary_bg_p05": 25.743362426757812,
  "summary_bg_p95": 239.2969055175781,
  "summary_bg_stdv": 82.7968978881836,
  "summary_fg_k": 1.334897272742647,
  "summary_fg_mad": 177.8597362775666,
  "summary_fg_mean": 662.3034057617188,
  "summary_fg_median": 626.6593017578125,
  "summary_fg_n": 41190.0,
  "summary_fg_p05": 411.0772171020508,
  "summary_fg_p95": 1029.2533508300767,
  "summary_fg_stdv": 194.5745086669922,
  "tsnr": 80.76135589904152
}