{
  "aor": 0.0010762666666666667,
  "aqi": 0.002344266177777778,
  "bids_meta": {
    "BandwidthPerPixelPhaseEncode": 31.25,
    "DerivedVendorReportedEchoSpacing": 0.0005,
    "EchoTime": 0.025,
    "EffectiveEchoSpacing": 0.0005,
    "FlipAngle": 75,
    "ImageType": [
      "ORIGINAL",
      "PRIMARY",
      "M",
      "ND",
      "MOSAIC"
    ],
    "ImagingFrequency": 123.26,
    "MagneticFieldStrength": 3,
    "Manufacturer": "Siemens",
    "ManufacturersModelName": "TrioTim",
    "Modality": "MR",
    "PhaseEncodingDirection": "j-",
    "PixelBandwidth": 3005,
    "RepetitionTime": 2.5,
    "ScanOptions": "FS",
    "ScanningSequence": "EP",
    "SequenceName": "*epfid2d1_64",
    "SequenceVariant": "SK",
    "SliceThickness": 3,
    "SliceTiming": [
      1.245,
      0,
      1.3025,
      0.0575,
      1.3575,
      0.115,
      1.415,
      0.17,
      1.4725,
      0.2275,
      1.5275,
      0.2825,
      1.585,
      0.34,
      1.6425,
      0.3975,
      1.6975,
      0.4525,
      1.755,
      0.51,
      1.81,
      0.5675,
      1.8675,
      0.6225,
      1.925,
      0.68,
      1.98,
      0.735,
      2.0375,
      0.7925,
      2.095,
      0.85,
      2.15,
      0.905,
      2.2075,
      0.9625,
      2.265,
      1.02,
      2.32,
      1.075,
      2.3775,
      1.1325,
      2.4325,
      1.19
    ],
    "SpacingBetweenSlices": 3,
    "TaskName": "change-point helicopter fmri",
    "TotalReadoutTime": 0.0315,
    "dataset": "ds003772",
    "modality": "bold",
    "run_id": 2,
    "subject_id": "qb2027",
    "task_id": "changepoint"
  },
  "dummy_trs": 1,
  "dvars_nstd": 20.62730508642856,
  "dvars_std": 1.1833151570089286,
  "dvars_vstd": 1.0011932578124993,
  "efc": 0.6073147885704389,
  "fber": 301.3910827636719,
  "fd_mean": 0.05322448225957376,
  "fd_num": 2,
  "fd_perc": 0.8888888888888888,
  "fwhm_avg": 2.426142222222222,
  "fwhm_x": 2.1916933333333333,
  "fwhm_y": 2.4318466666666665,
  "fwhm_z": 2.6548866666666666,
  "gcor": 0.0710089,
  "gsr_x": 0.012820597738027573,
  "gsr_y": 0.04616836830973625,
  "provenance": {
    "md5sum": "b3582fe705bc1840654f7ad4629ec7e7",
    "settings": {
      "fd_thres": 0.2,
      "testing": false
    },
    "software": "mriqc",
    "version": "22.0.6",
    "webapi_port": null,
    "webapi_url": "https://mriqc.nimh.nih.gov/api/v1"
  },
  "size_t": 225,
  "size_x": 64,
  "size_y": 64,
  "size_z": 44,
  "snr": 3.2373046018217604,
  "spacing_tr": 2.5,
  "spacing_x": 3.0,
  "spacing_y": 3.0,
  "spacing_z": 3.0,
  "summary_bg_k": 18.074539913313785,
  "summary_bg_mad": 12.157342150720977,
  "summary_bg_mean": 65.86886596679688,
  "summary_bg_median": 34.755558013916016,
  "summary_bg_n": 97996.0,
  "summary_bg_p05": 25.755556106567383,
  "summary_bg_p95": 225.26000595092773,
  "summary_bg_stdv": 77.26128387451172,
  "summary_fg_k": 1.3557369576922662,
  "summary_fg_mad": 176.7755653071128,
  "summary_fg_mean": 661.7525024414062,
  "summary_fg_median": 626.5066528320312,
  "summary_fg_n": 41240.0,
  "summary_fg_p05": 412.21911773681643,
  "summary_fg_p95": 1027.5815429687477,
  "summary_fg_stdv": 193.52490234375,
  "tsnr": 78.77918325946666
}