{
  "aor": 0.0028823999999999994,
  "aqi": 0.0039396674222222225,
  "bids_meta": {
    "BandwidthPerPixelPhaseEncode": 31.25,
    "DerivedVendorReportedEchoSpacing": 0.0005,
    "EchoTime": 0.025,
    "EffectiveEchoSpacing": 0.0005,
    "FlipAngle": 75,
    "ImageType": [
      "ORIGINAL",
      "PRIMARY",
      "M",
      "ND",
      "MOSAIC"
    ],
    "ImagingFrequency": 123.26,
    "MagneticFieldStrength": 3,
    "Manufacturer": "Siemens",
    "ManufacturersModelName": "TrioTim",
    "Modality": "MR",
    "PhaseEncodingDirection": "j-",
    "PixelBandwidth": 3005,
    "RepetitionTime": 2.5,
    "ScanOptions": "FS",
    "ScanningSequence": "EP",
    "SequenceName": "*epfid2d1_64",
    "SequenceVariant": "SK",
    "SliceThickness": 3,
    "SliceTiming": [
      1.245,
      0,
      1.3025,
      0.0575,
      1.3575,
      0.115,
      1.415,
      0.17,
      1.4725,
      0.2275,
      1.5275,
      0.2825,
      1.585,
      0.34,
      1.6425,
      0.3975,
      1.6975,
      0.4525,
      1.755,
      0.51,
      1.81,
      0.5675,
      1.8675,
      0.6225,
      1.925,
      0.68,
      1.98,
      0.735,
      2.0375,
      0.7925,
      2.095,
      0.85,
      2.15,
      0.905,
      2.2075,
      0.9625,
      2.265,
      1.02,
      2.32,
      1.075,
      2.3775,
      1.1325,
      2.4325,
      1.19
    ],
    "SpacingBetweenSlices": 3,
    "TaskName": "change-point helicopter fmri",
    "TotalReadoutTime": 0.0315,
    "dataset": "ds003772",
    "modality": "bold",
    "run_id": 1,
    "subject_id": "qb2027",
    "task_id": "changepoint"
  },
  "dummy_trs": 1,
  "dvars_nstd": 20.670792783839286,
  "dvars_std": 1.1089321490178567,
  "dvars_vstd": 0.9771490658035714,
  "efc": 0.606050323808696,
  "fber": 302.49462890625,
  "fd_mean": 0.061482254530845985,
  "fd_num": 6,
  "fd_perc": 2.6666666666666665,
  "fwhm_avg": 2.427928888888889,
  "fwhm_x": 2.2026166666666667,
  "fwhm_y": 2.4238066666666667,
  "fwhm_z": 2.657363333333333,
  "gcor": 0.037313,
  "gsr_x": 0.01160112302750349,
  "gsr_y": 0.0462159626185894,
  "provenance": {
    "md5sum": "8b5bccc8792956d9e9523c56ba6c4d6a",
    "settings": {
      "fd_thres": 0.2,
      "testing": false
    },
    "software": "mriqc",
    "version": "22.0.6",
    "webapi_port": null,
    "webapi_url": "https://mriqc.nimh.nih.gov/api/v1"
  },
  "size_t": 225,
  "size_x": 64,
  "size_y": 64,
  "size_z": 44,
  "snr": 3.2728643289753117,
  "spacing_tr": 2.5,
  "spacing_x": 3.0,
  "spacing_y": 3.0,
  "spacing_z": 3.0,
  "summary_bg_k": 17.480865079493995,
  "summary_bg_mad": 12.331955572710958,
  "summary_bg_mean": 64.07124328613281,
  "summary_bg_median": 34.52222442626953,
  "summary_bg_n": 98088.0,
  "summary_bg_p05": 24.742223739624023,
  "summary_bg_p95": 215.01622238159177,
  "summary_bg_stdv": 74.25820922851562,
  "summary_fg_k": 1.2659710764730274,
  "summary_fg_mad": 174.72305166452585,
  "summary_fg_mean": 656.2405395507812,
  "summary_fg_median": 621.9155883789062,
  "summary_fg_n": 41227.0,
  "summary_fg_p05": 410.6022247314453,
  "summary_fg_p95": 1014.7546813964843,
  "summary_fg_stdv": 190.01950073242188,
  "tsnr": 63.555477699264884
}